{
  "bids_meta": {
    "AcquisitionMatrixPE": 256,
    "AcquisitionNumber": 1,
    "AcquisitionTime": "10:15:6.862500",
    "BaseResolution": 256,
    "BodyPartExamined": "HEAD",
    "ConsistencyInfo": "N4_VE11C_LATEST_20160120",
    "ConversionSoftware": "dcm2niix",
    "ConversionSoftwareVersion": "v1.0.20200427",
    "DeviceSerialNumber": "45250",
    "DwellTime": 9.2e-06,
    "EchoTime": 0.00218,
    "FlipAngle": 8,
    "ImageOrientationPatientDICOM": [
      -0.0176155,
      0.996651,
      0.0798489,
      -0.00860524,
      0.0797072,
      -0.996781
    ],
    "ImageType": [
      "ORIGINAL",
      "PRIMARY",
      "M",
      "NORM",
      "DIS3D",
      "DIS2D"
    ],
    "ImagingFrequency": 123.239,
    "InPlanePhaseEncodingDirectionDICOM": "ROW",
    "InstitutionAddress": "Kopernikusstr._26_Graz_Graz_AT_8010",
    "InstitutionName": "KFU",
    "InstitutionalDepartmentName": "Department",
    "InversionTime": 1,
    "MRAcquisitionType": "3D",
    "MagneticFieldStrength": 3,
    "Manufacturer": "Siemens",
    "ManufacturersModelName": "Skyra",
    "Modality": "MR",
    "ParallelReductionFactorInPlane": 2,
    "PartialFourier": 1,
    "PatientPosition": "HFS",
    "PercentPhaseFOV": 100,
    "PercentSampling": 100,
    "PhaseEncodingSteps": 294,
    "PhaseOversampling": 0.15,
    "PhaseResolution": 1,
    "PixelBandwidth": 210,
    "ProcedureStepDescription": "BioPsy_2018",
    "ProtocolName": "anat-T1w",
    "PulseSequenceDetails": "%SiemensSeq%_tfl",
    "ReceiveCoilActiveElements": "HEA;HEP",
    "ReceiveCoilName": "Head_32",
    "ReconMatrixPE": 256,
    "RefLinesPE": 24,
    "RepetitionTime": 2.2,
    "SAR": 0.05541,
    "ScanOptions": "IR_WE",
    "ScanningSequence": "GR_IR",
    "SequenceName": "_tfl3d1_16ns",
    "SequenceVariant": "SK_SP_MP_OSP",
    "SeriesDescription": "anat-T1w",
    "SeriesNumber": 9,
    "ShimSetting": [
      -1134,
      -3175,
      -4382,
      426,
      918,
      31,
      195,
      -948
    ],
    "SliceThickness": 0.88,
    "SoftwareVersions": "syngo_MR_E11",
    "StationName": "FBMTMR1",
    "TxRefAmp": 326.153,
    "acq_id": "MPrageHiRes",
    "dataset": "<unset>",
    "modality": "T1w",
    "session_id": "3",
    "subject_id": "season204"
  },
  "cjv": 0.4670108325552603,
  "cnr": 2.8589910779357885,
  "efc": 0.6454920308235864,
  "fber": 3473.4721593481213,
  "fwhm_avg": 3.974567431326531,
  "fwhm_x": 3.922102293979592,
  "fwhm_y": 4.008937142857143,
  "fwhm_z": 3.9926628571428573,
  "icvs_csf": 0.17092329781029533,
  "icvs_gm": 0.45402166155586543,
  "icvs_wm": 0.37505504063383927,
  "inu_med": 1.4806275367736816,
  "inu_range": 0.5500576078891752,
  "provenance": {
    "md5sum": "f3a32fba8a26ff7f0160fb0bf880aeda",
    "settings": {
      "testing": false
    },
    "software": "mriqc",
    "version": "0.16.1",
    "warnings": {
      "large_rot_frame": true,
      "small_air_mask": false
    },
    "webapi_port": null,
    "webapi_url": "https://mriqc.nimh.nih.gov/api/v1"
  },
  "qi_1": 0.0,
  "qi_2": 0.0023713598284443083,
  "rpve_csf": 27.14390886200423,
  "rpve_gm": 11.658194059718742,
  "rpve_wm": 16.01795226143084,
  "size_x": 224,
  "size_y": 256,
  "size_z": 256,
  "snr_csf": 2.160600027831533,
  "snr_gm": 11.285042983505106,
  "snr_total": 11.436866208369509,
  "snr_wm": 20.864955613771887,
  "snrd_csf": 52.61302574534785,
  "snrd_gm": 106.9899605873489,
  "snrd_total": 99.96812944009702,
  "snrd_wm": 140.3014019875943,
  "spacing_x": 0.8799999952316284,
  "spacing_y": 0.875,
  "spacing_z": 0.875,
  "summary_bg_k": 7.3635524433288815,
  "summary_bg_mad": 4.669733761701942,
  "summary_bg_mean": 9.892153401496683,
  "summary_bg_median": 9.03598889708519,
  "summary_bg_n": 2224796.0,
  "summary_bg_p05": 3.0980533361434937,
  "summary_bg_p95": 20.498786240816116,
  "summary_bg_stdv": 5.787540935414846,
  "summary_csf_k": 30.1271808903126,
  "summary_csf_mad": 122.791032029015,
  "summary_csf_mean": 414.3075027871929,
  "summary_csf_median": 375.0193563401699,
  "summary_csf_n": 24959.0,
  "summary_csf_p05": 244.07496866583824,
  "summary_csf_p95": 631.2903283059596,
  "summary_csf_stdv": 173.56837856441544,
  "summary_gm_k": 0.057550334828389005,
  "summary_gm_mad": 68.40011665706041,
  "summary_gm_mean": 766.1118708590056,
  "summary_gm_median": 762.6116458028555,
  "summary_gm_n": 58132.0,
  "summary_gm_p05": 662.7536416456103,
  "summary_gm_p95": 884.1844221353531,
  "summary_gm_stdv": 67.57662222280193,
  "summary_wm_k": 0.9596317433606996,
  "summary_wm_mad": 42.486921930238985,
  "summary_wm_mean": 998.8251126531061,
  "summary_wm_median": 1000.0516169071198,
  "summary_wm_n": 309913.0,
  "summary_wm_p05": 915.8878346085548,
  "summary_wm_p95": 1074.0434574186802,
  "summary_wm_stdv": 47.929649215570514,
  "tpm_overlap_csf": 0.16697917878627777,
  "tpm_overlap_gm": 0.45811963081359863,
  "tpm_overlap_wm": 0.4918709993362427,
  "wm2max": 0.6230457440648524
}