{
  "bids_meta": {
    "AcquisitionMatrixPE": 256,
    "AcquisitionNumber": 1,
    "AcquisitionTime": "11:53:26.842500",
    "BaseResolution": 256,
    "BodyPartExamined": "HEAD",
    "ConsistencyInfo": "N4_VE11C_LATEST_20160120",
    "ConversionSoftware": "dcm2niix",
    "ConversionSoftwareVersion": "v1.0.20200427",
    "DeviceSerialNumber": "45250",
    "DwellTime": 9.2e-06,
    "EchoTime": 0.00218,
    "FlipAngle": 8,
    "ImageOrientationPatientDICOM": [
      -0.089265,
      0.994442,
      -0.0558214,
      0.00759144,
      -0.0553642,
      -0.998437
    ],
    "ImageType": [
      "ORIGINAL",
      "PRIMARY",
      "M",
      "NORM",
      "DIS3D",
      "DIS2D"
    ],
    "ImagingFrequency": 123.24,
    "InPlanePhaseEncodingDirectionDICOM": "ROW",
    "InstitutionAddress": "Kopernikusstr._26_Graz_Graz_AT_8010",
    "InstitutionName": "KFU",
    "InstitutionalDepartmentName": "Department",
    "InversionTime": 1,
    "MRAcquisitionType": "3D",
    "MagneticFieldStrength": 3,
    "Manufacturer": "Siemens",
    "ManufacturersModelName": "Skyra",
    "Modality": "MR",
    "ParallelReductionFactorInPlane": 2,
    "PartialFourier": 1,
    "PatientPosition": "HFS",
    "PercentPhaseFOV": 100,
    "PercentSampling": 100,
    "PhaseEncodingSteps": 294,
    "PhaseOversampling": 0.15,
    "PhaseResolution": 1,
    "PixelBandwidth": 210,
    "ProcedureStepDescription": "KFU_BioPsy",
    "ProtocolName": "T1_Pat4_088mm_Pat2_224Sl",
    "PulseSequenceDetails": "%SiemensSeq%_tfl",
    "ReceiveCoilActiveElements": "HEA;HEP",
    "ReceiveCoilName": "Head_32",
    "ReconMatrixPE": 256,
    "RefLinesPE": 24,
    "RepetitionTime": 2.2,
    "SAR": 0.0553372,
    "ScanOptions": "IR_WE",
    "ScanningSequence": "GR_IR",
    "SequenceName": "_tfl3d1_16ns",
    "SequenceVariant": "SK_SP_MP_OSP",
    "SeriesDescription": "T1_Pat4_088mm_Pat2_224Sl",
    "SeriesNumber": 9,
    "ShimSetting": [
      -1138,
      -3144,
      -4347,
      331,
      865,
      -112,
      166,
      -914
    ],
    "SliceThickness": 0.88,
    "SoftwareVersions": "syngo_MR_E11",
    "StationName": "FBMTMR1",
    "TxRefAmp": 335.778,
    "acq_id": "MPrageHiRes",
    "dataset": "<unset>",
    "modality": "T1w",
    "session_id": "2",
    "subject_id": "season126"
  },
  "cjv": 0.5329221406126725,
  "cnr": 2.5051549779396796,
  "efc": 0.6517308731241872,
  "fber": 3464.780405689757,
  "fwhm_avg": 4.130470331956265,
  "fwhm_x": 4.031079567297369,
  "fwhm_y": 4.228045714285714,
  "fwhm_z": 4.132285714285714,
  "icvs_csf": 0.18515358830772055,
  "icvs_gm": 0.44238911945603254,
  "icvs_wm": 0.3724572922362469,
  "inu_med": 1.5053476095199585,
  "inu_range": 0.5843804717063903,
  "provenance": {
    "md5sum": "4a93b2a72a29f5399f4bc702054cb234",
    "settings": {
      "testing": false
    },
    "software": "mriqc",
    "version": "0.16.1",
    "warnings": {
      "large_rot_frame": true,
      "small_air_mask": false
    },
    "webapi_port": null,
    "webapi_url": "https://mriqc.nimh.nih.gov/api/v1"
  },
  "qi_1": 0.0,
  "qi_2": 0.001777989129718105,
  "rpve_csf": 24.151635890732717,
  "rpve_gm": 11.356457145192628,
  "rpve_wm": 15.524727277377771,
  "size_x": 224,
  "size_y": 256,
  "size_z": 256,
  "snr_csf": 2.1954368580489283,
  "snr_gm": 10.478816032258504,
  "snr_total": 10.83768604613528,
  "snr_wm": 19.83880524809841,
  "snrd_csf": 46.40493500271214,
  "snrd_gm": 98.16317112421984,
  "snrd_total": 90.40245403093662,
  "snrd_wm": 126.63925596587791,
  "spacing_x": 0.8799999952316284,
  "spacing_y": 0.875,
  "spacing_z": 0.875,
  "summary_bg_k": 6.577923152016348,
  "summary_bg_mad": 5.173248927076003,
  "summary_bg_mean": 10.924902883391411,
  "summary_bg_median": 9.266674540936947,
  "summary_bg_n": 2840902.0,
  "summary_bg_p05": 3.432101681828499,
  "summary_bg_p95": 23.28108974173665,
  "summary_bg_stdv": 6.640832394907625,
  "summary_csf_k": 35.331982547584246,
  "summary_csf_mad": 117.11896341462229,
  "summary_csf_mean": 399.63434334052073,
  "summary_csf_median": 366.4340562298894,
  "summary_csf_n": 30579.0,
  "summary_csf_p05": 236.98662113025784,
  "summary_csf_p95": 634.143707581982,
  "summary_csf_stdv": 166.90439683612112,
  "summary_gm_k": -0.02166427644919766,
  "summary_gm_mad": 74.2912468871898,
  "summary_gm_mean": 779.3390062243446,
  "summary_gm_median": 775.1401648409665,
  "summary_gm_n": 52521.0,
  "summary_gm_p05": 666.6857516951859,
  "summary_gm_p95": 910.5937778837979,
  "summary_gm_stdv": 73.97140889620387,
  "summary_wm_k": 0.7637144535879297,
  "summary_wm_mad": 45.54155203016087,
  "summary_wm_mean": 998.5785009532633,
  "summary_wm_median": 1000.0000266954303,
  "summary_wm_n": 323546.0,
  "summary_wm_p05": 911.2229965254664,
  "summary_wm_p95": 1077.9659365676343,
  "summary_wm_stdv": 50.406184687696204,
  "tpm_overlap_csf": 0.17103871703147888,
  "tpm_overlap_gm": 0.464478462934494,
  "tpm_overlap_wm": 0.506596565246582,
  "wm2max": 0.5680590704747344
}