{
  "bids_meta": {
    "AcquisitionMatrixPE": 256,
    "AcquisitionNumber": 1,
    "AcquisitionTime": "09:52:27.112500",
    "BaseResolution": 256,
    "BodyPartExamined": "HEAD",
    "ConsistencyInfo": "N4_VE11C_LATEST_20160120",
    "ConversionSoftware": "dcm2niix",
    "ConversionSoftwareVersion": "v1.0.20200427",
    "DeviceSerialNumber": "45250",
    "DwellTime": 9.2e-06,
    "EchoTime": 0.00218,
    "FlipAngle": 8,
    "ImageOrientationPatientDICOM": [
      -0.0239001,
      0.999416,
      -0.0244321,
      -0.00170064,
      -0.0244797,
      -0.999699
    ],
    "ImageType": [
      "ORIGINAL",
      "PRIMARY",
      "M",
      "NORM",
      "DIS3D",
      "DIS2D"
    ],
    "ImagingFrequency": 123.24,
    "InPlanePhaseEncodingDirectionDICOM": "ROW",
    "InstitutionAddress": "Kopernikusstr._26_Graz_Graz_AT_8010",
    "InstitutionName": "KFU",
    "InstitutionalDepartmentName": "Department",
    "InversionTime": 1,
    "MRAcquisitionType": "3D",
    "MagneticFieldStrength": 3,
    "Manufacturer": "Siemens",
    "ManufacturersModelName": "Skyra",
    "Modality": "MR",
    "ParallelReductionFactorInPlane": 2,
    "PartialFourier": 1,
    "PatientPosition": "HFS",
    "PercentPhaseFOV": 100,
    "PercentSampling": 100,
    "PhaseEncodingSteps": 294,
    "PhaseOversampling": 0.15,
    "PhaseResolution": 1,
    "PixelBandwidth": 210,
    "ProcedureStepDescription": "KFU_BioPsy",
    "ProtocolName": "T1_Pat4_088mm_Pat2_224Sl",
    "PulseSequenceDetails": "%SiemensSeq%_tfl",
    "ReceiveCoilActiveElements": "HEA;HEP",
    "ReceiveCoilName": "Head_32",
    "ReconMatrixPE": 256,
    "RefLinesPE": 24,
    "RepetitionTime": 2.2,
    "SAR": 0.0530798,
    "ScanOptions": "IR_WE",
    "ScanningSequence": "GR_IR",
    "SequenceName": "_tfl3d1_16ns",
    "SequenceVariant": "SK_SP_MP_OSP",
    "SeriesDescription": "T1_Pat4_088mm_Pat2_224Sl",
    "SeriesNumber": 9,
    "ShimSetting": [
      -1118,
      -3112,
      -4365,
      433,
      986,
      142,
      223,
      -905
    ],
    "SliceThickness": 0.88,
    "SoftwareVersions": "syngo_MR_E11",
    "StationName": "FBMTMR1",
    "TxRefAmp": 334.715,
    "acq_id": "MPrageHiRes",
    "dataset": "<unset>",
    "modality": "T1w",
    "session_id": "1",
    "subject_id": "season130"
  },
  "cjv": 0.5859703552126463,
  "cnr": 2.2168771134751486,
  "efc": 0.6557925220048718,
  "fber": 2715.185096646404,
  "fwhm_avg": 4.223642258624619,
  "fwhm_x": 4.175818204445288,
  "fwhm_y": 4.278057142857143,
  "fwhm_z": 4.217051428571429,
  "icvs_csf": 0.19336035045123554,
  "icvs_gm": 0.450715672663524,
  "icvs_wm": 0.35592397688524047,
  "inu_med": 1.228318452835083,
  "inu_range": 0.5009462833404539,
  "provenance": {
    "md5sum": "363bf512fe99bebd035fa8c4de042a91",
    "settings": {
      "testing": false
    },
    "software": "mriqc",
    "version": "0.16.1",
    "warnings": {
      "large_rot_frame": true,
      "small_air_mask": false
    },
    "webapi_port": null,
    "webapi_url": "https://mriqc.nimh.nih.gov/api/v1"
  },
  "qi_1": 0.0,
  "qi_2": 0.002676074060523497,
  "rpve_csf": 23.00267740789006,
  "rpve_gm": 10.925034067517965,
  "rpve_wm": 15.447753404342665,
  "size_x": 224,
  "size_y": 256,
  "size_z": 256,
  "snr_csf": 3.042370297351235,
  "snr_gm": 11.198914382022696,
  "snr_total": 10.56857007984183,
  "snr_wm": 17.464425560151557,
  "snrd_csf": 46.85043976428987,
  "snrd_gm": 95.41045877626004,
  "snrd_total": 87.32496991911665,
  "snrd_wm": 119.71401121680005,
  "spacing_x": 0.8799999952316284,
  "spacing_y": 0.875,
  "spacing_z": 0.875,
  "summary_bg_k": 4.1267083733374745,
  "summary_bg_mad": 5.472843258622946,
  "summary_bg_mean": 12.398913622844876,
  "summary_bg_median": 11.316187534481287,
  "summary_bg_n": 2408614.0,
  "summary_bg_p05": 3.933434169739485,
  "summary_bg_p95": 24.44780622422695,
  "summary_bg_stdv": 6.560045868176534,
  "summary_csf_k": -0.4140189799947538,
  "summary_csf_mad": 141.3518779337779,
  "summary_csf_mean": 412.4290163586902,
  "summary_csf_median": 391.37669988907874,
  "summary_csf_n": 41324.0,
  "summary_csf_p05": 240.2511333690956,
  "summary_csf_p95": 644.478060118854,
  "summary_csf_stdv": 128.64047638655515,
  "summary_gm_k": 0.34287872902534744,
  "summary_gm_mad": 64.95636916791825,
  "summary_gm_mean": 803.5399056990943,
  "summary_gm_median": 797.0347915329039,
  "summary_gm_n": 64930.0,
  "summary_gm_p05": 695.3101324662566,
  "summary_gm_p95": 933.7700404288244,
  "summary_gm_stdv": 71.17017120356671,
  "summary_wm_k": 0.698939329957228,
  "summary_wm_mad": 54.01068265067236,
  "summary_wm_mean": 1001.5741491538289,
  "summary_wm_median": 1000.0605090633035,
  "summary_wm_n": 313347.0,
  "summary_wm_p05": 909.894095018506,
  "summary_wm_p95": 1095.9757884331048,
  "summary_wm_stdv": 57.2626285271141,
  "tpm_overlap_csf": 0.16051453351974487,
  "tpm_overlap_gm": 0.4597519636154175,
  "tpm_overlap_wm": 0.4884614646434784,
  "wm2max": 0.5755581095670951
}