{
  "bids_meta": {
    "AcquisitionMatrixPE": 256,
    "AcquisitionNumber": 1,
    "AcquisitionTime": "12:03:20.190000",
    "BaseResolution": 256,
    "BodyPartExamined": "HEAD",
    "ConsistencyInfo": "N4_VE11C_LATEST_20160120",
    "ConversionSoftware": "dcm2niix",
    "ConversionSoftwareVersion": "v1.0.20200427",
    "DeviceSerialNumber": "45250",
    "DwellTime": 9.2e-06,
    "EchoTime": 0.00218,
    "FlipAngle": 8,
    "ImageOrientationPatientDICOM": [
      0.0670697,
      0.996552,
      0.0488426,
      -0.0137835,
      0.0498736,
      -0.99866
    ],
    "ImageType": [
      "ORIGINAL",
      "PRIMARY",
      "M",
      "NORM",
      "DIS3D",
      "DIS2D"
    ],
    "ImagingFrequency": 123.24,
    "InPlanePhaseEncodingDirectionDICOM": "ROW",
    "InstitutionAddress": "Kopernikusstr._26_Graz_Graz_AT_8010",
    "InstitutionName": "KFU",
    "InstitutionalDepartmentName": "Department",
    "InversionTime": 1,
    "MRAcquisitionType": "3D",
    "MagneticFieldStrength": 3,
    "Manufacturer": "Siemens",
    "ManufacturersModelName": "Skyra",
    "Modality": "MR",
    "ParallelReductionFactorInPlane": 2,
    "PartialFourier": 1,
    "PatientPosition": "HFS",
    "PercentPhaseFOV": 100,
    "PercentSampling": 100,
    "PhaseEncodingSteps": 294,
    "PhaseOversampling": 0.15,
    "PhaseResolution": 1,
    "PixelBandwidth": 210,
    "ProcedureStepDescription": "KFU_BioPsy",
    "ProtocolName": "T1_Pat4_088mm_Pat2_224Sl",
    "PulseSequenceDetails": "%SiemensSeq%_tfl",
    "ReceiveCoilActiveElements": "HEA;HEP",
    "ReceiveCoilName": "Head_32",
    "ReconMatrixPE": 256,
    "RefLinesPE": 24,
    "RepetitionTime": 2.2,
    "SAR": 0.0549508,
    "ScanOptions": "IR_WE",
    "ScanningSequence": "GR_IR",
    "SequenceName": "_tfl3d1_16ns",
    "SequenceVariant": "SK_SP_MP_OSP",
    "SeriesDescription": "T1_Pat4_088mm_Pat2_224Sl",
    "SeriesNumber": 9,
    "ShimSetting": [
      -1125,
      -3159,
      -4206,
      595,
      871,
      476,
      39,
      -842
    ],
    "SliceThickness": 0.88,
    "SoftwareVersions": "syngo_MR_E11",
    "StationName": "FBMTMR1",
    "TxRefAmp": 339.758,
    "acq_id": "MPrageHiRes",
    "dataset": "<unset>",
    "modality": "T1w",
    "session_id": "1",
    "subject_id": "season134"
  },
  "cjv": 0.4706917074262873,
  "cnr": 2.800096129469646,
  "efc": 0.6598263392094377,
  "fber": 4095.3333604600693,
  "fwhm_avg": 4.2933044664842726,
  "fwhm_x": 4.2131591137385325,
  "fwhm_y": 4.370902857142857,
  "fwhm_z": 4.295851428571429,
  "icvs_csf": 0.20597071327399719,
  "icvs_gm": 0.44967426338927274,
  "icvs_wm": 0.34435502333673007,
  "inu_med": 1.397670030593872,
  "inu_range": 0.6192530155181883,
  "provenance": {
    "md5sum": "320eb5fdc75268500c83df6be18c55d3",
    "settings": {
      "testing": false
    },
    "software": "mriqc",
    "version": "0.16.1",
    "warnings": {
      "large_rot_frame": true,
      "small_air_mask": false
    },
    "webapi_port": null,
    "webapi_url": "https://mriqc.nimh.nih.gov/api/v1"
  },
  "qi_1": 0.0,
  "qi_2": 0.001710929800732116,
  "rpve_csf": 20.410814941529487,
  "rpve_gm": 10.037797876173663,
  "rpve_wm": 14.450895291291207,
  "size_x": 224,
  "size_y": 256,
  "size_z": 256,
  "snr_csf": 2.8482303531609934,
  "snr_gm": 12.424783806686696,
  "snr_total": 11.388980364318698,
  "snr_wm": 18.893926933108407,
  "snrd_csf": 51.61190772827405,
  "snrd_gm": 115.05743608123285,
  "snrd_total": 105.30361036842946,
  "snrd_wm": 149.24148729578147,
  "spacing_x": 0.8799999952316284,
  "spacing_y": 0.875,
  "spacing_z": 0.875,
  "summary_bg_k": 10.632990792618836,
  "summary_bg_mad": 4.389773715012728,
  "summary_bg_mean": 9.60820096315458,
  "summary_bg_median": 7.875880621373653,
  "summary_bg_n": 2887619.0,
  "summary_bg_p05": 2.9608573764562607,
  "summary_bg_p95": 21.1405216678977,
  "summary_bg_stdv": 6.338186169131697,
  "summary_csf_k": 35.96496650240268,
  "summary_csf_mad": 103.07188682849886,
  "summary_csf_mean": 377.86391423380593,
  "summary_csf_median": 345.82814157009125,
  "summary_csf_n": 64755.0,
  "summary_csf_p05": 242.138916246593,
  "summary_csf_p95": 588.0854921117425,
  "summary_csf_stdv": 121.41766233710739,
  "summary_gm_k": 0.2716147676161782,
  "summary_gm_mad": 59.08635420407132,
  "summary_gm_mean": 770.1647468584639,
  "summary_gm_median": 770.9480436816812,
  "summary_gm_n": 59534.0,
  "summary_gm_p05": 667.9102069810033,
  "summary_gm_p95": 873.512143202126,
  "summary_gm_stdv": 62.04869080977641,
  "summary_wm_k": 0.7697413352203459,
  "summary_wm_mad": 48.72648823664129,
  "summary_wm_mean": 999.1932023613451,
  "summary_wm_median": 999.9999703243375,
  "summary_wm_n": 321234.0,
  "summary_wm_p05": 910.1083403751254,
  "summary_wm_p95": 1083.6145826354623,
  "summary_wm_stdv": 52.92697581428077,
  "tpm_overlap_csf": 0.15663710236549377,
  "tpm_overlap_gm": 0.44241881370544434,
  "tpm_overlap_wm": 0.482468843460083,
  "wm2max": 0.5592838847930587
}