{
  "bids_meta": {
    "AcquisitionMatrixPE": 256,
    "AcquisitionNumber": 1,
    "AcquisitionTime": "09:06:21.850000",
    "BaseResolution": 256,
    "BodyPartExamined": "HEAD",
    "ConsistencyInfo": "N4_VE11C_LATEST_20160120",
    "ConversionSoftware": "dcm2niix",
    "ConversionSoftwareVersion": "v1.0.20200427",
    "DeviceSerialNumber": "45250",
    "DwellTime": 9.2e-06,
    "EchoTime": 0.00218,
    "FlipAngle": 8,
    "ImageOrientationPatientDICOM": [
      0.00538105,
      0.993559,
      0.113188,
      0.0168771,
      0.113084,
      -0.993442
    ],
    "ImageType": [
      "ORIGINAL",
      "PRIMARY",
      "M",
      "NORM",
      "DIS3D",
      "DIS2D"
    ],
    "ImagingFrequency": 123.24,
    "InPlanePhaseEncodingDirectionDICOM": "ROW",
    "InstitutionAddress": "Kopernikusstr._26_Graz_Graz_AT_8010",
    "InstitutionName": "KFU",
    "InstitutionalDepartmentName": "Department",
    "InversionTime": 1,
    "MRAcquisitionType": "3D",
    "MagneticFieldStrength": 3,
    "Manufacturer": "Siemens",
    "ManufacturersModelName": "Skyra",
    "Modality": "MR",
    "ParallelReductionFactorInPlane": 2,
    "PartialFourier": 1,
    "PatientPosition": "HFS",
    "PercentPhaseFOV": 100,
    "PercentSampling": 100,
    "PhaseEncodingSteps": 294,
    "PhaseOversampling": 0.15,
    "PhaseResolution": 1,
    "PixelBandwidth": 210,
    "ProcedureStepDescription": "KFU_BioPsy",
    "ProtocolName": "T1_Pat4_088mm_Pat2_224Sl",
    "PulseSequenceDetails": "%SiemensSeq%_tfl",
    "ReceiveCoilActiveElements": "HEA;HEP",
    "ReceiveCoilName": "Head_32",
    "ReconMatrixPE": 256,
    "RefLinesPE": 24,
    "RepetitionTime": 2.2,
    "SAR": 0.0562898,
    "ScanOptions": "IR_WE",
    "ScanningSequence": "GR_IR",
    "SequenceName": "_tfl3d1_16ns",
    "SequenceVariant": "SK_SP_MP_OSP",
    "SeriesDescription": "T1_Pat4_088mm_Pat2_224Sl",
    "SeriesNumber": 9,
    "ShimSetting": [
      -1097,
      -3203,
      -4185,
      615,
      886,
      440,
      161,
      -728
    ],
    "SliceThickness": 0.88,
    "SoftwareVersions": "syngo_MR_E11",
    "StationName": "FBMTMR1",
    "TxRefAmp": 341.862,
    "acq_id": "MPrageHiRes",
    "dataset": "<unset>",
    "modality": "T1w",
    "session_id": "2",
    "subject_id": "season134"
  },
  "cjv": 0.4234424164905193,
  "cnr": 3.069817997360046,
  "efc": 0.6601868717544939,
  "fber": 4593.993589939257,
  "fwhm_avg": 4.2763854837722315,
  "fwhm_x": 4.197625022745267,
  "fwhm_y": 4.350297142857142,
  "fwhm_z": 4.2812342857142855,
  "icvs_csf": 0.2004689454978904,
  "icvs_gm": 0.45487175837267263,
  "icvs_wm": 0.34465929612943697,
  "inu_med": 1.2746891975402832,
  "inu_range": 0.5467862010002138,
  "provenance": {
    "md5sum": "489f243d2d426322883fc9e599b323b7",
    "settings": {
      "testing": false
    },
    "software": "mriqc",
    "version": "0.16.1",
    "warnings": {
      "large_rot_frame": true,
      "small_air_mask": false
    },
    "webapi_port": null,
    "webapi_url": "https://mriqc.nimh.nih.gov/api/v1"
  },
  "qi_1": 0.0,
  "qi_2": 0.0014978770054095655,
  "rpve_csf": 20.9464033647544,
  "rpve_gm": 10.049754857074817,
  "rpve_wm": 14.623304727068092,
  "size_x": 224,
  "size_y": 256,
  "size_z": 256,
  "snr_csf": 2.6841934932892615,
  "snr_gm": 13.028027249475315,
  "snr_total": 12.050458733017793,
  "snr_wm": 20.439155456288805,
  "snrd_csf": 49.874136093657334,
  "snrd_gm": 117.70314154134626,
  "snrd_total": 107.16559013994701,
  "snrd_wm": 153.91949278483742,
  "spacing_x": 0.8799999952316284,
  "spacing_y": 0.875,
  "spacing_z": 0.875,
  "summary_bg_k": 10.126101965766518,
  "summary_bg_mad": 4.256357355257574,
  "summary_bg_mean": 9.098129372566056,
  "summary_bg_median": 7.909538168460131,
  "summary_bg_n": 2792979.0,
  "summary_bg_p05": 2.6951018944382668,
  "summary_bg_p95": 20.154675036668777,
  "summary_bg_stdv": 5.987930453279427,
  "summary_csf_k": 65.0174364872966,
  "summary_csf_mad": 80.47989978869678,
  "summary_csf_mean": 356.4528172451163,
  "summary_csf_median": 324.02741363458335,
  "summary_csf_n": 54762.0,
  "summary_csf_p05": 236.9931991957128,
  "summary_csf_p95": 563.3319556506349,
  "summary_csf_stdv": 120.71575910050679,
  "summary_gm_k": 0.3574153047225197,
  "summary_gm_mad": 55.332645618348465,
  "summary_gm_mean": 764.1466653141204,
  "summary_gm_median": 764.7058679610491,
  "summary_gm_n": 61186.0,
  "summary_gm_p05": 667.3306647315621,
  "summary_gm_p95": 862.4326062202454,
  "summary_gm_stdv": 58.69650134020381,
  "summary_wm_k": 0.8118402105450726,
  "summary_wm_mad": 44.3008622690074,
  "summary_wm_mean": 998.1629899721759,
  "summary_wm_median": 999.9999811798334,
  "summary_wm_n": 318583.0,
  "summary_wm_p05": 913.522363871336,
  "summary_wm_p95": 1074.4082291349769,
  "summary_wm_stdv": 48.925622874561,
  "tpm_overlap_csf": 0.15845787525177002,
  "tpm_overlap_gm": 0.44191011786460876,
  "tpm_overlap_wm": 0.4839230477809906,
  "wm2max": 0.5838014225524703
}