{
  "bids_meta": {
    "AcquisitionMatrixPE": 256,
    "AcquisitionNumber": 1,
    "AcquisitionTime": "10:40:11.085000",
    "BaseResolution": 256,
    "BodyPartExamined": "HEAD",
    "ConsistencyInfo": "N4_VE11C_LATEST_20160120",
    "ConversionSoftware": "dcm2niix",
    "ConversionSoftwareVersion": "v1.0.20200427",
    "DeviceSerialNumber": "45250",
    "DwellTime": 9.2e-06,
    "EchoTime": 0.00218,
    "FlipAngle": 8,
    "ImageOrientationPatientDICOM": [
      0.00918359,
      0.999952,
      0.00348126,
      -0.0731634,
      0.004144,
      -0.997311
    ],
    "ImageType": [
      "ORIGINAL",
      "PRIMARY",
      "M",
      "NORM",
      "DIS3D",
      "DIS2D"
    ],
    "ImagingFrequency": 123.239,
    "InPlanePhaseEncodingDirectionDICOM": "ROW",
    "InstitutionAddress": "Kopernikusstr._26_Graz_Graz_AT_8010",
    "InstitutionName": "KFU",
    "InstitutionalDepartmentName": "Department",
    "InversionTime": 1,
    "MRAcquisitionType": "3D",
    "MagneticFieldStrength": 3,
    "Manufacturer": "Siemens",
    "ManufacturersModelName": "Skyra",
    "Modality": "MR",
    "ParallelReductionFactorInPlane": 2,
    "PartialFourier": 1,
    "PatientPosition": "HFS",
    "PercentPhaseFOV": 100,
    "PercentSampling": 100,
    "PhaseEncodingSteps": 294,
    "PhaseOversampling": 0.15,
    "PhaseResolution": 1,
    "PixelBandwidth": 210,
    "ProcedureStepDescription": "BioPsy_2018",
    "ProtocolName": "anat-T1w",
    "PulseSequenceDetails": "%SiemensSeq%_tfl",
    "ReceiveCoilActiveElements": "HEA;HEP",
    "ReceiveCoilName": "Head_32",
    "ReconMatrixPE": 256,
    "RefLinesPE": 24,
    "RepetitionTime": 2.2,
    "SAR": 0.0536722,
    "ScanOptions": "IR_WE",
    "ScanningSequence": "GR_IR",
    "SequenceName": "_tfl3d1_16ns",
    "SequenceVariant": "SK_SP_MP_OSP",
    "SeriesDescription": "anat-T1w",
    "SeriesNumber": 9,
    "ShimSetting": [
      -1144,
      -3082,
      -4339,
      265,
      1046,
      447,
      195,
      -931
    ],
    "SliceThickness": 0.88,
    "SoftwareVersions": "syngo_MR_E11",
    "StationName": "FBMTMR1",
    "TxRefAmp": 337.164,
    "acq_id": "MPrageHiRes",
    "dataset": "<unset>",
    "modality": "T1w",
    "session_id": "1",
    "subject_id": "season215"
  },
  "cjv": 0.5698949819903462,
  "cnr": 2.3193662086795848,
  "efc": 0.6715422819473633,
  "fber": 3082.980112872883,
  "fwhm_avg": 4.234221090003175,
  "fwhm_x": 4.291931841438098,
  "fwhm_y": 4.229165714285714,
  "fwhm_z": 4.181565714285714,
  "icvs_csf": 0.18132111244987928,
  "icvs_gm": 0.4516455065422,
  "icvs_wm": 0.36703338100792077,
  "inu_med": 1.2926875352859497,
  "inu_range": 0.541140156984329,
  "provenance": {
    "md5sum": "550b74e65e9be8940cd1af41e03519c9",
    "settings": {
      "testing": false
    },
    "software": "mriqc",
    "version": "0.16.1",
    "warnings": {
      "large_rot_frame": true,
      "small_air_mask": false
    },
    "webapi_port": null,
    "webapi_url": "https://mriqc.nimh.nih.gov/api/v1"
  },
  "qi_1": 0.0,
  "qi_2": 0.001293007490420524,
  "rpve_csf": 21.603016970085623,
  "rpve_gm": 9.787510883661716,
  "rpve_wm": 13.555782819411585,
  "size_x": 224,
  "size_y": 256,
  "size_z": 256,
  "snr_csf": 1.6988807933221506,
  "snr_gm": 9.991082941978014,
  "snr_total": 10.44286823042148,
  "snr_wm": 19.638640955964274,
  "snrd_csf": 44.81211166576574,
  "snrd_gm": 95.10876832078702,
  "snrd_total": 87.14910218577477,
  "snrd_wm": 121.52642657077152,
  "spacing_x": 0.8799999952316284,
  "spacing_y": 0.875,
  "spacing_z": 0.875,
  "summary_bg_k": 7.575658940694268,
  "summary_bg_mad": 5.391280524434868,
  "summary_bg_mean": 11.78333586737128,
  "summary_bg_median": 10.196077920496464,
  "summary_bg_n": 2384025.0,
  "summary_bg_p05": 3.4224597215652466,
  "summary_bg_p95": 25.66844791173935,
  "summary_bg_stdv": 7.46518311141695,
  "summary_csf_k": 35.81129746172729,
  "summary_csf_mad": 112.5826227161399,
  "summary_csf_mean": 417.24542803921804,
  "summary_csf_median": 368.7700349986553,
  "summary_csf_n": 43544.0,
  "summary_csf_p05": 244.7771713361144,
  "summary_csf_p95": 646.5489872124045,
  "summary_csf_stdv": 217.06396468248656,
  "summary_gm_k": -0.02140860988989024,
  "summary_gm_mad": 77.16930946740105,
  "summary_gm_mean": 786.8723448198499,
  "summary_gm_median": 782.6737575754523,
  "summary_gm_n": 74688.0,
  "summary_gm_p05": 667.1657419726253,
  "summary_gm_p95": 927.2013795673847,
  "summary_gm_stdv": 78.33670508805578,
  "summary_wm_k": 0.723189258833715,
  "summary_wm_mad": 46.72443121176886,
  "summary_wm_mean": 999.1095966575683,
  "summary_wm_median": 1000.0712511390448,
  "summary_wm_n": 382213.0,
  "summary_wm_p05": 913.2976369485259,
  "summary_wm_p95": 1080.5703558400273,
  "summary_wm_stdv": 50.92358198901539,
  "tpm_overlap_csf": 0.1599349081516266,
  "tpm_overlap_gm": 0.4444051682949066,
  "tpm_overlap_wm": 0.4931909441947937,
  "wm2max": 0.4550207407348813
}