{
  "bids_meta": {
    "AcquisitionMatrixPE": 256,
    "AcquisitionNumber": 1,
    "AcquisitionTime": "14:04:16.160000",
    "BaseResolution": 256,
    "BodyPartExamined": "HEAD",
    "ConsistencyInfo": "N4_VE11C_LATEST_20160120",
    "ConversionSoftware": "dcm2niix",
    "ConversionSoftwareVersion": "v1.0.20200427",
    "DeviceSerialNumber": "45250",
    "DwellTime": 9.2e-06,
    "EchoTime": 0.00218,
    "FlipAngle": 8,
    "ImageOrientationPatientDICOM": [
      0.017688,
      0.999404,
      0.0296403,
      -0.0412881,
      0.0303498,
      -0.998686
    ],
    "ImageType": [
      "ORIGINAL",
      "PRIMARY",
      "M",
      "NORM",
      "DIS3D",
      "DIS2D"
    ],
    "ImagingFrequency": 123.24,
    "InPlanePhaseEncodingDirectionDICOM": "ROW",
    "InstitutionAddress": "Kopernikusstr._26_Graz_Graz_AT_8010",
    "InstitutionName": "KFU",
    "InstitutionalDepartmentName": "Department",
    "InversionTime": 1,
    "MRAcquisitionType": "3D",
    "MagneticFieldStrength": 3,
    "Manufacturer": "Siemens",
    "ManufacturersModelName": "Skyra",
    "Modality": "MR",
    "ParallelReductionFactorInPlane": 2,
    "PartialFourier": 1,
    "PatientPosition": "HFS",
    "PercentPhaseFOV": 100,
    "PercentSampling": 100,
    "PhaseEncodingSteps": 294,
    "PhaseOversampling": 0.15,
    "PhaseResolution": 1,
    "PixelBandwidth": 210,
    "ProcedureStepDescription": "KFU_BioPsy",
    "ProtocolName": "T1_Pat4_088mm_Pat2_224Sl",
    "PulseSequenceDetails": "%SiemensSeq%_tfl",
    "ReceiveCoilActiveElements": "HEA;HEP",
    "ReceiveCoilName": "Head_32",
    "ReconMatrixPE": 256,
    "RefLinesPE": 24,
    "RepetitionTime": 2.2,
    "SAR": 0.0586663,
    "ScanOptions": "IR_WE",
    "ScanningSequence": "GR_IR",
    "SequenceName": "_tfl3d1_16ns",
    "SequenceVariant": "SK_SP_MP_OSP",
    "SeriesDescription": "T1_Pat4_088mm_Pat2_224Sl",
    "SeriesNumber": 9,
    "ShimSetting": [
      -1135,
      -3191,
      -4336,
      387,
      986,
      198,
      479,
      -843
    ],
    "SliceThickness": 0.88,
    "SoftwareVersions": "syngo_MR_E11",
    "StationName": "FBMTMR1",
    "TxRefAmp": 318.462,
    "acq_id": "MPrageHiRes",
    "dataset": "<unset>",
    "modality": "T1w",
    "session_id": "1",
    "subject_id": "season138"
  },
  "cjv": 0.3808878567038153,
  "cnr": 3.2921142557868444,
  "efc": 0.6231659123631952,
  "fber": 4867.745562130178,
  "fwhm_avg": 4.252457929702966,
  "fwhm_x": 4.2215909319660385,
  "fwhm_y": 4.2075885714285715,
  "fwhm_z": 4.328194285714286,
  "icvs_csf": 0.18609185463619538,
  "icvs_gm": 0.4453667447073631,
  "icvs_wm": 0.36854140065644153,
  "inu_med": 1.4577134847640991,
  "inu_range": 0.5755461752414703,
  "provenance": {
    "md5sum": "e434e12953ef0ff78eecbb6417cd6daf",
    "settings": {
      "testing": false
    },
    "software": "mriqc",
    "version": "0.16.1",
    "warnings": {
      "large_rot_frame": true,
      "small_air_mask": false
    },
    "webapi_port": null,
    "webapi_url": "https://mriqc.nimh.nih.gov/api/v1"
  },
  "qi_1": 0.0,
  "qi_2": 0.002000017518757745,
  "rpve_csf": 25.961006313959125,
  "rpve_gm": 12.0871986878419,
  "rpve_wm": 16.6564633159442,
  "size_x": 224,
  "size_y": 256,
  "size_z": 256,
  "snr_csf": 3.1164860719210723,
  "snr_gm": 12.351871854735284,
  "snr_total": 12.636127456215517,
  "snr_wm": 22.44002444199019,
  "snrd_csf": 54.41828019876659,
  "snrd_gm": 123.94394874136113,
  "snrd_total": 114.45319613021827,
  "snrd_wm": 164.99735945052714,
  "spacing_x": 0.8799999952316284,
  "spacing_y": 0.875,
  "spacing_z": 0.875,
  "summary_bg_k": 8.761863713642626,
  "summary_bg_mad": 3.9706874867581683,
  "summary_bg_mean": 8.12953000239819,
  "summary_bg_median": 7.124990746378899,
  "summary_bg_n": 2701063.0,
  "summary_bg_p05": 2.6781880110502243,
  "summary_bg_p95": 17.938806489109993,
  "summary_bg_stdv": 5.266633023277781,
  "summary_csf_k": 16.824238645251747,
  "summary_csf_mad": 81.13687826715275,
  "summary_csf_mean": 353.1270971910772,
  "summary_csf_median": 329.8213801532984,
  "summary_csf_n": 31323.0,
  "summary_csf_p05": 230.1776265874505,
  "summary_csf_p95": 553.9250784590839,
  "summary_csf_stdv": 105.82948476473145,
  "summary_gm_k": 0.6260851827469947,
  "summary_gm_mad": 56.03913660556811,
  "summary_gm_mean": 752.8720117810186,
  "summary_gm_median": 751.2064711749554,
  "summary_gm_n": 51024.0,
  "summary_gm_p05": 657.5709544867277,
  "summary_gm_p95": 859.1425012052059,
  "summary_gm_stdv": 60.816621048875405,
  "summary_wm_k": 1.2209555897539603,
  "summary_wm_mad": 38.73293265384854,
  "summary_wm_mean": 996.8402755140867,
  "summary_wm_median": 1000.0252969563007,
  "summary_wm_n": 312543.0,
  "summary_wm_p05": 916.1929590255022,
  "summary_wm_p95": 1063.1395766884089,
  "summary_wm_stdv": 44.56428733934079,
  "tpm_overlap_csf": 0.17222246527671814,
  "tpm_overlap_gm": 0.45866310596466064,
  "tpm_overlap_wm": 0.5099642276763916,
  "wm2max": 0.606016546977022
}