{
  "bids_meta": {
    "AcquisitionMatrixPE": 256,
    "AcquisitionNumber": 1,
    "AcquisitionTime": "10:56:16.105000",
    "BaseResolution": 256,
    "BodyPartExamined": "HEAD",
    "ConsistencyInfo": "N4_VE11C_LATEST_20160120",
    "ConversionSoftware": "dcm2niix",
    "ConversionSoftwareVersion": "v1.0.20200427",
    "DeviceSerialNumber": "45250",
    "DwellTime": 9.2e-06,
    "EchoTime": 0.00218,
    "FlipAngle": 8,
    "ImageOrientationPatientDICOM": [
      0.0172636,
      0.999613,
      -0.0218149,
      -0.00106767,
      -0.0217997,
      -0.999762
    ],
    "ImageType": [
      "ORIGINAL",
      "PRIMARY",
      "M",
      "NORM",
      "DIS3D",
      "DIS2D"
    ],
    "ImagingFrequency": 123.24,
    "InPlanePhaseEncodingDirectionDICOM": "ROW",
    "InstitutionAddress": "Kopernikusstr._26_Graz_Graz_AT_8010",
    "InstitutionName": "KFU",
    "InstitutionalDepartmentName": "Department",
    "InversionTime": 1,
    "MRAcquisitionType": "3D",
    "MagneticFieldStrength": 3,
    "Manufacturer": "Siemens",
    "ManufacturersModelName": "Skyra",
    "Modality": "MR",
    "ParallelReductionFactorInPlane": 2,
    "PartialFourier": 1,
    "PatientPosition": "HFS",
    "PercentPhaseFOV": 100,
    "PercentSampling": 100,
    "PhaseEncodingSteps": 294,
    "PhaseOversampling": 0.15,
    "PhaseResolution": 1,
    "PixelBandwidth": 210,
    "ProcedureStepDescription": "KFU_BioPsy",
    "ProtocolName": "T1_Pat4_088mm_Pat2_224Sl",
    "PulseSequenceDetails": "%SiemensSeq%_tfl",
    "ReceiveCoilActiveElements": "HEA;HEP",
    "ReceiveCoilName": "Head_32",
    "ReconMatrixPE": 256,
    "RefLinesPE": 24,
    "RepetitionTime": 2.2,
    "SAR": 0.0554159,
    "ScanOptions": "IR_WE",
    "ScanningSequence": "GR_IR",
    "SequenceName": "_tfl3d1_16ns",
    "SequenceVariant": "SK_SP_MP_OSP",
    "SeriesDescription": "T1_Pat4_088mm_Pat2_224Sl",
    "SeriesNumber": 9,
    "ShimSetting": [
      -1092,
      -3146,
      -4318,
      427,
      1019,
      182,
      375,
      -891
    ],
    "SliceThickness": 0.88,
    "SoftwareVersions": "syngo_MR_E11",
    "StationName": "FBMTMR1",
    "TxRefAmp": 337.242,
    "acq_id": "MPrageHiRes",
    "dataset": "<unset>",
    "modality": "T1w",
    "session_id": "3",
    "subject_id": "season130"
  },
  "cjv": 0.506395773630792,
  "cnr": 2.5536628364332836,
  "efc": 0.6462384317738468,
  "fber": 3833.7186743197117,
  "fwhm_avg": 4.296010202504395,
  "fwhm_x": 4.262647750370328,
  "fwhm_y": 4.329702857142857,
  "fwhm_z": 4.29568,
  "icvs_csf": 0.19583606308340465,
  "icvs_gm": 0.4465749509371145,
  "icvs_wm": 0.3575889859794808,
  "inu_med": 1.458217740058899,
  "inu_range": 0.5910707473754881,
  "provenance": {
    "md5sum": "6e5f91689a6b177afe6cac39e3235992",
    "settings": {
      "testing": false
    },
    "software": "mriqc",
    "version": "0.16.1",
    "warnings": {
      "large_rot_frame": true,
      "small_air_mask": false
    },
    "webapi_port": null,
    "webapi_url": "https://mriqc.nimh.nih.gov/api/v1"
  },
  "qi_1": 0.0,
  "qi_2": 0.002205995195006799,
  "rpve_csf": 23.02656840221174,
  "rpve_gm": 11.057667845821094,
  "rpve_wm": 15.519299711410168,
  "size_x": 224,
  "size_y": 256,
  "size_z": 256,
  "snr_csf": 2.993328087632604,
  "snr_gm": 11.822525123368646,
  "snr_total": 11.381872444364454,
  "snr_wm": 19.32976412209211,
  "snrd_csf": 51.07368002444927,
  "snrd_gm": 108.00773975810775,
  "snrd_total": 98.91292304004575,
  "snrd_wm": 137.65734933758026,
  "spacing_x": 0.8799999952316284,
  "spacing_y": 0.875,
  "spacing_z": 0.875,
  "summary_bg_k": 6.931930299773786,
  "summary_bg_mad": 4.759432487846433,
  "summary_bg_mean": 9.853525133184808,
  "summary_bg_median": 8.52541845291853,
  "summary_bg_n": 2680485.0,
  "summary_bg_p05": 3.1575623899698257,
  "summary_bg_p95": 20.366277415305376,
  "summary_bg_stdv": 5.765606668494745,
  "summary_csf_k": -0.3921642174077875,
  "summary_csf_mad": 130.41625251533299,
  "summary_csf_mean": 394.6827281693241,
  "summary_csf_median": 371.03989384137094,
  "summary_csf_n": 40956.0,
  "summary_csf_p05": 230.97568882629275,
  "summary_csf_p95": 621.0004265373573,
  "summary_csf_stdv": 123.95412504522108,
  "summary_gm_k": 0.5356267115820788,
  "summary_gm_mad": 60.54622312407921,
  "summary_gm_mean": 789.3214741264255,
  "summary_gm_median": 784.6542539075017,
  "summary_gm_n": 61088.0,
  "summary_gm_p05": 688.980113491416,
  "summary_gm_p95": 908.8859148388725,
  "summary_gm_stdv": 66.368886795852,
  "summary_wm_k": 0.6305100443404137,
  "summary_wm_mad": 48.530606679352154,
  "summary_wm_mean": 999.5241286361831,
  "summary_wm_median": 1000.0526349432766,
  "summary_wm_n": 312348.0,
  "summary_wm_p05": 913.061791099608,
  "summary_wm_p95": 1081.9387529231608,
  "summary_wm_stdv": 51.73632889478227,
  "tpm_overlap_csf": 0.16333311796188354,
  "tpm_overlap_gm": 0.45789530873298645,
  "tpm_overlap_wm": 0.4907650649547577,
  "wm2max": 0.6353818376354152
}