{
  "bids_meta": {
    "AcquisitionMatrixPE": 256,
    "AcquisitionNumber": 1,
    "AcquisitionTime": "13:53:23.142500",
    "BaseResolution": 256,
    "BodyPartExamined": "HEAD",
    "ConsistencyInfo": "N4_VE11C_LATEST_20160120",
    "ConversionSoftware": "dcm2niix",
    "ConversionSoftwareVersion": "v1.0.20200427",
    "DeviceSerialNumber": "45250",
    "DwellTime": 9.2e-06,
    "EchoTime": 0.00218,
    "FlipAngle": 8,
    "ImageOrientationPatientDICOM": [
      -0.0297369,
      0.995285,
      0.0923183,
      -0.0365281,
      0.0912154,
      -0.995161
    ],
    "ImageType": [
      "ORIGINAL",
      "PRIMARY",
      "M",
      "NORM",
      "DIS3D",
      "DIS2D"
    ],
    "ImagingFrequency": 123.24,
    "InPlanePhaseEncodingDirectionDICOM": "ROW",
    "InstitutionAddress": "Kopernikusstr._26_Graz_Graz_AT_8010",
    "InstitutionName": "KFU",
    "InstitutionalDepartmentName": "Department",
    "InversionTime": 1,
    "MRAcquisitionType": "3D",
    "MagneticFieldStrength": 3,
    "Manufacturer": "Siemens",
    "ManufacturersModelName": "Skyra",
    "Modality": "MR",
    "ParallelReductionFactorInPlane": 2,
    "PartialFourier": 1,
    "PatientPosition": "HFS",
    "PercentPhaseFOV": 100,
    "PercentSampling": 100,
    "PhaseEncodingSteps": 294,
    "PhaseOversampling": 0.15,
    "PhaseResolution": 1,
    "PixelBandwidth": 210,
    "ProcedureStepDescription": "KFU_BioPsy",
    "ProtocolName": "T1_Pat4_088mm_Pat2_224Sl",
    "PulseSequenceDetails": "%SiemensSeq%_tfl",
    "ReceiveCoilActiveElements": "HEA;HEP",
    "ReceiveCoilName": "Head_32",
    "ReconMatrixPE": 256,
    "RefLinesPE": 24,
    "RepetitionTime": 2.2,
    "SAR": 0.0585177,
    "ScanOptions": "IR_WE",
    "ScanningSequence": "GR_IR",
    "SequenceName": "_tfl3d1_16ns",
    "SequenceVariant": "SK_SP_MP_OSP",
    "SeriesDescription": "T1_Pat4_088mm_Pat2_224Sl",
    "SeriesNumber": 9,
    "ShimSetting": [
      -1126,
      -3180,
      -4373,
      316,
      960,
      -126,
      317,
      -906
    ],
    "SliceThickness": 0.88,
    "SoftwareVersions": "syngo_MR_E11",
    "StationName": "FBMTMR1",
    "TxRefAmp": 317.84,
    "acq_id": "MPrageHiRes",
    "dataset": "<unset>",
    "modality": "T1w",
    "session_id": "3",
    "subject_id": "season137"
  },
  "cjv": 0.42631053690363097,
  "cnr": 2.8813830400200477,
  "efc": 0.6298728130901331,
  "fber": 4036.020287316778,
  "fwhm_avg": 4.22982606815475,
  "fwhm_x": 4.179318204464252,
  "fwhm_y": 4.253817142857143,
  "fwhm_z": 4.256342857142857,
  "icvs_csf": 0.18705434154683157,
  "icvs_gm": 0.42884057216488136,
  "icvs_wm": 0.3841050862882871,
  "inu_med": 1.173936367034912,
  "inu_range": 0.3899710476398468,
  "provenance": {
    "md5sum": "adf24f5ec02122fe697fae435e8d5e5f",
    "settings": {
      "testing": false
    },
    "software": "mriqc",
    "version": "0.16.1",
    "warnings": {
      "large_rot_frame": true,
      "small_air_mask": false
    },
    "webapi_port": null,
    "webapi_url": "https://mriqc.nimh.nih.gov/api/v1"
  },
  "qi_1": 0.0,
  "qi_2": 0.002557189404388033,
  "rpve_csf": 25.30806102186078,
  "rpve_gm": 12.251588481130039,
  "rpve_wm": 16.10664284869957,
  "size_x": 224,
  "size_y": 256,
  "size_z": 256,
  "snr_csf": 3.028459577916961,
  "snr_gm": 11.256645961561523,
  "snr_total": 13.090602996087727,
  "snr_wm": 24.986703448784695,
  "snrd_csf": 53.004200657952666,
  "snrd_gm": 108.58001416728885,
  "snrd_total": 100.81205309414258,
  "snrd_wm": 140.85194445718625,
  "spacing_x": 0.8799999952316284,
  "spacing_y": 0.875,
  "spacing_z": 0.875,
  "summary_bg_k": 5.624269517630335,
  "summary_bg_mad": 4.651241415799881,
  "summary_bg_mean": 9.518343321767569,
  "summary_bg_median": 8.383049011230469,
  "summary_bg_n": 2430423.0,
  "summary_bg_p05": 3.1372146606445312,
  "summary_bg_p95": 19.90331268310547,
  "summary_bg_stdv": 5.618931356288219,
  "summary_csf_k": 1.0807633165790298,
  "summary_csf_mad": 126.04101738224924,
  "summary_csf_mean": 407.106087980255,
  "summary_csf_median": 376.3114700317383,
  "summary_csf_n": 30950.0,
  "summary_csf_p05": 246.9656524658203,
  "summary_csf_p95": 617.082409286499,
  "summary_csf_stdv": 124.25636894127786,
  "summary_gm_k": 0.7414158751999498,
  "summary_gm_mad": 62.296135028008244,
  "summary_gm_mean": 775.2267530255599,
  "summary_gm_median": 770.880500793457,
  "summary_gm_n": 44981.0,
  "summary_gm_p05": 673.112548828125,
  "summary_gm_p95": 900.226318359375,
  "summary_gm_stdv": 68.48149390335752,
  "summary_wm_k": 1.0402858424245345,
  "summary_wm_mad": 35.37993470378926,
  "summary_wm_mean": 1000.138305994924,
  "summary_wm_median": 1000.0000305175781,
  "summary_wm_n": 340169.0,
  "summary_wm_p05": 934.3242416381836,
  "summary_wm_p95": 1065.3672409057617,
  "summary_wm_stdv": 40.021228198770714,
  "tpm_overlap_csf": 0.16641893982887268,
  "tpm_overlap_gm": 0.4455208480358124,
  "tpm_overlap_wm": 0.5042424201965332,
  "wm2max": 0.6714327549339021
}