{
  "bids_meta": {
    "AcquisitionMatrixPE": 256,
    "AcquisitionNumber": 1,
    "AcquisitionTime": "12:17:42.125000",
    "BaseResolution": 256,
    "BodyPartExamined": "HEAD",
    "ConsistencyInfo": "N4_VE11C_LATEST_20160120",
    "ConversionSoftware": "dcm2niix",
    "ConversionSoftwareVersion": "v1.0.20200427",
    "DeviceSerialNumber": "45250",
    "DwellTime": 9.2e-06,
    "EchoTime": 0.00218,
    "FlipAngle": 8,
    "ImageOrientationPatientDICOM": [
      -0.0524244,
      0.988388,
      0.14262,
      -0.0188265,
      0.141813,
      -0.989714
    ],
    "ImageType": [
      "ORIGINAL",
      "PRIMARY",
      "M",
      "NORM",
      "DIS3D",
      "DIS2D"
    ],
    "ImagingFrequency": 123.24,
    "InPlanePhaseEncodingDirectionDICOM": "ROW",
    "InstitutionAddress": "Kopernikusstr._26_Graz_Graz_AT_8010",
    "InstitutionName": "KFU",
    "InstitutionalDepartmentName": "Department",
    "InversionTime": 1,
    "MRAcquisitionType": "3D",
    "MagneticFieldStrength": 3,
    "Manufacturer": "Siemens",
    "ManufacturersModelName": "Skyra",
    "Modality": "MR",
    "ParallelReductionFactorInPlane": 2,
    "PartialFourier": 1,
    "PatientPosition": "HFS",
    "PercentPhaseFOV": 100,
    "PercentSampling": 100,
    "PhaseEncodingSteps": 294,
    "PhaseOversampling": 0.15,
    "PhaseResolution": 1,
    "PixelBandwidth": 210,
    "ProcedureStepDescription": "KFU_BioPsy",
    "ProtocolName": "T1_Pat4_088mm_Pat2_224Sl",
    "PulseSequenceDetails": "%SiemensSeq%_tfl",
    "ReceiveCoilActiveElements": "HEA;HEP",
    "ReceiveCoilName": "Head_32",
    "ReconMatrixPE": 256,
    "RefLinesPE": 24,
    "RepetitionTime": 2.2,
    "SAR": 0.0611416,
    "ScanOptions": "IR_WE",
    "ScanningSequence": "GR_IR",
    "SequenceName": "_tfl3d1_16ns",
    "SequenceVariant": "SK_SP_MP_OSP",
    "SeriesDescription": "T1_Pat4_088mm_Pat2_224Sl",
    "SeriesNumber": 9,
    "ShimSetting": [
      -1081,
      -3189,
      -4214,
      593,
      934,
      345,
      224,
      -858
    ],
    "SliceThickness": 0.88,
    "SoftwareVersions": "syngo_MR_E11",
    "StationName": "FBMTMR1",
    "TxRefAmp": 315.965,
    "acq_id": "MPrageHiRes",
    "dataset": "<unset>",
    "modality": "T1w",
    "session_id": "2",
    "subject_id": "season136"
  },
  "cjv": 0.49246626711454566,
  "cnr": 2.7104978321019813,
  "efc": 0.6001395282388529,
  "fber": 3108.3230194776843,
  "fwhm_avg": 4.193019011851874,
  "fwhm_x": 4.165022749841337,
  "fwhm_y": 4.281371428571428,
  "fwhm_z": 4.132662857142857,
  "icvs_csf": 0.1767567310794931,
  "icvs_gm": 0.4597812533995507,
  "icvs_wm": 0.36346201552095614,
  "inu_med": 1.3096933364868164,
  "inu_range": 0.5029886960983276,
  "provenance": {
    "md5sum": "989398f28728fd15ed9c8899fba656bb",
    "settings": {
      "testing": false
    },
    "software": "mriqc",
    "version": "0.16.1",
    "warnings": {
      "large_rot_frame": true,
      "small_air_mask": false
    },
    "webapi_port": null,
    "webapi_url": "https://mriqc.nimh.nih.gov/api/v1"
  },
  "qi_1": 0.0,
  "qi_2": 0.0014328813201716659,
  "rpve_csf": 29.646093279757935,
  "rpve_gm": 13.04317244746564,
  "rpve_wm": 18.651737010162623,
  "size_x": 224,
  "size_y": 256,
  "size_z": 256,
  "snr_csf": 2.84963171976709,
  "snr_gm": 11.276434569142994,
  "snr_total": 11.130893576662517,
  "snr_wm": 19.266614441077472,
  "snrd_csf": 47.486838699441805,
  "snrd_gm": 81.75453645555275,
  "snrd_total": 78.6074183119506,
  "snrd_wm": 106.58087978085725,
  "spacing_x": 0.8799999952316284,
  "spacing_y": 0.875,
  "spacing_z": 0.875,
  "summary_bg_k": 9.89786958907566,
  "summary_bg_mad": 6.147206307306711,
  "summary_bg_mean": 12.359303395802264,
  "summary_bg_median": 10.569960620254278,
  "summary_bg_n": 2741475.0,
  "summary_bg_p05": 4.1462276466190815,
  "summary_bg_p95": 27.154871206730604,
  "summary_bg_stdv": 8.015057266468077,
  "summary_csf_k": 31.97520257705584,
  "summary_csf_mad": 160.6065873247035,
  "summary_csf_mean": 454.91476421232176,
  "summary_csf_median": 445.5734780803323,
  "summary_csf_n": 17905.0,
  "summary_csf_p05": 256.36534322053194,
  "summary_csf_p95": 658.1756804786621,
  "summary_csf_stdv": 156.35741001370215,
  "summary_gm_k": 0.1115954743694938,
  "summary_gm_mad": 68.22533197405195,
  "summary_gm_mean": 770.3155263474622,
  "summary_gm_median": 767.1105121970177,
  "summary_gm_n": 48756.0,
  "summary_gm_p05": 664.9585585230961,
  "summary_gm_p95": 887.4679090939462,
  "summary_gm_stdv": 68.02705594762116,
  "summary_wm_k": 0.674800549401859,
  "summary_wm_mad": 46.493658972164845,
  "summary_wm_mean": 998.4581278749396,
  "summary_wm_median": 1000.0584288500249,
  "summary_wm_n": 264337.0,
  "summary_wm_p05": 907.9537775225938,
  "summary_wm_p95": 1081.055861890316,
  "summary_wm_stdv": 51.906189344854866,
  "tpm_overlap_csf": 0.14964018762111664,
  "tpm_overlap_gm": 0.4659019410610199,
  "tpm_overlap_wm": 0.49181270599365234,
  "wm2max": 0.6405228970852179
}