{
  "bids_meta": {
    "AcquisitionMatrixPE": 256,
    "AcquisitionNumber": 1,
    "AcquisitionTime": "09:08:49.825000",
    "BaseResolution": 256,
    "BodyPartExamined": "HEAD",
    "ConsistencyInfo": "N4_VE11C_LATEST_20160120",
    "ConversionSoftware": "dcm2niix",
    "ConversionSoftwareVersion": "v1.0.20200427",
    "DeviceSerialNumber": "45250",
    "DwellTime": 9.2e-06,
    "EchoTime": 0.00218,
    "FlipAngle": 8,
    "ImageOrientationPatientDICOM": [
      0.00487835,
      0.999836,
      0.0174502,
      -0.0159889,
      0.0175261,
      -0.999719
    ],
    "ImageType": [
      "ORIGINAL",
      "PRIMARY",
      "M",
      "NORM",
      "DIS3D",
      "DIS2D"
    ],
    "ImagingFrequency": 123.239,
    "InPlanePhaseEncodingDirectionDICOM": "ROW",
    "InstitutionAddress": "Kopernikusstr._26_Graz_Graz_AT_8010",
    "InstitutionName": "KFU",
    "InstitutionalDepartmentName": "Department",
    "InversionTime": 1,
    "MRAcquisitionType": "3D",
    "MagneticFieldStrength": 3,
    "Manufacturer": "Siemens",
    "ManufacturersModelName": "Skyra",
    "Modality": "MR",
    "ParallelReductionFactorInPlane": 2,
    "PartialFourier": 1,
    "PatientPosition": "HFS",
    "PercentPhaseFOV": 100,
    "PercentSampling": 100,
    "PhaseEncodingSteps": 294,
    "PhaseOversampling": 0.15,
    "PhaseResolution": 1,
    "PixelBandwidth": 210,
    "ProcedureStepDescription": "BioPsy_2018",
    "ProtocolName": "anat-T1w",
    "PulseSequenceDetails": "%SiemensSeq%_tfl",
    "ReceiveCoilActiveElements": "HEA;HEP",
    "ReceiveCoilName": "Head_32",
    "ReconMatrixPE": 256,
    "RefLinesPE": 24,
    "RepetitionTime": 2.2,
    "SAR": 0.0477526,
    "ScanOptions": "IR_WE",
    "ScanningSequence": "GR_IR",
    "SequenceName": "_tfl3d1_16ns",
    "SequenceVariant": "SK_SP_MP_OSP",
    "SeriesDescription": "anat-T1w",
    "SeriesNumber": 9,
    "ShimSetting": [
      -1076,
      -3119,
      -4372,
      228,
      1119,
      159,
      144,
      -882
    ],
    "SliceThickness": 0.88,
    "SoftwareVersions": "syngo_MR_E11",
    "StationName": "FBMTMR1",
    "TxRefAmp": 324.333,
    "acq_id": "MPrageHiRes",
    "dataset": "<unset>",
    "modality": "T1w",
    "session_id": "3",
    "subject_id": "season211"
  },
  "cjv": 0.6624295890186469,
  "cnr": 2.0774005441171437,
  "efc": 0.6013466307829362,
  "fber": 2319.62640625,
  "fwhm_avg": 4.257602107082519,
  "fwhm_x": 4.160897749818985,
  "fwhm_y": 4.394754285714286,
  "fwhm_z": 4.217154285714286,
  "icvs_csf": 0.17178043428465475,
  "icvs_gm": 0.4528465621236947,
  "icvs_wm": 0.37537300359165054,
  "inu_med": 1.6085724830627441,
  "inu_range": 0.6559284329414368,
  "provenance": {
    "md5sum": "0d86dbfd33aed192f2f9aa142dc84d1a",
    "settings": {
      "testing": false
    },
    "software": "mriqc",
    "version": "0.16.1",
    "warnings": {
      "large_rot_frame": true,
      "small_air_mask": false
    },
    "webapi_port": null,
    "webapi_url": "https://mriqc.nimh.nih.gov/api/v1"
  },
  "qi_1": 0.0,
  "qi_2": 0.0015453789692007039,
  "rpve_csf": 30.356623631829404,
  "rpve_gm": 13.075912406122976,
  "rpve_wm": 17.874696540934483,
  "size_x": 224,
  "size_y": 256,
  "size_z": 256,
  "snr_csf": 3.2048160859827077,
  "snr_gm": 9.452223693137302,
  "snr_total": 10.37510132359508,
  "snr_wm": 18.468264191665234,
  "snrd_csf": 55.12106642862286,
  "snrd_gm": 94.25816639321658,
  "snrd_total": 89.47110303371629,
  "snrd_wm": 119.03407627930942,
  "spacing_x": 0.8799999952316284,
  "spacing_y": 0.875,
  "spacing_z": 0.875,
  "summary_bg_k": 11.953074947410345,
  "summary_bg_mad": 5.504123806388,
  "summary_bg_mean": 13.033046592565048,
  "summary_bg_median": 10.561351552605629,
  "summary_bg_n": 3320223.0,
  "summary_bg_p05": 3.5204505175352097,
  "summary_bg_p95": 30.723931789398193,
  "summary_bg_stdv": 9.418118572244921,
  "summary_csf_k": -0.423357331128273,
  "summary_csf_mad": 183.77130605293726,
  "summary_csf_mean": 467.69339107424724,
  "summary_csf_median": 463.09926353394985,
  "summary_csf_n": 27560.0,
  "summary_csf_p05": 253.79247821867466,
  "summary_csf_p95": 686.8078918755054,
  "summary_csf_stdv": 144.49842030795097,
  "summary_gm_k": 0.028520690403707416,
  "summary_gm_mad": 85.40881768533103,
  "summary_gm_mean": 800.9944544227418,
  "summary_gm_median": 791.9093418717384,
  "summary_gm_n": 54707.0,
  "summary_gm_p05": 680.5990973263979,
  "summary_gm_p95": 952.8259346187115,
  "summary_gm_stdv": 83.77945019227616,
  "summary_wm_k": 0.34965381687233954,
  "summary_wm_mad": 52.478973533320065,
  "summary_wm_mean": 1001.7817820113178,
  "summary_wm_median": 1000.0639797449112,
  "summary_wm_n": 291606.0,
  "summary_wm_p05": 915.8292000889778,
  "summary_wm_p95": 1093.0678815990686,
  "summary_wm_stdv": 54.15031183291762,
  "tpm_overlap_csf": 0.16032224893569946,
  "tpm_overlap_gm": 0.48207390308380127,
  "tpm_overlap_wm": 0.515357494354248,
  "wm2max": 0.5413533834586466
}