{
  "bids_meta": {
    "AcquisitionMatrixPE": 256,
    "AcquisitionNumber": 1,
    "AcquisitionTime": "11:52:45.165000",
    "BaseResolution": 256,
    "BodyPartExamined": "HEAD",
    "ConsistencyInfo": "N4_VE11C_LATEST_20160120",
    "ConversionSoftware": "dcm2niix",
    "ConversionSoftwareVersion": "v1.0.20200427",
    "DeviceSerialNumber": "45250",
    "DwellTime": 9.2e-06,
    "EchoTime": 0.00218,
    "FlipAngle": 8,
    "ImageOrientationPatientDICOM": [
      0.0967514,
      0.983212,
      0.154701,
      0.00405905,
      0.155039,
      -0.9879
    ],
    "ImageType": [
      "ORIGINAL",
      "PRIMARY",
      "M",
      "NORM",
      "DIS3D",
      "DIS2D"
    ],
    "ImagingFrequency": 123.239,
    "InPlanePhaseEncodingDirectionDICOM": "ROW",
    "InstitutionAddress": "Kopernikusstr._26_Graz_Graz_AT_8010",
    "InstitutionName": "KFU",
    "InstitutionalDepartmentName": "Department",
    "InversionTime": 1,
    "MRAcquisitionType": "3D",
    "MagneticFieldStrength": 3,
    "Manufacturer": "Siemens",
    "ManufacturersModelName": "Skyra",
    "Modality": "MR",
    "ParallelReductionFactorInPlane": 2,
    "PartialFourier": 1,
    "PatientPosition": "HFS",
    "PercentPhaseFOV": 100,
    "PercentSampling": 100,
    "PhaseEncodingSteps": 294,
    "PhaseOversampling": 0.15,
    "PhaseResolution": 1,
    "PixelBandwidth": 210,
    "ProcedureStepDescription": "BioPsy_2018",
    "ProtocolName": "anat-T1w",
    "PulseSequenceDetails": "%SiemensSeq%_tfl",
    "ReceiveCoilActiveElements": "HEA;HEP",
    "ReceiveCoilName": "Head_32",
    "ReconMatrixPE": 256,
    "RefLinesPE": 24,
    "RepetitionTime": 2.2,
    "SAR": 0.0561463,
    "ScanOptions": "IR_WE",
    "ScanningSequence": "GR_IR",
    "SequenceName": "_tfl3d1_16ns",
    "SequenceVariant": "SK_SP_MP_OSP",
    "SeriesDescription": "anat-T1w",
    "SeriesNumber": 9,
    "ShimSetting": [
      -1104,
      -3306,
      -4382,
      195,
      908,
      -191,
      437,
      -846
    ],
    "SliceThickness": 0.88,
    "SoftwareVersions": "syngo_MR_E11",
    "StationName": "FBMTMR1",
    "TxRefAmp": 313.988,
    "acq_id": "MPrageHiRes",
    "dataset": "<unset>",
    "modality": "T1w",
    "session_id": "2",
    "subject_id": "season206"
  },
  "cjv": 0.39901290733569583,
  "cnr": 3.1904127216820726,
  "efc": 0.6188949063910418,
  "fber": 3864.0439984717163,
  "fwhm_avg": 4.078745699830297,
  "fwhm_x": 3.9805113852051788,
  "fwhm_y": 4.174617142857143,
  "fwhm_z": 4.0811085714285715,
  "icvs_csf": 0.2015719671235053,
  "icvs_gm": 0.44758599341171795,
  "icvs_wm": 0.3508420394647767,
  "inu_med": 1.1580073833465576,
  "inu_range": 0.4165554761886595,
  "provenance": {
    "md5sum": "e8e2044c2477a8f70a6ae4dbcd2427f4",
    "settings": {
      "testing": false
    },
    "software": "mriqc",
    "version": "0.16.1",
    "warnings": {
      "large_rot_frame": true,
      "small_air_mask": false
    },
    "webapi_port": null,
    "webapi_url": "https://mriqc.nimh.nih.gov/api/v1"
  },
  "qi_1": 7.581142593711045e-06,
  "qi_2": 0.0026940282743958075,
  "rpve_csf": 26.677742906552233,
  "rpve_gm": 13.082632771046457,
  "rpve_wm": 18.832622482853047,
  "size_x": 224,
  "size_y": 256,
  "size_z": 256,
  "snr_csf": 2.8235932321508628,
  "snr_gm": 12.62870962456546,
  "snr_total": 12.601610574057043,
  "snr_wm": 22.35252886545481,
  "snrd_csf": 56.07927010981831,
  "snrd_gm": 109.61228129777379,
  "snrd_total": 103.30156750707818,
  "snrd_wm": 144.21315111364245,
  "spacing_x": 0.8799999952316284,
  "spacing_y": 0.875,
  "spacing_z": 0.875,
  "summary_bg_k": 37.256461206009476,
  "summary_bg_mad": 4.542833710273971,
  "summary_bg_mean": 9.143687196388688,
  "summary_bg_median": 8.137432023882866,
  "summary_bg_n": 2543041.0,
  "summary_bg_p05": 3.0138637125492096,
  "summary_bg_p95": 19.489652007818222,
  "summary_bg_stdv": 5.637260821155398,
  "summary_csf_k": 12.063022895893633,
  "summary_csf_mad": 157.1745991071019,
  "summary_csf_mean": 415.7692607855865,
  "summary_csf_median": 388.86376551166177,
  "summary_csf_n": 32984.0,
  "summary_csf_p05": 243.52018797397614,
  "summary_csf_p95": 620.2029209807515,
  "summary_csf_stdv": 137.7173830514828,
  "summary_gm_k": 0.3169378528542457,
  "summary_gm_mad": 57.008839429749585,
  "summary_gm_mean": 762.5957526202712,
  "summary_gm_median": 760.0713127739727,
  "summary_gm_n": 41072.0,
  "summary_gm_p05": 668.4247403815389,
  "summary_gm_p95": 867.8420560285449,
  "summary_gm_stdv": 60.185251098484365,
  "summary_wm_k": 0.9352385908199472,
  "summary_wm_mad": 38.72579556299123,
  "summary_wm_mean": 997.575878405985,
  "summary_wm_median": 999.9999798238277,
  "summary_wm_n": 251498.0,
  "summary_wm_p05": 916.8173413574696,
  "summary_wm_p95": 1066.7570610567927,
  "summary_wm_stdv": 44.73757746847067,
  "tpm_overlap_csf": 0.15933921933174133,
  "tpm_overlap_gm": 0.45238760113716125,
  "tpm_overlap_wm": 0.4889882504940033,
  "wm2max": 0.603987106750191
}