{
  "bids_meta": {
    "AcquisitionMatrixPE": 256,
    "AcquisitionNumber": 1,
    "AcquisitionTime": "12:44:39.190000",
    "BaseResolution": 256,
    "BodyPartExamined": "HEAD",
    "ConsistencyInfo": "N4_VE11C_LATEST_20160120",
    "ConversionSoftware": "dcm2niix",
    "ConversionSoftwareVersion": "v1.0.20200427",
    "DeviceSerialNumber": "45250",
    "DwellTime": 9.2e-06,
    "EchoTime": 0.00218,
    "FlipAngle": 8,
    "ImageOrientationPatientDICOM": [
      0.00951995,
      0.980231,
      0.197629,
      0.0190674,
      0.197424,
      -0.980133
    ],
    "ImageType": [
      "ORIGINAL",
      "PRIMARY",
      "M",
      "NORM",
      "DIS3D",
      "DIS2D"
    ],
    "ImagingFrequency": 123.24,
    "InPlanePhaseEncodingDirectionDICOM": "ROW",
    "InstitutionAddress": "Kopernikusstr._26_Graz_Graz_AT_8010",
    "InstitutionName": "KFU",
    "InstitutionalDepartmentName": "Department",
    "InversionTime": 1,
    "MRAcquisitionType": "3D",
    "MagneticFieldStrength": 3,
    "Manufacturer": "Siemens",
    "ManufacturersModelName": "Skyra",
    "Modality": "MR",
    "ParallelReductionFactorInPlane": 2,
    "PartialFourier": 1,
    "PatientPosition": "HFS",
    "PercentPhaseFOV": 100,
    "PercentSampling": 100,
    "PhaseEncodingSteps": 294,
    "PhaseOversampling": 0.15,
    "PhaseResolution": 1,
    "PixelBandwidth": 210,
    "ProcedureStepDescription": "KFU_BioPsy",
    "ProtocolName": "T1_Pat4_088mm_Pat2_224Sl",
    "PulseSequenceDetails": "%SiemensSeq%_tfl",
    "ReceiveCoilActiveElements": "HEA;HEP",
    "ReceiveCoilName": "Head_32",
    "ReconMatrixPE": 256,
    "RefLinesPE": 24,
    "RepetitionTime": 2.2,
    "SAR": 0.0652782,
    "ScanOptions": "IR_WE",
    "ScanningSequence": "GR_IR",
    "SequenceName": "_tfl3d1_16ns",
    "SequenceVariant": "SK_SP_MP_OSP",
    "SeriesDescription": "T1_Pat4_088mm_Pat2_224Sl",
    "SeriesNumber": 9,
    "ShimSetting": [
      -1074,
      -3218,
      -4313,
      468,
      975,
      268,
      320,
      -850
    ],
    "SliceThickness": 0.88,
    "SoftwareVersions": "syngo_MR_E11",
    "StationName": "FBMTMR1",
    "TxRefAmp": 321.529,
    "acq_id": "MPrageHiRes",
    "dataset": "<unset>",
    "modality": "T1w",
    "session_id": "1",
    "subject_id": "season107"
  },
  "cjv": 0.37327589661023197,
  "cnr": 3.4689188722484228,
  "efc": 0.61078779901625,
  "fber": 5950.5278861458755,
  "fwhm_avg": 4.190352756508864,
  "fwhm_x": 4.202806840955164,
  "fwhm_y": 4.115634285714285,
  "fwhm_z": 4.252617142857143,
  "icvs_csf": 0.17447546729351418,
  "icvs_gm": 0.4372977299891897,
  "icvs_wm": 0.3882268027172961,
  "inu_med": 1.4193594455718994,
  "inu_range": 0.4957302212715149,
  "provenance": {
    "md5sum": "15e7b79a486c9430afb99e39d2b6fe4d",
    "settings": {
      "testing": false
    },
    "software": "mriqc",
    "version": "0.16.1",
    "warnings": {
      "large_rot_frame": true,
      "small_air_mask": false
    },
    "webapi_port": null,
    "webapi_url": "https://mriqc.nimh.nih.gov/api/v1"
  },
  "qi_1": 0.0,
  "qi_2": 0.002386275947259455,
  "rpve_csf": 25.370246934658308,
  "rpve_gm": 11.57448560198103,
  "rpve_wm": 15.263486742166302,
  "size_x": 224,
  "size_y": 256,
  "size_z": 256,
  "snr_csf": 1.8450622987129883,
  "snr_gm": 13.265764182051731,
  "snr_total": 13.97410235676931,
  "snr_wm": 26.81148058954321,
  "snrd_csf": 62.89615083359787,
  "snrd_gm": 134.42254273791812,
  "snrd_total": 124.58539055960428,
  "snrd_wm": 176.4374781072969,
  "spacing_x": 0.8799999952316284,
  "spacing_y": 0.875,
  "spacing_z": 0.875,
  "summary_bg_k": 7.99957918220419,
  "summary_bg_mad": 3.713136183250972,
  "summary_bg_mean": 7.710648796414014,
  "summary_bg_median": 6.746741697192192,
  "summary_bg_n": 2830910.0,
  "summary_bg_p05": 2.5044722966849804,
  "summary_bg_p95": 16.611295845359564,
  "summary_bg_stdv": 4.79089733024647,
  "summary_csf_k": 31.791179791616123,
  "summary_csf_mad": 109.08284766917906,
  "summary_csf_mean": 400.7380218615132,
  "summary_csf_median": 356.47840884141624,
  "summary_csf_n": 22594.0,
  "summary_csf_p05": 238.18042658269405,
  "summary_csf_p95": 623.8870493600144,
  "summary_csf_stdv": 193.20243019325193,
  "summary_gm_k": 0.22272286102287842,
  "summary_gm_mad": 55.77282103821868,
  "summary_gm_mean": 762.9617075016259,
  "summary_gm_median": 761.8706949874759,
  "summary_gm_n": 55410.0,
  "summary_gm_p05": 670.994128793478,
  "summary_gm_p95": 859.4940028786659,
  "summary_gm_stdv": 57.43082793065807,
  "summary_wm_k": 1.190253388018565,
  "summary_wm_mad": 33.11511249144234,
  "summary_wm_mean": 998.7697877975927,
  "summary_wm_median": 1000.0000098906457,
  "summary_wm_n": 348914.0,
  "summary_wm_p05": 935.3437352925539,
  "summary_wm_p95": 1056.7339741624892,
  "summary_wm_stdv": 37.29740226512286,
  "tpm_overlap_csf": 0.15853269398212433,
  "tpm_overlap_gm": 0.43287214636802673,
  "tpm_overlap_wm": 0.4983125925064087,
  "wm2max": 0.6112725341331584
}