{
  "bids_meta": {
    "AcquisitionMatrixPE": 256,
    "AcquisitionNumber": 1,
    "AcquisitionTime": "13:37:1.185000",
    "BaseResolution": 256,
    "BodyPartExamined": "HEAD",
    "ConsistencyInfo": "N4_VE11C_LATEST_20160120",
    "ConversionSoftware": "dcm2niix",
    "ConversionSoftwareVersion": "v1.0.20200427",
    "DeviceSerialNumber": "45250",
    "DwellTime": 9.2e-06,
    "EchoTime": 0.00218,
    "FlipAngle": 8,
    "ImageOrientationPatientDICOM": [
      0.0529643,
      0.99694,
      0.0574988,
      0.0506352,
      0.0548244,
      -0.997211
    ],
    "ImageType": [
      "ORIGINAL",
      "PRIMARY",
      "M",
      "NORM",
      "DIS3D",
      "DIS2D"
    ],
    "ImagingFrequency": 123.24,
    "InPlanePhaseEncodingDirectionDICOM": "ROW",
    "InstitutionAddress": "Kopernikusstr._26_Graz_Graz_AT_8010",
    "InstitutionName": "KFU",
    "InstitutionalDepartmentName": "Department",
    "InversionTime": 1,
    "MRAcquisitionType": "3D",
    "MagneticFieldStrength": 3,
    "Manufacturer": "Siemens",
    "ManufacturersModelName": "Skyra",
    "Modality": "MR",
    "ParallelReductionFactorInPlane": 2,
    "PartialFourier": 1,
    "PatientPosition": "HFS",
    "PercentPhaseFOV": 100,
    "PercentSampling": 100,
    "PhaseEncodingSteps": 294,
    "PhaseOversampling": 0.15,
    "PhaseResolution": 1,
    "PixelBandwidth": 210,
    "ProcedureStepDescription": "KFU_BioPsy",
    "ProtocolName": "T1_Pat4_088mm_Pat2_224Sl",
    "PulseSequenceDetails": "%SiemensSeq%_tfl",
    "ReceiveCoilActiveElements": "HEA;HEP",
    "ReceiveCoilName": "Head_32",
    "ReconMatrixPE": 256,
    "RefLinesPE": 24,
    "RepetitionTime": 2.2,
    "SAR": 0.0610155,
    "ScanOptions": "IR_WE",
    "ScanningSequence": "GR_IR",
    "SequenceName": "_tfl3d1_16ns",
    "SequenceVariant": "SK_SP_MP_OSP",
    "SeriesDescription": "T1_Pat4_088mm_Pat2_224Sl",
    "SeriesNumber": 9,
    "ShimSetting": [
      -1111,
      -3155,
      -4360,
      316,
      963,
      -61,
      223,
      -986
    ],
    "SliceThickness": 0.88,
    "SoftwareVersions": "syngo_MR_E11",
    "StationName": "FBMTMR1",
    "TxRefAmp": 321.087,
    "acq_id": "MPrageHiRes",
    "dataset": "<unset>",
    "modality": "T1w",
    "session_id": "1",
    "subject_id": "season137"
  },
  "cjv": 0.3950726216501929,
  "cnr": 3.0934153974532306,
  "efc": 0.6164823898270689,
  "fber": 4772.271970012495,
  "fwhm_avg": 4.1639095745473975,
  "fwhm_x": 4.123477295070764,
  "fwhm_y": 4.169725714285714,
  "fwhm_z": 4.198525714285714,
  "icvs_csf": 0.18733446586107394,
  "icvs_gm": 0.42679305863389283,
  "icvs_wm": 0.38587247550503323,
  "inu_med": 1.217890739440918,
  "inu_range": 0.37278676033019975,
  "provenance": {
    "md5sum": "bdc17ccf7a5b6c79b7b16176548cd668",
    "settings": {
      "testing": false
    },
    "software": "mriqc",
    "version": "0.16.1",
    "warnings": {
      "large_rot_frame": true,
      "small_air_mask": false
    },
    "webapi_port": null,
    "webapi_url": "https://mriqc.nimh.nih.gov/api/v1"
  },
  "qi_1": 0.0,
  "qi_2": 0.002290125328193105,
  "rpve_csf": 25.41478595963596,
  "rpve_gm": 12.339901271967754,
  "rpve_wm": 16.09629023639503,
  "size_x": 224,
  "size_y": 256,
  "size_z": 256,
  "snr_csf": 3.131922523838924,
  "snr_gm": 11.951871672927824,
  "snr_total": 13.979294878541543,
  "snr_wm": 26.854090438857877,
  "snrd_csf": 60.79161315850899,
  "snrd_gm": 121.80416770284106,
  "snrd_total": 113.63751944167645,
  "snrd_wm": 158.3167774636793,
  "spacing_x": 0.8799999952316284,
  "spacing_y": 0.875,
  "spacing_z": 0.875,
  "summary_bg_k": 5.978387308976503,
  "summary_bg_mad": 4.138350123898169,
  "summary_bg_mean": 8.703063953978411,
  "summary_bg_median": 7.391709037125111,
  "summary_bg_n": 2649586.0,
  "summary_bg_p05": 2.739584468305111,
  "summary_bg_p95": 18.60849827528,
  "summary_bg_stdv": 5.299812945298758,
  "summary_csf_k": 4.752519976647629,
  "summary_csf_mad": 130.12812056257576,
  "summary_csf_mean": 409.39654853112046,
  "summary_csf_median": 384.00703801959753,
  "summary_csf_n": 33026.0,
  "summary_csf_p05": 248.94035470485687,
  "summary_csf_p95": 611.2762457747012,
  "summary_csf_stdv": 122.60878784349518,
  "summary_gm_k": 0.670504233115695,
  "summary_gm_mad": 57.93690173457437,
  "summary_gm_mean": 773.1300529530691,
  "summary_gm_median": 769.4097134098411,
  "summary_gm_n": 42907.0,
  "summary_gm_p05": 674.3668084688485,
  "summary_gm_p95": 890.297754844278,
  "summary_gm_stdv": 64.37491703363729,
  "summary_wm_k": 1.0704056075769843,
  "summary_wm_mad": 33.18343710459087,
  "summary_wm_mean": 1000.4769577745991,
  "summary_wm_median": 1000.0517114773393,
  "summary_wm_n": 337509.0,
  "summary_wm_p05": 939.9876142665744,
  "summary_wm_p95": 1061.7698974236846,
  "summary_wm_stdv": 37.2401453042917,
  "tpm_overlap_csf": 0.168341726064682,
  "tpm_overlap_gm": 0.44560784101486206,
  "tpm_overlap_wm": 0.5036677718162537,
  "wm2max": 0.6896842194870947
}