{
  "bids_meta": {
    "AcquisitionMatrixPE": 256,
    "AcquisitionNumber": 1,
    "AcquisitionTime": "10:47:52.870000",
    "BaseResolution": 256,
    "BodyPartExamined": "BRAIN",
    "ConsistencyInfo": "N4_VE11C_LATEST_20160120",
    "ConversionSoftware": "dcm2niix",
    "ConversionSoftwareVersion": "v1.0.20200427",
    "DeviceSerialNumber": "45250",
    "DwellTime": 9.2e-06,
    "EchoTime": 0.00218,
    "FlipAngle": 8,
    "ImageOrientationPatientDICOM": [
      -0.0197779,
      0.985291,
      0.169734,
      -0.0639381,
      0.168174,
      -0.983682
    ],
    "ImageType": [
      "ORIGINAL",
      "PRIMARY",
      "M",
      "NORM",
      "DIS3D",
      "DIS2D"
    ],
    "ImagingFrequency": 123.24,
    "InPlanePhaseEncodingDirectionDICOM": "ROW",
    "InstitutionAddress": "Kopernikusstr._26_Graz_Graz_AT_8010",
    "InstitutionName": "KFU",
    "InstitutionalDepartmentName": "Department",
    "InversionTime": 1,
    "MRAcquisitionType": "3D",
    "MagneticFieldStrength": 3,
    "Manufacturer": "Siemens",
    "ManufacturersModelName": "Skyra",
    "Modality": "MR",
    "ParallelReductionFactorInPlane": 2,
    "PartialFourier": 1,
    "PatientPosition": "HFS",
    "PercentPhaseFOV": 100,
    "PercentSampling": 100,
    "PhaseEncodingSteps": 294,
    "PhaseOversampling": 0.15,
    "PhaseResolution": 1,
    "PixelBandwidth": 210,
    "ProcedureStepDescription": "KFU_BioPsy",
    "ProtocolName": "T1_Pat4_088mm_Pat2_224Sl",
    "PulseSequenceDetails": "%SiemensSeq%_tfl",
    "ReceiveCoilActiveElements": "HEA;HEP",
    "ReceiveCoilName": "Head_32",
    "ReconMatrixPE": 256,
    "RefLinesPE": 24,
    "RepetitionTime": 2.2,
    "SAR": 0.0532722,
    "ScanOptions": "IR_WE",
    "ScanningSequence": "GR_IR",
    "SequenceName": "_tfl3d1_16ns",
    "SequenceVariant": "SK_SP_MP_OSP",
    "SeriesDescription": "T1_Pat4_088mm_Pat2_224Sl",
    "SeriesNumber": 9,
    "ShimSetting": [
      -1154,
      -3198,
      -4476,
      291,
      968,
      -241,
      302,
      -871
    ],
    "SliceThickness": 0.88,
    "SoftwareVersions": "syngo_MR_E11",
    "StationName": "FBMTMR1",
    "TxRefAmp": 325.524,
    "acq_id": "MPrageHiRes",
    "dataset": "<unset>",
    "modality": "T1w",
    "session_id": "2",
    "subject_id": "season116"
  },
  "cjv": 0.5567559142854771,
  "cnr": 2.308884775824381,
  "efc": 0.6594565147371289,
  "fber": 3314.2163313609467,
  "fwhm_avg": 4.120566782211303,
  "fwhm_x": 4.052443203776767,
  "fwhm_y": 4.215462857142858,
  "fwhm_z": 4.093794285714286,
  "icvs_csf": 0.19902365387403576,
  "icvs_gm": 0.4219858779312862,
  "icvs_wm": 0.378990468194678,
  "inu_med": 1.2086806297302246,
  "inu_range": 0.4222039163112643,
  "provenance": {
    "md5sum": "13ac74a4a141fa17556cc9837f816a53",
    "settings": {
      "testing": false
    },
    "software": "mriqc",
    "version": "0.16.1",
    "warnings": {
      "large_rot_frame": true,
      "small_air_mask": false
    },
    "webapi_port": null,
    "webapi_url": "https://mriqc.nimh.nih.gov/api/v1"
  },
  "qi_1": 0.0,
  "qi_2": 0.0016183991618340036,
  "rpve_csf": 21.483311521224707,
  "rpve_gm": 11.054582072979285,
  "rpve_wm": 14.726181427861038,
  "size_x": 224,
  "size_y": 256,
  "size_z": 256,
  "snr_csf": 1.924527317870473,
  "snr_gm": 9.873315232098633,
  "snr_total": 11.01698930521764,
  "snr_wm": 21.253125365683808,
  "snrd_csf": 43.78584821186899,
  "snrd_gm": 96.33044421886765,
  "snrd_total": 87.56380565995858,
  "snrd_wm": 122.5751245491391,
  "spacing_x": 0.8799999952316284,
  "spacing_y": 0.875,
  "spacing_z": 0.875,
  "summary_bg_k": 10.96901827800069,
  "summary_bg_mad": 5.345118599309253,
  "summary_bg_mean": 10.812337671406492,
  "summary_bg_median": 9.39934366941452,
  "summary_bg_n": 2149468.0,
  "summary_bg_p05": 3.1545742452144623,
  "summary_bg_p95": 23.4983591735363,
  "summary_bg_stdv": 7.074087395224137,
  "summary_csf_k": 34.1956006219633,
  "summary_csf_mad": 118.4516461025497,
  "summary_csf_mean": 397.1314678811128,
  "summary_csf_median": 357.23943850398064,
  "summary_csf_n": 32890.0,
  "summary_csf_p05": 228.67444324493408,
  "summary_csf_p95": 620.8427441313863,
  "summary_csf_stdv": 185.6216871145704,
  "summary_gm_k": 0.13205824712059266,
  "summary_gm_mad": 77.12242550431922,
  "summary_gm_mean": 792.0976081155715,
  "summary_gm_median": 785.9396405220032,
  "summary_gm_n": 46860.0,
  "summary_gm_p05": 672.3749676942825,
  "summary_gm_p95": 936.3935182988644,
  "summary_gm_stdv": 79.60155590722592,
  "summary_wm_k": 1.1414685636236062,
  "summary_wm_mad": 42.092808969560366,
  "summary_wm_mean": 1001.4393222637792,
  "summary_wm_median": 1000.0644147992134,
  "summary_wm_n": 367173.0,
  "summary_wm_p05": 926.41476303339,
  "summary_wm_p95": 1079.6369406580925,
  "summary_wm_stdv": 47.0548700836918,
  "tpm_overlap_csf": 0.18009908497333527,
  "tpm_overlap_gm": 0.45794478058815,
  "tpm_overlap_wm": 0.5241572856903076,
  "wm2max": 0.49987229669047933
}