{
  "bids_meta": {
    "AcquisitionMatrixPE": 256,
    "AcquisitionNumber": 1,
    "AcquisitionTime": "07:50:16.852500",
    "BaseResolution": 256,
    "BodyPartExamined": "BRAIN",
    "ConsistencyInfo": "N4_VE11C_LATEST_20160120",
    "ConversionSoftware": "dcm2niix",
    "ConversionSoftwareVersion": "v1.0.20200427",
    "DeviceSerialNumber": "45250",
    "DwellTime": 9.2e-06,
    "EchoTime": 0.00218,
    "FlipAngle": 8,
    "ImageOrientationPatientDICOM": [
      -0.127872,
      0.970461,
      0.204581,
      0.00255461,
      0.206596,
      -0.978423
    ],
    "ImageType": [
      "ORIGINAL",
      "PRIMARY",
      "M",
      "NORM",
      "DIS3D",
      "DIS2D"
    ],
    "ImagingFrequency": 123.24,
    "InPlanePhaseEncodingDirectionDICOM": "ROW",
    "InstitutionAddress": "Kopernikusstr._26_Graz_Graz_AT_8010",
    "InstitutionName": "KFU",
    "InstitutionalDepartmentName": "Department",
    "InversionTime": 1,
    "MRAcquisitionType": "3D",
    "MagneticFieldStrength": 3,
    "Manufacturer": "Siemens",
    "ManufacturersModelName": "Skyra",
    "Modality": "MR",
    "ParallelReductionFactorInPlane": 2,
    "PartialFourier": 1,
    "PatientPosition": "HFS",
    "PercentPhaseFOV": 100,
    "PercentSampling": 100,
    "PhaseEncodingSteps": 294,
    "PhaseOversampling": 0.15,
    "PhaseResolution": 1,
    "PixelBandwidth": 210,
    "ProcedureStepDescription": "KFU_BioPsy",
    "ProtocolName": "T1_Pat4_088mm_Pat2_224Sl",
    "PulseSequenceDetails": "%SiemensSeq%_tfl",
    "ReceiveCoilActiveElements": "HEA;HEP",
    "ReceiveCoilName": "Head_32",
    "ReconMatrixPE": 256,
    "RefLinesPE": 24,
    "RepetitionTime": 2.2,
    "SAR": 0.0625375,
    "ScanOptions": "IR_WE",
    "ScanningSequence": "GR_IR",
    "SequenceName": "_tfl3d1_16ns",
    "SequenceVariant": "SK_SP_MP_OSP",
    "SeriesDescription": "T1_Pat4_088mm_Pat2_224Sl",
    "SeriesNumber": 9,
    "ShimSetting": [
      -1107,
      -3204,
      -4410,
      352,
      965,
      174,
      307,
      -1001
    ],
    "SliceThickness": 0.88,
    "SoftwareVersions": "syngo_MR_E11",
    "StationName": "FBMTMR1",
    "TxRefAmp": 316.006,
    "acq_id": "MPrageHiRes",
    "dataset": "<unset>",
    "modality": "T1w",
    "session_id": "2",
    "subject_id": "season107"
  },
  "cjv": 0.4817533917867635,
  "cnr": 2.6975629972292823,
  "efc": 0.6234222690946128,
  "fber": 4029.25840848661,
  "fwhm_avg": 4.131793405779425,
  "fwhm_x": 4.15846593162399,
  "fwhm_y": 4.0475200000000005,
  "fwhm_z": 4.189394285714285,
  "icvs_csf": 0.1860764989607149,
  "icvs_gm": 0.4318359145020853,
  "icvs_wm": 0.38208758653719976,
  "inu_med": 1.2220025062561035,
  "inu_range": 0.45322200655937195,
  "provenance": {
    "md5sum": "4aaac32f64d54ca28d8f9a40d9a16ea1",
    "settings": {
      "testing": false
    },
    "software": "mriqc",
    "version": "0.16.1",
    "warnings": {
      "large_rot_frame": true,
      "small_air_mask": false
    },
    "webapi_port": null,
    "webapi_url": "https://mriqc.nimh.nih.gov/api/v1"
  },
  "qi_1": 0.0,
  "qi_2": 0.0020158648106597503,
  "rpve_csf": 24.458492381635317,
  "rpve_gm": 11.691797802340018,
  "rpve_wm": 15.438144373592047,
  "size_x": 224,
  "size_y": 256,
  "size_z": 256,
  "snr_csf": 1.7669790028583547,
  "snr_gm": 11.778552838348295,
  "snr_total": 12.349387434797928,
  "snr_wm": 23.50263046318713,
  "snrd_csf": 55.67298035461462,
  "snrd_gm": 112.73109324342786,
  "snrd_total": 103.94584057509046,
  "snrd_wm": 143.4334481272289,
  "spacing_x": 0.8799999952316284,
  "spacing_y": 0.875,
  "spacing_z": 0.875,
  "summary_bg_k": 6.630262828816344,
  "summary_bg_mad": 4.567528733926121,
  "summary_bg_mean": 10.106720378689623,
  "summary_bg_median": 9.123763509094715,
  "summary_bg_n": 2504031.0,
  "summary_bg_p05": 3.0807513147592545,
  "summary_bg_p95": 20.735826157033443,
  "summary_bg_stdv": 5.808353616689738,
  "summary_csf_k": 34.378059881139066,
  "summary_csf_mad": 142.95486566278387,
  "summary_csf_mean": 433.1593559375542,
  "summary_csf_median": 388.1450430508703,
  "summary_csf_n": 29646.0,
  "summary_csf_p05": 244.44576778262854,
  "summary_csf_p95": 640.0853308588266,
  "summary_csf_stdv": 219.6622008733771,
  "summary_gm_k": 0.1169362885141294,
  "summary_gm_mad": 65.08728445844721,
  "summary_gm_mean": 787.6012222850416,
  "summary_gm_median": 785.947056569159,
  "summary_gm_n": 51514.0,
  "summary_gm_p05": 682.2679257839918,
  "summary_gm_p95": 902.3639091365039,
  "summary_gm_stdv": 66.72631509476369,
  "summary_wm_k": 0.9643285379323232,
  "summary_wm_mad": 38.03346041903866,
  "summary_wm_mean": 1000.1658228896076,
  "summary_wm_median": 1000.0000277273357,
  "summary_wm_n": 346089.0,
  "summary_wm_p05": 930.3276518397033,
  "summary_wm_p95": 1069.553913179785,
  "summary_wm_stdv": 42.54836855719158,
  "tpm_overlap_csf": 0.15888208150863647,
  "tpm_overlap_gm": 0.4372151792049408,
  "tpm_overlap_wm": 0.4976962208747864,
  "wm2max": 0.5691027319442761
}