{
  "bids_meta": {
    "AcquisitionMatrixPE": 256,
    "AcquisitionNumber": 1,
    "AcquisitionTime": "14:03:19.132500",
    "BaseResolution": 256,
    "BodyPartExamined": "HEAD",
    "ConsistencyInfo": "N4_VE11C_LATEST_20160120",
    "ConversionSoftware": "dcm2niix",
    "ConversionSoftwareVersion": "v1.0.20200427",
    "DeviceSerialNumber": "45250",
    "DwellTime": 9.2e-06,
    "EchoTime": 0.00218,
    "FlipAngle": 8,
    "ImageOrientationPatientDICOM": [
      -0.0250744,
      0.998882,
      0.0400802,
      -0.0516951,
      0.0387436,
      -0.997911
    ],
    "ImageType": [
      "ORIGINAL",
      "PRIMARY",
      "M",
      "NORM",
      "DIS3D",
      "DIS2D"
    ],
    "ImagingFrequency": 123.24,
    "InPlanePhaseEncodingDirectionDICOM": "ROW",
    "InstitutionAddress": "Kopernikusstr._26_Graz_Graz_AT_8010",
    "InstitutionName": "KFU",
    "InstitutionalDepartmentName": "Department",
    "InversionTime": 1,
    "MRAcquisitionType": "3D",
    "MagneticFieldStrength": 3,
    "Manufacturer": "Siemens",
    "ManufacturersModelName": "Skyra",
    "Modality": "MR",
    "ParallelReductionFactorInPlane": 2,
    "PartialFourier": 1,
    "PatientPosition": "HFS",
    "PercentPhaseFOV": 100,
    "PercentSampling": 100,
    "PhaseEncodingSteps": 294,
    "PhaseOversampling": 0.15,
    "PhaseResolution": 1,
    "PixelBandwidth": 210,
    "ProcedureStepDescription": "KFU_BioPsy",
    "ProtocolName": "T1_Pat4_088mm_Pat2_224Sl",
    "PulseSequenceDetails": "%SiemensSeq%_tfl",
    "ReceiveCoilActiveElements": "HEA;HEP",
    "ReceiveCoilName": "Head_32",
    "ReconMatrixPE": 256,
    "RefLinesPE": 24,
    "RepetitionTime": 2.2,
    "SAR": 0.0568965,
    "ScanOptions": "IR_WE",
    "ScanningSequence": "GR_IR",
    "SequenceName": "_tfl3d1_16ns",
    "SequenceVariant": "SK_SP_MP_OSP",
    "SeriesDescription": "T1_Pat4_088mm_Pat2_224Sl",
    "SeriesNumber": 9,
    "ShimSetting": [
      -1129,
      -3173,
      -4380,
      275,
      909,
      78,
      281,
      -790
    ],
    "SliceThickness": 0.88,
    "SoftwareVersions": "syngo_MR_E11",
    "StationName": "FBMTMR1",
    "TxRefAmp": 328.301,
    "acq_id": "MPrageHiRes",
    "dataset": "<unset>",
    "modality": "T1w",
    "session_id": "2",
    "subject_id": "season117"
  },
  "cjv": 0.5328873396960508,
  "cnr": 2.339135801523648,
  "efc": 0.6433287967291929,
  "fber": 5333.142648760122,
  "fwhm_avg": 4.213935916697992,
  "fwhm_x": 4.211647750093979,
  "fwhm_y": 4.185782857142857,
  "fwhm_z": 4.244377142857143,
  "icvs_csf": 0.18284752061085394,
  "icvs_gm": 0.41817155815462714,
  "icvs_wm": 0.39898092123451895,
  "inu_med": 1.169109582901001,
  "inu_range": 0.46362075209617615,
  "provenance": {
    "md5sum": "e918c4cef000b332257d34e8c7be6695",
    "settings": {
      "testing": false
    },
    "software": "mriqc",
    "version": "0.16.1",
    "warnings": {
      "large_rot_frame": true,
      "small_air_mask": false
    },
    "webapi_port": null,
    "webapi_url": "https://mriqc.nimh.nih.gov/api/v1"
  },
  "qi_1": 0.0001915900410684036,
  "qi_2": 0.0015803955911434934,
  "rpve_csf": 21.615445332033165,
  "rpve_gm": 10.478505580027129,
  "rpve_wm": 13.216246169597863,
  "size_x": 224,
  "size_y": 256,
  "size_z": 256,
  "snr_csf": 2.183128328778321,
  "snr_gm": 9.662965732275095,
  "snr_total": 11.660710645291163,
  "snr_wm": 23.136037874820076,
  "snrd_csf": 62.51478369394405,
  "snrd_gm": 126.98315437832385,
  "snrd_total": 117.12994380354671,
  "snrd_wm": 161.89189333837223,
  "spacing_x": 0.8799999952316284,
  "spacing_y": 0.875,
  "spacing_z": 0.875,
  "summary_bg_k": 64.52622448831447,
  "summary_bg_mad": 4.046752210928457,
  "summary_bg_mean": 8.63144917039654,
  "summary_bg_median": 7.398362301290035,
  "summary_bg_n": 2930313.0,
  "summary_bg_p05": 2.8013216480612755,
  "summary_bg_p95": 19.25010773539543,
  "summary_bg_stdv": 6.3818070340008655,
  "summary_csf_k": 29.651279819397672,
  "summary_csf_mad": 139.2402240997094,
  "summary_csf_mean": 418.71264713733194,
  "summary_csf_median": 386.1514148712158,
  "summary_csf_n": 30774.0,
  "summary_csf_p05": 234.30541579425335,
  "summary_csf_p95": 646.2684956457465,
  "summary_csf_stdv": 176.87697774885737,
  "summary_gm_k": 0.43424710975976044,
  "summary_gm_mad": 75.71686373605613,
  "summary_gm_mean": 792.3478535506531,
  "summary_gm_median": 784.3700614571571,
  "summary_gm_n": 51645.0,
  "summary_gm_p05": 674.4720583409071,
  "summary_gm_p95": 943.9592008844015,
  "summary_gm_stdv": 81.17202205716461,
  "summary_wm_k": 1.0815773967686102,
  "summary_wm_mad": 39.18960035846506,
  "summary_wm_mean": 1001.0542113934516,
  "summary_wm_median": 999.9999995976686,
  "summary_wm_n": 424861.0,
  "summary_wm_p05": 932.5527937635779,
  "summary_wm_p95": 1072.4033898860216,
  "summary_wm_stdv": 43.222561622352295,
  "tpm_overlap_csf": 0.16676893830299377,
  "tpm_overlap_gm": 0.4441450536251068,
  "tpm_overlap_wm": 0.5045867562294006,
  "wm2max": 0.4742320358557405
}