{
  "bids_meta": {
    "AcquisitionMatrixPE": 256,
    "AcquisitionNumber": 1,
    "AcquisitionTime": "09:16:29.142500",
    "BaseResolution": 256,
    "BodyPartExamined": "BRAIN",
    "ConsistencyInfo": "N4_VE11C_LATEST_20160120",
    "ConversionSoftware": "dcm2niix",
    "ConversionSoftwareVersion": "v1.0.20180622 GCC7.3.0",
    "DeviceSerialNumber": "45250",
    "DwellTime": 9.2e-06,
    "EchoTime": 0.00218,
    "FlipAngle": 8,
    "ImageOrientationPatientDICOM": [
      -0.0276272,
      0.996226,
      0.0822854,
      0.00254522,
      0.0823867,
      -0.996597
    ],
    "ImageType": [
      "ORIGINAL",
      "PRIMARY",
      "M",
      "NORM",
      "DIS3D",
      "DIS2D"
    ],
    "InPlanePhaseEncodingDirectionDICOM": "ROW",
    "InstitutionAddress": "Kopernikusstr._26_Graz_Graz_AT_8010",
    "InstitutionName": "KFU",
    "InstitutionalDepartmentName": "Department",
    "InversionTime": 1,
    "MRAcquisitionType": "3D",
    "MagneticFieldStrength": 3,
    "Manufacturer": "Siemens",
    "ManufacturersModelName": "Skyra",
    "Modality": "MR",
    "ParallelReductionFactorInPlane": 2,
    "PartialFourier": 1,
    "PatientPosition": "HFS",
    "PercentPhaseFOV": 100,
    "PhaseEncodingSteps": 294,
    "PhaseOversampling": 0.15,
    "PhaseResolution": 1,
    "PixelBandwidth": 210,
    "ProcedureStepDescription": "KFU_BioPsy",
    "ProtocolName": "T1_Pat4_088mm_Pat2_224Sl",
    "PulseSequenceDetails": "%SiemensSeq%_tfl",
    "ReceiveCoilActiveElements": "HEA;HEP",
    "ReceiveCoilName": "Head_32",
    "ReconMatrixPE": 256,
    "RepetitionTime": 2.2,
    "SAR": 0.0639279,
    "ScanOptions": "IR_WE",
    "ScanningSequence": "GR_IR",
    "SequenceName": "_tfl3d1_16ns",
    "SequenceVariant": "SK_SP_MP_OSP",
    "SeriesDescription": "T1_Pat4_088mm_Pat2_224Sl",
    "SeriesNumber": 9,
    "ShimSetting": [
      -1126,
      -3115,
      -4486,
      326,
      815,
      220,
      250,
      -972
    ],
    "SliceThickness": 0.88,
    "SoftwareVersions": "syngo_MR_E11",
    "StationName": "FBMTMR1",
    "TxRefAmp": 324.066,
    "acq_id": "MPrageHiRes",
    "dataset": "<unset>",
    "modality": "T1w",
    "session_id": "3",
    "subject_id": "season119"
  },
  "cjv": 0.4343787891014606,
  "cnr": 2.9980072812951835,
  "efc": 0.5666229242559937,
  "fber": 2161.8272933884296,
  "fwhm_avg": 4.062686928068197,
  "fwhm_x": 4.00703221277602,
  "fwhm_y": 4.035085714285715,
  "fwhm_z": 4.145942857142857,
  "icvs_csf": 0.1705583740983619,
  "icvs_gm": 0.46338592566017606,
  "icvs_wm": 0.36605570024146206,
  "inu_med": 1.4052183628082275,
  "inu_range": 0.4740094661712646,
  "provenance": {
    "md5sum": "e01010afa6de63012d7e1097829f0381",
    "settings": {
      "testing": false
    },
    "software": "mriqc",
    "version": "0.16.1",
    "warnings": {
      "large_rot_frame": true,
      "small_air_mask": false
    },
    "webapi_port": null,
    "webapi_url": "https://mriqc.nimh.nih.gov/api/v1"
  },
  "qi_1": 0.0002566038864423127,
  "qi_2": 0.0027647625780735075,
  "rpve_csf": 26.835605240483396,
  "rpve_gm": 11.556528148678176,
  "rpve_wm": 16.382096330017422,
  "size_x": 224,
  "size_y": 256,
  "size_z": 256,
  "snr_csf": 0.9718219098609424,
  "snr_gm": 12.48922626504247,
  "snr_total": 12.267189482671329,
  "snr_wm": 23.340520273110577,
  "snrd_csf": 36.689660433652676,
  "snrd_gm": 75.80967611135937,
  "snrd_total": 70.18125010079537,
  "snrd_wm": 98.04441375737406,
  "spacing_x": 0.8800004124641418,
  "spacing_y": 0.875,
  "spacing_z": 0.875,
  "summary_bg_k": 5.255497664780021,
  "summary_bg_mad": 6.682036479214346,
  "summary_bg_mean": 12.74695310231507,
  "summary_bg_median": 11.540562190115452,
  "summary_bg_n": 3082341.0,
  "summary_bg_p05": 3.4826548621058464,
  "summary_bg_p95": 26.49549189209938,
  "summary_bg_stdv": 7.319767954880025,
  "summary_csf_k": 13.184557168370123,
  "summary_csf_mad": 146.49858765792663,
  "summary_csf_mean": 490.57725455385145,
  "summary_csf_median": 374.21467930078506,
  "summary_csf_n": 28843.0,
  "summary_csf_p05": 239.75688668340445,
  "summary_csf_p95": 1344.77595948949,
  "summary_csf_stdv": 385.0584025226096,
  "summary_gm_k": 0.23677833934303028,
  "summary_gm_mad": 60.54330022076029,
  "summary_gm_mean": 774.130168365304,
  "summary_gm_median": 773.2176667377353,
  "summary_gm_n": 70595.0,
  "summary_gm_p05": 676.1813420504332,
  "summary_gm_p95": 879.063059605658,
  "summary_gm_stdv": 61.910335666583755,
  "summary_wm_k": 0.936116656118958,
  "summary_wm_mad": 37.96611635917242,
  "summary_wm_mean": 999.1245854836446,
  "summary_wm_median": 999.9999568760395,
  "summary_wm_n": 323593.0,
  "summary_wm_p05": 926.1130439192057,
  "summary_wm_p95": 1067.6727209612727,
  "summary_wm_stdv": 42.843878372158926,
  "tpm_overlap_csf": 0.16964519023895264,
  "tpm_overlap_gm": 0.46499544382095337,
  "tpm_overlap_wm": 0.5198424458503723,
  "wm2max": 0.44606902433823753
}