{
  "bids_meta": {
    "AcquisitionMatrixPE": 256,
    "AcquisitionNumber": 1,
    "AcquisitionTime": "08:42:32.162500",
    "BaseResolution": 256,
    "BodyPartExamined": "BRAIN",
    "ConsistencyInfo": "N4_VE11C_LATEST_20160120",
    "ConversionSoftware": "dcm2niix",
    "ConversionSoftwareVersion": "v1.0.20200427",
    "DeviceSerialNumber": "45250",
    "DwellTime": 9.2e-06,
    "EchoTime": 0.00218,
    "FlipAngle": 8,
    "ImageOrientationPatientDICOM": [
      -0.0410929,
      0.99331,
      0.107921,
      -0.042762,
      0.106165,
      -0.993429
    ],
    "ImageType": [
      "ORIGINAL",
      "PRIMARY",
      "M",
      "NORM",
      "DIS3D",
      "DIS2D"
    ],
    "ImagingFrequency": 123.24,
    "InPlanePhaseEncodingDirectionDICOM": "ROW",
    "InstitutionAddress": "Kopernikusstr._26_Graz_Graz_AT_8010",
    "InstitutionName": "KFU",
    "InstitutionalDepartmentName": "Department",
    "InversionTime": 1,
    "MRAcquisitionType": "3D",
    "MagneticFieldStrength": 3,
    "Manufacturer": "Siemens",
    "ManufacturersModelName": "Skyra",
    "Modality": "MR",
    "ParallelReductionFactorInPlane": 2,
    "PartialFourier": 1,
    "PatientPosition": "HFS",
    "PercentPhaseFOV": 100,
    "PercentSampling": 100,
    "PhaseEncodingSteps": 294,
    "PhaseOversampling": 0.15,
    "PhaseResolution": 1,
    "PixelBandwidth": 210,
    "ProcedureStepDescription": "KFU_BioPsy",
    "ProtocolName": "T1_Pat4_088mm_Pat2_224Sl",
    "PulseSequenceDetails": "%SiemensSeq%_tfl",
    "ReceiveCoilActiveElements": "HEA;HEP",
    "ReceiveCoilName": "Head_32",
    "ReconMatrixPE": 256,
    "RefLinesPE": 24,
    "RepetitionTime": 2.2,
    "SAR": 0.0543981,
    "ScanOptions": "IR_WE",
    "ScanningSequence": "GR_IR",
    "SequenceName": "_tfl3d1_16ns",
    "SequenceVariant": "SK_SP_MP_OSP",
    "SeriesDescription": "T1_Pat4_088mm_Pat2_224Sl",
    "SeriesNumber": 9,
    "ShimSetting": [
      -1109,
      -3128,
      -4455,
      188,
      904,
      -75,
      208,
      -787
    ],
    "SliceThickness": 0.88,
    "SoftwareVersions": "syngo_MR_E11",
    "StationName": "FBMTMR1",
    "TxRefAmp": 325.063,
    "acq_id": "MPrageHiRes",
    "dataset": "<unset>",
    "modality": "T1w",
    "session_id": "3",
    "subject_id": "season117"
  },
  "cjv": 0.5692913112282995,
  "cnr": 2.198151039178649,
  "efc": 0.6503652667337562,
  "fber": 5181.639613007256,
  "fwhm_avg": 4.154440678503414,
  "fwhm_x": 4.1566477497959555,
  "fwhm_y": 4.119028571428571,
  "fwhm_z": 4.187645714285714,
  "icvs_csf": 0.1873788300323261,
  "icvs_gm": 0.4188061797957263,
  "icvs_wm": 0.3938149901719476,
  "inu_med": 1.2312679290771484,
  "inu_range": 0.4595212221145628,
  "provenance": {
    "md5sum": "9ba26106093062a410fba2342a657cfd",
    "settings": {
      "testing": false
    },
    "software": "mriqc",
    "version": "0.16.1",
    "warnings": {
      "large_rot_frame": true,
      "small_air_mask": false
    },
    "webapi_port": null,
    "webapi_url": "https://mriqc.nimh.nih.gov/api/v1"
  },
  "qi_1": 0.0,
  "qi_2": 0.0016256938561968314,
  "rpve_csf": 21.221332130980574,
  "rpve_gm": 10.493871079189017,
  "rpve_wm": 13.371152325979597,
  "size_x": 224,
  "size_y": 256,
  "size_z": 256,
  "snr_csf": 2.002841663315458,
  "snr_gm": 9.293492732628534,
  "snr_total": 11.343128877374335,
  "snr_wm": 22.733052236179017,
  "snrd_csf": 63.63111911705019,
  "snrd_gm": 124.05208986361195,
  "snrd_total": 114.94583902047201,
  "snrd_wm": 157.15430808075385,
  "spacing_x": 0.8799999952316284,
  "spacing_y": 0.875,
  "spacing_z": 0.875,
  "summary_bg_k": 8.832461646093947,
  "summary_bg_mad": 4.168745950099573,
  "summary_bg_mean": 8.821705499220954,
  "summary_bg_median": 7.525636874139309,
  "summary_bg_n": 2626463.0,
  "summary_bg_p05": 2.811776414513588,
  "summary_bg_p95": 19.434336982667446,
  "summary_bg_stdv": 5.74147100104372,
  "summary_csf_k": 30.5032090845162,
  "summary_csf_mad": 158.28973592878083,
  "summary_csf_mean": 441.5268732256254,
  "summary_csf_median": 404.89580368995667,
  "summary_csf_n": 37575.0,
  "summary_csf_p05": 242.22626817971468,
  "summary_csf_p95": 665.6715262748297,
  "summary_csf_stdv": 202.15797545813825,
  "summary_gm_k": 0.32351709038254395,
  "summary_gm_mad": 79.45139340189773,
  "summary_gm_mean": 797.4819106445067,
  "summary_gm_median": 789.3648787215352,
  "summary_gm_n": 52531.0,
  "summary_gm_p05": 673.2550526633859,
  "summary_gm_p95": 956.6242257319391,
  "summary_gm_stdv": 84.93656670006445,
  "summary_wm_k": 0.958368712330123,
  "summary_wm_mad": 40.46135775096644,
  "summary_wm_mean": 1000.2614934132197,
  "summary_wm_median": 1000.0000118911266,
  "summary_wm_n": 425243.0,
  "summary_wm_p05": 929.0440070778131,
  "summary_wm_p95": 1071.7003104612231,
  "summary_wm_stdv": 43.98876251648439,
  "tpm_overlap_csf": 0.1624009758234024,
  "tpm_overlap_gm": 0.4439574182033539,
  "tpm_overlap_wm": 0.5020450353622437,
  "wm2max": 0.47893081665716986
}