{
	"Modality": "MR",
	"MagneticFieldStrength": 3,
	"Manufacturer": "Siemens",
	"ManufacturersModelName": "Skyra",
	"InstitutionName": "KFU",
	"InstitutionalDepartmentName": "Department",
	"InstitutionAddress": "Kopernikusstr._26_Graz_Graz_AT_8010",
	"DeviceSerialNumber": "45250",
	"StationName": "FBMTMR1",
	"BodyPartExamined": "HEAD",
	"PatientPosition": "HFS",
	"ProcedureStepDescription": "KFU_BioPsy",
	"SoftwareVersions": "syngo_MR_E11",
	"MRAcquisitionType": "3D",
	"SeriesDescription": "T1_Pat4_088mm_Pat2_224Sl",
	"ProtocolName": "T1_Pat4_088mm_Pat2_224Sl",
	"ScanningSequence": "GR_IR",
	"SequenceVariant": "SK_SP_MP_OSP",
	"ScanOptions": "IR_WE",
	"SequenceName": "_tfl3d1_16ns",
	"ImageType": ["ORIGINAL", "PRIMARY", "M", "NORM", "DIS3D", "DIS2D"],
	"SeriesNumber": 9,
	"AcquisitionTime": "09:30:15.135000",
	"AcquisitionNumber": 1,
	"SliceThickness": 0.88,
	"SAR": 0.0608534,
	"EchoTime": 0.00218,
	"RepetitionTime": 2.2,
	"InversionTime": 1,
	"FlipAngle": 8,
	"PartialFourier": 1,
	"BaseResolution": 256,
	"ShimSetting": [
		-1120,
		-3258,
		-4295,
		279,
		978,
		248,
		214,
		-636	],
	"TxRefAmp": 318.848,
	"PhaseResolution": 1,
	"PhaseOversampling": 0.15,
	"ReceiveCoilName": "Head_32",
	"ReceiveCoilActiveElements": "HEA;HEP",
	"PulseSequenceDetails": "%SiemensSeq%_tfl",
	"ConsistencyInfo": "N4_VE11C_LATEST_20160120",
	"PercentPhaseFOV": 100,
	"PhaseEncodingSteps": 294,
	"AcquisitionMatrixPE": 256,
	"ReconMatrixPE": 256,
	"ParallelReductionFactorInPlane": 2,
	"PixelBandwidth": 210,
	"DwellTime": 9.2e-06,
	"ImageOrientationPatientDICOM": [
		0.0628097,
		0.986463,
		0.151481,
		-0.0697128,
		0.155747,
		-0.985334	],
	"InPlanePhaseEncodingDirectionDICOM": "ROW",
	"ConversionSoftware": "dcm2niix",
	"ConversionSoftwareVersion": "v1.0.20180622 GCC7.3.0"
}
