{
  "bids_meta": {
    "AcquisitionMatrixPE": 256,
    "AcquisitionNumber": 1,
    "AcquisitionTime": "11:19:35.187500",
    "BaseResolution": 256,
    "BodyPartExamined": "HEAD",
    "ConsistencyInfo": "N4_VE11C_LATEST_20160120",
    "ConversionSoftware": "dcm2niix",
    "ConversionSoftwareVersion": "v1.0.20200427",
    "DeviceSerialNumber": "45250",
    "DwellTime": 9.2e-06,
    "EchoTime": 0.00218,
    "FlipAngle": 8,
    "ImageOrientationPatientDICOM": [
      0.033528,
      0.993586,
      0.107995,
      -0.00505085,
      0.108223,
      -0.994114
    ],
    "ImageType": [
      "ORIGINAL",
      "PRIMARY",
      "M",
      "NORM",
      "DIS3D",
      "DIS2D"
    ],
    "ImagingFrequency": 123.239,
    "InPlanePhaseEncodingDirectionDICOM": "ROW",
    "InstitutionAddress": "Kopernikusstr._26_Graz_Graz_AT_8010",
    "InstitutionName": "KFU",
    "InstitutionalDepartmentName": "Department",
    "InversionTime": 1,
    "MRAcquisitionType": "3D",
    "MagneticFieldStrength": 3,
    "Manufacturer": "Siemens",
    "ManufacturersModelName": "Skyra",
    "Modality": "MR",
    "ParallelReductionFactorInPlane": 2,
    "PartialFourier": 1,
    "PatientPosition": "HFS",
    "PercentPhaseFOV": 100,
    "PercentSampling": 100,
    "PhaseEncodingSteps": 294,
    "PhaseOversampling": 0.15,
    "PhaseResolution": 1,
    "PixelBandwidth": 210,
    "ProcedureStepDescription": "BioPsy_2018",
    "ProtocolName": "anat-T1w",
    "PulseSequenceDetails": "%SiemensSeq%_tfl",
    "ReceiveCoilActiveElements": "HEA;HEP",
    "ReceiveCoilName": "Head_32",
    "ReconMatrixPE": 256,
    "RefLinesPE": 24,
    "RepetitionTime": 2.2,
    "SAR": 0.0483729,
    "ScanOptions": "IR_WE",
    "ScanningSequence": "GR_IR",
    "SequenceName": "_tfl3d1_16ns",
    "SequenceVariant": "SK_SP_MP_OSP",
    "SeriesDescription": "anat-T1w",
    "SeriesNumber": 9,
    "ShimSetting": [
      -1109,
      -3155,
      -4400,
      496,
      946,
      28,
      269,
      -818
    ],
    "SliceThickness": 0.88,
    "SoftwareVersions": "syngo_MR_E11",
    "StationName": "FBMTMR1",
    "TxRefAmp": 321.627,
    "acq_id": "MPrageHiRes",
    "dataset": "<unset>",
    "modality": "T1w",
    "session_id": "3",
    "subject_id": "season216"
  },
  "cjv": 0.4395371874943026,
  "cnr": 2.878351590131032,
  "efc": 0.5839868939832199,
  "fber": 2598.200753556325,
  "fwhm_avg": 4.290651068268316,
  "fwhm_x": 4.2421932048049475,
  "fwhm_y": 4.374822857142857,
  "fwhm_z": 4.254937142857143,
  "icvs_csf": 0.19210041779844578,
  "icvs_gm": 0.4211755116406487,
  "icvs_wm": 0.3867240705609055,
  "inu_med": 1.390020728111267,
  "inu_range": 0.47613561153411865,
  "provenance": {
    "md5sum": "34e36f73d4842968be790c91f4a40441",
    "settings": {
      "testing": false
    },
    "software": "mriqc",
    "version": "0.16.1",
    "warnings": {
      "large_rot_frame": true,
      "small_air_mask": false
    },
    "webapi_port": null,
    "webapi_url": "https://mriqc.nimh.nih.gov/api/v1"
  },
  "qi_1": 0.0,
  "qi_2": 0.0018158636398508002,
  "rpve_csf": 24.855641925092815,
  "rpve_gm": 12.474885695173336,
  "rpve_wm": 16.047579691085275,
  "size_x": 224,
  "size_y": 256,
  "size_z": 256,
  "snr_csf": 2.889791551061057,
  "snr_gm": 11.968108442713664,
  "snr_total": 13.076599494248477,
  "snr_wm": 24.37189848897071,
  "snrd_csf": 49.35605873132777,
  "snrd_gm": 110.56805691207768,
  "snrd_total": 100.68186608880717,
  "snrd_wm": 142.12148262301605,
  "spacing_x": 0.8799999952316284,
  "spacing_y": 0.875,
  "spacing_z": 0.875,
  "summary_bg_k": 5.964488263733701,
  "summary_bg_mad": 4.609692950345241,
  "summary_bg_mean": 10.59226508053676,
  "summary_bg_median": 9.274873793125153,
  "summary_bg_n": 2576766.0,
  "summary_bg_p05": 3.109190646559,
  "summary_bg_p95": 22.660203017294407,
  "summary_bg_stdv": 6.366497269986133,
  "summary_csf_k": 10.949824467994162,
  "summary_csf_mad": 96.17850884533883,
  "summary_csf_mean": 379.8249103391668,
  "summary_csf_median": 347.28078577667475,
  "summary_csf_n": 33636.0,
  "summary_csf_p05": 240.83052974194288,
  "summary_csf_p95": 594.8566782772541,
  "summary_csf_stdv": 120.17324338602712,
  "summary_gm_k": 0.48417237807645996,
  "summary_gm_mad": 59.926008354488125,
  "summary_gm_mean": 780.5650921587979,
  "summary_gm_median": 777.982737544924,
  "summary_gm_n": 47106.0,
  "summary_gm_p05": 679.5952979326248,
  "summary_gm_p95": 896.3954728469253,
  "summary_gm_stdv": 65.00396311052687,
  "summary_wm_k": 0.7498406709714831,
  "summary_wm_mad": 37.65884749265095,
  "summary_wm_mean": 999.6290246925709,
  "summary_wm_median": 1000.0000289678574,
  "summary_wm_n": 365807.0,
  "summary_wm_p05": 931.4924384504557,
  "summary_wm_p95": 1065.7146177180111,
  "summary_wm_stdv": 41.030806959024545,
  "tpm_overlap_csf": 0.16784079372882843,
  "tpm_overlap_gm": 0.43677347898483276,
  "tpm_overlap_wm": 0.5031718015670776,
  "wm2max": 0.5510992361978335
}