{
    "Modality": "MR",
    "MagneticFieldStrength": 3,
    "ImagingFrequency": 123.239,
    "Manufacturer": "Siemens",
    "ManufacturersModelName": "Skyra",
    "InstitutionName": "deleted_by_bidsonym",
    "InstitutionalDepartmentName": "deleted_by_bidsonym",
    "InstitutionAddress": "deleted_by_bidsonym",
    "DeviceSerialNumber": "45250",
    "StationName": "deleted_by_bidsonym",
    "BodyPartExamined": "HEAD",
    "PatientPosition": "HFS",
    "ProcedureStepDescription": "deleted_by_bidsonym",
    "SoftwareVersions": "syngo_MR_E11",
    "MRAcquisitionType": "3D",
    "SeriesDescription": "anat-T1w",
    "ProtocolName": "anat-T1w",
    "ScanningSequence": "GR_IR",
    "SequenceVariant": "SK_SP_MP_OSP",
    "ScanOptions": "IR_WE",
    "SequenceName": "_tfl3d1_16ns",
    "ImageType": [
        "ORIGINAL",
        "PRIMARY",
        "M",
        "NORM",
        "DIS3D",
        "DIS2D"
    ],
    "SeriesNumber": 9,
    "AcquisitionTime": "11:37:10.832500",
    "AcquisitionNumber": 1,
    "SliceThickness": 0.88,
    "SAR": 0.059111,
    "EchoTime": 0.00218,
    "RepetitionTime": 2.2,
    "InversionTime": 1,
    "FlipAngle": 8,
    "PartialFourier": 1,
    "BaseResolution": 256,
    "ShimSetting": [
        -1122,
        -3067,
        -4317,
        324,
        908,
        585,
        -2,
        -850
    ],
    "TxRefAmp": 329.878,
    "PhaseResolution": 1,
    "PhaseOversampling": 0.15,
    "ReceiveCoilName": "Head_32",
    "ReceiveCoilActiveElements": "HEA;HEP",
    "PulseSequenceDetails": "%SiemensSeq%_tfl",
    "RefLinesPE": 24,
    "ConsistencyInfo": "N4_VE11C_LATEST_20160120",
    "PercentPhaseFOV": 100,
    "PercentSampling": 100,
    "PhaseEncodingSteps": 294,
    "AcquisitionMatrixPE": 256,
    "ReconMatrixPE": 256,
    "ParallelReductionFactorInPlane": 2,
    "PixelBandwidth": 210,
    "DwellTime": 9.2e-06,
    "ImageOrientationPatientDICOM": [
        0.00982899,
        0.994257,
        0.106564,
        -0.0289021,
        0.106807,
        -0.99386
    ],
    "InPlanePhaseEncodingDirectionDICOM": "ROW",
    "ConversionSoftware": "dcm2niix",
    "ConversionSoftwareVersion": "v1.0.20200427"
}