{
  "bids_meta": {
    "AcquisitionMatrixPE": 256,
    "AcquisitionNumber": 1,
    "AcquisitionTime": "12:46:45.175000",
    "BaseResolution": 256,
    "BodyPartExamined": "HEAD",
    "ConsistencyInfo": "N4_VE11C_LATEST_20160120",
    "ConversionSoftware": "dcm2niix",
    "ConversionSoftwareVersion": "v1.0.20200427",
    "DeviceSerialNumber": "45250",
    "DwellTime": 9.2e-06,
    "EchoTime": 0.00218,
    "FlipAngle": 8,
    "ImageOrientationPatientDICOM": [
      0.104922,
      0.984941,
      0.13741,
      -0.00777699,
      0.138982,
      -0.990264
    ],
    "ImageType": [
      "ORIGINAL",
      "PRIMARY",
      "M",
      "NORM",
      "DIS3D",
      "DIS2D"
    ],
    "ImagingFrequency": 123.239,
    "InPlanePhaseEncodingDirectionDICOM": "ROW",
    "InstitutionAddress": "Kopernikusstr._26_Graz_Graz_AT_8010",
    "InstitutionName": "KFU",
    "InstitutionalDepartmentName": "Department",
    "InversionTime": 1,
    "MRAcquisitionType": "3D",
    "MagneticFieldStrength": 3,
    "Manufacturer": "Siemens",
    "ManufacturersModelName": "Skyra",
    "Modality": "MR",
    "ParallelReductionFactorInPlane": 2,
    "PartialFourier": 1,
    "PatientPosition": "HFS",
    "PercentPhaseFOV": 100,
    "PercentSampling": 100,
    "PhaseEncodingSteps": 294,
    "PhaseOversampling": 0.15,
    "PhaseResolution": 1,
    "PixelBandwidth": 210,
    "ProcedureStepDescription": "BioPsy_2018",
    "ProtocolName": "anat-T1w",
    "PulseSequenceDetails": "%SiemensSeq%_tfl",
    "ReceiveCoilActiveElements": "HEA;HEP",
    "ReceiveCoilName": "Head_32",
    "ReconMatrixPE": 256,
    "RefLinesPE": 24,
    "RepetitionTime": 2.2,
    "SAR": 0.0587995,
    "ScanOptions": "IR_WE",
    "ScanningSequence": "GR_IR",
    "SequenceName": "_tfl3d1_16ns",
    "SequenceVariant": "SK_SP_MP_OSP",
    "SeriesDescription": "anat-T1w",
    "SeriesNumber": 9,
    "ShimSetting": [
      -1126,
      -3113,
      -4283,
      395,
      876,
      578,
      139,
      -828
    ],
    "SliceThickness": 0.88,
    "SoftwareVersions": "syngo_MR_E11",
    "StationName": "FBMTMR1",
    "TxRefAmp": 330.216,
    "acq_id": "MPrageHiRes",
    "dataset": "<unset>",
    "modality": "T1w",
    "session_id": "2",
    "subject_id": "season207"
  },
  "cjv": 0.45412330649254273,
  "cnr": 2.754175489096711,
  "efc": 0.642130349409486,
  "fber": 3248.9999999999995,
  "fwhm_avg": 4.2866918691062645,
  "fwhm_x": 4.226772750175935,
  "fwhm_y": 4.288297142857143,
  "fwhm_z": 4.345005714285715,
  "icvs_csf": 0.19793192209051136,
  "icvs_gm": 0.41949507729649016,
  "icvs_wm": 0.3825730006129985,
  "inu_med": 1.36588716506958,
  "inu_range": 0.5160458445549012,
  "provenance": {
    "md5sum": "fcf833b21eb4243d966d8175b8ea85ba",
    "settings": {
      "testing": false
    },
    "software": "mriqc",
    "version": "0.16.1",
    "warnings": {
      "large_rot_frame": true,
      "small_air_mask": false
    },
    "webapi_port": null,
    "webapi_url": "https://mriqc.nimh.nih.gov/api/v1"
  },
  "qi_1": 0.0,
  "qi_2": 0.0015765917773282547,
  "rpve_csf": 21.404274127832576,
  "rpve_gm": 10.844808714433281,
  "rpve_wm": 14.079255600447436,
  "size_x": 224,
  "size_y": 256,
  "size_z": 256,
  "snr_csf": 3.032665331080629,
  "snr_gm": 11.779391165426109,
  "snr_total": 13.001802517166675,
  "snr_wm": 24.193351054993286,
  "snrd_csf": 50.58795868501117,
  "snrd_gm": 103.75102731513283,
  "snrd_total": 95.58127515199624,
  "snrd_wm": 132.40483945584472,
  "spacing_x": 0.8799999952316284,
  "spacing_y": 0.875,
  "spacing_z": 0.875,
  "summary_bg_k": 6.282036827977835,
  "summary_bg_mad": 4.947979176743069,
  "summary_bg_mean": 10.748200138333834,
  "summary_bg_median": 9.666839450597763,
  "summary_bg_n": 2609015.0,
  "summary_bg_p05": 3.3373612388968468,
  "summary_bg_p95": 22.555958718061447,
  "summary_bg_stdv": 6.3686206341784555,
  "summary_csf_k": 6.633879593052551,
  "summary_csf_mad": 130.7802082404677,
  "summary_csf_mean": 412.0222800937491,
  "summary_csf_median": 382.0703211426735,
  "summary_csf_n": 38534.0,
  "summary_csf_p05": 250.12947078421712,
  "summary_csf_p95": 627.4440521614625,
  "summary_csf_stdv": 125.9833584737367,
  "summary_gm_k": 0.6409238787262228,
  "summary_gm_mad": 60.143539993170066,
  "summary_gm_mean": 787.3655630965574,
  "summary_gm_median": 783.5894026085734,
  "summary_gm_n": 40638.0,
  "summary_gm_p05": 686.221888463758,
  "summary_gm_p95": 908.0499605350196,
  "summary_gm_stdv": 66.52124464268124,
  "summary_wm_k": 0.8608649053806166,
  "summary_wm_mad": 38.133563655244,
  "summary_wm_mean": 999.6303484263055,
  "summary_wm_median": 1000.0000167377293,
  "summary_wm_n": 396428.0,
  "summary_wm_p05": 931.5265706293285,
  "summary_wm_p95": 1065.8841308504343,
  "summary_wm_stdv": 41.33361902618459,
  "tpm_overlap_csf": 0.16723884642124176,
  "tpm_overlap_gm": 0.4484500288963318,
  "tpm_overlap_wm": 0.5195526480674744,
  "wm2max": 0.5109371463079736
}