{
    "Modality": "MR",
    "MagneticFieldStrength": 3,
    "ImagingFrequency": 123.239,
    "Manufacturer": "Siemens",
    "ManufacturersModelName": "Skyra",
    "InstitutionName": "deleted_by_bidsonym",
    "InstitutionalDepartmentName": "deleted_by_bidsonym",
    "InstitutionAddress": "deleted_by_bidsonym",
    "DeviceSerialNumber": "45250",
    "StationName": "deleted_by_bidsonym",
    "BodyPartExamined": "HEAD",
    "PatientPosition": "HFS",
    "ProcedureStepDescription": "deleted_by_bidsonym",
    "SoftwareVersions": "syngo_MR_E11",
    "MRAcquisitionType": "3D",
    "SeriesDescription": "anat-T1w",
    "ProtocolName": "anat-T1w",
    "ScanningSequence": "GR_IR",
    "SequenceVariant": "SK_SP_MP_OSP",
    "ScanOptions": "IR_WE",
    "SequenceName": "_tfl3d1_16ns",
    "ImageType": [
        "ORIGINAL",
        "PRIMARY",
        "M",
        "NORM",
        "DIS3D",
        "DIS2D"
    ],
    "SeriesNumber": 9,
    "AcquisitionTime": "10:25:54.185000",
    "AcquisitionNumber": 1,
    "SliceThickness": 0.88,
    "SAR": 0.0577306,
    "EchoTime": 0.00218,
    "RepetitionTime": 2.2,
    "InversionTime": 1,
    "FlipAngle": 8,
    "PartialFourier": 1,
    "BaseResolution": 256,
    "ShimSetting": [
        -1091,
        -3321,
        -4358,
        280,
        729,
        -81,
        529,
        -1076
    ],
    "TxRefAmp": 318.585,
    "PhaseResolution": 1,
    "PhaseOversampling": 0.15,
    "ReceiveCoilName": "Head_32",
    "ReceiveCoilActiveElements": "HEA;HEP",
    "PulseSequenceDetails": "%SiemensSeq%_tfl",
    "RefLinesPE": 24,
    "ConsistencyInfo": "N4_VE11C_LATEST_20160120",
    "PercentPhaseFOV": 100,
    "PercentSampling": 100,
    "PhaseEncodingSteps": 294,
    "AcquisitionMatrixPE": 256,
    "ReconMatrixPE": 256,
    "ParallelReductionFactorInPlane": 2,
    "PixelBandwidth": 210,
    "DwellTime": 9.2e-06,
    "ImageOrientationPatientDICOM": [
        -0.00479346,
        0.975699,
        0.219062,
        0.085406,
        0.218664,
        -0.972056
    ],
    "InPlanePhaseEncodingDirectionDICOM": "ROW",
    "ConversionSoftware": "dcm2niix",
    "ConversionSoftwareVersion": "v1.0.20200427"
}