{
    "Modality": "MR",
    "MagneticFieldStrength": 3,
    "ImagingFrequency": 123.24,
    "Manufacturer": "Siemens",
    "ManufacturersModelName": "Skyra",
    "InstitutionName": "deleted_by_bidsonym",
    "InstitutionalDepartmentName": "deleted_by_bidsonym",
    "InstitutionAddress": "deleted_by_bidsonym",
    "DeviceSerialNumber": "45250",
    "StationName": "deleted_by_bidsonym",
    "BodyPartExamined": "HEAD",
    "PatientPosition": "HFS",
    "ProcedureStepDescription": "deleted_by_bidsonym",
    "SoftwareVersions": "syngo_MR_E11",
    "MRAcquisitionType": "3D",
    "SeriesDescription": "T1_Pat4_088mm_Pat2_224Sl",
    "ProtocolName": "T1_Pat4_088mm_Pat2_224Sl",
    "ScanningSequence": "GR_IR",
    "SequenceVariant": "SK_SP_MP_OSP",
    "ScanOptions": "IR_WE",
    "SequenceName": "_tfl3d1_16ns",
    "ImageType": [
        "ORIGINAL",
        "PRIMARY",
        "M",
        "NORM",
        "DIS3D",
        "DIS2D"
    ],
    "SeriesNumber": 9,
    "AcquisitionTime": "09:06:21.850000",
    "AcquisitionNumber": 1,
    "SliceThickness": 0.88,
    "SAR": 0.0562898,
    "EchoTime": 0.00218,
    "RepetitionTime": 2.2,
    "InversionTime": 1,
    "FlipAngle": 8,
    "PartialFourier": 1,
    "BaseResolution": 256,
    "ShimSetting": [
        -1097,
        -3203,
        -4185,
        615,
        886,
        440,
        161,
        -728
    ],
    "TxRefAmp": 341.862,
    "PhaseResolution": 1,
    "PhaseOversampling": 0.15,
    "ReceiveCoilName": "Head_32",
    "ReceiveCoilActiveElements": "HEA;HEP",
    "PulseSequenceDetails": "%SiemensSeq%_tfl",
    "RefLinesPE": 24,
    "ConsistencyInfo": "N4_VE11C_LATEST_20160120",
    "PercentPhaseFOV": 100,
    "PercentSampling": 100,
    "PhaseEncodingSteps": 294,
    "AcquisitionMatrixPE": 256,
    "ReconMatrixPE": 256,
    "ParallelReductionFactorInPlane": 2,
    "PixelBandwidth": 210,
    "DwellTime": 9.2e-06,
    "ImageOrientationPatientDICOM": [
        0.00538105,
        0.993559,
        0.113188,
        0.0168771,
        0.113084,
        -0.993442
    ],
    "InPlanePhaseEncodingDirectionDICOM": "ROW",
    "ConversionSoftware": "dcm2niix",
    "ConversionSoftwareVersion": "v1.0.20200427"
}