{
  "bids_meta": {
    "AcquisitionMatrixPE": 256,
    "AcquisitionNumber": 1,
    "AcquisitionTime": "08:48:11.182500",
    "BaseResolution": 256,
    "BodyPartExamined": "BRAIN",
    "ConsistencyInfo": "N4_VE11C_LATEST_20160120",
    "ConversionSoftware": "dcm2niix",
    "ConversionSoftwareVersion": "v1.0.20200427",
    "DeviceSerialNumber": "45250",
    "DwellTime": 9.2e-06,
    "EchoTime": 0.00218,
    "FlipAngle": 8,
    "ImageOrientationPatientDICOM": [
      0.00210167,
      0.999877,
      0.0155239,
      0.033896,
      0.0154438,
      -0.999306
    ],
    "ImageType": [
      "ORIGINAL",
      "PRIMARY",
      "M",
      "NORM",
      "DIS3D",
      "DIS2D"
    ],
    "ImagingFrequency": 123.24,
    "InPlanePhaseEncodingDirectionDICOM": "ROW",
    "InstitutionAddress": "Kopernikusstr._26_Graz_Graz_AT_8010",
    "InstitutionName": "KFU",
    "InstitutionalDepartmentName": "Department",
    "InversionTime": 1,
    "MRAcquisitionType": "3D",
    "MagneticFieldStrength": 3,
    "Manufacturer": "Siemens",
    "ManufacturersModelName": "Skyra",
    "Modality": "MR",
    "ParallelReductionFactorInPlane": 2,
    "PartialFourier": 1,
    "PatientPosition": "HFS",
    "PercentPhaseFOV": 100,
    "PercentSampling": 100,
    "PhaseEncodingSteps": 294,
    "PhaseOversampling": 0.15,
    "PhaseResolution": 1,
    "PixelBandwidth": 210,
    "ProcedureStepDescription": "KFU_BioPsy",
    "ProtocolName": "T1_Pat4_088mm_Pat2_224Sl",
    "PulseSequenceDetails": "%SiemensSeq%_tfl",
    "ReceiveCoilActiveElements": "HEA;HEP",
    "ReceiveCoilName": "Head_32",
    "ReconMatrixPE": 256,
    "RefLinesPE": 24,
    "RepetitionTime": 2.2,
    "SAR": 0.056275,
    "ScanOptions": "IR_WE",
    "ScanningSequence": "GR_IR",
    "SequenceName": "_tfl3d1_16ns",
    "SequenceVariant": "SK_SP_MP_OSP",
    "SeriesDescription": "T1_Pat4_088mm_Pat2_224Sl",
    "SeriesNumber": 9,
    "ShimSetting": [
      -1154,
      -2558,
      -4626,
      107,
      716,
      2343,
      211,
      -914
    ],
    "SliceThickness": 0.88,
    "SoftwareVersions": "syngo_MR_E11",
    "StationName": "FBMTMR1",
    "TxRefAmp": 319.332,
    "acq_id": "MPrageHiRes",
    "dataset": "<unset>",
    "modality": "T1w",
    "session_id": "3",
    "subject_id": "season122"
  },
  "cjv": 0.36107534709906797,
  "cnr": 3.5455116390720423,
  "efc": 0.6179467765971826,
  "fber": 4051.9809750297263,
  "fwhm_avg": 3.860953881487194,
  "fwhm_x": 3.8912159301758673,
  "fwhm_y": 3.83192,
  "fwhm_z": 3.8597257142857146,
  "icvs_csf": 0.2021271607699613,
  "icvs_gm": 0.44752156908093055,
  "icvs_wm": 0.35035127014910816,
  "inu_med": 1.4465583562850952,
  "inu_range": 0.46223572492599474,
  "provenance": {
    "md5sum": "695ee236782cdb336786cf37e7004d02",
    "settings": {
      "testing": false
    },
    "software": "mriqc",
    "version": "0.16.1",
    "warnings": {
      "large_rot_frame": true,
      "small_air_mask": false
    },
    "webapi_port": null,
    "webapi_url": "https://mriqc.nimh.nih.gov/api/v1"
  },
  "qi_1": 0.0,
  "qi_2": 0.002388182124994499,
  "rpve_csf": 20.599492691875426,
  "rpve_gm": 10.317031848881445,
  "rpve_wm": 14.887609241674427,
  "size_x": 224,
  "size_y": 256,
  "size_z": 256,
  "snr_csf": 1.0251170726250691,
  "snr_gm": 12.16160985054808,
  "snr_total": 12.448561298078575,
  "snr_wm": 24.158956971062576,
  "snrd_csf": 53.025932597541825,
  "snrd_gm": 113.18385312945304,
  "snrd_total": 106.47312677071967,
  "snrd_wm": 153.20959458516418,
  "spacing_x": 0.8799999952316284,
  "spacing_y": 0.875,
  "spacing_z": 0.875,
  "summary_bg_k": 5.887206635606276,
  "summary_bg_mad": 4.276325993452375,
  "summary_bg_mean": 8.724388852978361,
  "summary_bg_median": 7.903086259961128,
  "summary_bg_n": 2411105.0,
  "summary_bg_p05": 2.7112777680158615,
  "summary_bg_p95": 18.171329721808434,
  "summary_bg_stdv": 5.117070735646062,
  "summary_csf_k": 25.956925718179107,
  "summary_csf_mad": 101.94761168390464,
  "summary_csf_mean": 430.9165330543645,
  "summary_csf_median": 346.12056612968445,
  "summary_csf_n": 55187.0,
  "summary_csf_p05": 236.919527515769,
  "summary_csf_p95": 780.4499585375185,
  "summary_csf_stdv": 337.6369777361899,
  "summary_gm_k": 0.6260453090984681,
  "summary_gm_mad": 56.960662232785644,
  "summary_gm_mean": 740.3050805883153,
  "summary_gm_median": 738.7943484038115,
  "summary_gm_n": 67815.0,
  "summary_gm_p05": 643.5535059571266,
  "summary_gm_p95": 842.5151447206736,
  "summary_gm_stdv": 60.74762390273938,
  "summary_wm_k": 0.9586978397891825,
  "summary_wm_mad": 37.37508918277376,
  "summary_wm_mean": 998.9204046110921,
  "summary_wm_median": 1000.0576890707016,
  "summary_wm_n": 335234.0,
  "summary_wm_p05": 928.9875994920731,
  "summary_wm_p95": 1064.1476805657148,
  "summary_wm_stdv": 41.394841618614315,
  "tpm_overlap_csf": 0.15684884786605835,
  "tpm_overlap_gm": 0.4426664710044861,
  "tpm_overlap_wm": 0.4725193381309509,
  "wm2max": 0.5027701005555953
}