{
  "bids_meta": {
    "AcquisitionMatrixPE": 256,
    "AcquisitionNumber": 1,
    "AcquisitionTime": "08:51:14.902500",
    "BaseResolution": 256,
    "BodyPartExamined": "HEAD",
    "ConsistencyInfo": "N4_VE11C_LATEST_20160120",
    "ConversionSoftware": "dcm2niix",
    "ConversionSoftwareVersion": "v1.0.20200427",
    "DeviceSerialNumber": "45250",
    "DwellTime": 9.2e-06,
    "EchoTime": 0.00218,
    "FlipAngle": 8,
    "ImageOrientationPatientDICOM": [
      0.109075,
      0.993642,
      0.027881,
      -0.0505926,
      0.0335613,
      -0.998155
    ],
    "ImageType": [
      "ORIGINAL",
      "PRIMARY",
      "M",
      "NORM",
      "DIS3D",
      "DIS2D"
    ],
    "ImagingFrequency": 123.24,
    "InPlanePhaseEncodingDirectionDICOM": "ROW",
    "InstitutionAddress": "Kopernikusstr._26_Graz_Graz_AT_8010",
    "InstitutionName": "KFU",
    "InstitutionalDepartmentName": "Department",
    "InversionTime": 1,
    "MRAcquisitionType": "3D",
    "MagneticFieldStrength": 3,
    "Manufacturer": "Siemens",
    "ManufacturersModelName": "Skyra",
    "Modality": "MR",
    "ParallelReductionFactorInPlane": 2,
    "PartialFourier": 1,
    "PatientPosition": "HFS",
    "PercentPhaseFOV": 100,
    "PercentSampling": 100,
    "PhaseEncodingSteps": 294,
    "PhaseOversampling": 0.15,
    "PhaseResolution": 1,
    "PixelBandwidth": 210,
    "ProcedureStepDescription": "KFU_BioPsy",
    "ProtocolName": "T1_Pat4_088mm_Pat2_224Sl",
    "PulseSequenceDetails": "%SiemensSeq%_tfl",
    "ReceiveCoilActiveElements": "HEA;HEP",
    "ReceiveCoilName": "Head_32",
    "ReconMatrixPE": 256,
    "RefLinesPE": 24,
    "RepetitionTime": 2.2,
    "SAR": 0.0596317,
    "ScanOptions": "IR_WE",
    "ScanningSequence": "GR_IR",
    "SequenceName": "_tfl3d1_16ns",
    "SequenceVariant": "SK_SP_MP_OSP",
    "SeriesDescription": "T1_Pat4_088mm_Pat2_224Sl",
    "SeriesNumber": 9,
    "ShimSetting": [
      -1136,
      -2315,
      -4789,
      -256,
      866,
      2988,
      -784,
      -913
    ],
    "SliceThickness": 0.88,
    "SoftwareVersions": "syngo_MR_E11",
    "StationName": "FBMTMR1",
    "TxRefAmp": 325.282,
    "acq_id": "MPrageHiRes",
    "dataset": "<unset>",
    "modality": "T1w",
    "session_id": "1",
    "subject_id": "season101"
  },
  "cjv": 0.41138244799568124,
  "cnr": 3.1733887324814187,
  "efc": 0.6012098428496913,
  "fber": 3735.9260493827164,
  "fwhm_avg": 3.9202717388072847,
  "fwhm_x": 3.989340930707568,
  "fwhm_y": 3.8485142857142853,
  "fwhm_z": 3.92296,
  "icvs_csf": 0.19552484638882386,
  "icvs_gm": 0.43685652607868586,
  "icvs_wm": 0.36761862753249025,
  "inu_med": 1.1131930351257324,
  "inu_range": 0.3496043503284455,
  "provenance": {
    "md5sum": "56165c325f14c4b77651dc21390e5003",
    "settings": {
      "testing": false
    },
    "software": "mriqc",
    "version": "0.16.1",
    "warnings": {
      "large_rot_frame": true,
      "small_air_mask": false
    },
    "webapi_port": null,
    "webapi_url": "https://mriqc.nimh.nih.gov/api/v1"
  },
  "qi_1": 0.0,
  "qi_2": 0.003047631770729428,
  "rpve_csf": 26.10764909565445,
  "rpve_gm": 12.81172784061294,
  "rpve_wm": 17.683014465758873,
  "size_x": 224,
  "size_y": 256,
  "size_z": 256,
  "snr_csf": 1.6121309513482311,
  "snr_gm": 12.54928150399962,
  "snr_total": 12.799179455261822,
  "snr_wm": 24.236125910437618,
  "snrd_csf": 55.88049530237617,
  "snrd_gm": 110.60325774303934,
  "snrd_total": 103.64802291732843,
  "snrd_wm": 144.4603157065698,
  "spacing_x": 0.8799999952316284,
  "spacing_y": 0.875,
  "spacing_z": 0.875,
  "summary_bg_k": 4.043303423745496,
  "summary_bg_mad": 4.535061139854458,
  "summary_bg_mean": 10.247945561034095,
  "summary_bg_median": 8.99302563071251,
  "summary_bg_n": 2288841.0,
  "summary_bg_p05": 2.997675210237503,
  "summary_bg_p95": 20.371956020593643,
  "summary_bg_stdv": 5.471651443341115,
  "summary_csf_k": 33.61763293936583,
  "summary_csf_mad": 151.74314573953015,
  "summary_csf_mean": 437.9909865693915,
  "summary_csf_median": 386.82245621085167,
  "summary_csf_n": 36094.0,
  "summary_csf_p05": 238.69141804128887,
  "summary_csf_p95": 649.516687899828,
  "summary_csf_stdv": 239.94148695419247,
  "summary_gm_k": 0.20868152291345732,
  "summary_gm_mad": 59.953508268875936,
  "summary_gm_mean": 767.0668658197676,
  "summary_gm_median": 765.630719512701,
  "summary_gm_n": 39916.0,
  "summary_gm_p05": 669.3380505144596,
  "summary_gm_p95": 869.1422798335552,
  "summary_gm_stdv": 61.00916045946738,
  "summary_wm_k": 1.1097934800904516,
  "summary_wm_mad": 36.46189156442984,
  "summary_wm_mean": 999.3840082969355,
  "summary_wm_median": 999.9999793171883,
  "summary_wm_n": 280517.0,
  "summary_wm_p05": 929.9522626698017,
  "summary_wm_p95": 1064.9088241755962,
  "summary_wm_stdv": 41.26064539307436,
  "tpm_overlap_csf": 0.1726152002811432,
  "tpm_overlap_gm": 0.45944976806640625,
  "tpm_overlap_wm": 0.4998593330383301,
  "wm2max": 0.5678066515877711
}