{
  "bids_meta": {
    "AcquisitionMatrixPE": 256,
    "AcquisitionNumber": 1,
    "AcquisitionTime": "13:14:56.142500",
    "BaseResolution": 256,
    "BodyPartExamined": "HEAD",
    "ConsistencyInfo": "N4_VE11C_LATEST_20160120",
    "ConversionSoftware": "dcm2niix",
    "ConversionSoftwareVersion": "v1.0.20200427",
    "DeviceSerialNumber": "45250",
    "DwellTime": 9.2e-06,
    "EchoTime": 0.00218,
    "FlipAngle": 8,
    "ImageOrientationPatientDICOM": [
      -0.0614132,
      0.99712,
      0.0444907,
      -0.00755831,
      0.0441089,
      -0.998998
    ],
    "ImageType": [
      "ORIGINAL",
      "PRIMARY",
      "M",
      "NORM",
      "DIS3D",
      "DIS2D"
    ],
    "ImagingFrequency": 123.239,
    "InPlanePhaseEncodingDirectionDICOM": "ROW",
    "InstitutionAddress": "Kopernikusstr._26_Graz_Graz_AT_8010",
    "InstitutionName": "KFU",
    "InstitutionalDepartmentName": "Department",
    "InversionTime": 1,
    "MRAcquisitionType": "3D",
    "MagneticFieldStrength": 3,
    "Manufacturer": "Siemens",
    "ManufacturersModelName": "Skyra",
    "Modality": "MR",
    "ParallelReductionFactorInPlane": 2,
    "PartialFourier": 1,
    "PatientPosition": "HFS",
    "PercentPhaseFOV": 100,
    "PercentSampling": 100,
    "PhaseEncodingSteps": 294,
    "PhaseOversampling": 0.15,
    "PhaseResolution": 1,
    "PixelBandwidth": 210,
    "ProcedureStepDescription": "BioPsy_2018",
    "ProtocolName": "anat-T1w",
    "PulseSequenceDetails": "%SiemensSeq%_tfl",
    "ReceiveCoilActiveElements": "HEA;HEP",
    "ReceiveCoilName": "Head_32",
    "ReconMatrixPE": 256,
    "RefLinesPE": 24,
    "RepetitionTime": 2.2,
    "SAR": 0.0451319,
    "ScanOptions": "IR_WE",
    "ScanningSequence": "GR_IR",
    "SequenceName": "_tfl3d1_16ns",
    "SequenceVariant": "SK_SP_MP_OSP",
    "SeriesDescription": "anat-T1w",
    "SeriesNumber": 9,
    "ShimSetting": [
      -1103,
      -3138,
      -4416,
      205,
      1039,
      147,
      402,
      -982
    ],
    "SliceThickness": 0.88,
    "SoftwareVersions": "syngo_MR_E11",
    "StationName": "FBMTMR1",
    "TxRefAmp": 319.509,
    "acq_id": "MPrageHiRes",
    "dataset": "<unset>",
    "modality": "T1w",
    "session_id": "2",
    "subject_id": "season211"
  },
  "cjv": 0.6191574273807098,
  "cnr": 2.171438764763265,
  "efc": 0.5858014296286931,
  "fber": 3596.9078807524716,
  "fwhm_avg": 4.199922972824765,
  "fwhm_x": 4.1284432041885815,
  "fwhm_y": 4.290445714285714,
  "fwhm_z": 4.18088,
  "icvs_csf": 0.1631606277422987,
  "icvs_gm": 0.45652108340606307,
  "icvs_wm": 0.38031828885163826,
  "inu_med": 1.6055562496185303,
  "inu_range": 0.6540929436683656,
  "provenance": {
    "md5sum": "bd307c5a0723d75f97cd3fd8ced1050b",
    "settings": {
      "testing": false
    },
    "software": "mriqc",
    "version": "0.16.1",
    "warnings": {
      "large_rot_frame": true,
      "small_air_mask": false
    },
    "webapi_port": null,
    "webapi_url": "https://mriqc.nimh.nih.gov/api/v1"
  },
  "qi_1": 0.0,
  "qi_2": 0.0014139924284587017,
  "rpve_csf": 31.498038191032904,
  "rpve_gm": 13.01383742951913,
  "rpve_wm": 17.613153325786033,
  "size_x": 224,
  "size_y": 256,
  "size_z": 256,
  "snr_csf": 2.7312644459332103,
  "snr_gm": 9.633205954367499,
  "snr_total": 10.194052678981244,
  "snr_wm": 18.217687636643024,
  "snrd_csf": 58.61851142618882,
  "snrd_gm": 112.8181951359158,
  "snrd_total": 104.99472203652734,
  "snrd_wm": 143.5474595474774,
  "spacing_x": 0.8799999952316284,
  "spacing_y": 0.875,
  "spacing_z": 0.875,
  "summary_bg_k": 543.3577928478126,
  "summary_bg_mad": 4.563900947473074,
  "summary_bg_mean": 9.881958915917924,
  "summary_bg_median": 8.27294310182333,
  "summary_bg_n": 3152045.0,
  "summary_bg_p05": 3.078304409980774,
  "summary_bg_p95": 22.25357563048601,
  "summary_bg_stdv": 7.054123801637209,
  "summary_csf_k": 6.777697893049252,
  "summary_csf_mad": 151.7972471383492,
  "summary_csf_mean": 444.5729113240638,
  "summary_csf_median": 408.35631938651204,
  "summary_csf_n": 22884.0,
  "summary_csf_p05": 253.12640637904406,
  "summary_csf_p95": 688.8155036725102,
  "summary_csf_stdv": 149.50855366139487,
  "summary_gm_k": 0.23173864014431267,
  "summary_gm_mad": 80.91416054790803,
  "summary_gm_mean": 795.510194430775,
  "summary_gm_median": 785.9295946732163,
  "summary_gm_n": 57734.0,
  "summary_gm_p05": 679.984617896378,
  "summary_gm_p95": 945.639081910625,
  "summary_gm_stdv": 81.5847592064001,
  "summary_wm_k": 0.4679929757018271,
  "summary_wm_mad": 51.62912946828914,
  "summary_wm_mean": 1002.6927153160269,
  "summary_wm_median": 1000.0000138506293,
  "summary_wm_n": 293941.0,
  "summary_wm_p05": 917.3988455161452,
  "summary_wm_p95": 1098.1209669187665,
  "summary_wm_stdv": 54.89161592693743,
  "tpm_overlap_csf": 0.1592298299074173,
  "tpm_overlap_gm": 0.47873780131340027,
  "tpm_overlap_wm": 0.5123040080070496,
  "wm2max": 0.49819533190045306
}