{
  "bids_meta": {
    "AcquisitionMatrixPE": 256,
    "AcquisitionNumber": 1,
    "AcquisitionTime": "11:00:37.090000",
    "BaseResolution": 256,
    "BodyPartExamined": "HEAD",
    "ConsistencyInfo": "N4_VE11C_LATEST_20160120",
    "ConversionSoftware": "dcm2niix",
    "ConversionSoftwareVersion": "v1.0.20200427",
    "DeviceSerialNumber": "45250",
    "DwellTime": 9.2e-06,
    "EchoTime": 0.00218,
    "FlipAngle": 8,
    "ImageOrientationPatientDICOM": [
      0.0742867,
      0.994794,
      0.0697543,
      -0.00260183,
      0.0701407,
      -0.997534
    ],
    "ImageType": [
      "ORIGINAL",
      "PRIMARY",
      "M",
      "NORM",
      "DIS3D",
      "DIS2D"
    ],
    "ImagingFrequency": 123.24,
    "InPlanePhaseEncodingDirectionDICOM": "ROW",
    "InstitutionAddress": "Kopernikusstr._26_Graz_Graz_AT_8010",
    "InstitutionName": "KFU",
    "InstitutionalDepartmentName": "Department",
    "InversionTime": 1,
    "MRAcquisitionType": "3D",
    "MagneticFieldStrength": 3,
    "Manufacturer": "Siemens",
    "ManufacturersModelName": "Skyra",
    "Modality": "MR",
    "ParallelReductionFactorInPlane": 2,
    "PartialFourier": 1,
    "PatientPosition": "HFS",
    "PercentPhaseFOV": 100,
    "PercentSampling": 100,
    "PhaseEncodingSteps": 294,
    "PhaseOversampling": 0.15,
    "PhaseResolution": 1,
    "PixelBandwidth": 210,
    "ProcedureStepDescription": "KFU_BioPsy",
    "ProtocolName": "T1_Pat4_088mm_Pat2_224Sl",
    "PulseSequenceDetails": "%SiemensSeq%_tfl",
    "ReceiveCoilActiveElements": "HEA;HEP",
    "ReceiveCoilName": "Head_32",
    "ReconMatrixPE": 256,
    "RefLinesPE": 24,
    "RepetitionTime": 2.2,
    "SAR": 0.0592775,
    "ScanOptions": "IR_WE",
    "ScanningSequence": "GR_IR",
    "SequenceName": "_tfl3d1_16ns",
    "SequenceVariant": "SK_SP_MP_OSP",
    "SeriesDescription": "T1_Pat4_088mm_Pat2_224Sl",
    "SeriesNumber": 9,
    "ShimSetting": [
      -1124,
      -3109,
      -4316,
      421,
      868,
      279,
      161,
      -794
    ],
    "SliceThickness": 0.88,
    "SoftwareVersions": "syngo_MR_E11",
    "StationName": "FBMTMR1",
    "TxRefAmp": 322.388,
    "acq_id": "MPrageHiRes",
    "dataset": "<unset>",
    "modality": "T1w",
    "session_id": "3",
    "subject_id": "season104"
  },
  "cjv": 0.46485491245743626,
  "cnr": 2.7846583561458425,
  "efc": 0.6331211094019283,
  "fber": 3122.9650296917716,
  "fwhm_avg": 4.084470894719071,
  "fwhm_x": 4.02678411272864,
  "fwhm_y": 4.199634285714286,
  "fwhm_z": 4.026994285714286,
  "icvs_csf": 0.1811706018716797,
  "icvs_gm": 0.44870470581615984,
  "icvs_wm": 0.37012469231216044,
  "inu_med": 1.079616665840149,
  "inu_range": 0.39610755741596215,
  "provenance": {
    "md5sum": "fd9ff7e267cfc9729b087e384ab9e292",
    "settings": {
      "testing": false
    },
    "software": "mriqc",
    "version": "0.16.1",
    "warnings": {
      "large_rot_frame": true,
      "small_air_mask": false
    },
    "webapi_port": null,
    "webapi_url": "https://mriqc.nimh.nih.gov/api/v1"
  },
  "qi_1": 0.0,
  "qi_2": 0.003847017825835466,
  "rpve_csf": 25.12219696133359,
  "rpve_gm": 11.508675383976094,
  "rpve_wm": 15.992527894178826,
  "size_x": 224,
  "size_y": 256,
  "size_z": 256,
  "snr_csf": 1.7276235005353786,
  "snr_gm": 11.966486057400779,
  "snr_total": 12.05422438484922,
  "snr_wm": 22.468563596611503,
  "snrd_csf": 49.49087042437237,
  "snrd_gm": 106.90963763416154,
  "snrd_total": 97.83804426330755,
  "snrd_wm": 137.11362473138877,
  "spacing_x": 0.8799999952316284,
  "spacing_y": 0.875,
  "spacing_z": 0.875,
  "summary_bg_k": 3.685183661243265,
  "summary_bg_mad": 4.778054533261427,
  "summary_bg_mean": 10.619304389581469,
  "summary_bg_median": 9.857819885015488,
  "summary_bg_n": 2226953.0,
  "summary_bg_p05": 3.349131114780903,
  "summary_bg_p95": 21.04265398532152,
  "summary_bg_stdv": 5.608660159806763,
  "summary_csf_k": 38.4564703107068,
  "summary_csf_mad": 128.91378505426908,
  "summary_csf_mean": 413.1299210032607,
  "summary_csf_median": 360.9478665590286,
  "summary_csf_n": 33002.0,
  "summary_csf_p05": 234.31595528610052,
  "summary_csf_p95": 631.0236953895537,
  "summary_csf_stdv": 208.9242232639855,
  "summary_gm_k": 0.2771713472919024,
  "summary_gm_mad": 62.583145651345745,
  "summary_gm_mean": 780.4467851300033,
  "summary_gm_median": 779.7156382128596,
  "summary_gm_n": 64027.0,
  "summary_gm_p05": 675.7030001953244,
  "summary_gm_p95": 890.5339634202419,
  "summary_gm_stdv": 65.15777025012473,
  "summary_wm_k": 0.9447897414099633,
  "summary_wm_mad": 39.81712111051189,
  "summary_wm_mean": 998.8527593785795,
  "summary_wm_median": 999.9999979510903,
  "summary_wm_n": 331634.0,
  "summary_wm_p05": 922.505527335778,
  "summary_wm_p95": 1068.9415459930897,
  "summary_wm_stdv": 44.506560731571774,
  "tpm_overlap_csf": 0.16381904482841492,
  "tpm_overlap_gm": 0.46209341287612915,
  "tpm_overlap_wm": 0.5018206834793091,
  "wm2max": 0.6051393828151888
}