{
  "bids_meta": {
    "AcquisitionMatrixPE": 256,
    "AcquisitionNumber": 1,
    "AcquisitionTime": "10:55:27.170000",
    "BaseResolution": 256,
    "BodyPartExamined": "HEAD",
    "ConsistencyInfo": "N4_VE11C_LATEST_20160120",
    "ConversionSoftware": "dcm2niix",
    "ConversionSoftwareVersion": "v1.0.20200427",
    "DeviceSerialNumber": "45250",
    "DwellTime": 9.2e-06,
    "EchoTime": 0.00218,
    "FlipAngle": 8,
    "ImageOrientationPatientDICOM": [
      -0.0552107,
      0.997697,
      -0.039413,
      -0.0306117,
      -0.041146,
      -0.998684
    ],
    "ImageType": [
      "ORIGINAL",
      "PRIMARY",
      "M",
      "NORM",
      "DIS3D",
      "DIS2D"
    ],
    "ImagingFrequency": 123.24,
    "InPlanePhaseEncodingDirectionDICOM": "ROW",
    "InstitutionAddress": "Kopernikusstr._26_Graz_Graz_AT_8010",
    "InstitutionName": "KFU",
    "InstitutionalDepartmentName": "Department",
    "InversionTime": 1,
    "MRAcquisitionType": "3D",
    "MagneticFieldStrength": 3,
    "Manufacturer": "Siemens",
    "ManufacturersModelName": "Skyra",
    "Modality": "MR",
    "ParallelReductionFactorInPlane": 2,
    "PartialFourier": 1,
    "PatientPosition": "HFS",
    "PercentPhaseFOV": 100,
    "PercentSampling": 100,
    "PhaseEncodingSteps": 294,
    "PhaseOversampling": 0.15,
    "PhaseResolution": 1,
    "PixelBandwidth": 210,
    "ProcedureStepDescription": "KFU_BioPsy",
    "ProtocolName": "T1_Pat4_088mm_Pat2_224Sl",
    "PulseSequenceDetails": "%SiemensSeq%_tfl",
    "ReceiveCoilActiveElements": "HEA;HEP",
    "ReceiveCoilName": "Head_32",
    "ReconMatrixPE": 256,
    "RefLinesPE": 24,
    "RepetitionTime": 2.2,
    "SAR": 0.0633006,
    "ScanOptions": "IR_WE",
    "ScanningSequence": "GR_IR",
    "SequenceName": "_tfl3d1_16ns",
    "SequenceVariant": "SK_SP_MP_OSP",
    "SeriesDescription": "T1_Pat4_088mm_Pat2_224Sl",
    "SeriesNumber": 9,
    "ShimSetting": [
      -1139,
      -3197,
      -4304,
      517,
      891,
      123,
      327,
      -892
    ],
    "SliceThickness": 0.88,
    "SoftwareVersions": "syngo_MR_E11",
    "StationName": "FBMTMR1",
    "TxRefAmp": 340.452,
    "acq_id": "MPrageHiRes",
    "dataset": "<unset>",
    "modality": "T1w",
    "session_id": "1",
    "subject_id": "season125"
  },
  "cjv": 0.5286045583861088,
  "cnr": 2.4895182669707805,
  "efc": 0.6490354568581934,
  "fber": 4617.560138504155,
  "fwhm_avg": 4.1538748774913925,
  "fwhm_x": 4.075693203902749,
  "fwhm_y": 4.264377142857143,
  "fwhm_z": 4.121554285714286,
  "icvs_csf": 0.18307285700986695,
  "icvs_gm": 0.45259751505233753,
  "icvs_wm": 0.36432962793779555,
  "inu_med": 1.336412787437439,
  "inu_range": 0.5466373741626738,
  "provenance": {
    "md5sum": "2f9431a8e63cd5772a98e294b3bac40c",
    "settings": {
      "testing": false
    },
    "software": "mriqc",
    "version": "0.16.1",
    "warnings": {
      "large_rot_frame": true,
      "small_air_mask": false
    },
    "webapi_port": null,
    "webapi_url": "https://mriqc.nimh.nih.gov/api/v1"
  },
  "qi_1": 0.0,
  "qi_2": 0.0018905269457981742,
  "rpve_csf": 23.736057734620235,
  "rpve_gm": 10.761918705147462,
  "rpve_wm": 14.939395929626377,
  "size_x": 224,
  "size_y": 256,
  "size_z": 256,
  "snr_csf": 2.9766942444127027,
  "snr_gm": 11.95585956826811,
  "snr_total": 10.943913099481952,
  "snr_wm": 17.89918548576504,
  "snrd_csf": 53.103911910185275,
  "snrd_gm": 115.81660801165714,
  "snrd_total": 105.49156939312707,
  "snrd_wm": 147.55418825753878,
  "spacing_x": 0.8799999952316284,
  "spacing_y": 0.875,
  "spacing_z": 0.875,
  "summary_bg_k": 10.294350540059872,
  "summary_bg_mad": 4.4402320338493055,
  "summary_bg_mean": 9.177597274957261,
  "summary_bg_median": 7.986375987529755,
  "summary_bg_n": 2670607.0,
  "summary_bg_p05": 2.994890995323658,
  "summary_bg_p95": 19.789769910275936,
  "summary_bg_stdv": 5.7903363841011215,
  "summary_csf_k": 11.525035336219634,
  "summary_csf_mad": 111.78937120514722,
  "summary_csf_mean": 383.73353762057326,
  "summary_csf_median": 359.9154296144843,
  "summary_csf_n": 30653.0,
  "summary_csf_p05": 235.71553833782673,
  "summary_csf_p95": 602.8187063410877,
  "summary_csf_stdv": 120.90914592234974,
  "summary_gm_k": 0.7078487174396808,
  "summary_gm_mad": 58.94190366501921,
  "summary_gm_mean": 788.2046425912246,
  "summary_gm_median": 784.9550575390458,
  "summary_gm_n": 61269.0,
  "summary_gm_p05": 687.2981217503548,
  "summary_gm_p95": 905.5141009390354,
  "summary_gm_stdv": 65.65388688463268,
  "summary_wm_k": 0.2645315428112993,
  "summary_wm_mad": 54.762861750808106,
  "summary_wm_mean": 999.9539082284554,
  "summary_wm_median": 1000.0586990267038,
  "summary_wm_n": 325556.0,
  "summary_wm_p05": 907.3345248773694,
  "summary_wm_p95": 1090.0228755921125,
  "summary_wm_stdv": 55.87165761797499,
  "tpm_overlap_csf": 0.17092187702655792,
  "tpm_overlap_gm": 0.45891809463500977,
  "tpm_overlap_wm": 0.5075324773788452,
  "wm2max": 0.49812799812799813
}