{
  "bids_meta": {
    "AcquisitionMatrixPE": 256,
    "AcquisitionNumber": 1,
    "AcquisitionTime": "12:28:59.205000",
    "BaseResolution": 256,
    "BodyPartExamined": "HEAD",
    "ConsistencyInfo": "N4_VE11C_LATEST_20160120",
    "ConversionSoftware": "dcm2niix",
    "ConversionSoftwareVersion": "v1.0.20200427",
    "DeviceSerialNumber": "45250",
    "DwellTime": 9.2e-06,
    "EchoTime": 0.00218,
    "FlipAngle": 8,
    "ImageOrientationPatientDICOM": [
      -0.103176,
      0.984427,
      0.142331,
      0.0500754,
      0.148054,
      -0.987711
    ],
    "ImageType": [
      "ORIGINAL",
      "PRIMARY",
      "M",
      "NORM",
      "DIS3D",
      "DIS2D"
    ],
    "ImagingFrequency": 123.239,
    "InPlanePhaseEncodingDirectionDICOM": "ROW",
    "InstitutionAddress": "Kopernikusstr._26_Graz_Graz_AT_8010",
    "InstitutionName": "KFU",
    "InstitutionalDepartmentName": "Department",
    "InversionTime": 1,
    "MRAcquisitionType": "3D",
    "MagneticFieldStrength": 3,
    "Manufacturer": "Siemens",
    "ManufacturersModelName": "Skyra",
    "Modality": "MR",
    "ParallelReductionFactorInPlane": 2,
    "PartialFourier": 1,
    "PatientPosition": "HFS",
    "PercentPhaseFOV": 100,
    "PercentSampling": 100,
    "PhaseEncodingSteps": 294,
    "PhaseOversampling": 0.15,
    "PhaseResolution": 1,
    "PixelBandwidth": 210,
    "ProcedureStepDescription": "BioPsy_2018",
    "ProtocolName": "anat-T1w",
    "PulseSequenceDetails": "%SiemensSeq%_tfl",
    "ReceiveCoilActiveElements": "HEA;HEP",
    "ReceiveCoilName": "Head_32",
    "ReconMatrixPE": 256,
    "RefLinesPE": 24,
    "RepetitionTime": 2.2,
    "SAR": 0.046412,
    "ScanOptions": "IR_WE",
    "ScanningSequence": "GR_IR",
    "SequenceName": "_tfl3d1_16ns",
    "SequenceVariant": "SK_SP_MP_OSP",
    "SeriesDescription": "anat-T1w",
    "SeriesNumber": 9,
    "ShimSetting": [
      -1104,
      -3223,
      -4349,
      273,
      917,
      -25,
      400,
      -983
    ],
    "SliceThickness": 0.88,
    "SoftwareVersions": "syngo_MR_E11",
    "StationName": "FBMTMR1",
    "TxRefAmp": 322.871,
    "acq_id": "MPrageHiRes",
    "dataset": "<unset>",
    "modality": "T1w",
    "session_id": "1",
    "subject_id": "season211"
  },
  "cjv": 0.5124784339926902,
  "cnr": 2.566698945603941,
  "efc": 0.6370052072251613,
  "fber": 3923.050432956104,
  "fwhm_avg": 4.159199098297317,
  "fwhm_x": 4.090477294891949,
  "fwhm_y": 4.270594285714286,
  "fwhm_z": 4.116525714285714,
  "icvs_csf": 0.15855200081498358,
  "icvs_gm": 0.4610578560731887,
  "icvs_wm": 0.3803901431118277,
  "inu_med": 1.4380123615264893,
  "inu_range": 0.560271853208542,
  "provenance": {
    "md5sum": "7e858fdfc439a1602c020f5fd414b10f",
    "settings": {
      "testing": false
    },
    "software": "mriqc",
    "version": "0.16.1",
    "warnings": {
      "large_rot_frame": true,
      "small_air_mask": false
    },
    "webapi_port": null,
    "webapi_url": "https://mriqc.nimh.nih.gov/api/v1"
  },
  "qi_1": 1.8670964818516427e-05,
  "qi_2": 0.0012729619920702057,
  "rpve_csf": 31.875932750186877,
  "rpve_gm": 12.881477001347498,
  "rpve_wm": 17.655182186136752,
  "size_x": 224,
  "size_y": 256,
  "size_z": 256,
  "snr_csf": 2.464774268340571,
  "snr_gm": 10.432946437154765,
  "snr_total": 11.080278794476655,
  "snr_wm": 20.343115677934634,
  "snrd_csf": 51.88808446055291,
  "snrd_gm": 104.73358159300588,
  "snrd_total": 97.47320216443042,
  "snrd_wm": 135.79794043973249,
  "spacing_x": 0.8799999952316284,
  "spacing_y": 0.875,
  "spacing_z": 0.875,
  "summary_bg_k": 23.289216025657147,
  "summary_bg_mad": 4.824347002937895,
  "summary_bg_mean": 10.566733594713623,
  "summary_bg_median": 8.731493156403303,
  "summary_bg_n": 2544380.0,
  "summary_bg_p05": 3.253972604870796,
  "summary_bg_p95": 24.025164399296045,
  "summary_bg_stdv": 7.875478166343672,
  "summary_csf_k": 11.91629923524089,
  "summary_csf_mad": 129.45331124550017,
  "summary_csf_mean": 422.76215506481077,
  "summary_csf_median": 382.09773312695324,
  "summary_csf_n": 18730.0,
  "summary_csf_p05": 242.96328783035278,
  "summary_csf_p95": 672.6259655090048,
  "summary_csf_stdv": 155.01928016109937,
  "summary_gm_k": 0.41069032592118226,
  "summary_gm_mad": 71.96317612715693,
  "summary_gm_mean": 779.8930347827724,
  "summary_gm_median": 771.2457402311265,
  "summary_gm_n": 62745.0,
  "summary_gm_p05": 674.928151126951,
  "summary_gm_p95": 915.2882608734071,
  "summary_gm_stdv": 73.92346917318912,
  "summary_wm_k": 0.6080899093334056,
  "summary_wm_mad": 45.268456044233915,
  "summary_wm_mean": 1000.4630076667406,
  "summary_wm_median": 1000.0000143535435,
  "summary_wm_n": 291946.0,
  "summary_wm_p05": 920.0065211504698,
  "summary_wm_p95": 1081.7289596125484,
  "summary_wm_stdv": 49.156595161636,
  "tpm_overlap_csf": 0.16251952946186066,
  "tpm_overlap_gm": 0.4813450574874878,
  "tpm_overlap_wm": 0.5152090191841125,
  "wm2max": 0.5638837920489297
}