{
  "bids_meta": {
    "AcquisitionMatrixPE": 256,
    "AcquisitionNumber": 1,
    "AcquisitionTime": "10:41:33.087500",
    "BaseResolution": 256,
    "BodyPartExamined": "HEAD",
    "ConsistencyInfo": "N4_VE11C_LATEST_20160120",
    "ConversionSoftware": "dcm2niix",
    "ConversionSoftwareVersion": "v1.0.20200427",
    "DeviceSerialNumber": "45250",
    "DwellTime": 9.2e-06,
    "EchoTime": 0.00218,
    "FlipAngle": 8,
    "ImageOrientationPatientDICOM": [
      0.0351128,
      0.999085,
      -0.0244153,
      -0.0380803,
      -0.0230751,
      -0.999008
    ],
    "ImageType": [
      "ORIGINAL",
      "PRIMARY",
      "M",
      "NORM",
      "DIS3D",
      "DIS2D"
    ],
    "ImagingFrequency": 123.239,
    "InPlanePhaseEncodingDirectionDICOM": "ROW",
    "InstitutionAddress": "Kopernikusstr._26_Graz_Graz_AT_8010",
    "InstitutionName": "KFU",
    "InstitutionalDepartmentName": "Department",
    "InversionTime": 1,
    "MRAcquisitionType": "3D",
    "MagneticFieldStrength": 3,
    "Manufacturer": "Siemens",
    "ManufacturersModelName": "Skyra",
    "Modality": "MR",
    "ParallelReductionFactorInPlane": 2,
    "PartialFourier": 1,
    "PatientPosition": "HFS",
    "PercentPhaseFOV": 100,
    "PercentSampling": 100,
    "PhaseEncodingSteps": 294,
    "PhaseOversampling": 0.15,
    "PhaseResolution": 1,
    "PixelBandwidth": 210,
    "ProcedureStepDescription": "BioPsy_2018",
    "ProtocolName": "anat-T1w",
    "PulseSequenceDetails": "%SiemensSeq%_tfl",
    "ReceiveCoilActiveElements": "HEA;HEP",
    "ReceiveCoilName": "Head_32",
    "ReconMatrixPE": 256,
    "RefLinesPE": 24,
    "RepetitionTime": 2.2,
    "SAR": 0.0547857,
    "ScanOptions": "IR_WE",
    "ScanningSequence": "GR_IR",
    "SequenceName": "_tfl3d1_16ns",
    "SequenceVariant": "SK_SP_MP_OSP",
    "SeriesDescription": "anat-T1w",
    "SeriesNumber": 9,
    "ShimSetting": [
      -1143,
      -3073,
      -4342,
      259,
      951,
      418,
      95,
      -884
    ],
    "SliceThickness": 0.88,
    "SoftwareVersions": "syngo_MR_E11",
    "StationName": "FBMTMR1",
    "TxRefAmp": 339.141,
    "acq_id": "MPrageHiRes",
    "dataset": "<unset>",
    "modality": "T1w",
    "session_id": "2",
    "subject_id": "season215"
  },
  "cjv": 0.5991815680687842,
  "cnr": 2.2008249606649426,
  "efc": 0.6628334551740819,
  "fber": 4376.9519631171925,
  "fwhm_avg": 4.242001306412547,
  "fwhm_x": 4.269318204951927,
  "fwhm_y": 4.267028571428571,
  "fwhm_z": 4.1896571428571425,
  "icvs_csf": 0.18255356262161795,
  "icvs_gm": 0.45000064400876066,
  "icvs_wm": 0.36744579336962135,
  "inu_med": 1.5049958229064941,
  "inu_range": 0.6184148192405701,
  "provenance": {
    "md5sum": "9e17922f3ef8f2e3b9e08a6d6cd054dc",
    "settings": {
      "testing": false
    },
    "software": "mriqc",
    "version": "0.16.1",
    "warnings": {
      "large_rot_frame": true,
      "small_air_mask": false
    },
    "webapi_port": null,
    "webapi_url": "https://mriqc.nimh.nih.gov/api/v1"
  },
  "qi_1": 0.0,
  "qi_2": 0.0012903149621420467,
  "rpve_csf": 21.478947702453187,
  "rpve_gm": 9.787695308655717,
  "rpve_wm": 13.484277376701485,
  "size_x": 224,
  "size_y": 256,
  "size_z": 256,
  "snr_csf": 1.6122033857583402,
  "snr_gm": 9.528035967573073,
  "snr_total": 10.4829344827696,
  "snr_wm": 20.308564094977385,
  "snrd_csf": 44.464453896897055,
  "snrd_gm": 93.27671863624137,
  "snrd_total": 85.38858511143839,
  "snrd_wm": 118.42458280117675,
  "spacing_x": 0.8799999952316284,
  "spacing_y": 0.875,
  "spacing_z": 0.875,
  "summary_bg_k": 8.85681743020282,
  "summary_bg_mad": 5.532097897511483,
  "summary_bg_mean": 10.4111675192102,
  "summary_bg_median": 8.795309275388718,
  "summary_bg_n": 2763586.0,
  "summary_bg_p05": 2.931769758462906,
  "summary_bg_p95": 23.85394485294819,
  "summary_bg_stdv": 7.19306543759697,
  "summary_csf_k": 32.85924023719515,
  "summary_csf_mad": 119.23646718386358,
  "summary_csf_mean": 427.2143069780026,
  "summary_csf_median": 375.4664224758744,
  "summary_csf_n": 46574.0,
  "summary_csf_p05": 246.1120765533298,
  "summary_csf_p95": 663.3129078522325,
  "summary_csf_stdv": 232.8877329698505,
  "summary_gm_k": 0.008027285875579881,
  "summary_gm_mad": 81.49965652583882,
  "summary_gm_mean": 794.0333814395601,
  "summary_gm_median": 787.6465980634093,
  "summary_gm_n": 75165.0,
  "summary_gm_p05": 670.9754879027605,
  "summary_gm_p95": 945.5623782351613,
  "summary_gm_stdv": 82.66565756846917,
  "summary_wm_k": 0.5441159635390549,
  "summary_wm_mad": 45.7385951169253,
  "summary_wm_mean": 999.8158849497173,
  "summary_wm_median": 1000.0000121593475,
  "summary_wm_n": 382535.0,
  "summary_wm_p05": 918.243614576757,
  "summary_wm_p95": 1080.7569427788258,
  "summary_wm_stdv": 49.24024664726793,
  "tpm_overlap_csf": 0.16114085912704468,
  "tpm_overlap_gm": 0.44798606634140015,
  "tpm_overlap_wm": 0.4937216341495514,
  "wm2max": 0.4487769870223073
}