{
  "bids_meta": {
    "AcquisitionMatrixPE": 256,
    "AcquisitionNumber": 1,
    "AcquisitionTime": "10:12:45.097500",
    "BaseResolution": 256,
    "BodyPartExamined": "HEAD",
    "ConsistencyInfo": "N4_VE11C_LATEST_20160120",
    "ConversionSoftware": "dcm2niix",
    "ConversionSoftwareVersion": "v1.0.20200427",
    "DeviceSerialNumber": "45250",
    "DwellTime": 9.2e-06,
    "EchoTime": 0.00218,
    "FlipAngle": 8,
    "ImageOrientationPatientDICOM": [
      0.0407721,
      0.999114,
      -0.0104701,
      -0.0183625,
      -0.00972783,
      -0.999784
    ],
    "ImageType": [
      "ORIGINAL",
      "PRIMARY",
      "M",
      "NORM",
      "DIS3D",
      "DIS2D"
    ],
    "ImagingFrequency": 123.24,
    "InPlanePhaseEncodingDirectionDICOM": "ROW",
    "InstitutionAddress": "Kopernikusstr._26_Graz_Graz_AT_8010",
    "InstitutionName": "KFU",
    "InstitutionalDepartmentName": "Department",
    "InversionTime": 1,
    "MRAcquisitionType": "3D",
    "MagneticFieldStrength": 3,
    "Manufacturer": "Siemens",
    "ManufacturersModelName": "Skyra",
    "Modality": "MR",
    "ParallelReductionFactorInPlane": 2,
    "PartialFourier": 1,
    "PatientPosition": "HFS",
    "PercentPhaseFOV": 100,
    "PercentSampling": 100,
    "PhaseEncodingSteps": 294,
    "PhaseOversampling": 0.15,
    "PhaseResolution": 1,
    "PixelBandwidth": 210,
    "ProcedureStepDescription": "KFU_BioPsy",
    "ProtocolName": "T1_Pat4_088mm_Pat2_224Sl",
    "PulseSequenceDetails": "%SiemensSeq%_tfl",
    "ReceiveCoilActiveElements": "HEA;HEP",
    "ReceiveCoilName": "Head_32",
    "ReconMatrixPE": 256,
    "RefLinesPE": 24,
    "RepetitionTime": 2.2,
    "SAR": 0.0491573,
    "ScanOptions": "IR_WE",
    "ScanningSequence": "GR_IR",
    "SequenceName": "_tfl3d1_16ns",
    "SequenceVariant": "SK_SP_MP_OSP",
    "SeriesDescription": "T1_Pat4_088mm_Pat2_224Sl",
    "SeriesNumber": 9,
    "ShimSetting": [
      -1106,
      -3168,
      -4358,
      294,
      959,
      -164,
      443,
      -831
    ],
    "SliceThickness": 0.88,
    "SoftwareVersions": "syngo_MR_E11",
    "StationName": "FBMTMR1",
    "TxRefAmp": 332.148,
    "acq_id": "MPrageHiRes",
    "dataset": "<unset>",
    "modality": "T1w",
    "session_id": "1",
    "subject_id": "season110"
  },
  "cjv": 0.5171088574437289,
  "cnr": 2.570212887820069,
  "efc": 0.6407910306007316,
  "fber": 3152.634440603466,
  "fwhm_avg": 4.193995786637433,
  "fwhm_x": 4.106215931340867,
  "fwhm_y": 4.326754285714285,
  "fwhm_z": 4.149017142857143,
  "icvs_csf": 0.19108817255088867,
  "icvs_gm": 0.4451401538517779,
  "icvs_wm": 0.3637716735973334,
  "inu_med": 1.5123889446258545,
  "inu_range": 0.6300824940204619,
  "provenance": {
    "md5sum": "cbe5539bdfa14f80138c983c3643e7c7",
    "settings": {
      "testing": false
    },
    "software": "mriqc",
    "version": "0.16.1",
    "warnings": {
      "large_rot_frame": true,
      "small_air_mask": false
    },
    "webapi_port": null,
    "webapi_url": "https://mriqc.nimh.nih.gov/api/v1"
  },
  "qi_1": 0.0,
  "qi_2": 0.0017068570175029284,
  "rpve_csf": 24.372984707883074,
  "rpve_gm": 11.519503712904836,
  "rpve_wm": 16.139030921735625,
  "size_x": 224,
  "size_y": 256,
  "size_z": 256,
  "snr_csf": 3.4881650426627457,
  "snr_gm": 11.264230233479434,
  "snr_total": 11.730200501019837,
  "snr_wm": 20.438206226917334,
  "snrd_csf": 60.91554862947911,
  "snrd_gm": 101.45628436996337,
  "snrd_total": 97.41774364485765,
  "snrd_wm": 129.88139793513048,
  "spacing_x": 0.8799999952316284,
  "spacing_y": 0.875,
  "spacing_z": 0.875,
  "summary_bg_k": 6.4650850286902255,
  "summary_bg_mad": 5.044112535262043,
  "summary_bg_mean": 10.87066165720193,
  "summary_bg_median": 8.969442173838615,
  "summary_bg_n": 2619003.0,
  "summary_bg_p05": 3.3403439819812775,
  "summary_bg_p95": 23.939131870865822,
  "summary_bg_stdv": 6.904061270127935,
  "summary_csf_k": 0.26702488679883807,
  "summary_csf_mad": 163.33753500548542,
  "summary_csf_mean": 466.4827322175723,
  "summary_csf_median": 469.0090383589268,
  "summary_csf_n": 35997.0,
  "summary_csf_p05": 259.4210109561682,
  "summary_csf_p95": 669.491535499692,
  "summary_csf_stdv": 134.45537066628032,
  "summary_gm_k": 0.0956734367612273,
  "summary_gm_mad": 69.79217526062573,
  "summary_gm_mean": 783.3584940284836,
  "summary_gm_median": 781.1456260085106,
  "summary_gm_n": 47871.0,
  "summary_gm_p05": 675.429924800992,
  "summary_gm_p95": 902.3877409100533,
  "summary_gm_stdv": 69.3467241803768,
  "summary_wm_k": 0.9624357373365617,
  "summary_wm_mad": 43.379367803253565,
  "summary_wm_mean": 1000.2944489286399,
  "summary_wm_median": 1000.0000150501728,
  "summary_wm_n": 304848.0,
  "summary_wm_p05": 919.1729694195092,
  "summary_wm_p95": 1080.230128839612,
  "summary_wm_stdv": 48.92789336718505,
  "tpm_overlap_csf": 0.16277915239334106,
  "tpm_overlap_gm": 0.4714336395263672,
  "tpm_overlap_wm": 0.5157122015953064,
  "wm2max": 0.5046843060896876
}