{
  "bids_meta": {
    "AcquisitionMatrixPE": 256,
    "AcquisitionNumber": 1,
    "AcquisitionTime": "13:43:46.145000",
    "BaseResolution": 256,
    "BodyPartExamined": "HEAD",
    "ConsistencyInfo": "N4_VE11C_LATEST_20160120",
    "ConversionSoftware": "dcm2niix",
    "ConversionSoftwareVersion": "v1.0.20200427",
    "DeviceSerialNumber": "45250",
    "DwellTime": 9.2e-06,
    "EchoTime": 0.00218,
    "FlipAngle": 8,
    "ImageOrientationPatientDICOM": [
      0.0550052,
      0.989918,
      0.130522,
      -0.00129098,
      0.13079,
      -0.991409
    ],
    "ImageType": [
      "ORIGINAL",
      "PRIMARY",
      "M",
      "NORM",
      "DIS3D",
      "DIS2D"
    ],
    "ImagingFrequency": 123.239,
    "InPlanePhaseEncodingDirectionDICOM": "ROW",
    "InstitutionAddress": "Kopernikusstr._26_Graz_Graz_AT_8010",
    "InstitutionName": "KFU",
    "InstitutionalDepartmentName": "Department",
    "InversionTime": 1,
    "MRAcquisitionType": "3D",
    "MagneticFieldStrength": 3,
    "Manufacturer": "Siemens",
    "ManufacturersModelName": "Skyra",
    "Modality": "MR",
    "ParallelReductionFactorInPlane": 2,
    "PartialFourier": 1,
    "PatientPosition": "HFS",
    "PercentPhaseFOV": 100,
    "PercentSampling": 100,
    "PhaseEncodingSteps": 294,
    "PhaseOversampling": 0.15,
    "PhaseResolution": 1,
    "PixelBandwidth": 210,
    "ProcedureStepDescription": "BioPsy_2018",
    "ProtocolName": "anat-T1w",
    "PulseSequenceDetails": "%SiemensSeq%_tfl",
    "ReceiveCoilActiveElements": "HEA;HEP",
    "ReceiveCoilName": "Head_32",
    "ReconMatrixPE": 256,
    "RefLinesPE": 24,
    "RepetitionTime": 2.2,
    "SAR": 0.0533318,
    "ScanOptions": "IR_WE",
    "ScanningSequence": "GR_IR",
    "SequenceName": "_tfl3d1_16ns",
    "SequenceVariant": "SK_SP_MP_OSP",
    "SeriesDescription": "anat-T1w",
    "SeriesNumber": 9,
    "ShimSetting": [
      -1094,
      -3266,
      -4377,
      579,
      958,
      -18,
      413,
      -908
    ],
    "SliceThickness": 0.88,
    "SoftwareVersions": "syngo_MR_E11",
    "StationName": "FBMTMR1",
    "TxRefAmp": 319.97,
    "acq_id": "MPrageHiRes",
    "dataset": "<unset>",
    "modality": "T1w",
    "session_id": "1",
    "subject_id": "season217"
  },
  "cjv": 0.4238565549763478,
  "cnr": 3.020900649496788,
  "efc": 0.632165322221604,
  "fber": 3968.336869806094,
  "fwhm_avg": 4.1415394663083935,
  "fwhm_x": 4.115784113210895,
  "fwhm_y": 4.147862857142857,
  "fwhm_z": 4.160971428571428,
  "icvs_csf": 0.19666717252966534,
  "icvs_gm": 0.42472504374407916,
  "icvs_wm": 0.37860778372625553,
  "inu_med": 1.1639312505722046,
  "inu_range": 0.38336377441883107,
  "provenance": {
    "md5sum": "0fd7e30b8545fa07852761b8c0b11587",
    "settings": {
      "testing": false
    },
    "software": "mriqc",
    "version": "0.16.1",
    "warnings": {
      "large_rot_frame": true,
      "small_air_mask": false
    },
    "webapi_port": null,
    "webapi_url": "https://mriqc.nimh.nih.gov/api/v1"
  },
  "qi_1": 0.0,
  "qi_2": 0.0019607603253207206,
  "rpve_csf": 25.755121737378165,
  "rpve_gm": 13.030825231576285,
  "rpve_wm": 17.373298917620264,
  "size_x": 224,
  "size_y": 256,
  "size_z": 256,
  "snr_csf": 2.46461362482803,
  "snr_gm": 11.630699155594218,
  "snr_total": 12.99882268709628,
  "snr_wm": 24.901155280866597,
  "snrd_csf": 53.68442457097535,
  "snrd_gm": 117.56681036209888,
  "snrd_total": 108.22373345833809,
  "snrd_wm": 153.41996544194006,
  "spacing_x": 0.8799999952316284,
  "spacing_y": 0.875,
  "spacing_z": 0.875,
  "summary_bg_k": 6.070229559887284,
  "summary_bg_mad": 4.270457155388857,
  "summary_bg_mean": 9.582995105118107,
  "summary_bg_median": 8.6411387398839,
  "summary_bg_n": 2235011.0,
  "summary_bg_p05": 2.9368576109409332,
  "summary_bg_p95": 19.880266904830933,
  "summary_bg_stdv": 5.540992751772536,
  "summary_csf_k": 26.73056420186378,
  "summary_csf_mad": 106.84516333874866,
  "summary_csf_mean": 382.8433078609362,
  "summary_csf_median": 349.9378799498081,
  "summary_csf_n": 27195.0,
  "summary_csf_p05": 235.513389185071,
  "summary_csf_p95": 594.6571881845593,
  "summary_csf_stdv": 141.98227361125043,
  "summary_gm_k": 0.20609852412884822,
  "summary_gm_mad": 63.72191951472393,
  "summary_gm_mean": 769.249965856979,
  "summary_gm_median": 766.3504023626447,
  "summary_gm_n": 43869.0,
  "summary_gm_p05": 667.5138481482863,
  "summary_gm_p95": 883.9376628622413,
  "summary_gm_stdv": 65.88956154126666,
  "summary_wm_k": 1.0356057407308406,
  "summary_wm_mad": 35.335939599492114,
  "summary_wm_mean": 998.9997318723733,
  "summary_wm_median": 1000.0564945563674,
  "summary_wm_n": 323657.0,
  "summary_wm_p05": 930.2496482655406,
  "summary_wm_p95": 1062.6341528818011,
  "summary_wm_stdv": 40.160986040314384,
  "tpm_overlap_csf": 0.16918650269508362,
  "tpm_overlap_gm": 0.4415336847305298,
  "tpm_overlap_wm": 0.5103623867034912,
  "wm2max": 0.6873576977511179
}