{
  "bids_meta": {
    "AcquisitionMatrixPE": 256,
    "AcquisitionNumber": 1,
    "AcquisitionTime": "12:06:41.210000",
    "BaseResolution": 256,
    "BodyPartExamined": "HEAD",
    "ConsistencyInfo": "N4_VE11C_LATEST_20160120",
    "ConversionSoftware": "dcm2niix",
    "ConversionSoftwareVersion": "v1.0.20200427",
    "DeviceSerialNumber": "45250",
    "DwellTime": 9.2e-06,
    "EchoTime": 0.00218,
    "FlipAngle": 8,
    "ImageOrientationPatientDICOM": [
      0.0283899,
      0.996147,
      0.0829765,
      -0.00938474,
      0.0832719,
      -0.996483
    ],
    "ImageType": [
      "ORIGINAL",
      "PRIMARY",
      "M",
      "NORM",
      "DIS3D",
      "DIS2D"
    ],
    "ImagingFrequency": 123.24,
    "InPlanePhaseEncodingDirectionDICOM": "ROW",
    "InstitutionAddress": "Kopernikusstr._26_Graz_Graz_AT_8010",
    "InstitutionName": "KFU",
    "InstitutionalDepartmentName": "Department",
    "InversionTime": 1,
    "MRAcquisitionType": "3D",
    "MagneticFieldStrength": 3,
    "Manufacturer": "Siemens",
    "ManufacturersModelName": "Skyra",
    "Modality": "MR",
    "ParallelReductionFactorInPlane": 2,
    "PartialFourier": 1,
    "PatientPosition": "HFS",
    "PercentPhaseFOV": 100,
    "PercentSampling": 100,
    "PhaseEncodingSteps": 294,
    "PhaseOversampling": 0.15,
    "PhaseResolution": 1,
    "PixelBandwidth": 210,
    "ProcedureStepDescription": "KFU_BioPsy",
    "ProtocolName": "T1_Pat4_088mm_Pat2_224Sl",
    "PulseSequenceDetails": "%SiemensSeq%_tfl",
    "ReceiveCoilActiveElements": "HEA;HEP",
    "ReceiveCoilName": "Head_32",
    "ReconMatrixPE": 256,
    "RefLinesPE": 24,
    "RepetitionTime": 2.2,
    "SAR": 0.054854,
    "ScanOptions": "IR_WE",
    "ScanningSequence": "GR_IR",
    "SequenceName": "_tfl3d1_16ns",
    "SequenceVariant": "SK_SP_MP_OSP",
    "SeriesDescription": "T1_Pat4_088mm_Pat2_224Sl",
    "SeriesNumber": 9,
    "ShimSetting": [
      -1115,
      -3101,
      -4315,
      461,
      953,
      274,
      94,
      -883
    ],
    "SliceThickness": 0.88,
    "SoftwareVersions": "syngo_MR_E11",
    "StationName": "FBMTMR1",
    "TxRefAmp": 326.549,
    "acq_id": "MPrageHiRes",
    "dataset": "<unset>",
    "modality": "T1w",
    "session_id": "1",
    "subject_id": "season127"
  },
  "cjv": 0.53582418330655,
  "cnr": 2.475186038448021,
  "efc": 0.6551083121059263,
  "fber": 2919.2088030585237,
  "fwhm_avg": 4.273314834447034,
  "fwhm_x": 4.21171593191253,
  "fwhm_y": 4.354868571428571,
  "fwhm_z": 4.25336,
  "icvs_csf": 0.1834082986260031,
  "icvs_gm": 0.43940111052962944,
  "icvs_wm": 0.3771905908443674,
  "inu_med": 1.2617130279541016,
  "inu_range": 0.5081992745399475,
  "provenance": {
    "md5sum": "7ebcfd112d934002fd72b506b1dd6a0a",
    "settings": {
      "testing": false
    },
    "software": "mriqc",
    "version": "0.16.1",
    "warnings": {
      "large_rot_frame": true,
      "small_air_mask": false
    },
    "webapi_port": null,
    "webapi_url": "https://mriqc.nimh.nih.gov/api/v1"
  },
  "qi_1": 0.0,
  "qi_2": 0.0015299855212415913,
  "rpve_csf": 22.510911605628923,
  "rpve_gm": 10.547161315740809,
  "rpve_wm": 14.239815950560189,
  "size_x": 224,
  "size_y": 256,
  "size_z": 256,
  "snr_csf": 2.6628917084765833,
  "snr_gm": 10.985474975847126,
  "snr_total": 11.681404227110674,
  "snr_wm": 21.395845997008312,
  "snrd_csf": 46.1883781310167,
  "snrd_gm": 91.36895344950702,
  "snrd_total": 84.53139898298188,
  "snrd_wm": 116.03686536842194,
  "spacing_x": 0.8799999952316284,
  "spacing_y": 0.875,
  "spacing_z": 0.875,
  "summary_bg_k": 5.960099601342547,
  "summary_bg_mad": 5.6459330330579185,
  "summary_bg_mean": 12.183139698962169,
  "summary_bg_median": 10.756279960274696,
  "summary_bg_n": 2584328.0,
  "summary_bg_p05": 3.607696384191513,
  "summary_bg_p95": 25.92196661233902,
  "summary_bg_stdv": 7.387787020325606,
  "summary_csf_k": 23.216480724329482,
  "summary_csf_mad": 136.98816464419477,
  "summary_csf_mean": 425.6661605985338,
  "summary_csf_median": 398.0491677224636,
  "summary_csf_n": 27719.0,
  "summary_csf_p05": 247.0603931248188,
  "summary_csf_p95": 650.3206778466702,
  "summary_csf_stdv": 149.4773468679118,
  "summary_gm_k": 0.07261465505611442,
  "summary_gm_mad": 71.0198944684654,
  "summary_gm_mean": 788.1567963083712,
  "summary_gm_median": 787.4131404459476,
  "summary_gm_n": 56654.0,
  "summary_gm_p05": 674.8396514207125,
  "summary_gm_p95": 910.4088634699583,
  "summary_gm_stdv": 71.67702742303884,
  "summary_wm_k": 0.7256834063525885,
  "summary_wm_mad": 42.88928075989612,
  "summary_wm_mean": 998.7791948821612,
  "summary_wm_median": 999.9999903440475,
  "summary_wm_n": 382872.0,
  "summary_wm_p05": 919.6953411996365,
  "summary_wm_p95": 1073.0892467200756,
  "summary_wm_stdv": 46.737982903950666,
  "tpm_overlap_csf": 0.17177990078926086,
  "tpm_overlap_gm": 0.4736240804195404,
  "tpm_overlap_wm": 0.5273351073265076,
  "wm2max": 0.4595075827346964
}