{
  "bids_meta": {
    "AcquisitionMatrixPE": 256,
    "AcquisitionNumber": 1,
    "AcquisitionTime": "09:37:37.115000",
    "BaseResolution": 256,
    "BodyPartExamined": "HEAD",
    "ConsistencyInfo": "N4_VE11C_LATEST_20160120",
    "ConversionSoftware": "dcm2niix",
    "ConversionSoftwareVersion": "v1.0.20200427",
    "DeviceSerialNumber": "45250",
    "DwellTime": 9.2e-06,
    "EchoTime": 0.00218,
    "FlipAngle": 8,
    "ImageOrientationPatientDICOM": [
      0.0785192,
      0.99676,
      -0.0174501,
      0.0149214,
      -0.0186772,
      -0.999714
    ],
    "ImageType": [
      "ORIGINAL",
      "PRIMARY",
      "M",
      "NORM",
      "DIS3D",
      "DIS2D"
    ],
    "ImagingFrequency": 123.239,
    "InPlanePhaseEncodingDirectionDICOM": "ROW",
    "InstitutionAddress": "Kopernikusstr._26_Graz_Graz_AT_8010",
    "InstitutionName": "KFU",
    "InstitutionalDepartmentName": "Department",
    "InversionTime": 1,
    "MRAcquisitionType": "3D",
    "MagneticFieldStrength": 3,
    "Manufacturer": "Siemens",
    "ManufacturersModelName": "Skyra",
    "Modality": "MR",
    "ParallelReductionFactorInPlane": 2,
    "PartialFourier": 1,
    "PatientPosition": "HFS",
    "PercentPhaseFOV": 100,
    "PercentSampling": 100,
    "PhaseEncodingSteps": 294,
    "PhaseOversampling": 0.15,
    "PhaseResolution": 1,
    "PixelBandwidth": 210,
    "ProcedureStepDescription": "BioPsy_2018",
    "ProtocolName": "anat-T1w",
    "PulseSequenceDetails": "%SiemensSeq%_tfl",
    "ReceiveCoilActiveElements": "HEA;HEP",
    "ReceiveCoilName": "Head_32",
    "ReconMatrixPE": 256,
    "RefLinesPE": 24,
    "RepetitionTime": 2.2,
    "SAR": 0.0687325,
    "ScanOptions": "IR_WE",
    "ScanningSequence": "GR_IR",
    "SequenceName": "_tfl3d1_16ns",
    "SequenceVariant": "SK_SP_MP_OSP",
    "SeriesDescription": "anat-T1w",
    "SeriesNumber": 9,
    "ShimSetting": [
      -1122,
      -3127,
      -4313,
      368,
      768,
      395,
      265,
      -784
    ],
    "SliceThickness": 0.88,
    "SoftwareVersions": "syngo_MR_E11",
    "StationName": "FBMTMR1",
    "TxRefAmp": 323.68,
    "acq_id": "MPrageHiRes",
    "dataset": "<unset>",
    "modality": "T1w",
    "session_id": "3",
    "subject_id": "season208"
  },
  "cjv": 0.47871222541160596,
  "cnr": 2.8123830686699907,
  "efc": 0.6491116209970464,
  "fber": 3103.9388686681814,
  "fwhm_avg": 4.0477297256803935,
  "fwhm_x": 3.9118977484697526,
  "fwhm_y": 4.140708571428571,
  "fwhm_z": 4.0905828571428575,
  "icvs_csf": 0.18704762032058334,
  "icvs_gm": 0.45826354306692735,
  "icvs_wm": 0.3546888366124893,
  "inu_med": 1.3213777542114258,
  "inu_range": 0.5429372191429138,
  "provenance": {
    "md5sum": "bee8d8f2e4fc3bcee7fb44005f85986c",
    "settings": {
      "testing": false
    },
    "software": "mriqc",
    "version": "0.16.1",
    "warnings": {
      "large_rot_frame": true,
      "small_air_mask": false
    },
    "webapi_port": null,
    "webapi_url": "https://mriqc.nimh.nih.gov/api/v1"
  },
  "qi_1": 0.0,
  "qi_2": 0.003033090103474372,
  "rpve_csf": 25.841161470174107,
  "rpve_gm": 11.852440508133661,
  "rpve_wm": 17.12165601353574,
  "size_x": 224,
  "size_y": 256,
  "size_z": 256,
  "snr_csf": 2.6159661966809935,
  "snr_gm": 12.677596945962144,
  "snr_total": 11.430539287563214,
  "snr_wm": 18.998054720046504,
  "snrd_csf": 44.17329808761323,
  "snrd_gm": 96.72738975949896,
  "snrd_total": 88.68861843350629,
  "snrd_wm": 125.16516745340665,
  "spacing_x": 0.8799999952316284,
  "spacing_y": 0.875,
  "spacing_z": 0.875,
  "summary_bg_k": 3.73906424517323,
  "summary_bg_mad": 5.2341750509705856,
  "summary_bg_mean": 11.862525881253177,
  "summary_bg_median": 10.651029512286186,
  "summary_bg_n": 2501530.0,
  "summary_bg_p05": 3.5902346670627594,
  "summary_bg_p95": 23.635711558163166,
  "summary_bg_stdv": 6.3246272446237155,
  "summary_csf_k": 36.176210660896785,
  "summary_csf_mad": 103.53020821157074,
  "summary_csf_mean": 385.2453218859817,
  "summary_csf_median": 352.92006777226925,
  "summary_csf_n": 25470.0,
  "summary_csf_p05": 239.79476527534428,
  "summary_csf_p95": 609.3226602450013,
  "summary_csf_stdv": 134.9073776258758,
  "summary_gm_k": 0.04868310866203007,
  "summary_gm_mad": 60.68094465870984,
  "summary_gm_mean": 773.515980275785,
  "summary_gm_median": 772.798012085259,
  "summary_gm_n": 56993.0,
  "summary_gm_p05": 674.006721496582,
  "summary_gm_p95": 874.8803511187434,
  "summary_gm_stdv": 60.95723310868648,
  "summary_wm_k": 0.6176698274089993,
  "summary_wm_mad": 48.08343860383148,
  "summary_wm_mean": 998.2509932020603,
  "summary_wm_median": 1000.0000292658806,
  "summary_wm_n": 283414.0,
  "summary_wm_p05": 905.6366947665811,
  "summary_wm_p95": 1080.4811230525374,
  "summary_wm_stdv": 52.63687676430809,
  "tpm_overlap_csf": 0.1723499745130539,
  "tpm_overlap_gm": 0.4670049548149109,
  "tpm_overlap_wm": 0.4944184422492981,
  "wm2max": 0.5899268299406504
}