{
  "bids_meta": {
    "AcquisitionMatrixPE": 256,
    "AcquisitionNumber": 1,
    "AcquisitionTime": "09:49:27.142500",
    "BaseResolution": 256,
    "BodyPartExamined": "HEAD",
    "ConsistencyInfo": "N4_VE11C_LATEST_20160120",
    "ConversionSoftware": "dcm2niix",
    "ConversionSoftwareVersion": "v1.0.20200427",
    "DeviceSerialNumber": "45250",
    "DwellTime": 9.2e-06,
    "EchoTime": 0.00218,
    "FlipAngle": 8,
    "ImageOrientationPatientDICOM": [
      -0.0467335,
      0.997917,
      0.0444752,
      -0.0288718,
      0.0431558,
      -0.998651
    ],
    "ImageType": [
      "ORIGINAL",
      "PRIMARY",
      "M",
      "NORM",
      "DIS3D",
      "DIS2D"
    ],
    "ImagingFrequency": 123.24,
    "InPlanePhaseEncodingDirectionDICOM": "ROW",
    "InstitutionAddress": "Kopernikusstr._26_Graz_Graz_AT_8010",
    "InstitutionName": "KFU",
    "InstitutionalDepartmentName": "Department",
    "InversionTime": 1,
    "MRAcquisitionType": "3D",
    "MagneticFieldStrength": 3,
    "Manufacturer": "Siemens",
    "ManufacturersModelName": "Skyra",
    "Modality": "MR",
    "ParallelReductionFactorInPlane": 2,
    "PartialFourier": 1,
    "PatientPosition": "HFS",
    "PercentPhaseFOV": 100,
    "PercentSampling": 100,
    "PhaseEncodingSteps": 294,
    "PhaseOversampling": 0.15,
    "PhaseResolution": 1,
    "PixelBandwidth": 210,
    "ProcedureStepDescription": "KFU_BioPsy",
    "ProtocolName": "T1_Pat4_088mm_Pat2_224Sl",
    "PulseSequenceDetails": "%SiemensSeq%_tfl",
    "ReceiveCoilActiveElements": "HEA;HEP",
    "ReceiveCoilName": "Head_32",
    "ReconMatrixPE": 256,
    "RefLinesPE": 24,
    "RepetitionTime": 2.2,
    "SAR": 0.0627486,
    "ScanOptions": "IR_WE",
    "ScanningSequence": "GR_IR",
    "SequenceName": "_tfl3d1_16ns",
    "SequenceVariant": "SK_SP_MP_OSP",
    "SeriesDescription": "T1_Pat4_088mm_Pat2_224Sl",
    "SeriesNumber": 9,
    "ShimSetting": [
      -1129,
      -3207,
      -4320,
      494,
      917,
      120,
      277,
      -908
    ],
    "SliceThickness": 0.88,
    "SoftwareVersions": "syngo_MR_E11",
    "StationName": "FBMTMR1",
    "TxRefAmp": 338.076,
    "acq_id": "MPrageHiRes",
    "dataset": "<unset>",
    "modality": "T1w",
    "session_id": "3",
    "subject_id": "season125"
  },
  "cjv": 0.4742277237070564,
  "cnr": 2.7386303781195154,
  "efc": 0.6466922378317373,
  "fber": 4760.245931499896,
  "fwhm_avg": 4.168858427292347,
  "fwhm_x": 4.085329567591328,
  "fwhm_y": 4.277645714285714,
  "fwhm_z": 4.1436,
  "icvs_csf": 0.1849630210149256,
  "icvs_gm": 0.44912717614745706,
  "icvs_wm": 0.36590980283761737,
  "inu_med": 1.19000244140625,
  "inu_range": 0.478433308005333,
  "provenance": {
    "md5sum": "ab661b0f3bdd23a69c30c0f00198c0e3",
    "settings": {
      "testing": false
    },
    "software": "mriqc",
    "version": "0.16.1",
    "warnings": {
      "large_rot_frame": true,
      "small_air_mask": false
    },
    "webapi_port": null,
    "webapi_url": "https://mriqc.nimh.nih.gov/api/v1"
  },
  "qi_1": 0.0,
  "qi_2": 0.0018943535508488929,
  "rpve_csf": 23.68458602413714,
  "rpve_gm": 10.868233150443983,
  "rpve_wm": 14.988392909534697,
  "size_x": 224,
  "size_y": 256,
  "size_z": 256,
  "snr_csf": 3.0299821237345594,
  "snr_gm": 12.609743292808817,
  "snr_total": 11.512806312223079,
  "snr_wm": 18.89869352012586,
  "snrd_csf": 52.884530110615046,
  "snrd_gm": 115.81747444846427,
  "snrd_total": 105.9193003635898,
  "snrd_wm": 149.05589653169008,
  "spacing_x": 0.8799999952316284,
  "spacing_y": 0.875,
  "spacing_z": 0.875,
  "summary_bg_k": 10.246087402340027,
  "summary_bg_mad": 4.395239674343913,
  "summary_bg_mean": 9.094756555001895,
  "summary_bg_median": 7.885687332600355,
  "summary_bg_n": 2679845.0,
  "summary_bg_p05": 2.905253227800131,
  "summary_bg_p95": 19.56599112600088,
  "summary_bg_stdv": 5.768270450372448,
  "summary_csf_k": 1.9473453464044335,
  "summary_csf_mad": 109.35356309767656,
  "summary_csf_mean": 381.22070984940484,
  "summary_csf_median": 354.796639084816,
  "summary_csf_n": 31526.0,
  "summary_csf_p05": 236.51132909581065,
  "summary_csf_p95": 607.1979246102273,
  "summary_csf_stdv": 117.09343405457601,
  "summary_gm_k": 0.7180628230225166,
  "summary_gm_mad": 56.25906783160209,
  "summary_gm_mean": 778.4898749710301,
  "summary_gm_median": 777.007011231035,
  "summary_gm_n": 58621.0,
  "summary_gm_p05": 681.1336547136307,
  "summary_gm_p95": 884.6792533062398,
  "summary_gm_stdv": 61.61904852323427,
  "summary_wm_k": 0.44037221408108795,
  "summary_wm_mad": 49.490398733112464,
  "summary_wm_mean": 998.445238720825,
  "summary_wm_median": 1000.000019185245,
  "summary_wm_n": 325959.0,
  "summary_wm_p05": 906.9133341312408,
  "summary_wm_p95": 1081.9993092678487,
  "summary_wm_stdv": 52.91363046783404,
  "tpm_overlap_csf": 0.17159684002399445,
  "tpm_overlap_gm": 0.4563157558441162,
  "tpm_overlap_wm": 0.5074495673179626,
  "wm2max": 0.5455791670921281
}