{
  "bids_meta": {
    "AcquisitionMatrixPE": 256,
    "AcquisitionNumber": 1,
    "AcquisitionTime": "10:29:26.125000",
    "BaseResolution": 256,
    "BodyPartExamined": "HEAD",
    "ConsistencyInfo": "N4_VE11C_LATEST_20160120",
    "ConversionSoftware": "dcm2niix",
    "ConversionSoftwareVersion": "v1.0.20200427",
    "DeviceSerialNumber": "45250",
    "DwellTime": 9.2e-06,
    "EchoTime": 0.00218,
    "FlipAngle": 8,
    "ImageOrientationPatientDICOM": [
      -0.00359746,
      0.996911,
      0.0784589,
      -0.00243532,
      0.0784505,
      -0.996915
    ],
    "ImageType": [
      "ORIGINAL",
      "PRIMARY",
      "M",
      "NORM",
      "DIS3D",
      "DIS2D"
    ],
    "ImagingFrequency": 123.24,
    "InPlanePhaseEncodingDirectionDICOM": "ROW",
    "InstitutionAddress": "Kopernikusstr._26_Graz_Graz_AT_8010",
    "InstitutionName": "KFU",
    "InstitutionalDepartmentName": "Department",
    "InversionTime": 1,
    "MRAcquisitionType": "3D",
    "MagneticFieldStrength": 3,
    "Manufacturer": "Siemens",
    "ManufacturersModelName": "Skyra",
    "Modality": "MR",
    "ParallelReductionFactorInPlane": 2,
    "PartialFourier": 1,
    "PatientPosition": "HFS",
    "PercentPhaseFOV": 100,
    "PercentSampling": 100,
    "PhaseEncodingSteps": 294,
    "PhaseOversampling": 0.15,
    "PhaseResolution": 1,
    "PixelBandwidth": 210,
    "ProcedureStepDescription": "KFU_BioPsy",
    "ProtocolName": "T1_Pat4_088mm_Pat2_224Sl",
    "PulseSequenceDetails": "%SiemensSeq%_tfl",
    "ReceiveCoilActiveElements": "HEA;HEP",
    "ReceiveCoilName": "Head_32",
    "ReconMatrixPE": 256,
    "RefLinesPE": 24,
    "RepetitionTime": 2.2,
    "SAR": 0.0555623,
    "ScanOptions": "IR_WE",
    "ScanningSequence": "GR_IR",
    "SequenceName": "_tfl3d1_16ns",
    "SequenceVariant": "SK_SP_MP_OSP",
    "SeriesDescription": "T1_Pat4_088mm_Pat2_224Sl",
    "SeriesNumber": 9,
    "ShimSetting": [
      -1109,
      -3155,
      -4300,
      429,
      1005,
      288,
      334,
      -891
    ],
    "SliceThickness": 0.88,
    "SoftwareVersions": "syngo_MR_E11",
    "StationName": "FBMTMR1",
    "TxRefAmp": 340.106,
    "acq_id": "MPrageHiRes",
    "dataset": "<unset>",
    "modality": "T1w",
    "session_id": "3",
    "subject_id": "season139"
  },
  "cjv": 0.5703073253395263,
  "cnr": 2.2848691599730255,
  "efc": 0.6544753490118108,
  "fber": 3352.5998387530235,
  "fwhm_avg": 4.094944920698762,
  "fwhm_x": 4.0299204763819985,
  "fwhm_y": 4.173005714285714,
  "fwhm_z": 4.081908571428571,
  "icvs_csf": 0.20057694512651095,
  "icvs_gm": 0.42096855240313075,
  "icvs_wm": 0.3784545024703583,
  "inu_med": 1.4286174774169922,
  "inu_range": 0.5225131273269652,
  "provenance": {
    "md5sum": "ed3ff3672fb8611211af486a2962801a",
    "settings": {
      "testing": false
    },
    "software": "mriqc",
    "version": "0.16.1",
    "warnings": {
      "large_rot_frame": true,
      "small_air_mask": false
    },
    "webapi_port": null,
    "webapi_url": "https://mriqc.nimh.nih.gov/api/v1"
  },
  "qi_1": 0.0,
  "qi_2": 0.0015853426733815996,
  "rpve_csf": 22.44541696795709,
  "rpve_gm": 11.439931936269037,
  "rpve_wm": 14.990337299259707,
  "size_x": 224,
  "size_y": 256,
  "size_z": 256,
  "snr_csf": 2.322476636761134,
  "snr_gm": 10.33386993185666,
  "snr_total": 11.304359440331687,
  "snr_wm": 21.25673175237727,
  "snrd_csf": 44.56950935976391,
  "snrd_gm": 100.37670410825524,
  "snrd_total": 90.47621952522836,
  "snrd_wm": 126.48244510766594,
  "spacing_x": 0.8799999952316284,
  "spacing_y": 0.875,
  "spacing_z": 0.875,
  "summary_bg_k": 7.3298889437738115,
  "summary_bg_mad": 5.180017100888378,
  "summary_bg_mean": 11.490026249796943,
  "summary_bg_median": 10.207576423883438,
  "summary_bg_n": 2695043.0,
  "summary_bg_p05": 3.493868440389633,
  "summary_bg_p95": 24.457079082727432,
  "summary_bg_stdv": 7.024937657135297,
  "summary_csf_k": 50.95684441877216,
  "summary_csf_mad": 105.02230749644279,
  "summary_csf_mean": 386.2771921962889,
  "summary_csf_median": 352.4011619091034,
  "summary_csf_n": 38615.0,
  "summary_csf_p05": 234.63724330067635,
  "summary_csf_p95": 610.6733976006508,
  "summary_csf_stdv": 151.73310822291177,
  "summary_gm_k": 0.30992757816104355,
  "summary_gm_mad": 73.84063592835001,
  "summary_gm_mean": 798.0848657342481,
  "summary_gm_median": 793.6561937630177,
  "summary_gm_n": 40302.0,
  "summary_gm_p05": 681.2358386516571,
  "summary_gm_p95": 933.1334771201012,
  "summary_gm_stdv": 76.800497061894,
  "summary_wm_k": 0.7332172137008905,
  "summary_wm_mad": 43.877791913407435,
  "summary_wm_mean": 1000.7767450850656,
  "summary_wm_median": 1000.0684606432915,
  "summary_wm_n": 343758.0,
  "summary_wm_p05": 924.8475283384323,
  "summary_wm_p95": 1078.166696369648,
  "summary_wm_stdv": 47.047072789974365,
  "tpm_overlap_csf": 0.17919473350048065,
  "tpm_overlap_gm": 0.44670334458351135,
  "tpm_overlap_wm": 0.510353684425354,
  "wm2max": 0.5331245633417218
}