{
  "bids_meta": {
    "AcquisitionMatrixPE": 256,
    "AcquisitionNumber": 1,
    "AcquisitionTime": "13:02:43.200000",
    "BaseResolution": 256,
    "BodyPartExamined": "HEAD",
    "ConsistencyInfo": "N4_VE11C_LATEST_20160120",
    "ConversionSoftware": "dcm2niix",
    "ConversionSoftwareVersion": "v1.0.20180622 GCC7.3.0",
    "DeviceSerialNumber": "45250",
    "DwellTime": 9.2e-06,
    "EchoTime": 0.00218,
    "FlipAngle": 8,
    "ImageOrientationPatientDICOM": [
      0.114444,
      0.992817,
      0.0348934,
      -0.0145489,
      0.0367954,
      -0.999217
    ],
    "ImageType": [
      "ORIGINAL",
      "PRIMARY",
      "M",
      "NORM",
      "DIS3D",
      "DIS2D"
    ],
    "InPlanePhaseEncodingDirectionDICOM": "ROW",
    "InstitutionAddress": "Kopernikusstr._26_Graz_Graz_AT_8010",
    "InstitutionName": "KFU",
    "InstitutionalDepartmentName": "Department",
    "InversionTime": 1,
    "MRAcquisitionType": "3D",
    "MagneticFieldStrength": 3,
    "Manufacturer": "Siemens",
    "ManufacturersModelName": "Skyra",
    "Modality": "MR",
    "ParallelReductionFactorInPlane": 2,
    "PartialFourier": 1,
    "PatientPosition": "HFS",
    "PercentPhaseFOV": 100,
    "PhaseEncodingSteps": 294,
    "PhaseOversampling": 0.15,
    "PhaseResolution": 1,
    "PixelBandwidth": 210,
    "ProcedureStepDescription": "KFU_BioPsy",
    "ProtocolName": "T1_Pat4_088mm_Pat2_224Sl",
    "PulseSequenceDetails": "%SiemensSeq%_tfl",
    "ReceiveCoilActiveElements": "HEA;HEP",
    "ReceiveCoilName": "Head_32",
    "ReconMatrixPE": 256,
    "RepetitionTime": 2.2,
    "SAR": 0.0505822,
    "ScanOptions": "IR_WE",
    "ScanningSequence": "GR_IR",
    "SequenceName": "_tfl3d1_16ns",
    "SequenceVariant": "SK_SP_MP_OSP",
    "SeriesDescription": "T1_Pat4_088mm_Pat2_224Sl",
    "SeriesNumber": 9,
    "ShimSetting": [
      -1099,
      -3164,
      -4299,
      348,
      1081,
      -9,
      390,
      -803
    ],
    "SliceThickness": 0.88,
    "SoftwareVersions": "syngo_MR_E11",
    "StationName": "FBMTMR1",
    "TxRefAmp": 334.037,
    "acq_id": "MPrageHiRes",
    "dataset": "<unset>",
    "modality": "T1w",
    "session_id": "2",
    "subject_id": "season110"
  },
  "cjv": 0.49087966965770896,
  "cnr": 2.6847716060219664,
  "efc": 0.586033430872987,
  "fber": 3285.6890427257977,
  "fwhm_avg": 4.123198702641187,
  "fwhm_x": 4.046373250780704,
  "fwhm_y": 4.212788571428571,
  "fwhm_z": 4.110434285714286,
  "icvs_csf": 0.18399032345966979,
  "icvs_gm": 0.44982719204414234,
  "icvs_wm": 0.3661824844961879,
  "inu_med": 1.5207154750823975,
  "inu_range": 0.635450232028961,
  "provenance": {
    "md5sum": "8427365f94488ead078ca60867e762d2",
    "settings": {
      "testing": false
    },
    "software": "mriqc",
    "version": "0.16.1",
    "warnings": {
      "large_rot_frame": true,
      "small_air_mask": false
    },
    "webapi_port": null,
    "webapi_url": "https://mriqc.nimh.nih.gov/api/v1"
  },
  "qi_1": 0.0,
  "qi_2": 0.0019950210169724955,
  "rpve_csf": 25.14209092603973,
  "rpve_gm": 11.471072038327733,
  "rpve_wm": 16.070469243345933,
  "size_x": 224,
  "size_y": 256,
  "size_z": 256,
  "snr_csf": 3.460684262767447,
  "snr_gm": 11.349726847349686,
  "snr_total": 11.72727248199019,
  "snr_wm": 20.371406335853433,
  "snrd_csf": 69.70484113516733,
  "snrd_gm": 114.70756889850593,
  "snrd_total": 110.88080633359618,
  "snrd_wm": 148.2300089671153,
  "spacing_x": 0.8799979090690613,
  "spacing_y": 0.875,
  "spacing_z": 0.875,
  "summary_bg_k": 8.39563208418101,
  "summary_bg_mad": 4.419986615358477,
  "summary_bg_mean": 9.476684447226434,
  "summary_bg_median": 7.94996178150177,
  "summary_bg_n": 3349830.0,
  "summary_bg_p05": 2.9812356680631638,
  "summary_bg_p95": 20.868649676442146,
  "summary_bg_stdv": 6.095478748758325,
  "summary_csf_k": -0.4492079202458781,
  "summary_csf_mad": 165.79283127805425,
  "summary_csf_mean": 463.78961093386005,
  "summary_csf_median": 470.27531273663044,
  "summary_csf_n": 32915.0,
  "summary_csf_p05": 250.89144092798233,
  "summary_csf_p95": 665.768380279839,
  "summary_csf_stdv": 135.8887818682779,
  "summary_gm_k": 0.2448163468511524,
  "summary_gm_mad": 67.25312967682702,
  "summary_gm_mean": 777.2741197939944,
  "summary_gm_median": 773.8937060683966,
  "summary_gm_n": 48359.0,
  "summary_gm_p05": 671.4210369288921,
  "summary_gm_p95": 894.7798896282911,
  "summary_gm_stdv": 68.18540348042667,
  "summary_wm_k": 0.9786623285742966,
  "summary_wm_mad": 43.76653413247119,
  "summary_wm_mean": 999.4966612436126,
  "summary_wm_median": 1000.058427631855,
  "summary_wm_n": 306080.0,
  "summary_wm_p05": 916.5838289260864,
  "summary_wm_p95": 1077.8043774068356,
  "summary_wm_stdv": 49.0912005527637,
  "tpm_overlap_csf": 0.16378602385520935,
  "tpm_overlap_gm": 0.46984046697616577,
  "tpm_overlap_wm": 0.5176032185554504,
  "wm2max": 0.5164684156605099
}