{
  "bids_meta": {
    "AcquisitionMatrixPE": 256,
    "AcquisitionNumber": 1,
    "AcquisitionTime": "10:25:54.185000",
    "BaseResolution": 256,
    "BodyPartExamined": "HEAD",
    "ConsistencyInfo": "N4_VE11C_LATEST_20160120",
    "ConversionSoftware": "dcm2niix",
    "ConversionSoftwareVersion": "v1.0.20200427",
    "DeviceSerialNumber": "45250",
    "DwellTime": 9.2e-06,
    "EchoTime": 0.00218,
    "FlipAngle": 8,
    "ImageOrientationPatientDICOM": [
      -0.00479346,
      0.975699,
      0.219062,
      0.085406,
      0.218664,
      -0.972056
    ],
    "ImageType": [
      "ORIGINAL",
      "PRIMARY",
      "M",
      "NORM",
      "DIS3D",
      "DIS2D"
    ],
    "ImagingFrequency": 123.239,
    "InPlanePhaseEncodingDirectionDICOM": "ROW",
    "InstitutionAddress": "Kopernikusstr._26_Graz_Graz_AT_8010",
    "InstitutionName": "KFU",
    "InstitutionalDepartmentName": "Department",
    "InversionTime": 1,
    "MRAcquisitionType": "3D",
    "MagneticFieldStrength": 3,
    "Manufacturer": "Siemens",
    "ManufacturersModelName": "Skyra",
    "Modality": "MR",
    "ParallelReductionFactorInPlane": 2,
    "PartialFourier": 1,
    "PatientPosition": "HFS",
    "PercentPhaseFOV": 100,
    "PercentSampling": 100,
    "PhaseEncodingSteps": 294,
    "PhaseOversampling": 0.15,
    "PhaseResolution": 1,
    "PixelBandwidth": 210,
    "ProcedureStepDescription": "BioPsy_2018",
    "ProtocolName": "anat-T1w",
    "PulseSequenceDetails": "%SiemensSeq%_tfl",
    "ReceiveCoilActiveElements": "HEA;HEP",
    "ReceiveCoilName": "Head_32",
    "ReconMatrixPE": 256,
    "RefLinesPE": 24,
    "RepetitionTime": 2.2,
    "SAR": 0.0577306,
    "ScanOptions": "IR_WE",
    "ScanningSequence": "GR_IR",
    "SequenceName": "_tfl3d1_16ns",
    "SequenceVariant": "SK_SP_MP_OSP",
    "SeriesDescription": "anat-T1w",
    "SeriesNumber": 9,
    "ShimSetting": [
      -1091,
      -3321,
      -4358,
      280,
      729,
      -81,
      529,
      -1076
    ],
    "SliceThickness": 0.88,
    "SoftwareVersions": "syngo_MR_E11",
    "StationName": "FBMTMR1",
    "TxRefAmp": 318.585,
    "acq_id": "MPrageHiRes",
    "dataset": "<unset>",
    "modality": "T1w",
    "session_id": "1",
    "subject_id": "season206"
  },
  "cjv": 0.5580017719831079,
  "cnr": 2.428379626727291,
  "efc": 0.625862660537438,
  "fber": 2717.328384,
  "fwhm_avg": 4.149188600381463,
  "fwhm_x": 4.045988658287247,
  "fwhm_y": 4.271954285714286,
  "fwhm_z": 4.1296228571428575,
  "icvs_csf": 0.20951995998718276,
  "icvs_gm": 0.4424000687102692,
  "icvs_wm": 0.34807997130254803,
  "inu_med": 1.1237192153930664,
  "inu_range": 0.4614114463329315,
  "provenance": {
    "md5sum": "53bfdf3862bed14d76131d56f5c49ec9",
    "settings": {
      "testing": false
    },
    "software": "mriqc",
    "version": "0.16.1",
    "warnings": {
      "large_rot_frame": true,
      "small_air_mask": false
    },
    "webapi_port": null,
    "webapi_url": "https://mriqc.nimh.nih.gov/api/v1"
  },
  "qi_1": 0.00011004481333696803,
  "qi_2": 0.003003691302277399,
  "rpve_csf": 25.85573948458875,
  "rpve_gm": 13.09332533810153,
  "rpve_wm": 18.80445628843852,
  "size_x": 224,
  "size_y": 256,
  "size_z": 256,
  "snr_csf": 2.966217597030529,
  "snr_gm": 11.208725923828604,
  "snr_total": 10.921042934704351,
  "snr_wm": 18.58818528325392,
  "snrd_csf": 46.1287189009775,
  "snrd_gm": 89.79826411627192,
  "snrd_total": 83.44326406221064,
  "snrd_wm": 114.40280916938252,
  "spacing_x": 0.8799999952316284,
  "spacing_y": 0.875,
  "spacing_z": 0.875,
  "summary_bg_k": 4.90190290209689,
  "summary_bg_mad": 5.726896729253717,
  "summary_bg_mean": 11.849983486831855,
  "summary_bg_median": 10.300621718168259,
  "summary_bg_n": 2363349.0,
  "summary_bg_p05": 3.8067515045404434,
  "summary_bg_p95": 24.463976580649614,
  "summary_bg_stdv": 6.761719611567215,
  "summary_csf_k": -0.8464625982891696,
  "summary_csf_mad": 163.92204406197234,
  "summary_csf_mean": 427.175197422485,
  "summary_csf_median": 403.23575128242373,
  "summary_csf_n": 36961.0,
  "summary_csf_p05": 244.9196740053594,
  "summary_csf_p95": 648.2673885673285,
  "summary_csf_stdv": 135.94090223444348,
  "summary_gm_k": -0.08304676939372868,
  "summary_gm_mad": 70.96372034075259,
  "summary_gm_mean": 786.1397456007113,
  "summary_gm_median": 784.9745528921485,
  "summary_gm_n": 39229.0,
  "summary_gm_p05": 675.5528397925198,
  "summary_gm_p95": 905.9284837849439,
  "summary_gm_stdv": 70.03155872790063,
  "summary_wm_k": 0.42838833377200425,
  "summary_wm_mad": 49.052115463607926,
  "summary_wm_mean": 999.6800047114643,
  "summary_wm_median": 1000.0560128986835,
  "summary_wm_n": 249783.0,
  "summary_wm_p05": 907.5183623544872,
  "summary_wm_p95": 1087.723260782659,
  "summary_wm_stdv": 53.80051876005326,
  "tpm_overlap_csf": 0.15611518919467926,
  "tpm_overlap_gm": 0.45233041048049927,
  "tpm_overlap_wm": 0.48750728368759155,
  "wm2max": 0.5516991160753987
}