{
  "bids_meta": {
    "AcquisitionMatrixPE": 256,
    "AcquisitionNumber": 1,
    "AcquisitionTime": "09:59:58.142500",
    "BaseResolution": 256,
    "BodyPartExamined": "HEAD",
    "ConsistencyInfo": "N4_VE11C_LATEST_20160120",
    "ConversionSoftware": "dcm2niix",
    "ConversionSoftwareVersion": "v1.0.20180622 GCC7.3.0",
    "DeviceSerialNumber": "45250",
    "DwellTime": 9.2e-06,
    "EchoTime": 0.00218,
    "FlipAngle": 8,
    "ImageOrientationPatientDICOM": [
      -0.0779468,
      0.996933,
      0.00698114,
      0.00562201,
      0.00744188,
      -0.999956
    ],
    "ImageType": [
      "ORIGINAL",
      "PRIMARY",
      "M",
      "NORM",
      "DIS3D",
      "DIS2D"
    ],
    "InPlanePhaseEncodingDirectionDICOM": "ROW",
    "InstitutionAddress": "Kopernikusstr._26_Graz_Graz_AT_8010",
    "InstitutionName": "KFU",
    "InstitutionalDepartmentName": "Department",
    "InversionTime": 1,
    "MRAcquisitionType": "3D",
    "MagneticFieldStrength": 3,
    "Manufacturer": "Siemens",
    "ManufacturersModelName": "Skyra",
    "Modality": "MR",
    "ParallelReductionFactorInPlane": 2,
    "PartialFourier": 1,
    "PatientPosition": "HFS",
    "PercentPhaseFOV": 100,
    "PhaseEncodingSteps": 294,
    "PhaseOversampling": 0.15,
    "PhaseResolution": 1,
    "PixelBandwidth": 210,
    "ProcedureStepDescription": "KFU_BioPsy",
    "ProtocolName": "T1_Pat4_088mm_Pat2_224Sl",
    "PulseSequenceDetails": "%SiemensSeq%_tfl",
    "ReceiveCoilActiveElements": "HEA;HEP",
    "ReceiveCoilName": "Head_32",
    "ReconMatrixPE": 256,
    "RepetitionTime": 2.2,
    "SAR": 0.0653064,
    "ScanOptions": "IR_WE",
    "ScanningSequence": "GR_IR",
    "SequenceName": "_tfl3d1_16ns",
    "SequenceVariant": "SK_SP_MP_OSP",
    "SeriesDescription": "T1_Pat4_088mm_Pat2_224Sl",
    "SeriesNumber": 9,
    "ShimSetting": [
      -1158,
      -3194,
      -4340,
      452,
      695,
      106,
      181,
      -917
    ],
    "SliceThickness": 0.88,
    "SoftwareVersions": "syngo_MR_E11",
    "StationName": "FBMTMR1",
    "TxRefAmp": 321.447,
    "acq_id": "MPrageHiRes",
    "dataset": "<unset>",
    "modality": "T1w",
    "session_id": "2",
    "subject_id": "season119"
  },
  "cjv": 0.47190977841721105,
  "cnr": 2.680698800936352,
  "efc": 0.5651177773388616,
  "fber": 2951.032249886827,
  "fwhm_avg": 4.090394489499642,
  "fwhm_x": 4.032349182784642,
  "fwhm_y": 4.077302857142857,
  "fwhm_z": 4.161531428571428,
  "icvs_csf": 0.18575443476607706,
  "icvs_gm": 0.4456724544047168,
  "icvs_wm": 0.36857311082920613,
  "inu_med": 1.4678778648376465,
  "inu_range": 0.5438454329967497,
  "provenance": {
    "md5sum": "0720376e079cac2100be0f63e8d51876",
    "settings": {
      "testing": false
    },
    "software": "mriqc",
    "version": "0.16.1",
    "warnings": {
      "large_rot_frame": true,
      "small_air_mask": false
    },
    "webapi_port": null,
    "webapi_url": "https://mriqc.nimh.nih.gov/api/v1"
  },
  "qi_1": 0.0,
  "qi_2": 0.003569007823517305,
  "rpve_csf": 25.652905858186163,
  "rpve_gm": 11.960568084121421,
  "rpve_wm": 16.42961635980938,
  "size_x": 224,
  "size_y": 256,
  "size_z": 256,
  "snr_csf": 2.117622278794549,
  "snr_gm": 11.709259686785582,
  "snr_total": 11.824105892326878,
  "snr_wm": 21.645435711400502,
  "snrd_csf": 48.78096039779326,
  "snrd_gm": 101.27083848546924,
  "snrd_total": 93.19621559812042,
  "snrd_wm": 129.53684791109876,
  "spacing_x": 0.8800031542778015,
  "spacing_y": 0.875,
  "spacing_z": 0.875,
  "summary_bg_k": 3.8180848409264563,
  "summary_bg_mad": 5.057811919974145,
  "summary_bg_mean": 10.43020921047972,
  "summary_bg_median": 8.948045372962952,
  "summary_bg_n": 3443258.0,
  "summary_bg_p05": 3.2995917312800884,
  "summary_bg_p95": 21.30753304436803,
  "summary_bg_stdv": 5.816467815745903,
  "summary_csf_k": 18.569272806589485,
  "summary_csf_mad": 155.96302002412077,
  "summary_csf_mean": 418.5908265901301,
  "summary_csf_median": 376.6008596345782,
  "summary_csf_n": 28236.0,
  "summary_csf_p05": 232.4814038462937,
  "summary_csf_p95": 637.4923075400293,
  "summary_csf_stdv": 177.8382266468557,
  "summary_gm_k": 0.42846773285943707,
  "summary_gm_mad": 62.51787192886074,
  "summary_gm_mean": 784.0833856103407,
  "summary_gm_median": 781.8354644626379,
  "summary_gm_n": 52420.0,
  "summary_gm_p05": 679.6040460765362,
  "summary_gm_p95": 899.7259622514248,
  "summary_gm_stdv": 66.77006300352838,
  "summary_wm_k": 1.001882762183027,
  "summary_wm_mad": 40.46249535979316,
  "summary_wm_mean": 998.9326318801657,
  "summary_wm_median": 1000.0559209957719,
  "summary_wm_n": 316370.0,
  "summary_wm_p05": 919.6353632062674,
  "summary_wm_p95": 1072.3673126660287,
  "summary_wm_stdv": 46.20162669913094,
  "tpm_overlap_csf": 0.173574760556221,
  "tpm_overlap_gm": 0.45716992020606995,
  "tpm_overlap_wm": 0.5200417637825012,
  "wm2max": 0.5584634603372892
}