{
  "bids_meta": {
    "AcquisitionMatrixPE": 256,
    "AcquisitionNumber": 1,
    "AcquisitionTime": "08:21:26.160000",
    "BaseResolution": 256,
    "BodyPartExamined": "BRAIN",
    "ConsistencyInfo": "N4_VE11C_LATEST_20160120",
    "ConversionSoftware": "dcm2niix",
    "ConversionSoftwareVersion": "v1.0.20200427",
    "DeviceSerialNumber": "45250",
    "DwellTime": 9.2e-06,
    "EchoTime": 0.00218,
    "FlipAngle": 8,
    "ImageOrientationPatientDICOM": [
      -0.0083477,
      0.999404,
      0.0335017,
      -0.0120449,
      0.0334,
      -0.99937
    ],
    "ImageType": [
      "ORIGINAL",
      "PRIMARY",
      "M",
      "NORM",
      "DIS3D",
      "DIS2D"
    ],
    "ImagingFrequency": 123.24,
    "InPlanePhaseEncodingDirectionDICOM": "ROW",
    "InstitutionAddress": "Kopernikusstr._26_Graz_Graz_AT_8010",
    "InstitutionName": "KFU",
    "InstitutionalDepartmentName": "Department",
    "InversionTime": 1,
    "MRAcquisitionType": "3D",
    "MagneticFieldStrength": 3,
    "Manufacturer": "Siemens",
    "ManufacturersModelName": "Skyra",
    "Modality": "MR",
    "ParallelReductionFactorInPlane": 2,
    "PartialFourier": 1,
    "PatientPosition": "HFS",
    "PercentPhaseFOV": 100,
    "PercentSampling": 100,
    "PhaseEncodingSteps": 294,
    "PhaseOversampling": 0.15,
    "PhaseResolution": 1,
    "PixelBandwidth": 210,
    "ProcedureStepDescription": "KFU_BioPsy",
    "ProtocolName": "T1_Pat4_088mm_Pat2_224Sl",
    "PulseSequenceDetails": "%SiemensSeq%_tfl",
    "ReceiveCoilActiveElements": "HEA;HEP",
    "ReceiveCoilName": "Head_32",
    "ReconMatrixPE": 256,
    "RefLinesPE": 24,
    "RepetitionTime": 2.2,
    "SAR": 0.0531919,
    "ScanOptions": "IR_WE",
    "ScanningSequence": "GR_IR",
    "SequenceName": "_tfl3d1_16ns",
    "SequenceVariant": "SK_SP_MP_OSP",
    "SeriesDescription": "T1_Pat4_088mm_Pat2_224Sl",
    "SeriesNumber": 9,
    "ShimSetting": [
      -1127,
      -3105,
      -4379,
      303,
      951,
      256,
      184,
      -903
    ],
    "SliceThickness": 0.88,
    "SoftwareVersions": "syngo_MR_E11",
    "StationName": "FBMTMR1",
    "TxRefAmp": 332.449,
    "acq_id": "MPrageHiRes",
    "dataset": "<unset>",
    "modality": "T1w",
    "session_id": "3",
    "subject_id": "season121"
  },
  "cjv": 0.541442871113355,
  "cnr": 2.399877581761207,
  "efc": 0.6728535533905,
  "fber": 2895.9282763693986,
  "fwhm_avg": 4.046593427037899,
  "fwhm_x": 3.944454566827983,
  "fwhm_y": 4.137668571428572,
  "fwhm_z": 4.057657142857143,
  "icvs_csf": 0.16844194717599692,
  "icvs_gm": 0.45522005740924476,
  "icvs_wm": 0.3763379954147583,
  "inu_med": 1.275691032409668,
  "inu_range": 0.49005622863769527,
  "provenance": {
    "md5sum": "5c492f0fe718b2f27a9038ec3cae0ada",
    "settings": {
      "testing": false
    },
    "software": "mriqc",
    "version": "0.16.1",
    "warnings": {
      "large_rot_frame": true,
      "small_air_mask": false
    },
    "webapi_port": null,
    "webapi_url": "https://mriqc.nimh.nih.gov/api/v1"
  },
  "qi_1": 0.0,
  "qi_2": 0.0013188202801135503,
  "rpve_csf": 23.02341217547029,
  "rpve_gm": 9.880670676263406,
  "rpve_wm": 13.582935805842348,
  "size_x": 224,
  "size_y": 256,
  "size_z": 256,
  "snr_csf": 1.4909442394204233,
  "snr_gm": 9.714077145207805,
  "snr_total": 10.631789168719179,
  "snr_wm": 20.690346121529306,
  "snrd_csf": 35.16338326913261,
  "snrd_gm": 79.73362689737716,
  "snrd_total": 72.58111762751099,
  "snrd_wm": 102.84634271602322,
  "spacing_x": 0.8799999952316284,
  "spacing_y": 0.875,
  "spacing_z": 0.875,
  "summary_bg_k": 7.27399288367986,
  "summary_bg_mad": 6.3700500034790215,
  "summary_bg_mean": 12.706463162507939,
  "summary_bg_median": 11.141857892274857,
  "summary_bg_n": 2487030.0,
  "summary_bg_p05": 3.422662228345871,
  "summary_bg_p95": 27.59976562857628,
  "summary_bg_stdv": 7.975670086416205,
  "summary_csf_k": 40.8946081961273,
  "summary_csf_mad": 101.48893225881831,
  "summary_csf_mean": 404.3390972870733,
  "summary_csf_median": 341.9021098315716,
  "summary_csf_n": 35129.0,
  "summary_csf_p05": 239.65917858481407,
  "summary_csf_p95": 660.4718584299087,
  "summary_csf_stdv": 229.3159156308057,
  "summary_gm_k": 0.4350089449085863,
  "summary_gm_mad": 76.11669919411374,
  "summary_gm_mean": 782.6715535939395,
  "summary_gm_median": 775.2694060206413,
  "summary_gm_n": 66728.0,
  "summary_gm_p05": 666.2539729177952,
  "summary_gm_p95": 931.375573803484,
  "summary_gm_stdv": 79.80826024273756,
  "summary_wm_k": 0.5617053255593709,
  "summary_wm_mad": 45.56205256725673,
  "summary_wm_mean": 1000.0129236593892,
  "summary_wm_median": 999.9999514818192,
  "summary_wm_n": 385081.0,
  "summary_wm_p05": 920.6961394250393,
  "summary_wm_p95": 1078.575537532568,
  "summary_wm_stdv": 48.33165415306268,
  "tpm_overlap_csf": 0.16154655814170837,
  "tpm_overlap_gm": 0.451096773147583,
  "tpm_overlap_wm": 0.48935434222221375,
  "wm2max": 0.4585893668180604
}