{
  "bids_meta": {
    "AcquisitionMatrixPE": 256,
    "AcquisitionNumber": 1,
    "AcquisitionTime": "14:34:1.182500",
    "BaseResolution": 256,
    "BodyPartExamined": "HEAD",
    "ConsistencyInfo": "N4_VE11C_LATEST_20160120",
    "ConversionSoftware": "dcm2niix",
    "ConversionSoftwareVersion": "v1.0.20200427",
    "DeviceSerialNumber": "45250",
    "DwellTime": 9.2e-06,
    "EchoTime": 0.00218,
    "FlipAngle": 8,
    "ImageOrientationPatientDICOM": [
      -0.063586,
      0.995413,
      0.0714891,
      0.0107203,
      0.0723112,
      -0.997325
    ],
    "ImageType": [
      "ORIGINAL",
      "PRIMARY",
      "M",
      "NORM",
      "DIS3D",
      "DIS2D"
    ],
    "ImagingFrequency": 123.24,
    "InPlanePhaseEncodingDirectionDICOM": "ROW",
    "InstitutionAddress": "Kopernikusstr._26_Graz_Graz_AT_8010",
    "InstitutionName": "KFU",
    "InstitutionalDepartmentName": "Department",
    "InversionTime": 1,
    "MRAcquisitionType": "3D",
    "MagneticFieldStrength": 3,
    "Manufacturer": "Siemens",
    "ManufacturersModelName": "Skyra",
    "Modality": "MR",
    "ParallelReductionFactorInPlane": 2,
    "PartialFourier": 1,
    "PatientPosition": "HFS",
    "PercentPhaseFOV": 100,
    "PercentSampling": 100,
    "PhaseEncodingSteps": 294,
    "PhaseOversampling": 0.15,
    "PhaseResolution": 1,
    "PixelBandwidth": 210,
    "ProcedureStepDescription": "KFU_BioPsy",
    "ProtocolName": "T1_Pat4_088mm_Pat2_224Sl",
    "PulseSequenceDetails": "%SiemensSeq%_tfl",
    "ReceiveCoilActiveElements": "HEA;HEP",
    "ReceiveCoilName": "Head_32",
    "ReconMatrixPE": 256,
    "RefLinesPE": 24,
    "RepetitionTime": 2.2,
    "SAR": 0.0552253,
    "ScanOptions": "IR_WE",
    "ScanningSequence": "GR_IR",
    "SequenceName": "_tfl3d1_16ns",
    "SequenceVariant": "SK_SP_MP_OSP",
    "SeriesDescription": "T1_Pat4_088mm_Pat2_224Sl",
    "SeriesNumber": 9,
    "ShimSetting": [
      -1123,
      -3182,
      -4323,
      419,
      903,
      226,
      498,
      -972
    ],
    "SliceThickness": 0.88,
    "SoftwareVersions": "syngo_MR_E11",
    "StationName": "FBMTMR1",
    "TxRefAmp": 339.667,
    "acq_id": "MPrageHiRes",
    "dataset": "<unset>",
    "modality": "T1w",
    "session_id": "1",
    "subject_id": "season139"
  },
  "cjv": 0.5343029474805391,
  "cnr": 2.428377776834754,
  "efc": 0.6532327445858587,
  "fber": 4443.129617310318,
  "fwhm_avg": 4.085657777823105,
  "fwhm_x": 4.019670476326458,
  "fwhm_y": 4.1604342857142855,
  "fwhm_z": 4.076868571428571,
  "icvs_csf": 0.19285956738943977,
  "icvs_gm": 0.4273186714453468,
  "icvs_wm": 0.37982176116521343,
  "inu_med": 1.365340232849121,
  "inu_range": 0.488019734621048,
  "provenance": {
    "md5sum": "1551d830308e4df3ccf8dda8e7b70f11",
    "settings": {
      "testing": false
    },
    "software": "mriqc",
    "version": "0.16.1",
    "warnings": {
      "large_rot_frame": true,
      "small_air_mask": false
    },
    "webapi_port": null,
    "webapi_url": "https://mriqc.nimh.nih.gov/api/v1"
  },
  "qi_1": 0.0,
  "qi_2": 0.0014744265294446073,
  "rpve_csf": 23.008049771417465,
  "rpve_gm": 11.307581959194534,
  "rpve_wm": 14.859842468275852,
  "size_x": 224,
  "size_y": 256,
  "size_z": 256,
  "snr_csf": 2.334233816913859,
  "snr_gm": 10.387508078839403,
  "snr_total": 11.465063756629974,
  "snr_wm": 21.673449374136663,
  "snrd_csf": 50.90113458920061,
  "snrd_gm": 114.75789597262333,
  "snrd_total": 103.97720991260299,
  "snrd_wm": 146.27259917598505,
  "spacing_x": 0.8799999952316284,
  "spacing_y": 0.875,
  "spacing_z": 0.875,
  "summary_bg_k": 12.38850509278202,
  "summary_bg_mad": 4.478872955791922,
  "summary_bg_mean": 9.882906574458234,
  "summary_bg_median": 8.805759243667126,
  "summary_bg_n": 2707865.0,
  "summary_bg_p05": 2.9566782861948013,
  "summary_bg_p95": 21.210952922701836,
  "summary_bg_stdv": 6.204271511933152,
  "summary_csf_k": 58.276911724547396,
  "summary_csf_mad": 95.48575961071289,
  "summary_csf_mean": 378.00876540162875,
  "summary_csf_median": 347.98817916214466,
  "summary_csf_n": 35920.0,
  "summary_csf_p05": 236.59853851050138,
  "summary_csf_p95": 590.114420555532,
  "summary_csf_stdv": 149.07818260257045,
  "summary_gm_k": 0.2858622847077448,
  "summary_gm_mad": 72.90080449320894,
  "summary_gm_mean": 789.2673072369619,
  "summary_gm_median": 784.5481556802988,
  "summary_gm_n": 45178.0,
  "summary_gm_p05": 675.0225078612566,
  "summary_gm_p95": 923.6502277035266,
  "summary_gm_stdv": 75.52720698954174,
  "summary_wm_k": 0.795269673723634,
  "summary_wm_mad": 42.21575998757067,
  "summary_wm_mean": 999.8748521974106,
  "summary_wm_median": 1000.0000168830156,
  "summary_wm_n": 345108.0,
  "summary_wm_p05": 923.2549326717854,
  "summary_wm_p95": 1074.431178957224,
  "summary_wm_stdv": 46.1393362356728,
  "tpm_overlap_csf": 0.17801712453365326,
  "tpm_overlap_gm": 0.4458707869052887,
  "tpm_overlap_wm": 0.5098172426223755,
  "wm2max": 0.5469118008928885
}