{
  "bids_meta": {
    "AcquisitionMatrixPE": 256,
    "AcquisitionNumber": 1,
    "AcquisitionTime": "08:48:59.167500",
    "BaseResolution": 256,
    "BodyPartExamined": "BRAIN",
    "ConsistencyInfo": "N4_VE11C_LATEST_20160120",
    "ConversionSoftware": "dcm2niix",
    "ConversionSoftwareVersion": "v1.0.20200427",
    "DeviceSerialNumber": "45250",
    "DwellTime": 9.2e-06,
    "EchoTime": 0.00218,
    "FlipAngle": 8,
    "ImageOrientationPatientDICOM": [
      -0.0625335,
      0.993537,
      0.0947342,
      0.0323292,
      0.0968867,
      -0.99477
    ],
    "ImageType": [
      "ORIGINAL",
      "PRIMARY",
      "M",
      "NORM",
      "DIS3D",
      "DIS2D"
    ],
    "ImagingFrequency": 123.24,
    "InPlanePhaseEncodingDirectionDICOM": "ROW",
    "InstitutionAddress": "Kopernikusstr._26_Graz_Graz_AT_8010",
    "InstitutionName": "KFU",
    "InstitutionalDepartmentName": "Department",
    "InversionTime": 1,
    "MRAcquisitionType": "3D",
    "MagneticFieldStrength": 3,
    "Manufacturer": "Siemens",
    "ManufacturersModelName": "Skyra",
    "Modality": "MR",
    "ParallelReductionFactorInPlane": 2,
    "PartialFourier": 1,
    "PatientPosition": "HFS",
    "PercentPhaseFOV": 100,
    "PercentSampling": 100,
    "PhaseEncodingSteps": 294,
    "PhaseOversampling": 0.15,
    "PhaseResolution": 1,
    "PixelBandwidth": 210,
    "ProcedureStepDescription": "KFU_BioPsy",
    "ProtocolName": "T1_Pat4_088mm_Pat2_224Sl",
    "PulseSequenceDetails": "%SiemensSeq%_tfl",
    "ReceiveCoilActiveElements": "HEA;HEP",
    "ReceiveCoilName": "Head_32",
    "ReconMatrixPE": 256,
    "RefLinesPE": 24,
    "RepetitionTime": 2.2,
    "SAR": 0.0569351,
    "ScanOptions": "IR_WE",
    "ScanningSequence": "GR_IR",
    "SequenceName": "_tfl3d1_16ns",
    "SequenceVariant": "SK_SP_MP_OSP",
    "SeriesDescription": "T1_Pat4_088mm_Pat2_224Sl",
    "SeriesNumber": 9,
    "ShimSetting": [
      -1130,
      -3186,
      -4470,
      556,
      805,
      85,
      514,
      -939
    ],
    "SliceThickness": 0.88,
    "SoftwareVersions": "syngo_MR_E11",
    "StationName": "FBMTMR1",
    "TxRefAmp": 322.423,
    "acq_id": "MPrageHiRes",
    "dataset": "<unset>",
    "modality": "T1w",
    "session_id": "2",
    "subject_id": "season128"
  },
  "cjv": 0.4295165706889498,
  "cnr": 3.0574241055589484,
  "efc": 0.6202756030622802,
  "fber": 2628.6983506944443,
  "fwhm_avg": 4.126522344966205,
  "fwhm_x": 4.043772749184331,
  "fwhm_y": 4.164948571428572,
  "fwhm_z": 4.170845714285714,
  "icvs_csf": 0.1901138067525146,
  "icvs_gm": 0.44535101950681527,
  "icvs_wm": 0.3645351737406701,
  "inu_med": 1.2194607257843018,
  "inu_range": 0.41873273253440857,
  "provenance": {
    "md5sum": "3e21dc266e6a6bdf9e64ced89c132980",
    "settings": {
      "testing": false
    },
    "software": "mriqc",
    "version": "0.16.1",
    "warnings": {
      "large_rot_frame": true,
      "small_air_mask": false
    },
    "webapi_port": null,
    "webapi_url": "https://mriqc.nimh.nih.gov/api/v1"
  },
  "qi_1": 0.0,
  "qi_2": 0.0020810195145366884,
  "rpve_csf": 24.447924620122,
  "rpve_gm": 11.615022045182586,
  "rpve_wm": 16.228523701076334,
  "size_x": 224,
  "size_y": 256,
  "size_z": 256,
  "snr_csf": 1.6296684622788715,
  "snr_gm": 11.537453166611707,
  "snr_total": 12.032314929666986,
  "snr_wm": 22.92982316011038,
  "snrd_csf": 38.261849403716454,
  "snrd_gm": 88.16211121946691,
  "snrd_total": 80.9122012356445,
  "snrd_wm": 116.31264308375015,
  "spacing_x": 0.8799999952316284,
  "spacing_y": 0.875,
  "spacing_z": 0.875,
  "summary_bg_k": 5.27351634611802,
  "summary_bg_mad": 5.6328612795492905,
  "summary_bg_mean": 12.69257677728693,
  "summary_bg_median": 11.4537937566638,
  "summary_bg_n": 2605503.0,
  "summary_bg_p05": 4.469773173332214,
  "summary_bg_p95": 25.477707087993622,
  "summary_bg_stdv": 6.95051893077619,
  "summary_csf_k": 51.93306190000085,
  "summary_csf_mad": 89.7115994963512,
  "summary_csf_mean": 374.4288811259785,
  "summary_csf_median": 328.975305557251,
  "summary_csf_n": 37020.0,
  "summary_csf_p05": 226.4498833939433,
  "summary_csf_p95": 588.3897661045194,
  "summary_csf_stdv": 201.86367345952186,
  "summary_gm_k": 0.08427513636072659,
  "summary_gm_mad": 65.19208569125429,
  "summary_gm_mean": 759.7130538416123,
  "summary_gm_median": 758.0176580324769,
  "summary_gm_n": 54324.0,
  "summary_gm_p05": 656.7214234918356,
  "summary_gm_p95": 873.2260615751147,
  "summary_gm_stdv": 65.70000070491189,
  "summary_wm_k": 1.3109065195739804,
  "summary_wm_mad": 38.76733939454512,
  "summary_wm_mean": 998.7210344611145,
  "summary_wm_median": 1000.0558753684163,
  "summary_wm_n": 320077.0,
  "summary_wm_p05": 925.0754303857684,
  "summary_wm_p95": 1066.0967740043998,
  "summary_wm_stdv": 43.61369497587455,
  "tpm_overlap_csf": 0.16364876925945282,
  "tpm_overlap_gm": 0.4429548680782318,
  "tpm_overlap_wm": 0.4856469929218292,
  "wm2max": 0.5614519582396366
}