{
  "bids_meta": {
    "AcquisitionMatrixPE": 256,
    "AcquisitionNumber": 1,
    "AcquisitionTime": "12:42:32.097500",
    "BaseResolution": 256,
    "BodyPartExamined": "HEAD",
    "ConsistencyInfo": "N4_VE11C_LATEST_20160120",
    "ConversionSoftware": "dcm2niix",
    "ConversionSoftwareVersion": "v1.0.20200427",
    "DeviceSerialNumber": "45250",
    "DwellTime": 9.2e-06,
    "EchoTime": 0.00218,
    "FlipAngle": 8,
    "ImageOrientationPatientDICOM": [
      0.00687606,
      0.99994,
      -0.00854993,
      -0.0220018,
      -0.00839678,
      -0.999723
    ],
    "ImageType": [
      "ORIGINAL",
      "PRIMARY",
      "M",
      "NORM",
      "DIS3D",
      "DIS2D"
    ],
    "ImagingFrequency": 123.24,
    "InPlanePhaseEncodingDirectionDICOM": "ROW",
    "InstitutionAddress": "Kopernikusstr._26_Graz_Graz_AT_8010",
    "InstitutionName": "KFU",
    "InstitutionalDepartmentName": "Department",
    "InversionTime": 1,
    "MRAcquisitionType": "3D",
    "MagneticFieldStrength": 3,
    "Manufacturer": "Siemens",
    "ManufacturersModelName": "Skyra",
    "Modality": "MR",
    "ParallelReductionFactorInPlane": 2,
    "PartialFourier": 1,
    "PatientPosition": "HFS",
    "PercentPhaseFOV": 100,
    "PercentSampling": 100,
    "PhaseEncodingSteps": 294,
    "PhaseOversampling": 0.15,
    "PhaseResolution": 1,
    "PixelBandwidth": 210,
    "ProcedureStepDescription": "BioPsy_2018",
    "ProtocolName": "anat-T1w",
    "PulseSequenceDetails": "%SiemensSeq%_tfl",
    "ReceiveCoilActiveElements": "HEA;HEP",
    "ReceiveCoilName": "Head_32",
    "ReconMatrixPE": 256,
    "RefLinesPE": 24,
    "RepetitionTime": 2.2,
    "SAR": 0.0584568,
    "ScanOptions": "IR_WE",
    "ScanningSequence": "GR_IR",
    "SequenceName": "_tfl3d1_16ns",
    "SequenceVariant": "SK_SP_MP_OSP",
    "SeriesDescription": "anat-T1w",
    "SeriesNumber": 9,
    "ShimSetting": [
      -1069,
      -3049,
      -4614,
      369,
      1265,
      263,
      302,
      -1239
    ],
    "SliceThickness": 0.88,
    "SoftwareVersions": "syngo_MR_E11",
    "StationName": "FBMTMR1",
    "TxRefAmp": 322.96,
    "acq_id": "MPrageHiRes",
    "dataset": "<unset>",
    "modality": "T1w",
    "session_id": "2",
    "subject_id": "season212"
  },
  "cjv": 0.5303935228478944,
  "cnr": 2.4723003162623174,
  "efc": 0.6278417412546983,
  "fber": 3834.8203017832648,
  "fwhm_avg": 4.208289358286134,
  "fwhm_x": 4.22809093200126,
  "fwhm_y": 4.273325714285714,
  "fwhm_z": 4.123451428571428,
  "icvs_csf": 0.19197232782126555,
  "icvs_gm": 0.43636645363179416,
  "icvs_wm": 0.3716612185469403,
  "inu_med": 1.1797997951507568,
  "inu_range": 0.4520151764154433,
  "provenance": {
    "md5sum": "e200df4a26e5c86b361a9ad888cce76b",
    "settings": {
      "testing": false
    },
    "software": "mriqc",
    "version": "0.16.1",
    "warnings": {
      "large_rot_frame": true,
      "small_air_mask": false
    },
    "webapi_port": null,
    "webapi_url": "https://mriqc.nimh.nih.gov/api/v1"
  },
  "qi_1": 0.0,
  "qi_2": 0.0017604889457798387,
  "rpve_csf": 26.592867124702174,
  "rpve_gm": 12.834856431588243,
  "rpve_wm": 17.411688204672558,
  "size_x": 224,
  "size_y": 256,
  "size_z": 256,
  "snr_csf": 3.0652047582800375,
  "snr_gm": 11.487636369907548,
  "snr_total": 12.099250625573864,
  "snr_wm": 21.744910748534004,
  "snrd_csf": 54.314133219967985,
  "snrd_gm": 109.66931229178037,
  "snrd_total": 100.69434865297798,
  "snrd_wm": 138.09960044718557,
  "spacing_x": 0.8799999952316284,
  "spacing_y": 0.875,
  "spacing_z": 0.875,
  "summary_bg_k": 7.837764137275331,
  "summary_bg_mad": 4.743941219555596,
  "summary_bg_mean": 10.49496335017093,
  "summary_bg_median": 9.490753430873156,
  "summary_bg_n": 2731343.0,
  "summary_bg_p05": 3.1997397281229496,
  "summary_bg_p95": 22.127013713121414,
  "summary_bg_stdv": 6.343798105526106,
  "summary_csf_k": 1.4420496799745823,
  "summary_csf_mad": 143.28310598725548,
  "summary_csf_mean": 421.3214979690221,
  "summary_csf_median": 393.29682217538357,
  "summary_csf_n": 30311.0,
  "summary_csf_p05": 251.74901386350393,
  "summary_csf_p95": 627.7726647946984,
  "summary_csf_stdv": 128.30801380174523,
  "summary_gm_k": 0.10323195941033303,
  "summary_gm_mad": 68.02329274142431,
  "summary_gm_mean": 795.9368500920793,
  "summary_gm_median": 794.1320142187178,
  "summary_gm_n": 44887.0,
  "summary_gm_p05": 687.5644114091992,
  "summary_gm_p95": 914.783895119652,
  "summary_gm_stdv": 69.12850848479205,
  "summary_wm_k": 0.7937702806679834,
  "summary_wm_mad": 41.1677610917367,
  "summary_wm_mean": 999.8240019724162,
  "summary_wm_median": 1000.0000143535435,
  "summary_wm_n": 305252.0,
  "summary_wm_p05": 922.3385348506272,
  "summary_wm_p95": 1074.6244527585804,
  "summary_wm_stdv": 45.98769743990283,
  "tpm_overlap_csf": 0.16344010829925537,
  "tpm_overlap_gm": 0.4613124132156372,
  "tpm_overlap_wm": 0.5097174048423767,
  "wm2max": 0.632447947937215
}