{
  "bids_meta": {
    "AcquisitionMatrixPE": 256,
    "AcquisitionNumber": 1,
    "AcquisitionTime": "14:07:21.135000",
    "BaseResolution": 256,
    "BodyPartExamined": "HEAD",
    "ConsistencyInfo": "N4_VE11C_LATEST_20160120",
    "ConversionSoftware": "dcm2niix",
    "ConversionSoftwareVersion": "v1.0.20200427",
    "DeviceSerialNumber": "45250",
    "DwellTime": 9.2e-06,
    "EchoTime": 0.00218,
    "FlipAngle": 8,
    "ImageOrientationPatientDICOM": [
      -0.00650897,
      0.999977,
      -0.00174531,
      -0.00265771,
      -0.00176264,
      -0.999995
    ],
    "ImageType": [
      "ORIGINAL",
      "PRIMARY",
      "M",
      "NORM",
      "DIS3D",
      "DIS2D"
    ],
    "ImagingFrequency": 123.24,
    "InPlanePhaseEncodingDirectionDICOM": "ROW",
    "InstitutionAddress": "Kopernikusstr._26_Graz_Graz_AT_8010",
    "InstitutionName": "KFU",
    "InstitutionalDepartmentName": "Department",
    "InversionTime": 1,
    "MRAcquisitionType": "3D",
    "MagneticFieldStrength": 3,
    "Manufacturer": "Siemens",
    "ManufacturersModelName": "Skyra",
    "Modality": "MR",
    "ParallelReductionFactorInPlane": 2,
    "PartialFourier": 1,
    "PatientPosition": "HFS",
    "PercentPhaseFOV": 100,
    "PercentSampling": 100,
    "PhaseEncodingSteps": 294,
    "PhaseOversampling": 0.15,
    "PhaseResolution": 1,
    "PixelBandwidth": 210,
    "ProcedureStepDescription": "KFU_BioPsy",
    "ProtocolName": "T1_Pat4_088mm_Pat2_224Sl",
    "PulseSequenceDetails": "%SiemensSeq%_tfl",
    "ReceiveCoilActiveElements": "HEA;HEP",
    "ReceiveCoilName": "Head_32",
    "ReconMatrixPE": 256,
    "RefLinesPE": 24,
    "RepetitionTime": 2.2,
    "SAR": 0.0587066,
    "ScanOptions": "IR_WE",
    "ScanningSequence": "GR_IR",
    "SequenceName": "_tfl3d1_16ns",
    "SequenceVariant": "SK_SP_MP_OSP",
    "SeriesDescription": "T1_Pat4_088mm_Pat2_224Sl",
    "SeriesNumber": 9,
    "ShimSetting": [
      -1103,
      -3170,
      -4383,
      246,
      866,
      93,
      206,
      -838
    ],
    "SliceThickness": 0.88,
    "SoftwareVersions": "syngo_MR_E11",
    "StationName": "FBMTMR1",
    "TxRefAmp": 332.389,
    "acq_id": "MPrageHiRes",
    "dataset": "<unset>",
    "modality": "T1w",
    "session_id": "1",
    "subject_id": "season117"
  },
  "cjv": 0.5015793728707448,
  "cnr": 2.497735345866472,
  "efc": 0.6419086560254945,
  "fber": 6665.361736111111,
  "fwhm_avg": 4.167949098438651,
  "fwhm_x": 4.168727295315955,
  "fwhm_y": 4.130125714285714,
  "fwhm_z": 4.204994285714286,
  "icvs_csf": 0.17850072954489213,
  "icvs_gm": 0.42225596873770055,
  "icvs_wm": 0.3992433017174073,
  "inu_med": 1.1618574857711792,
  "inu_range": 0.4650752991437913,
  "provenance": {
    "md5sum": "163e65a7d4f515b7672ad34b7628e547",
    "settings": {
      "testing": false
    },
    "software": "mriqc",
    "version": "0.16.1",
    "warnings": {
      "large_rot_frame": true,
      "small_air_mask": false
    },
    "webapi_port": null,
    "webapi_url": "https://mriqc.nimh.nih.gov/api/v1"
  },
  "qi_1": 0.0,
  "qi_2": 0.0018264888351183532,
  "rpve_csf": 21.889497007574388,
  "rpve_gm": 10.355839824900041,
  "rpve_wm": 13.113815103826534,
  "size_x": 224,
  "size_y": 256,
  "size_z": 256,
  "snr_csf": 1.775559546732546,
  "snr_gm": 10.10222931502071,
  "snr_total": 11.555538428135506,
  "snr_wm": 22.788826422653262,
  "snrd_csf": 72.37211269367623,
  "snrd_gm": 142.78337058817255,
  "snrd_total": 132.87783179043728,
  "snrd_wm": 183.47801208946308,
  "spacing_x": 0.8799999952316284,
  "spacing_y": 0.875,
  "spacing_z": 0.875,
  "summary_bg_k": 8.790694735834379,
  "summary_bg_mad": 3.570921962492357,
  "summary_bg_mean": 7.565110223028143,
  "summary_bg_median": 6.5482460260391235,
  "summary_bg_n": 3052375.0,
  "summary_bg_p05": 2.483817458152771,
  "summary_bg_p95": 17.085653424263,
  "summary_bg_stdv": 5.070060775842399,
  "summary_csf_k": 27.81858770628353,
  "summary_csf_mad": 146.1846178395309,
  "summary_csf_mean": 439.5182266888907,
  "summary_csf_median": 394.475372672081,
  "summary_csf_n": 31995.0,
  "summary_csf_p05": 241.98403418064117,
  "summary_csf_p95": 675.9746845960617,
  "summary_csf_stdv": 222.16613839220767,
  "summary_gm_k": 0.44328524912793243,
  "summary_gm_mad": 71.8648044951587,
  "summary_gm_mean": 784.90506118964,
  "summary_gm_median": 778.2628035545349,
  "summary_gm_n": 54590.0,
  "summary_gm_p05": 670.9317824840546,
  "summary_gm_p95": 926.6897134780884,
  "summary_gm_stdv": 77.03801319481363,
  "summary_wm_k": 1.4179615691805498,
  "summary_wm_mad": 39.39173289874382,
  "summary_wm_mean": 1001.574127337222,
  "summary_wm_median": 1000.0752292871475,
  "summary_wm_n": 425118.0,
  "summary_wm_p05": 933.1626923084259,
  "summary_wm_p95": 1073.8370810747147,
  "summary_wm_stdv": 43.88440345746875,
  "tpm_overlap_csf": 0.1630367487668991,
  "tpm_overlap_gm": 0.44405242800712585,
  "tpm_overlap_wm": 0.5024997591972351,
  "wm2max": 0.44367089296547707
}