{
  "bids_meta": {
    "AcquisitionMatrixPE": 256,
    "AcquisitionNumber": 1,
    "AcquisitionTime": "12:46:17.110000",
    "BaseResolution": 256,
    "BodyPartExamined": "HEAD",
    "ConsistencyInfo": "N4_VE11C_LATEST_20160120",
    "ConversionSoftware": "dcm2niix",
    "ConversionSoftwareVersion": "v1.0.20200427",
    "DeviceSerialNumber": "45250",
    "DwellTime": 9.2e-06,
    "EchoTime": 0.00218,
    "FlipAngle": 8,
    "ImageOrientationPatientDICOM": [
      0.0814676,
      0.95586,
      0.282301,
      0.0414517,
      0.279748,
      -0.959178
    ],
    "ImageType": [
      "ORIGINAL",
      "PRIMARY",
      "M",
      "NORM",
      "DIS3D",
      "DIS2D"
    ],
    "ImagingFrequency": 123.24,
    "InPlanePhaseEncodingDirectionDICOM": "ROW",
    "InstitutionAddress": "Kopernikusstr._26_Graz_Graz_AT_8010",
    "InstitutionName": "KFU",
    "InstitutionalDepartmentName": "Department",
    "InversionTime": 1,
    "MRAcquisitionType": "3D",
    "MagneticFieldStrength": 3,
    "Manufacturer": "Siemens",
    "ManufacturersModelName": "Skyra",
    "Modality": "MR",
    "ParallelReductionFactorInPlane": 2,
    "PartialFourier": 1,
    "PatientPosition": "HFS",
    "PercentPhaseFOV": 100,
    "PercentSampling": 100,
    "PhaseEncodingSteps": 294,
    "PhaseOversampling": 0.15,
    "PhaseResolution": 1,
    "PixelBandwidth": 210,
    "ProcedureStepDescription": "KFU_BioPsy",
    "ProtocolName": "T1_Pat4_088mm_Pat2_224Sl",
    "PulseSequenceDetails": "%SiemensSeq%_tfl",
    "ReceiveCoilActiveElements": "HEA;HEP",
    "ReceiveCoilName": "Head_32",
    "ReconMatrixPE": 256,
    "RefLinesPE": 24,
    "RepetitionTime": 2.2,
    "SAR": 0.0590395,
    "ScanOptions": "IR_WE",
    "ScanningSequence": "GR_IR",
    "SequenceName": "_tfl3d1_16ns",
    "SequenceVariant": "SK_SP_MP_OSP",
    "SeriesDescription": "T1_Pat4_088mm_Pat2_224Sl",
    "SeriesNumber": 9,
    "ShimSetting": [
      -1122,
      -3245,
      -4293,
      682,
      867,
      17,
      460,
      -769
    ],
    "SliceThickness": 0.88,
    "SoftwareVersions": "syngo_MR_E11",
    "StationName": "FBMTMR1",
    "TxRefAmp": 321.369,
    "acq_id": "MPrageHiRes",
    "dataset": "<unset>",
    "modality": "T1w",
    "session_id": "3",
    "subject_id": "season128"
  },
  "cjv": 0.44508635673075386,
  "cnr": 2.9461653082727306,
  "efc": 0.6332654255674413,
  "fber": 3003.378542359237,
  "fwhm_avg": 4.255812236905113,
  "fwhm_x": 4.134579567858196,
  "fwhm_y": 4.34488,
  "fwhm_z": 4.287977142857143,
  "icvs_csf": 0.19090570924370712,
  "icvs_gm": 0.4390511264024916,
  "icvs_wm": 0.3700431643538013,
  "inu_med": 1.432098388671875,
  "inu_range": 0.5236421704292296,
  "provenance": {
    "md5sum": "2d9b3048957929daf568e57eec8903ad",
    "settings": {
      "testing": false
    },
    "software": "mriqc",
    "version": "0.16.1",
    "warnings": {
      "large_rot_frame": true,
      "small_air_mask": false
    },
    "webapi_port": null,
    "webapi_url": "https://mriqc.nimh.nih.gov/api/v1"
  },
  "qi_1": 0.0,
  "qi_2": 0.002164392519538288,
  "rpve_csf": 24.523575034890747,
  "rpve_gm": 11.778683776823895,
  "rpve_wm": 16.098576313884944,
  "size_x": 224,
  "size_y": 256,
  "size_z": 256,
  "snr_csf": 2.20103597183077,
  "snr_gm": 11.520902527023184,
  "snr_total": 11.803882333272766,
  "snr_wm": 21.689708500964343,
  "snrd_csf": 42.698500963068206,
  "snrd_gm": 97.85178347553523,
  "snrd_total": 89.67274379273185,
  "snrd_wm": 128.4679469395921,
  "spacing_x": 0.8799999952316284,
  "spacing_y": 0.875,
  "spacing_z": 0.875,
  "summary_bg_k": 20.93885832546987,
  "summary_bg_mad": 5.099609489352147,
  "summary_bg_mean": 12.13123179995001,
  "summary_bg_median": 10.613728791475296,
  "summary_bg_n": 2160006.0,
  "summary_bg_p05": 4.225836463272572,
  "summary_bg_p95": 24.51967901363969,
  "summary_bg_stdv": 6.841565450548874,
  "summary_csf_k": 42.8911129117977,
  "summary_csf_mad": 87.31259961412212,
  "summary_csf_mean": 364.664913749333,
  "summary_csf_median": 332.36695159971714,
  "summary_csf_n": 33494.0,
  "summary_csf_p05": 229.27619694918394,
  "summary_csf_p95": 575.7456493042409,
  "summary_csf_stdv": 151.00252527759426,
  "summary_gm_k": 0.07686463184499903,
  "summary_gm_mad": 65.27500146370748,
  "summary_gm_mean": 765.2362561543324,
  "summary_gm_median": 761.6824536882341,
  "summary_gm_n": 53717.0,
  "summary_gm_p05": 663.9477010667324,
  "summary_gm_p95": 881.9713799916208,
  "summary_gm_stdv": 66.11247357554713,
  "summary_wm_k": 1.1315302582100184,
  "summary_wm_mad": 40.79687591481718,
  "summary_wm_mean": 999.1981067100986,
  "summary_wm_median": 999.9999751634896,
  "summary_wm_n": 321546.0,
  "summary_wm_p05": 921.5271747931838,
  "summary_wm_p95": 1071.8883326724172,
  "summary_wm_stdv": 46.104742261999114,
  "tpm_overlap_csf": 0.16584011912345886,
  "tpm_overlap_gm": 0.43933621048927307,
  "tpm_overlap_wm": 0.48841702938079834,
  "wm2max": 0.6066052639422934
}