{
  "bids_meta": {
    "AcquisitionMatrixPE": 256,
    "AcquisitionNumber": 1,
    "AcquisitionTime": "08:16:31.182500",
    "BaseResolution": 256,
    "BodyPartExamined": "BRAIN",
    "ConsistencyInfo": "N4_VE11C_LATEST_20160120",
    "ConversionSoftware": "dcm2niix",
    "ConversionSoftwareVersion": "v1.0.20200427",
    "DeviceSerialNumber": "45250",
    "DwellTime": 9.2e-06,
    "EchoTime": 0.00218,
    "FlipAngle": 8,
    "ImageOrientationPatientDICOM": [
      -0.0820617,
      0.984607,
      0.154318,
      0.0589689,
      0.159366,
      -0.985457
    ],
    "ImageType": [
      "ORIGINAL",
      "PRIMARY",
      "M",
      "NORM",
      "DIS3D",
      "DIS2D"
    ],
    "ImagingFrequency": 123.24,
    "InPlanePhaseEncodingDirectionDICOM": "ROW",
    "InstitutionAddress": "Kopernikusstr._26_Graz_Graz_AT_8010",
    "InstitutionName": "KFU",
    "InstitutionalDepartmentName": "Department",
    "InversionTime": 1,
    "MRAcquisitionType": "3D",
    "MagneticFieldStrength": 3,
    "Manufacturer": "Siemens",
    "ManufacturersModelName": "Skyra",
    "Modality": "MR",
    "ParallelReductionFactorInPlane": 2,
    "PartialFourier": 1,
    "PatientPosition": "HFS",
    "PercentPhaseFOV": 100,
    "PercentSampling": 100,
    "PhaseEncodingSteps": 294,
    "PhaseOversampling": 0.15,
    "PhaseResolution": 1,
    "PixelBandwidth": 210,
    "ProcedureStepDescription": "KFU_BioPsy",
    "ProtocolName": "T1_Pat4_088mm_Pat2_224Sl",
    "PulseSequenceDetails": "%SiemensSeq%_tfl",
    "ReceiveCoilActiveElements": "HEA;HEP",
    "ReceiveCoilName": "Head_32",
    "ReconMatrixPE": 256,
    "RefLinesPE": 24,
    "RepetitionTime": 2.2,
    "SAR": 0.0621778,
    "ScanOptions": "IR_WE",
    "ScanningSequence": "GR_IR",
    "SequenceName": "_tfl3d1_16ns",
    "SequenceVariant": "SK_SP_MP_OSP",
    "SeriesDescription": "T1_Pat4_088mm_Pat2_224Sl",
    "SeriesNumber": 9,
    "ShimSetting": [
      -1109,
      -3253,
      -4381,
      375,
      771,
      240,
      521,
      -931
    ],
    "SliceThickness": 0.88,
    "SoftwareVersions": "syngo_MR_E11",
    "StationName": "FBMTMR1",
    "TxRefAmp": 314.318,
    "acq_id": "MPrageHiRes",
    "dataset": "<unset>",
    "modality": "T1w",
    "session_id": "3",
    "subject_id": "season107"
  },
  "cjv": 0.4381421481553869,
  "cnr": 2.973974390992903,
  "efc": 0.6221761623128779,
  "fber": 5441.8338066758,
  "fwhm_avg": 4.04405511558189,
  "fwhm_x": 4.073068203888526,
  "fwhm_y": 3.9484114285714287,
  "fwhm_z": 4.110685714285714,
  "icvs_csf": 0.18427529794086453,
  "icvs_gm": 0.4349660829771984,
  "icvs_wm": 0.3807586190819371,
  "inu_med": 1.3200063705444336,
  "inu_range": 0.44610710144042964,
  "provenance": {
    "md5sum": "80e5333a918dc1c8eea1e24a725a89e9",
    "settings": {
      "testing": false
    },
    "software": "mriqc",
    "version": "0.16.1",
    "warnings": {
      "large_rot_frame": true,
      "small_air_mask": false
    },
    "webapi_port": null,
    "webapi_url": "https://mriqc.nimh.nih.gov/api/v1"
  },
  "qi_1": 0.0,
  "qi_2": 0.0022987009544322905,
  "rpve_csf": 24.36526680577704,
  "rpve_gm": 11.603504014347449,
  "rpve_wm": 15.554915343248915,
  "size_x": 224,
  "size_y": 256,
  "size_z": 256,
  "snr_csf": 1.4746952100636945,
  "snr_gm": 12.366395558742889,
  "snr_total": 12.962608540740893,
  "snr_wm": 25.046734853416094,
  "snrd_csf": 60.03161570634901,
  "snrd_gm": 129.63735813169862,
  "snrd_total": 118.77133803170466,
  "snrd_wm": 166.64504025706634,
  "spacing_x": 0.8799999952316284,
  "spacing_y": 0.875,
  "spacing_z": 0.875,
  "summary_bg_k": 6.7653224790917275,
  "summary_bg_mad": 3.931545617499492,
  "summary_bg_mean": 8.325427392395017,
  "summary_bg_median": 7.016187023371458,
  "summary_bg_n": 2540191.0,
  "summary_bg_p05": 2.596541654318571,
  "summary_bg_p95": 17.568090341985226,
  "summary_bg_stdv": 4.985968154712359,
  "summary_csf_k": 29.470829990103596,
  "summary_csf_mad": 119.91214133373451,
  "summary_csf_mean": 419.3352461394627,
  "summary_csf_median": 360.25634314492345,
  "summary_csf_n": 25180.0,
  "summary_csf_p05": 235.78531816061587,
  "summary_csf_p95": 663.0572964921594,
  "summary_csf_stdv": 244.28721744986498,
  "summary_gm_k": 0.08940514053740678,
  "summary_gm_mad": 62.08565787634615,
  "summary_gm_mean": 779.2292987804718,
  "summary_gm_median": 777.9680760875344,
  "summary_gm_n": 51967.0,
  "summary_gm_p05": 678.360318582505,
  "summary_gm_p95": 885.0892307199538,
  "summary_gm_stdv": 62.90924361456439,
  "summary_wm_k": 1.1359821895045696,
  "summary_wm_mad": 35.22009615676628,
  "summary_wm_mean": 999.2607442952611,
  "summary_wm_median": 1000.055255882442,
  "summary_wm_n": 341024.0,
  "summary_wm_p05": 932.0479627661407,
  "summary_wm_p95": 1062.6484834216535,
  "summary_wm_stdv": 39.92751132954511,
  "tpm_overlap_csf": 0.163473978638649,
  "tpm_overlap_gm": 0.44045424461364746,
  "tpm_overlap_wm": 0.49955305457115173,
  "wm2max": 0.5850117450754347
}