{
  "bids_meta": {
    "AcquisitionMatrixPE": 256,
    "AcquisitionNumber": 1,
    "AcquisitionTime": "09:33:13.177500",
    "BaseResolution": 256,
    "BodyPartExamined": "HEAD",
    "ConsistencyInfo": "N4_VE11C_LATEST_20160120",
    "ConversionSoftware": "dcm2niix",
    "ConversionSoftwareVersion": "v1.0.20200427",
    "DeviceSerialNumber": "45250",
    "DwellTime": 9.2e-06,
    "EchoTime": 0.00218,
    "FlipAngle": 8,
    "ImageOrientationPatientDICOM": [
      0.0653796,
      0.997844,
      0.00574401,
      0.0736208,
      0.000917097,
      -0.997286
    ],
    "ImageType": [
      "ORIGINAL",
      "PRIMARY",
      "M",
      "NORM",
      "DIS3D",
      "DIS2D"
    ],
    "ImagingFrequency": 123.24,
    "InPlanePhaseEncodingDirectionDICOM": "ROW",
    "InstitutionAddress": "Kopernikusstr._26_Graz_Graz_AT_8010",
    "InstitutionName": "KFU",
    "InstitutionalDepartmentName": "Department",
    "InversionTime": 1,
    "MRAcquisitionType": "3D",
    "MagneticFieldStrength": 3,
    "Manufacturer": "Siemens",
    "ManufacturersModelName": "Skyra",
    "Modality": "MR",
    "ParallelReductionFactorInPlane": 2,
    "PartialFourier": 1,
    "PatientPosition": "HFS",
    "PercentPhaseFOV": 100,
    "PercentSampling": 100,
    "PhaseEncodingSteps": 294,
    "PhaseOversampling": 0.15,
    "PhaseResolution": 1,
    "PixelBandwidth": 210,
    "ProcedureStepDescription": "KFU_BioPsy",
    "ProtocolName": "T1_Pat4_088mm_Pat2_224Sl",
    "PulseSequenceDetails": "%SiemensSeq%_tfl",
    "ReceiveCoilActiveElements": "HEA;HEP",
    "ReceiveCoilName": "Head_32",
    "ReconMatrixPE": 256,
    "RefLinesPE": 24,
    "RepetitionTime": 2.2,
    "SAR": 0.058577,
    "ScanOptions": "IR_WE",
    "ScanningSequence": "GR_IR",
    "SequenceName": "_tfl3d1_16ns",
    "SequenceVariant": "SK_SP_MP_OSP",
    "SeriesDescription": "T1_Pat4_088mm_Pat2_224Sl",
    "SeriesNumber": 9,
    "ShimSetting": [
      -1145,
      -2489,
      -4560,
      263,
      659,
      2233,
      99,
      -923
    ],
    "SliceThickness": 0.88,
    "SoftwareVersions": "syngo_MR_E11",
    "StationName": "FBMTMR1",
    "TxRefAmp": 323.661,
    "acq_id": "MPrageHiRes",
    "dataset": "<unset>",
    "modality": "T1w",
    "session_id": "2",
    "subject_id": "season122"
  },
  "cjv": 0.34028859783666365,
  "cnr": 3.7838370619886548,
  "efc": 0.6125495466984611,
  "fber": 4239.533753961068,
  "fwhm_avg": 3.839061911734745,
  "fwhm_x": 3.860500020918521,
  "fwhm_y": 3.8172457142857144,
  "fwhm_z": 3.83944,
  "icvs_csf": 0.20358369037310423,
  "icvs_gm": 0.4425569886228657,
  "icvs_wm": 0.35385932100403006,
  "inu_med": 1.1216739416122437,
  "inu_range": 0.39532641172409066,
  "provenance": {
    "md5sum": "5ff119d8b660a1eea1173e257e6980ac",
    "settings": {
      "testing": false
    },
    "software": "mriqc",
    "version": "0.16.1",
    "warnings": {
      "large_rot_frame": true,
      "small_air_mask": false
    },
    "webapi_port": null,
    "webapi_url": "https://mriqc.nimh.nih.gov/api/v1"
  },
  "qi_1": 0.00017137017420544497,
  "qi_2": 0.0016825914118465196,
  "rpve_csf": 20.66568605179464,
  "rpve_gm": 10.406602831844374,
  "rpve_wm": 14.721685756662458,
  "size_x": 224,
  "size_y": 256,
  "size_z": 256,
  "snr_csf": 1.1210380939626605,
  "snr_gm": 12.682685854620612,
  "snr_total": 12.816809754984499,
  "snr_wm": 24.64670531637023,
  "snrd_csf": 58.146574127794636,
  "snrd_gm": 119.66358743540034,
  "snrd_total": 113.75448841064161,
  "snrd_wm": 163.45330366872983,
  "spacing_x": 0.8799999952316284,
  "spacing_y": 0.875,
  "spacing_z": 0.875,
  "summary_bg_k": 53.899992981830685,
  "summary_bg_mad": 4.008095133849132,
  "summary_bg_mean": 8.362382989642672,
  "summary_bg_median": 7.31513399630785,
  "summary_bg_n": 2612230.0,
  "summary_bg_p05": 2.491386216133833,
  "summary_bg_p95": 18.234826773405075,
  "summary_bg_stdv": 5.892568785575837,
  "summary_csf_k": 25.50085259602764,
  "summary_csf_mad": 109.00446962056364,
  "summary_csf_mean": 431.3242788559179,
  "summary_csf_median": 355.7381467334926,
  "summary_csf_n": 58968.0,
  "summary_csf_p05": 238.11291240155697,
  "summary_csf_p95": 740.3816743958735,
  "summary_csf_stdv": 317.32653178376376,
  "summary_gm_k": 0.34696802024340867,
  "summary_gm_mad": 55.7203813705693,
  "summary_gm_mean": 730.7041929418054,
  "summary_gm_median": 732.096490021795,
  "summary_gm_n": 63696.0,
  "summary_gm_p05": 634.7734029404819,
  "summary_gm_p95": 823.6416814103723,
  "summary_gm_stdv": 57.72363611225039,
  "summary_wm_k": 1.2683372946230733,
  "summary_wm_mad": 35.44413539933252,
  "summary_wm_mean": 998.0344479959451,
  "summary_wm_median": 1000.0000205822289,
  "summary_wm_n": 335084.0,
  "summary_wm_p05": 927.5907956622541,
  "summary_wm_p95": 1060.1643472909927,
  "summary_wm_stdv": 40.57331459039806,
  "tpm_overlap_csf": 0.15688379108905792,
  "tpm_overlap_gm": 0.44213801622390747,
  "tpm_overlap_wm": 0.4740891754627228,
  "wm2max": 0.49262305784044913
}