{
  "bids_meta": {
    "AcquisitionMatrixPE": 256,
    "AcquisitionNumber": 1,
    "AcquisitionTime": "12:56:43.150000",
    "BaseResolution": 256,
    "BodyPartExamined": "HEAD",
    "ConsistencyInfo": "N4_VE11C_LATEST_20160120",
    "ConversionSoftware": "dcm2niix",
    "ConversionSoftwareVersion": "v1.0.20200427",
    "DeviceSerialNumber": "45250",
    "DwellTime": 9.2e-06,
    "EchoTime": 0.00218,
    "FlipAngle": 8,
    "ImageOrientationPatientDICOM": [
      -0.0181803,
      0.99965,
      0.0191937,
      -0.0201275,
      0.018827,
      -0.99962
    ],
    "ImageType": [
      "ORIGINAL",
      "PRIMARY",
      "M",
      "NORM",
      "DIS3D",
      "DIS2D"
    ],
    "ImagingFrequency": 123.239,
    "InPlanePhaseEncodingDirectionDICOM": "ROW",
    "InstitutionAddress": "Kopernikusstr._26_Graz_Graz_AT_8010",
    "InstitutionName": "KFU",
    "InstitutionalDepartmentName": "Department",
    "InversionTime": 1,
    "MRAcquisitionType": "3D",
    "MagneticFieldStrength": 3,
    "Manufacturer": "Siemens",
    "ManufacturersModelName": "Skyra",
    "Modality": "MR",
    "ParallelReductionFactorInPlane": 2,
    "PartialFourier": 1,
    "PatientPosition": "HFS",
    "PercentPhaseFOV": 100,
    "PercentSampling": 100,
    "PhaseEncodingSteps": 294,
    "PhaseOversampling": 0.15,
    "PhaseResolution": 1,
    "PixelBandwidth": 210,
    "ProcedureStepDescription": "BioPsy_2018",
    "ProtocolName": "anat-T1w",
    "PulseSequenceDetails": "%SiemensSeq%_tfl",
    "ReceiveCoilActiveElements": "HEA;HEP",
    "ReceiveCoilName": "Head_32",
    "ReconMatrixPE": 256,
    "RefLinesPE": 24,
    "RepetitionTime": 2.2,
    "SAR": 0.0553852,
    "ScanOptions": "IR_WE",
    "ScanningSequence": "GR_IR",
    "SequenceName": "_tfl3d1_16ns",
    "SequenceVariant": "SK_SP_MP_OSP",
    "SeriesDescription": "anat-T1w",
    "SeriesNumber": 9,
    "ShimSetting": [
      -1125,
      -3169,
      -4358,
      474,
      976,
      125,
      304,
      -940
    ],
    "SliceThickness": 0.88,
    "SoftwareVersions": "syngo_MR_E11",
    "StationName": "FBMTMR1",
    "TxRefAmp": 325.702,
    "acq_id": "MPrageHiRes",
    "dataset": "<unset>",
    "modality": "T1w",
    "session_id": "1",
    "subject_id": "season204"
  },
  "cjv": 0.4335593196259731,
  "cnr": 3.044121888263649,
  "efc": 0.6354469955032512,
  "fber": 3719.3807071814554,
  "fwhm_avg": 4.099441825502434,
  "fwhm_x": 4.053045476507303,
  "fwhm_y": 4.1346742857142855,
  "fwhm_z": 4.110605714285714,
  "icvs_csf": 0.1797896913082638,
  "icvs_gm": 0.44807616522137234,
  "icvs_wm": 0.37213414347036383,
  "inu_med": 1.2418689727783203,
  "inu_range": 0.455848753452301,
  "provenance": {
    "md5sum": "e4e04950c00d5e129186be2836a12849",
    "settings": {
      "testing": false
    },
    "software": "mriqc",
    "version": "0.16.1",
    "warnings": {
      "large_rot_frame": true,
      "small_air_mask": false
    },
    "webapi_port": null,
    "webapi_url": "https://mriqc.nimh.nih.gov/api/v1"
  },
  "qi_1": 0.0,
  "qi_2": 0.001958814738441387,
  "rpve_csf": 25.948611813654594,
  "rpve_gm": 11.713048838373448,
  "rpve_wm": 16.18387303872239,
  "size_x": 224,
  "size_y": 256,
  "size_z": 256,
  "snr_csf": 2.8817517935476893,
  "snr_gm": 11.76194930445969,
  "snr_total": 12.613922223302177,
  "snr_wm": 23.198065571899154,
  "snrd_csf": 49.544323985458604,
  "snrd_gm": 105.27857034470284,
  "snrd_total": 97.63946253702382,
  "snrd_wm": 138.09549328091,
  "spacing_x": 0.8799999952316284,
  "spacing_y": 0.875,
  "spacing_z": 0.875,
  "summary_bg_k": 6.960405576660026,
  "summary_bg_mad": 4.7440821862407985,
  "summary_bg_mean": 9.79573564983583,
  "summary_bg_median": 8.82535084336996,
  "summary_bg_n": 2501934.0,
  "summary_bg_p05": 2.9933938533067703,
  "summary_bg_p95": 20.644095540046692,
  "summary_bg_stdv": 5.909338392453627,
  "summary_csf_k": 22.270401057611227,
  "summary_csf_mad": 98.28667045526299,
  "summary_csf_mean": 386.3545273513429,
  "summary_csf_median": 358.76857536658645,
  "summary_csf_n": 25868.0,
  "summary_csf_p05": 245.21830836050214,
  "summary_csf_p95": 596.5111406296492,
  "summary_csf_stdv": 124.4942890295827,
  "summary_gm_k": 0.11335721219297046,
  "summary_gm_mad": 64.69550787849347,
  "summary_gm_mean": 764.9526176768871,
  "summary_gm_median": 762.3606431744993,
  "summary_gm_n": 51216.0,
  "summary_gm_p05": 664.4302149564028,
  "summary_gm_p95": 876.3418556749821,
  "summary_gm_stdv": 64.81520884015126,
  "summary_wm_k": 0.9509757678510438,
  "summary_wm_mad": 38.33524476301032,
  "summary_wm_mean": 999.0312367019197,
  "summary_wm_median": 999.9999879598618,
  "summary_wm_n": 310408.0,
  "summary_wm_p05": 924.8554801940918,
  "summary_wm_p95": 1067.351349659264,
  "summary_wm_stdv": 43.10697260838417,
  "tpm_overlap_csf": 0.16669954359531403,
  "tpm_overlap_gm": 0.4510045051574707,
  "tpm_overlap_wm": 0.4919734001159668,
  "wm2max": 0.6349878744876839
}