{
  "bids_meta": {
    "AcquisitionMatrixPE": 256,
    "AcquisitionNumber": 1,
    "AcquisitionTime": "10:35:32.087500",
    "BaseResolution": 256,
    "BodyPartExamined": "HEAD",
    "ConsistencyInfo": "N4_VE11C_LATEST_20160120",
    "ConversionSoftware": "dcm2niix",
    "ConversionSoftwareVersion": "v1.0.20200427",
    "DeviceSerialNumber": "45250",
    "DwellTime": 9.2e-06,
    "EchoTime": 0.00218,
    "FlipAngle": 8,
    "ImageOrientationPatientDICOM": [
      -0.0281398,
      0.999598,
      -0.00348649,
      -0.0487968,
      -0.00485739,
      -0.998797
    ],
    "ImageType": [
      "ORIGINAL",
      "PRIMARY",
      "M",
      "NORM",
      "DIS3D",
      "DIS2D"
    ],
    "ImagingFrequency": 123.24,
    "InPlanePhaseEncodingDirectionDICOM": "ROW",
    "InstitutionAddress": "Kopernikusstr._26_Graz_Graz_AT_8010",
    "InstitutionName": "KFU",
    "InstitutionalDepartmentName": "Department",
    "InversionTime": 1,
    "MRAcquisitionType": "3D",
    "MagneticFieldStrength": 3,
    "Manufacturer": "Siemens",
    "ManufacturersModelName": "Skyra",
    "Modality": "MR",
    "ParallelReductionFactorInPlane": 2,
    "PartialFourier": 1,
    "PatientPosition": "HFS",
    "PercentPhaseFOV": 100,
    "PercentSampling": 100,
    "PhaseEncodingSteps": 294,
    "PhaseOversampling": 0.15,
    "PhaseResolution": 1,
    "PixelBandwidth": 210,
    "ProcedureStepDescription": "KFU_BioPsy",
    "ProtocolName": "T1_Pat4_088mm_Pat2_224Sl",
    "PulseSequenceDetails": "%SiemensSeq%_tfl",
    "ReceiveCoilActiveElements": "HEA;HEP",
    "ReceiveCoilName": "Head_32",
    "ReconMatrixPE": 256,
    "RefLinesPE": 24,
    "RepetitionTime": 2.2,
    "SAR": 0.0571969,
    "ScanOptions": "IR_WE",
    "ScanningSequence": "GR_IR",
    "SequenceName": "_tfl3d1_16ns",
    "SequenceVariant": "SK_SP_MP_OSP",
    "SeriesDescription": "T1_Pat4_088mm_Pat2_224Sl",
    "SeriesNumber": 9,
    "ShimSetting": [
      -1143,
      -3115,
      -4350,
      377,
      848,
      140,
      31,
      -842
    ],
    "SliceThickness": 0.88,
    "SoftwareVersions": "syngo_MR_E11",
    "StationName": "FBMTMR1",
    "TxRefAmp": 313.097,
    "acq_id": "MPrageHiRes",
    "dataset": "<unset>",
    "modality": "T1w",
    "session_id": "3",
    "subject_id": "season108"
  },
  "cjv": 0.6766814643396549,
  "cnr": 2.053815367889019,
  "efc": 0.6378166575284858,
  "fber": 1910.815116165082,
  "fwhm_avg": 4.114547972748679,
  "fwhm_x": 4.086318203960322,
  "fwhm_y": 4.079508571428572,
  "fwhm_z": 4.177817142857143,
  "icvs_csf": 0.18118088174057967,
  "icvs_gm": 0.44975692496838754,
  "icvs_wm": 0.3690621932910328,
  "inu_med": 1.1797053813934326,
  "inu_range": 0.4868266761302946,
  "provenance": {
    "md5sum": "bdc5958310c580bb552822011190da15",
    "settings": {
      "testing": false
    },
    "software": "mriqc",
    "version": "0.16.1",
    "warnings": {
      "large_rot_frame": true,
      "small_air_mask": false
    },
    "webapi_port": null,
    "webapi_url": "https://mriqc.nimh.nih.gov/api/v1"
  },
  "qi_1": 0.0,
  "qi_2": 0.0019849138651095257,
  "rpve_csf": 27.33954360069188,
  "rpve_gm": 12.432085631347288,
  "rpve_wm": 17.27345935387212,
  "size_x": 224,
  "size_y": 256,
  "size_z": 256,
  "snr_csf": 2.1038575589416886,
  "snr_gm": 10.467793719121627,
  "snr_total": 10.347969351519513,
  "snr_wm": 18.472256776495225,
  "snrd_csf": 33.425976770746736,
  "snrd_gm": 70.32809801177677,
  "snrd_total": 63.67858059993071,
  "snrd_wm": 87.28166701726862,
  "spacing_x": 0.8799999952316284,
  "spacing_y": 0.875,
  "spacing_z": 0.875,
  "summary_bg_k": 3.984746058888523,
  "summary_bg_mad": 7.506002102978756,
  "summary_bg_mean": 16.081507231427413,
  "summary_bg_median": 14.231872614473104,
  "summary_bg_n": 2314093.0,
  "summary_bg_p05": 5.231478866189718,
  "summary_bg_p95": 34.20149624347687,
  "summary_bg_stdv": 9.422035737738142,
  "summary_csf_k": 33.58436717839564,
  "summary_csf_mad": 129.4368362647003,
  "summary_csf_mean": 419.079704652054,
  "summary_csf_median": 382.9667539894581,
  "summary_csf_n": 20075.0,
  "summary_csf_p05": 237.25600445084274,
  "summary_csf_p95": 662.5583605337888,
  "summary_csf_stdv": 182.0262088767363,
  "summary_gm_k": -0.22362139811671122,
  "summary_gm_mad": 80.0640224317734,
  "summary_gm_mean": 805.4465062113413,
  "summary_gm_median": 805.7602503150702,
  "summary_gm_n": 49116.0,
  "summary_gm_p05": 681.2173018231988,
  "summary_gm_p95": 933.0033169314265,
  "summary_gm_stdv": 76.97439109604646,
  "summary_wm_k": 0.33541651348728907,
  "summary_wm_mad": 51.37441439372126,
  "summary_wm_mean": 1001.6862168648485,
  "summary_wm_median": 999.999997895211,
  "summary_wm_n": 286191.0,
  "summary_wm_p05": 915.0025294348598,
  "summary_wm_p95": 1093.660345338285,
  "summary_wm_stdv": 54.1351423872114,
  "tpm_overlap_csf": 0.15435871481895447,
  "tpm_overlap_gm": 0.4587913453578949,
  "tpm_overlap_wm": 0.4953976571559906,
  "wm2max": 0.5653368678044385
}