{
	"Modality": "MR",
	"MagneticFieldStrength": 3,
	"ImagingFrequency": 123.239,
	"Manufacturer": "Siemens",
	"ManufacturersModelName": "Skyra",
	"InstitutionName": "KFU",
	"InstitutionalDepartmentName": "Department",
	"InstitutionAddress": "Kopernikusstr._26_Graz_Graz_AT_8010",
	"DeviceSerialNumber": "45250",
	"StationName": "FBMTMR1",
	"BodyPartExamined": "HEAD",
	"PatientPosition": "HFS",
	"ProcedureStepDescription": "BioPsy_2018",
	"SoftwareVersions": "syngo_MR_E11",
	"MRAcquisitionType": "3D",
	"SeriesDescription": "anat-T1w",
	"ProtocolName": "anat-T1w",
	"ScanningSequence": "GR_IR",
	"SequenceVariant": "SK_SP_MP_OSP",
	"ScanOptions": "IR_WE",
	"SequenceName": "_tfl3d1_16ns",
	"ImageType": ["ORIGINAL", "PRIMARY", "M", "NORM", "DIS3D", "DIS2D"],
	"SeriesNumber": 9,
	"AcquisitionTime": "10:15:6.862500",
	"AcquisitionNumber": 1,
	"SliceThickness": 0.88,
	"SAR": 0.05541,
	"EchoTime": 0.00218,
	"RepetitionTime": 2.2,
	"InversionTime": 1,
	"FlipAngle": 8,
	"PartialFourier": 1,
	"BaseResolution": 256,
	"ShimSetting": [
		-1134,
		-3175,
		-4382,
		426,
		918,
		31,
		195,
		-948	],
	"TxRefAmp": 326.153,
	"PhaseResolution": 1,
	"PhaseOversampling": 0.15,
	"ReceiveCoilName": "Head_32",
	"ReceiveCoilActiveElements": "HEA;HEP",
	"PulseSequenceDetails": "%SiemensSeq%_tfl",
	"RefLinesPE": 24,
	"ConsistencyInfo": "N4_VE11C_LATEST_20160120",
	"PercentPhaseFOV": 100,
	"PercentSampling": 100,
	"PhaseEncodingSteps": 294,
	"AcquisitionMatrixPE": 256,
	"ReconMatrixPE": 256,
	"ParallelReductionFactorInPlane": 2,
	"PixelBandwidth": 210,
	"DwellTime": 9.2e-06,
	"ImageOrientationPatientDICOM": [
		-0.0176155,
		0.996651,
		0.0798489,
		-0.00860524,
		0.0797072,
		-0.996781	],
	"InPlanePhaseEncodingDirectionDICOM": "ROW",
	"ConversionSoftware": "dcm2niix",
	"ConversionSoftwareVersion": "v1.0.20200427"
}
