{
  "bids_meta": {
    "AcquisitionMatrixPE": 256,
    "AcquisitionNumber": 1,
    "AcquisitionTime": "09:13:46.832500",
    "BaseResolution": 256,
    "BodyPartExamined": "HEAD",
    "ConsistencyInfo": "N4_VE11C_LATEST_20160120",
    "ConversionSoftware": "dcm2niix",
    "ConversionSoftwareVersion": "v1.0.20200427",
    "DeviceSerialNumber": "45250",
    "DwellTime": 9.2e-06,
    "EchoTime": 0.00218,
    "FlipAngle": 8,
    "ImageOrientationPatientDICOM": [
      0.0994089,
      0.991922,
      0.0787978,
      0.0231965,
      0.0768584,
      -0.996772
    ],
    "ImageType": [
      "ORIGINAL",
      "PRIMARY",
      "M",
      "NORM",
      "DIS3D",
      "DIS2D"
    ],
    "ImagingFrequency": 123.24,
    "InPlanePhaseEncodingDirectionDICOM": "ROW",
    "InstitutionAddress": "Kopernikusstr._26_Graz_Graz_AT_8010",
    "InstitutionName": "KFU",
    "InstitutionalDepartmentName": "Department",
    "InversionTime": 1,
    "MRAcquisitionType": "3D",
    "MagneticFieldStrength": 3,
    "Manufacturer": "Siemens",
    "ManufacturersModelName": "Skyra",
    "Modality": "MR",
    "ParallelReductionFactorInPlane": 2,
    "PartialFourier": 1,
    "PatientPosition": "HFS",
    "PercentPhaseFOV": 100,
    "PercentSampling": 100,
    "PhaseEncodingSteps": 294,
    "PhaseOversampling": 0.15,
    "PhaseResolution": 1,
    "PixelBandwidth": 210,
    "ProcedureStepDescription": "KFU_BioPsy",
    "ProtocolName": "T1_Pat4_088mm_Pat2_224Sl",
    "PulseSequenceDetails": "%SiemensSeq%_tfl",
    "ReceiveCoilActiveElements": "HEA;HEP",
    "ReceiveCoilName": "Head_32",
    "ReconMatrixPE": 256,
    "RefLinesPE": 24,
    "RepetitionTime": 2.2,
    "SAR": 0.0708636,
    "ScanOptions": "IR_WE",
    "ScanningSequence": "GR_IR",
    "SequenceName": "_tfl3d1_16ns",
    "SequenceVariant": "SK_SP_MP_OSP",
    "SeriesDescription": "T1_Pat4_088mm_Pat2_224Sl",
    "SeriesNumber": 9,
    "ShimSetting": [
      -1100,
      -3218,
      -4303,
      113,
      903,
      97,
      707,
      -772
    ],
    "SliceThickness": 0.88,
    "SoftwareVersions": "syngo_MR_E11",
    "StationName": "FBMTMR1",
    "TxRefAmp": 326.511,
    "acq_id": "MPrageHiRes",
    "dataset": "<unset>",
    "modality": "T1w",
    "session_id": "3",
    "subject_id": "season114"
  },
  "cjv": 0.5698997416636613,
  "cnr": 2.3099516054905274,
  "efc": 0.6441333258973724,
  "fber": 4301.529497025419,
  "fwhm_avg": 4.1310503969734516,
  "fwhm_x": 4.0765454766346405,
  "fwhm_y": 4.211577142857143,
  "fwhm_z": 4.105028571428571,
  "icvs_csf": 0.18736256370886334,
  "icvs_gm": 0.4492972922398237,
  "icvs_wm": 0.363340144051313,
  "inu_med": 1.2580034732818604,
  "inu_range": 0.52964705824852,
  "provenance": {
    "md5sum": "a1bba1da7c5d5f76ef27caf1e0b66785",
    "settings": {
      "testing": false
    },
    "software": "mriqc",
    "version": "0.16.1",
    "warnings": {
      "large_rot_frame": true,
      "small_air_mask": false
    },
    "webapi_port": null,
    "webapi_url": "https://mriqc.nimh.nih.gov/api/v1"
  },
  "qi_1": 0.0,
  "qi_2": 0.0013650479016522174,
  "rpve_csf": 26.242452616150302,
  "rpve_gm": 12.26993645440697,
  "rpve_wm": 17.05290674606658,
  "size_x": 224,
  "size_y": 256,
  "size_z": 256,
  "snr_csf": 2.6788245347516932,
  "snr_gm": 11.88615001124605,
  "snr_total": 10.631549011688028,
  "snr_wm": 17.329672489066336,
  "snrd_csf": 43.52545300714892,
  "snrd_gm": 98.34569746531463,
  "snrd_total": 88.50822646826225,
  "snrd_wm": 123.65352893232323,
  "spacing_x": 0.8799999952316284,
  "spacing_y": 0.875,
  "spacing_z": 0.875,
  "summary_bg_k": 10.668171296243658,
  "summary_bg_mad": 5.298161753087594,
  "summary_bg_mean": 9.956849236508136,
  "summary_bg_median": 8.66316556930542,
  "summary_bg_n": 2385181.0,
  "summary_bg_p05": 2.977963164448738,
  "summary_bg_p95": 21.928637847304344,
  "summary_bg_stdv": 6.586999691515687,
  "summary_csf_k": 15.770366471582857,
  "summary_csf_mad": 105.64213434944354,
  "summary_csf_mean": 381.787328945401,
  "summary_csf_median": 351.99524603784084,
  "summary_csf_n": 21260.0,
  "summary_csf_p05": 230.49164168909192,
  "summary_csf_p95": 617.0366749130189,
  "summary_csf_stdv": 131.39605189845975,
  "summary_gm_k": 0.317171102780192,
  "summary_gm_mad": 63.33711550281988,
  "summary_gm_mean": 797.2769256593358,
  "summary_gm_median": 795.3327440470457,
  "summary_gm_n": 50091.0,
  "summary_gm_p05": 690.7250197976828,
  "summary_gm_p95": 912.2854792326689,
  "summary_gm_stdv": 66.91189362209354,
  "summary_wm_k": 0.49423195987589796,
  "summary_wm_mad": 53.30271824318428,
  "summary_wm_mean": 999.4554059989315,
  "summary_wm_median": 1000.0000306218863,
  "summary_wm_n": 292031.0,
  "summary_wm_p05": 901.1316535621881,
  "summary_wm_p95": 1093.2373500615358,
  "summary_wm_stdv": 57.704397997382266,
  "tpm_overlap_csf": 0.16813014447689056,
  "tpm_overlap_gm": 0.45371493697166443,
  "tpm_overlap_wm": 0.5031833648681641,
  "wm2max": 0.6466064617898215
}