{
  "bids_meta": {
    "AcquisitionMatrixPE": 256,
    "AcquisitionNumber": 1,
    "AcquisitionTime": "08:56:51.137500",
    "BaseResolution": 256,
    "BodyPartExamined": "BRAIN",
    "ConsistencyInfo": "N4_VE11C_LATEST_20160120",
    "ConversionSoftware": "dcm2niix",
    "ConversionSoftwareVersion": "v1.0.20200427",
    "DeviceSerialNumber": "45250",
    "DwellTime": 9.2e-06,
    "EchoTime": 0.00218,
    "FlipAngle": 8,
    "ImageOrientationPatientDICOM": [
      -0.0636607,
      0.997791,
      0.0189935,
      -0.0567403,
      0.0153825,
      -0.99827
    ],
    "ImageType": [
      "ORIGINAL",
      "PRIMARY",
      "M",
      "NORM",
      "DIS3D",
      "DIS2D"
    ],
    "ImagingFrequency": 123.24,
    "InPlanePhaseEncodingDirectionDICOM": "ROW",
    "InstitutionAddress": "Kopernikusstr._26_Graz_Graz_AT_8010",
    "InstitutionName": "KFU",
    "InstitutionalDepartmentName": "Department",
    "InversionTime": 1,
    "MRAcquisitionType": "3D",
    "MagneticFieldStrength": 3,
    "Manufacturer": "Siemens",
    "ManufacturersModelName": "Skyra",
    "Modality": "MR",
    "ParallelReductionFactorInPlane": 2,
    "PartialFourier": 1,
    "PatientPosition": "HFS",
    "PercentPhaseFOV": 100,
    "PercentSampling": 100,
    "PhaseEncodingSteps": 294,
    "PhaseOversampling": 0.15,
    "PhaseResolution": 1,
    "PixelBandwidth": 210,
    "ProcedureStepDescription": "KFU_BioPsy",
    "ProtocolName": "T1_Pat4_088mm_Pat2_224Sl",
    "PulseSequenceDetails": "%SiemensSeq%_tfl",
    "ReceiveCoilActiveElements": "HEA;HEP",
    "ReceiveCoilName": "Head_32",
    "ReconMatrixPE": 256,
    "RefLinesPE": 24,
    "RepetitionTime": 2.2,
    "SAR": 0.0529885,
    "ScanOptions": "IR_WE",
    "ScanningSequence": "GR_IR",
    "SequenceName": "_tfl3d1_16ns",
    "SequenceVariant": "SK_SP_MP_OSP",
    "SeriesDescription": "T1_Pat4_088mm_Pat2_224Sl",
    "SeriesNumber": 9,
    "ShimSetting": [
      -1133,
      -3098,
      -4401,
      281,
      1027,
      224,
      122,
      -916
    ],
    "SliceThickness": 0.88,
    "SoftwareVersions": "syngo_MR_E11",
    "StationName": "FBMTMR1",
    "TxRefAmp": 334.045,
    "acq_id": "MPrageHiRes",
    "dataset": "<unset>",
    "modality": "T1w",
    "session_id": "1",
    "subject_id": "season121"
  },
  "cjv": 0.4894149732976339,
  "cnr": 2.647935559155595,
  "efc": 0.6839522342666386,
  "fber": 2820.253673094582,
  "fwhm_avg": 4.037745093707049,
  "fwhm_x": 3.9458295668354335,
  "fwhm_y": 4.112868571428572,
  "fwhm_z": 4.054537142857143,
  "icvs_csf": 0.16722439743189485,
  "icvs_gm": 0.4584858449622733,
  "icvs_wm": 0.3742897576058319,
  "inu_med": 1.2088408470153809,
  "inu_range": 0.43880006670951843,
  "provenance": {
    "md5sum": "2b9bde9a5e734ecc46485f5471a01d6f",
    "settings": {
      "testing": false
    },
    "software": "mriqc",
    "version": "0.16.1",
    "warnings": {
      "large_rot_frame": true,
      "small_air_mask": false
    },
    "webapi_port": null,
    "webapi_url": "https://mriqc.nimh.nih.gov/api/v1"
  },
  "qi_1": 0.0,
  "qi_2": 0.0013897406260923125,
  "rpve_csf": 23.060584692275146,
  "rpve_gm": 9.814987423873283,
  "rpve_wm": 13.643235400525999,
  "size_x": 224,
  "size_y": 256,
  "size_z": 256,
  "snr_csf": 1.4437441134165683,
  "snr_gm": 9.947006991405585,
  "snr_total": 11.070316464175406,
  "snr_wm": 21.820198287704066,
  "snrd_csf": 42.165813709776046,
  "snrd_gm": 95.88856144722146,
  "snrd_total": 87.92617381198163,
  "snrd_wm": 125.72414627894733,
  "spacing_x": 0.8799999952316284,
  "spacing_y": 0.875,
  "spacing_z": 0.875,
  "summary_bg_k": 9.09978923240587,
  "summary_bg_mad": 5.210903247915917,
  "summary_bg_mean": 11.510540774341223,
  "summary_bg_median": 10.00337928533554,
  "summary_bg_n": 2071902.0,
  "summary_bg_p05": 3.3795200288295746,
  "summary_bg_p95": 25.076038613915443,
  "summary_bg_stdv": 7.249000327912118,
  "summary_csf_k": 39.55827769268886,
  "summary_csf_mad": 96.20129073075539,
  "summary_csf_mean": 397.7041684105722,
  "summary_csf_median": 335.383567661047,
  "summary_csf_n": 36716.0,
  "summary_csf_p05": 236.6339924186468,
  "summary_csf_p95": 646.3332055136561,
  "summary_csf_stdv": 232.29809025440792,
  "summary_gm_k": 0.3975792970177676,
  "summary_gm_mad": 73.6541132157346,
  "summary_gm_mean": 769.6711175174926,
  "summary_gm_median": 762.6900801062584,
  "summary_gm_n": 72030.0,
  "summary_gm_p05": 657.7897784113884,
  "summary_gm_p95": 910.8178224898877,
  "summary_gm_stdv": 76.67480142458001,
  "summary_wm_k": 0.6899038621254632,
  "summary_wm_mad": 42.48890340608363,
  "summary_wm_mean": 1000.1969502726017,
  "summary_wm_median": 999.9999765306711,
  "summary_wm_n": 383149.0,
  "summary_wm_p05": 925.2449934929609,
  "summary_wm_p95": 1074.957730770111,
  "summary_wm_stdv": 45.82903685701206,
  "tpm_overlap_csf": 0.16472399234771729,
  "tpm_overlap_gm": 0.45759209990501404,
  "tpm_overlap_wm": 0.49061861634254456,
  "wm2max": 0.4545733861799859
}