{
  "bids_meta": {
    "AcquisitionMatrixPE": 256,
    "AcquisitionNumber": 1,
    "AcquisitionTime": "11:08:4.165000",
    "BaseResolution": 256,
    "BodyPartExamined": "HEAD",
    "ConsistencyInfo": "N4_VE11C_LATEST_20160120",
    "ConversionSoftware": "dcm2niix",
    "ConversionSoftwareVersion": "v1.0.20200427",
    "DeviceSerialNumber": "45250",
    "DwellTime": 9.2e-06,
    "EchoTime": 0.00218,
    "FlipAngle": 8,
    "ImageOrientationPatientDICOM": [
      -0.036657,
      0.999109,
      0.0209101,
      0.0547136,
      0.0228994,
      -0.998239
    ],
    "ImageType": [
      "ORIGINAL",
      "PRIMARY",
      "M",
      "NORM",
      "DIS3D",
      "DIS2D"
    ],
    "ImagingFrequency": 123.24,
    "InPlanePhaseEncodingDirectionDICOM": "ROW",
    "InstitutionAddress": "Kopernikusstr._26_Graz_Graz_AT_8010",
    "InstitutionName": "KFU",
    "InstitutionalDepartmentName": "Department",
    "InversionTime": 1,
    "MRAcquisitionType": "3D",
    "MagneticFieldStrength": 3,
    "Manufacturer": "Siemens",
    "ManufacturersModelName": "Skyra",
    "Modality": "MR",
    "ParallelReductionFactorInPlane": 2,
    "PartialFourier": 1,
    "PatientPosition": "HFS",
    "PercentPhaseFOV": 100,
    "PercentSampling": 100,
    "PhaseEncodingSteps": 294,
    "PhaseOversampling": 0.15,
    "PhaseResolution": 1,
    "PixelBandwidth": 210,
    "ProcedureStepDescription": "KFU_BioPsy",
    "ProtocolName": "T1_Pat4_088mm_Pat2_224Sl",
    "PulseSequenceDetails": "%SiemensSeq%_tfl",
    "ReceiveCoilActiveElements": "HEA;HEP",
    "ReceiveCoilName": "Head_32",
    "ReconMatrixPE": 256,
    "RefLinesPE": 24,
    "RepetitionTime": 2.2,
    "SAR": 0.0605014,
    "ScanOptions": "IR_WE",
    "ScanningSequence": "GR_IR",
    "SequenceName": "_tfl3d1_16ns",
    "SequenceVariant": "SK_SP_MP_OSP",
    "SeriesDescription": "T1_Pat4_088mm_Pat2_224Sl",
    "SeriesNumber": 9,
    "ShimSetting": [
      -1129,
      -3167,
      -4387,
      687,
      806,
      319,
      541,
      -937
    ],
    "SliceThickness": 0.88,
    "SoftwareVersions": "syngo_MR_E11",
    "StationName": "FBMTMR1",
    "TxRefAmp": 324.735,
    "acq_id": "MPrageHiRes",
    "dataset": "<unset>",
    "modality": "T1w",
    "session_id": "1",
    "subject_id": "season105"
  },
  "cjv": 0.4387935365077685,
  "cnr": 3.0167190198090466,
  "efc": 0.6256834574093272,
  "fber": 3193.119289940828,
  "fwhm_avg": 4.0754275829002395,
  "fwhm_x": 3.95452274870072,
  "fwhm_y": 4.2452,
  "fwhm_z": 4.02656,
  "icvs_csf": 0.19339642917576624,
  "icvs_gm": 0.45979834879569365,
  "icvs_wm": 0.34680522202854014,
  "inu_med": 1.5250942707061768,
  "inu_range": 0.5638066053390502,
  "provenance": {
    "md5sum": "407ca2c9144fa7375b4ba03528cf70ca",
    "settings": {
      "testing": false
    },
    "software": "mriqc",
    "version": "0.16.1",
    "warnings": {
      "large_rot_frame": true,
      "small_air_mask": false
    },
    "webapi_port": null,
    "webapi_url": "https://mriqc.nimh.nih.gov/api/v1"
  },
  "qi_1": 0.0,
  "qi_2": 0.0028113972870949496,
  "rpve_csf": 24.56235549656902,
  "rpve_gm": 11.531419244751094,
  "rpve_wm": 17.03309998398086,
  "size_x": 224,
  "size_y": 256,
  "size_z": 256,
  "snr_csf": 2.089815331683227,
  "snr_gm": 11.914333862293285,
  "snr_total": 11.75687592050722,
  "snr_wm": 21.266478567545146,
  "snrd_csf": 46.96953931556769,
  "snrd_gm": 103.40056856520656,
  "snrd_total": 95.46111928902776,
  "snrd_wm": 136.0132499863091,
  "spacing_x": 0.8799999952316284,
  "spacing_y": 0.875,
  "spacing_z": 0.875,
  "summary_bg_k": 5.185488130217973,
  "summary_bg_mad": 4.81670994788053,
  "summary_bg_mean": 10.706001978064572,
  "summary_bg_median": 9.619059704244137,
  "summary_bg_n": 2711975.0,
  "summary_bg_p05": 3.185119107365608,
  "summary_bg_p95": 21.595107547938824,
  "summary_bg_stdv": 5.917444515033932,
  "summary_csf_k": 46.073911764030946,
  "summary_csf_mad": 101.95369389680455,
  "summary_csf_mean": 380.98175391484546,
  "summary_csf_median": 345.33061362057924,
  "summary_csf_n": 35118.0,
  "summary_csf_p05": 234.36106391996145,
  "summary_csf_p95": 589.9127247560772,
  "summary_csf_stdv": 165.24220663522496,
  "summary_gm_k": 0.10912373964507527,
  "summary_gm_mad": 63.75057283959525,
  "summary_gm_mean": 761.8208340251425,
  "summary_gm_median": 760.2242285460234,
  "summary_gm_n": 53989.0,
  "summary_gm_p05": 660.975917160511,
  "summary_gm_p95": 870.4293496608734,
  "summary_gm_stdv": 63.80694017413416,
  "summary_wm_k": 1.0608157475735496,
  "summary_wm_mad": 41.46148366901084,
  "summary_wm_mean": 996.8744100017242,
  "summary_wm_median": 999.9999949485064,
  "summary_wm_n": 276192.0,
  "summary_wm_p05": 912.7277314066887,
  "summary_wm_p95": 1067.6519247889519,
  "summary_wm_stdv": 47.022274112562215,
  "tpm_overlap_csf": 0.17004850506782532,
  "tpm_overlap_gm": 0.4676204323768616,
  "tpm_overlap_wm": 0.4891694188117981,
  "wm2max": 0.5887338733873387
}