{
  "bids_meta": {
    "AcquisitionMatrixPE": 256,
    "AcquisitionNumber": 1,
    "AcquisitionTime": "10:57:37.160000",
    "BaseResolution": 256,
    "BodyPartExamined": "HEAD",
    "ConsistencyInfo": "N4_VE11C_LATEST_20160120",
    "ConversionSoftware": "dcm2niix",
    "ConversionSoftwareVersion": "v1.0.20200427",
    "DeviceSerialNumber": "45250",
    "DwellTime": 9.2e-06,
    "EchoTime": 0.00218,
    "FlipAngle": 8,
    "ImageOrientationPatientDICOM": [
      -0.0457335,
      0.998545,
      0.0285838,
      0.0485404,
      0.0308013,
      -0.998346
    ],
    "ImageType": [
      "ORIGINAL",
      "PRIMARY",
      "M",
      "NORM",
      "DIS3D",
      "DIS2D"
    ],
    "ImagingFrequency": 123.24,
    "InPlanePhaseEncodingDirectionDICOM": "ROW",
    "InstitutionAddress": "Kopernikusstr._26_Graz_Graz_AT_8010",
    "InstitutionName": "KFU",
    "InstitutionalDepartmentName": "Department",
    "InversionTime": 1,
    "MRAcquisitionType": "3D",
    "MagneticFieldStrength": 3,
    "Manufacturer": "Siemens",
    "ManufacturersModelName": "Skyra",
    "Modality": "MR",
    "ParallelReductionFactorInPlane": 2,
    "PartialFourier": 1,
    "PatientPosition": "HFS",
    "PercentPhaseFOV": 100,
    "PercentSampling": 100,
    "PhaseEncodingSteps": 294,
    "PhaseOversampling": 0.15,
    "PhaseResolution": 1,
    "PixelBandwidth": 210,
    "ProcedureStepDescription": "KFU_BioPsy",
    "ProtocolName": "T1_Pat4_088mm_Pat2_224Sl",
    "PulseSequenceDetails": "%SiemensSeq%_tfl",
    "ReceiveCoilActiveElements": "HEA;HEP",
    "ReceiveCoilName": "Head_32",
    "ReconMatrixPE": 256,
    "RefLinesPE": 24,
    "RepetitionTime": 2.2,
    "SAR": 0.0632352,
    "ScanOptions": "IR_WE",
    "ScanningSequence": "GR_IR",
    "SequenceName": "_tfl3d1_16ns",
    "SequenceVariant": "SK_SP_MP_OSP",
    "SeriesDescription": "T1_Pat4_088mm_Pat2_224Sl",
    "SeriesNumber": 9,
    "ShimSetting": [
      -1123,
      -3006,
      -4376,
      420,
      818,
      580,
      174,
      -928
    ],
    "SliceThickness": 0.88,
    "SoftwareVersions": "syngo_MR_E11",
    "StationName": "FBMTMR1",
    "TxRefAmp": 314.226,
    "acq_id": "MPrageHiRes",
    "dataset": "<unset>",
    "modality": "T1w",
    "session_id": "2",
    "subject_id": "season133"
  },
  "cjv": 0.5292928731641399,
  "cnr": 2.5055360485774076,
  "efc": 0.6379328874378842,
  "fber": 2836.2056524072905,
  "fwhm_avg": 4.065733795117612,
  "fwhm_x": 4.007761385352835,
  "fwhm_y": 4.140891428571428,
  "fwhm_z": 4.048548571428571,
  "icvs_csf": 0.17101041736223926,
  "icvs_gm": 0.448026177033364,
  "icvs_wm": 0.38096340560439673,
  "inu_med": 1.095696210861206,
  "inu_range": 0.3975468575954437,
  "provenance": {
    "md5sum": "e89e6d5b972dd68108cef72a9100edc3",
    "settings": {
      "testing": false
    },
    "software": "mriqc",
    "version": "0.16.1",
    "warnings": {
      "large_rot_frame": true,
      "small_air_mask": false
    },
    "webapi_port": null,
    "webapi_url": "https://mriqc.nimh.nih.gov/api/v1"
  },
  "qi_1": 0.0,
  "qi_2": 0.002211915185938601,
  "rpve_csf": 27.12232621315868,
  "rpve_gm": 11.889862198335468,
  "rpve_wm": 15.937081283724226,
  "size_x": 224,
  "size_y": 256,
  "size_z": 256,
  "snr_csf": 1.9392000030905334,
  "snr_gm": 11.589228721436612,
  "snr_total": 11.812875230903558,
  "snr_wm": 21.910196968183524,
  "snrd_csf": 53.328704126262366,
  "snrd_gm": 95.88856144722148,
  "snrd_total": 90.03770623005444,
  "snrd_wm": 120.89585311667948,
  "spacing_x": 0.8799999952316284,
  "spacing_y": 0.875,
  "spacing_z": 0.875,
  "summary_bg_k": 9.469468714445291,
  "summary_bg_mad": 5.419014437002826,
  "summary_bg_mean": 11.47410359751701,
  "summary_bg_median": 10.288344323635101,
  "summary_bg_n": 2288780.0,
  "summary_bg_p05": 3.519696742296219,
  "summary_bg_p95": 24.16407186537981,
  "summary_bg_stdv": 6.9883461856261855,
  "summary_csf_k": 25.43524444161382,
  "summary_csf_mad": 155.44543264661812,
  "summary_csf_mean": 465.9353643334927,
  "summary_csf_median": 441.11276287585497,
  "summary_csf_n": 26037.0,
  "summary_csf_p05": 251.72600354999304,
  "summary_csf_p95": 671.3144671171895,
  "summary_csf_stdv": 227.46714686906665,
  "summary_gm_k": -0.01360740925015369,
  "summary_gm_mad": 68.44014529696162,
  "summary_gm_mean": 795.0119745664836,
  "summary_gm_median": 793.1501235812902,
  "summary_gm_n": 63049.0,
  "summary_gm_p05": 687.08541598171,
  "summary_gm_p95": 912.2783210128546,
  "summary_gm_stdv": 68.43801711663545,
  "summary_wm_k": 0.8216263200554526,
  "summary_wm_mad": 41.04401675433622,
  "summary_wm_mean": 999.6019433999911,
  "summary_wm_median": 999.9999936670065,
  "summary_wm_n": 333517.0,
  "summary_wm_p05": 922.9050977155566,
  "summary_wm_p95": 1073.37213344872,
  "summary_wm_stdv": 45.640780680523584,
  "tpm_overlap_csf": 0.15273092687129974,
  "tpm_overlap_gm": 0.44877296686172485,
  "tpm_overlap_wm": 0.48975464701652527,
  "wm2max": 0.5628190476190477
}