{
  "bids_meta": {
    "AcquisitionMatrixPE": 256,
    "AcquisitionNumber": 1,
    "AcquisitionTime": "09:05:12.845000",
    "BaseResolution": 256,
    "BodyPartExamined": "HEAD",
    "ConsistencyInfo": "N4_VE11C_LATEST_20160120",
    "ConversionSoftware": "dcm2niix",
    "ConversionSoftwareVersion": "v1.0.20200427",
    "DeviceSerialNumber": "45250",
    "DwellTime": 9.2e-06,
    "EchoTime": 0.00218,
    "FlipAngle": 8,
    "ImageOrientationPatientDICOM": [
      0.0736499,
      0.993159,
      0.0906126,
      0.027692,
      0.0887878,
      -0.995666
    ],
    "ImageType": [
      "ORIGINAL",
      "PRIMARY",
      "M",
      "NORM",
      "DIS3D",
      "DIS2D"
    ],
    "ImagingFrequency": 123.24,
    "InPlanePhaseEncodingDirectionDICOM": "ROW",
    "InstitutionAddress": "Kopernikusstr._26_Graz_Graz_AT_8010",
    "InstitutionName": "KFU",
    "InstitutionalDepartmentName": "Department",
    "InversionTime": 1,
    "MRAcquisitionType": "3D",
    "MagneticFieldStrength": 3,
    "Manufacturer": "Siemens",
    "ManufacturersModelName": "Skyra",
    "Modality": "MR",
    "ParallelReductionFactorInPlane": 2,
    "PartialFourier": 1,
    "PatientPosition": "HFS",
    "PercentPhaseFOV": 100,
    "PercentSampling": 100,
    "PhaseEncodingSteps": 294,
    "PhaseOversampling": 0.15,
    "PhaseResolution": 1,
    "PixelBandwidth": 210,
    "ProcedureStepDescription": "KFU_BioPsy",
    "ProtocolName": "T1_Pat4_088mm_Pat2_224Sl",
    "PulseSequenceDetails": "%SiemensSeq%_tfl",
    "ReceiveCoilActiveElements": "HEA;HEP",
    "ReceiveCoilName": "Head_32",
    "ReconMatrixPE": 256,
    "RefLinesPE": 24,
    "RepetitionTime": 2.2,
    "SAR": 0.0643102,
    "ScanOptions": "IR_WE",
    "ScanningSequence": "GR_IR",
    "SequenceName": "_tfl3d1_16ns",
    "SequenceVariant": "SK_SP_MP_OSP",
    "SeriesDescription": "T1_Pat4_088mm_Pat2_224Sl",
    "SeriesNumber": 9,
    "ShimSetting": [
      -1127,
      -3145,
      -4274,
      336,
      848,
      258,
      183,
      -838
    ],
    "SliceThickness": 0.88,
    "SoftwareVersions": "syngo_MR_E11",
    "StationName": "FBMTMR1",
    "TxRefAmp": 316.509,
    "acq_id": "MPrageHiRes",
    "dataset": "<unset>",
    "modality": "T1w",
    "session_id": "3",
    "subject_id": "season135"
  },
  "cjv": 0.4088503430326268,
  "cnr": 3.141744014498858,
  "efc": 0.6267065037633589,
  "fber": 3046.6367256729422,
  "fwhm_avg": 4.219608795337291,
  "fwhm_x": 4.129386386011873,
  "fwhm_y": 4.317371428571429,
  "fwhm_z": 4.2120685714285715,
  "icvs_csf": 0.19174392174268978,
  "icvs_gm": 0.4350587404731758,
  "icvs_wm": 0.3731973377841344,
  "inu_med": 1.4010851383209229,
  "inu_range": 0.4699771225452425,
  "provenance": {
    "md5sum": "42357bd87566952afd4a5047e720b070",
    "settings": {
      "testing": false
    },
    "software": "mriqc",
    "version": "0.16.1",
    "warnings": {
      "large_rot_frame": true,
      "small_air_mask": false
    },
    "webapi_port": null,
    "webapi_url": "https://mriqc.nimh.nih.gov/api/v1"
  },
  "qi_1": 0.0,
  "qi_2": 0.002213083915640684,
  "rpve_csf": 23.999752756762103,
  "rpve_gm": 11.777602776838494,
  "rpve_wm": 15.972773517093826,
  "size_x": 224,
  "size_y": 256,
  "size_z": 256,
  "snr_csf": 1.9360433141969497,
  "snr_gm": 12.0331214409921,
  "snr_total": 12.880868244632673,
  "snr_wm": 24.673439978708966,
  "snrd_csf": 47.778574684243424,
  "snrd_gm": 108.608472659608,
  "snrd_total": 99.58669940516513,
  "snrd_wm": 142.37305087164395,
  "spacing_x": 0.8799999952316284,
  "spacing_y": 0.875,
  "spacing_z": 0.875,
  "summary_bg_k": 5.407241737632921,
  "summary_bg_mad": 4.601547618786717,
  "summary_bg_mean": 10.295490734435411,
  "summary_bg_median": 9.200243800878525,
  "summary_bg_n": 2419858.0,
  "summary_bg_p05": 3.0482735484838486,
  "summary_bg_p95": 21.559607461094856,
  "summary_bg_stdv": 6.041806488905173,
  "summary_csf_k": 43.897241646422984,
  "summary_csf_mad": 105.67125424570926,
  "summary_csf_mean": 377.63879960252495,
  "summary_csf_median": 335.58720611035824,
  "summary_csf_n": 36831.0,
  "summary_csf_p05": 223.4107395261526,
  "summary_csf_p95": 595.1061313971877,
  "summary_csf_stdv": 173.33426780670644,
  "summary_gm_k": 0.31435329728450956,
  "summary_gm_mad": 60.39531249657566,
  "summary_gm_mean": 764.5336867888738,
  "summary_gm_median": 762.8443112969398,
  "summary_gm_n": 60733.0,
  "summary_gm_p05": 663.3375780433416,
  "summary_gm_p95": 872.5821590423584,
  "summary_gm_stdv": 63.39485849124263,
  "summary_wm_k": 1.0571517649696531,
  "summary_wm_mad": 36.56586947071588,
  "summary_wm_mean": 998.9994690749869,
  "summary_wm_median": 999.9999933689833,
  "summary_wm_n": 334884.0,
  "summary_wm_p05": 931.1644343286753,
  "summary_wm_p95": 1062.5727358460426,
  "summary_wm_stdv": 40.52935063681753,
  "tpm_overlap_csf": 0.17291294038295746,
  "tpm_overlap_gm": 0.45190712809562683,
  "tpm_overlap_wm": 0.5048667788505554,
  "wm2max": 0.6273875839012512
}