{
  "bids_meta": {
    "AcquisitionMatrixPE": 256,
    "AcquisitionNumber": 1,
    "AcquisitionTime": "12:01:39.310000",
    "BaseResolution": 256,
    "BodyPartExamined": "HEAD",
    "ConsistencyInfo": "N4_VE11C_LATEST_20160120",
    "ConversionSoftware": "dcm2niix",
    "ConversionSoftwareVersion": "v1.0.20200427",
    "DeviceSerialNumber": "45250",
    "DwellTime": 9.2e-06,
    "EchoTime": 0.00218,
    "FlipAngle": 8,
    "ImageOrientationPatientDICOM": [
      -0.0239812,
      0.992891,
      0.116587,
      0.0353431,
      0.11739,
      -0.992457
    ],
    "ImageType": [
      "ORIGINAL",
      "PRIMARY",
      "M",
      "NORM",
      "DIS3D",
      "DIS2D"
    ],
    "ImagingFrequency": 123.24,
    "InPlanePhaseEncodingDirectionDICOM": "ROW",
    "InstitutionAddress": "Kopernikusstr._26_Graz_Graz_AT_8010",
    "InstitutionName": "KFU",
    "InstitutionalDepartmentName": "Department",
    "InversionTime": 1,
    "MRAcquisitionType": "3D",
    "MagneticFieldStrength": 3,
    "Manufacturer": "Siemens",
    "ManufacturersModelName": "Skyra",
    "Modality": "MR",
    "ParallelReductionFactorInPlane": 2,
    "PartialFourier": 1,
    "PatientPosition": "HFS",
    "PercentPhaseFOV": 100,
    "PercentSampling": 100,
    "PhaseEncodingSteps": 294,
    "PhaseOversampling": 0.15,
    "PhaseResolution": 1,
    "PixelBandwidth": 210,
    "ProcedureStepDescription": "KFU_BioPsy",
    "ProtocolName": "T1_Pat4_088mm_Pat2_224Sl",
    "PulseSequenceDetails": "%SiemensSeq%_tfl",
    "ReceiveCoilActiveElements": "HEA;HEP",
    "ReceiveCoilName": "Head_32",
    "ReconMatrixPE": 256,
    "RefLinesPE": 24,
    "RepetitionTime": 2.2,
    "SAR": 0.0609635,
    "ScanOptions": "IR_WE",
    "ScanningSequence": "GR_IR",
    "SequenceName": "_tfl3d1_16ns",
    "SequenceVariant": "SK_SP_MP_OSP",
    "SeriesDescription": "T1_Pat4_088mm_Pat2_224Sl",
    "SeriesNumber": 9,
    "ShimSetting": [
      -1131,
      -3313,
      -4369,
      687,
      741,
      -156,
      628,
      -870
    ],
    "SliceThickness": 0.88,
    "SoftwareVersions": "syngo_MR_E11",
    "StationName": "FBMTMR1",
    "TxRefAmp": 325.068,
    "acq_id": "MPrageHiRes",
    "dataset": "<unset>",
    "modality": "T1w",
    "session_id": "3",
    "subject_id": "season105"
  },
  "cjv": 0.45213580624786803,
  "cnr": 2.9152573815722875,
  "efc": 0.6144682611851786,
  "fber": 4038.56922781722,
  "fwhm_avg": 4.056758881654042,
  "fwhm_x": 3.983590930676411,
  "fwhm_y": 4.134605714285715,
  "fwhm_z": 4.05208,
  "icvs_csf": 0.19415417267193058,
  "icvs_gm": 0.45322595986156794,
  "icvs_wm": 0.3526198674665015,
  "inu_med": 1.4316673278808594,
  "inu_range": 0.5551590323448181,
  "provenance": {
    "md5sum": "8d21c716160fd51e85b7ad691bb09253",
    "settings": {
      "testing": false
    },
    "software": "mriqc",
    "version": "0.16.1",
    "warnings": {
      "large_rot_frame": true,
      "small_air_mask": false
    },
    "webapi_port": null,
    "webapi_url": "https://mriqc.nimh.nih.gov/api/v1"
  },
  "qi_1": 0.0,
  "qi_2": 0.003145544197688398,
  "rpve_csf": 24.847769619756622,
  "rpve_gm": 11.7319764960559,
  "rpve_wm": 16.9040950914372,
  "size_x": 224,
  "size_y": 256,
  "size_z": 256,
  "snr_csf": 2.883879145931145,
  "snr_gm": 11.801738648830073,
  "snr_total": 12.111165457163198,
  "snr_wm": 21.647878576728374,
  "snrd_csf": 50.87600295857098,
  "snrd_gm": 111.09952608658043,
  "snrd_total": 102.27320098113489,
  "snrd_wm": 144.84407389825327,
  "spacing_x": 0.8799999952316284,
  "spacing_y": 0.875,
  "spacing_z": 0.875,
  "summary_bg_k": 6.875415524915471,
  "summary_bg_mad": 4.523045672699763,
  "summary_bg_mean": 9.302385369035875,
  "summary_bg_median": 8.2135521620512,
  "summary_bg_n": 2882740.0,
  "summary_bg_p05": 3.109416175633669,
  "summary_bg_p95": 19.12584289163351,
  "summary_bg_stdv": 5.338002197118918,
  "summary_csf_k": 33.84109470211498,
  "summary_csf_mad": 105.50873848047718,
  "summary_csf_mean": 376.9212605630961,
  "summary_csf_median": 351.2466913871467,
  "summary_csf_n": 31924.0,
  "summary_csf_p05": 237.13698456436396,
  "summary_csf_p95": 580.7568060867488,
  "summary_csf_stdv": 121.79469813931036,
  "summary_gm_k": 0.25367597193809965,
  "summary_gm_mad": 64.71434577862739,
  "summary_gm_mean": 767.663420011423,
  "summary_gm_median": 767.0284354761243,
  "summary_gm_n": 45385.0,
  "summary_gm_p05": 663.9600894883275,
  "summary_gm_p95": 874.3912958800793,
  "summary_gm_stdv": 64.9921175185448,
  "summary_wm_k": 1.101505034275032,
  "summary_wm_mad": 40.62042940674595,
  "summary_wm_mean": 998.5233493903528,
  "summary_wm_median": 999.9999757297337,
  "summary_wm_n": 278681.0,
  "summary_wm_p05": 919.1551551632583,
  "summary_wm_p95": 1070.8125290125608,
  "summary_wm_stdv": 46.193818854706784,
  "tpm_overlap_csf": 0.17235489189624786,
  "tpm_overlap_gm": 0.4617983400821686,
  "tpm_overlap_wm": 0.48815345764160156,
  "wm2max": 0.6219675092857399
}