{
  "bids_meta": {
    "AcquisitionMatrixPE": 256,
    "AcquisitionNumber": 1,
    "AcquisitionTime": "09:54:46.880000",
    "BaseResolution": 256,
    "BodyPartExamined": "HEAD",
    "ConsistencyInfo": "N4_VE11C_LATEST_20160120",
    "ConversionSoftware": "dcm2niix",
    "ConversionSoftwareVersion": "v1.0.20200427",
    "DeviceSerialNumber": "45250",
    "DwellTime": 9.2e-06,
    "EchoTime": 0.00218,
    "FlipAngle": 8,
    "ImageOrientationPatientDICOM": [
      0.016427,
      0.987206,
      0.1586,
      -0.0284614,
      0.159019,
      -0.986865
    ],
    "ImageType": [
      "ORIGINAL",
      "PRIMARY",
      "M",
      "NORM",
      "DIS3D",
      "DIS2D"
    ],
    "ImagingFrequency": 123.239,
    "InPlanePhaseEncodingDirectionDICOM": "ROW",
    "InstitutionAddress": "Kopernikusstr._26_Graz_Graz_AT_8010",
    "InstitutionName": "KFU",
    "InstitutionalDepartmentName": "Department",
    "InversionTime": 1,
    "MRAcquisitionType": "3D",
    "MagneticFieldStrength": 3,
    "Manufacturer": "Siemens",
    "ManufacturersModelName": "Skyra",
    "Modality": "MR",
    "ParallelReductionFactorInPlane": 2,
    "PartialFourier": 1,
    "PatientPosition": "HFS",
    "PercentPhaseFOV": 100,
    "PercentSampling": 100,
    "PhaseEncodingSteps": 294,
    "PhaseOversampling": 0.15,
    "PhaseResolution": 1,
    "PixelBandwidth": 210,
    "ProcedureStepDescription": "BioPsy_2018",
    "ProtocolName": "anat-T1w",
    "PulseSequenceDetails": "%SiemensSeq%_tfl",
    "ReceiveCoilActiveElements": "HEA;HEP",
    "ReceiveCoilName": "Head_32",
    "ReconMatrixPE": 256,
    "RefLinesPE": 24,
    "RepetitionTime": 2.2,
    "SAR": 0.0601925,
    "ScanOptions": "IR_WE",
    "ScanningSequence": "GR_IR",
    "SequenceName": "_tfl3d1_16ns",
    "SequenceVariant": "SK_SP_MP_OSP",
    "SeriesDescription": "anat-T1w",
    "SeriesNumber": 9,
    "ShimSetting": [
      -1129,
      -3251,
      -4367,
      441,
      968,
      217,
      477,
      -780
    ],
    "SliceThickness": 0.88,
    "SoftwareVersions": "syngo_MR_E11",
    "StationName": "FBMTMR1",
    "TxRefAmp": 317.34,
    "acq_id": "MPrageHiRes",
    "dataset": "<unset>",
    "modality": "T1w",
    "session_id": "1",
    "subject_id": "season214"
  },
  "cjv": 0.4314842829275609,
  "cnr": 3.0253930686167583,
  "efc": 0.6280135517018313,
  "fber": 3879.599631322442,
  "fwhm_avg": 4.247609942511514,
  "fwhm_x": 4.122784113248826,
  "fwhm_y": 4.345885714285714,
  "fwhm_z": 4.27416,
  "icvs_csf": 0.1781305420882313,
  "icvs_gm": 0.44843140451878166,
  "icvs_wm": 0.3734380533929871,
  "inu_med": 1.253543734550476,
  "inu_range": 0.49298999309539804,
  "provenance": {
    "md5sum": "f47f42a02636631402a86c4877807271",
    "settings": {
      "testing": false
    },
    "software": "mriqc",
    "version": "0.16.1",
    "warnings": {
      "large_rot_frame": true,
      "small_air_mask": false
    },
    "webapi_port": null,
    "webapi_url": "https://mriqc.nimh.nih.gov/api/v1"
  },
  "qi_1": 0.0,
  "qi_2": 0.0026251512366885013,
  "rpve_csf": 25.157837989145367,
  "rpve_gm": 11.442028905193625,
  "rpve_wm": 15.865524333375795,
  "size_x": 224,
  "size_y": 256,
  "size_z": 256,
  "snr_csf": 2.384615537697098,
  "snr_gm": 11.798774491697797,
  "snr_total": 12.6220261531211,
  "snr_wm": 23.682688429968405,
  "snrd_csf": 61.83653398322182,
  "snrd_gm": 117.7301955885899,
  "snrd_total": 111.13201406639008,
  "snrd_wm": 153.82931262735858,
  "spacing_x": 0.8799999952316284,
  "spacing_y": 0.875,
  "spacing_z": 0.875,
  "summary_bg_k": 5.540578223893938,
  "summary_bg_mad": 4.258852592065176,
  "summary_bg_mean": 8.76616661981016,
  "summary_bg_median": 7.679680962115526,
  "summary_bg_n": 2395060.0,
  "summary_bg_p05": 2.8725524209439754,
  "summary_bg_p95": 18.231914345175028,
  "summary_bg_stdv": 5.122760229417259,
  "summary_csf_k": 36.686063096521586,
  "summary_csf_mad": 168.09430434804185,
  "summary_csf_mean": 428.66710961870086,
  "summary_csf_median": 401.98146837577224,
  "summary_csf_n": 31177.0,
  "summary_csf_p05": 242.7599913291633,
  "summary_csf_p95": 636.5927905924618,
  "summary_csf_stdv": 168.57015951055337,
  "summary_gm_k": 0.4973337735106975,
  "summary_gm_mad": 63.27438136782547,
  "summary_gm_mean": 767.7053669198785,
  "summary_gm_median": 765.3300378657877,
  "summary_gm_n": 55490.0,
  "summary_gm_p05": 667.9563731476665,
  "summary_gm_p95": 877.8871939517558,
  "summary_gm_stdv": 64.86462998894416,
  "summary_wm_k": 0.7784451551171623,
  "summary_wm_mad": 37.98201189249963,
  "summary_wm_mean": 998.8353811896511,
  "summary_wm_median": 999.9999836012721,
  "summary_wm_n": 330448.0,
  "summary_wm_p05": 926.4860910326242,
  "summary_wm_p95": 1066.0686892829835,
  "summary_wm_stdv": 42.22487127928302,
  "tpm_overlap_csf": 0.1558632105588913,
  "tpm_overlap_gm": 0.4545586407184601,
  "tpm_overlap_wm": 0.4891158640384674,
  "wm2max": 0.536876250779332
}