{
  "bids_meta": {
    "AcquisitionMatrixPE": 256,
    "AcquisitionNumber": 1,
    "AcquisitionTime": "11:18:58.185000",
    "BaseResolution": 256,
    "BodyPartExamined": "HEAD",
    "ConsistencyInfo": "N4_VE11C_LATEST_20160120",
    "ConversionSoftware": "dcm2niix",
    "ConversionSoftwareVersion": "v1.0.20200427",
    "DeviceSerialNumber": "45250",
    "DwellTime": 9.2e-06,
    "EchoTime": 0.00218,
    "FlipAngle": 8,
    "ImageOrientationPatientDICOM": [
      -0.058503,
      0.997334,
      -0.0436178,
      -0.00610239,
      -0.0440491,
      -0.999011
    ],
    "ImageType": [
      "ORIGINAL",
      "PRIMARY",
      "M",
      "NORM",
      "DIS3D",
      "DIS2D"
    ],
    "ImagingFrequency": 123.24,
    "InPlanePhaseEncodingDirectionDICOM": "ROW",
    "InstitutionAddress": "Kopernikusstr._26_Graz_Graz_AT_8010",
    "InstitutionName": "KFU",
    "InstitutionalDepartmentName": "Department",
    "InversionTime": 1,
    "MRAcquisitionType": "3D",
    "MagneticFieldStrength": 3,
    "Manufacturer": "Siemens",
    "ManufacturersModelName": "Skyra",
    "Modality": "MR",
    "ParallelReductionFactorInPlane": 2,
    "PartialFourier": 1,
    "PatientPosition": "HFS",
    "PercentPhaseFOV": 100,
    "PercentSampling": 100,
    "PhaseEncodingSteps": 294,
    "PhaseOversampling": 0.15,
    "PhaseResolution": 1,
    "PixelBandwidth": 210,
    "ProcedureStepDescription": "KFU_BioPsy",
    "ProtocolName": "T1_Pat4_088mm_Pat2_224Sl",
    "PulseSequenceDetails": "%SiemensSeq%_tfl",
    "ReceiveCoilActiveElements": "HEA;HEP",
    "ReceiveCoilName": "Head_32",
    "ReconMatrixPE": 256,
    "RefLinesPE": 24,
    "RepetitionTime": 2.2,
    "SAR": 0.0565755,
    "ScanOptions": "IR_WE",
    "ScanningSequence": "GR_IR",
    "SequenceName": "_tfl3d1_16ns",
    "SequenceVariant": "SK_SP_MP_OSP",
    "SeriesDescription": "T1_Pat4_088mm_Pat2_224Sl",
    "SeriesNumber": 9,
    "ShimSetting": [
      -1108,
      -3141,
      -4372,
      312,
      1006,
      -106,
      228,
      -971
    ],
    "SliceThickness": 0.88,
    "SoftwareVersions": "syngo_MR_E11",
    "StationName": "FBMTMR1",
    "TxRefAmp": 337.542,
    "acq_id": "MPrageHiRes",
    "dataset": "<unset>",
    "modality": "T1w",
    "session_id": "3",
    "subject_id": "season126"
  },
  "cjv": 0.6271186100365487,
  "cnr": 2.122299053436049,
  "efc": 0.6568495353048361,
  "fber": 3615.091159314159,
  "fwhm_avg": 4.045432149991863,
  "fwhm_x": 3.950125021404163,
  "fwhm_y": 4.116902857142857,
  "fwhm_z": 4.069268571428571,
  "icvs_csf": 0.18282726814654046,
  "icvs_gm": 0.4431607027657988,
  "icvs_wm": 0.37401202908766074,
  "inu_med": 1.2997877597808838,
  "inu_range": 0.5044615566730499,
  "provenance": {
    "md5sum": "39a0ae1c1c5eae6e528aa7cd0c5e9a50",
    "settings": {
      "testing": false
    },
    "software": "mriqc",
    "version": "0.16.1",
    "warnings": {
      "large_rot_frame": true,
      "small_air_mask": false
    },
    "webapi_port": null,
    "webapi_url": "https://mriqc.nimh.nih.gov/api/v1"
  },
  "qi_1": 0.0,
  "qi_2": 0.001476108394221715,
  "rpve_csf": 24.372063052116076,
  "rpve_gm": 11.34938990675815,
  "rpve_wm": 15.464540463989486,
  "size_x": 224,
  "size_y": 256,
  "size_z": 256,
  "snr_csf": 1.583288858824569,
  "snr_gm": 9.630138412857672,
  "snr_total": 9.966247528726713,
  "snr_wm": 18.6853153144979,
  "snrd_csf": 46.77644768426011,
  "snrd_gm": 100.26793534478631,
  "snrd_total": 91.24879234493658,
  "snrd_wm": 126.70199400576327,
  "spacing_x": 0.8799999952316284,
  "spacing_y": 0.875,
  "spacing_z": 0.875,
  "summary_bg_k": 7.063939637483552,
  "summary_bg_mad": 5.171009372232043,
  "summary_bg_mean": 10.938874241209524,
  "summary_bg_median": 9.155456151813269,
  "summary_bg_n": 2663056.0,
  "summary_bg_p05": 3.4255108051002026,
  "summary_bg_p95": 23.604883547872305,
  "summary_bg_stdv": 6.843711758112313,
  "summary_csf_k": 29.521305504612606,
  "summary_csf_mad": 122.81147259051103,
  "summary_csf_mean": 422.09644374808806,
  "summary_csf_median": 369.20778277516365,
  "summary_csf_n": 30413.0,
  "summary_csf_p05": 238.04185994714499,
  "summary_csf_p95": 669.7434162102638,
  "summary_csf_stdv": 233.18657916826118,
  "summary_gm_k": -0.06670909584617668,
  "summary_gm_mad": 82.08977378418369,
  "summary_gm_mean": 797.8442053997634,
  "summary_gm_median": 791.4175600074232,
  "summary_gm_n": 52117.0,
  "summary_gm_p05": 673.9536803998053,
  "summary_gm_p95": 945.3164181783795,
  "summary_gm_stdv": 82.1805391928424,
  "summary_wm_k": 0.762951960790824,
  "summary_wm_mad": 48.75523122390212,
  "summary_wm_mean": 1000.7764238218343,
  "summary_wm_median": 1000.0623090453446,
  "summary_wm_n": 322809.0,
  "summary_wm_p05": 912.4937964640558,
  "summary_wm_p95": 1088.9387439340353,
  "summary_wm_stdv": 53.52121402351492,
  "tpm_overlap_csf": 0.1660093367099762,
  "tpm_overlap_gm": 0.45935654640197754,
  "tpm_overlap_wm": 0.50430828332901,
  "wm2max": 0.5352517370722022
}