{
  "bids_meta": {
    "AcquisitionMatrixPE": 256,
    "AcquisitionNumber": 1,
    "AcquisitionTime": "07:48:5.832500",
    "BaseResolution": 256,
    "BodyPartExamined": "BRAIN",
    "ConsistencyInfo": "N4_VE11C_LATEST_20160120",
    "ConversionSoftware": "dcm2niix",
    "ConversionSoftwareVersion": "v1.0.20180622 GCC7.3.0",
    "DeviceSerialNumber": "45250",
    "DwellTime": 9.2e-06,
    "EchoTime": 0.00218,
    "FlipAngle": 8,
    "ImageOrientationPatientDICOM": [
      0.0105252,
      0.998186,
      0.0592826,
      0.0289842,
      0.0589564,
      -0.99784
    ],
    "ImageType": [
      "ORIGINAL",
      "PRIMARY",
      "M",
      "NORM",
      "DIS3D",
      "DIS2D"
    ],
    "InPlanePhaseEncodingDirectionDICOM": "ROW",
    "InstitutionAddress": "Kopernikusstr._26_Graz_Graz_AT_8010",
    "InstitutionName": "KFU",
    "InstitutionalDepartmentName": "Department",
    "InversionTime": 1,
    "MRAcquisitionType": "3D",
    "MagneticFieldStrength": 3,
    "Manufacturer": "Siemens",
    "ManufacturersModelName": "Skyra",
    "Modality": "MR",
    "ParallelReductionFactorInPlane": 2,
    "PartialFourier": 1,
    "PatientPosition": "HFS",
    "PercentPhaseFOV": 100,
    "PhaseEncodingSteps": 294,
    "PhaseOversampling": 0.15,
    "PhaseResolution": 1,
    "PixelBandwidth": 210,
    "ProcedureStepDescription": "KFU_BioPsy",
    "ProtocolName": "T1_Pat4_088mm_Pat2_224Sl",
    "PulseSequenceDetails": "%SiemensSeq%_tfl",
    "ReceiveCoilActiveElements": "HEA;HEP",
    "ReceiveCoilName": "Head_32",
    "ReconMatrixPE": 256,
    "RepetitionTime": 2.2,
    "SAR": 0.0571907,
    "ScanOptions": "IR_WE",
    "ScanningSequence": "GR_IR",
    "SequenceName": "_tfl3d1_16ns",
    "SequenceVariant": "SK_SP_MP_OSP",
    "SeriesDescription": "T1_Pat4_088mm_Pat2_224Sl",
    "SeriesNumber": 9,
    "ShimSetting": [
      -1082,
      -3131,
      -4404,
      317,
      967,
      166,
      114,
      -958
    ],
    "SliceThickness": 0.88,
    "SoftwareVersions": "syngo_MR_E11",
    "StationName": "FBMTMR1",
    "TxRefAmp": 320.6,
    "acq_id": "MPrageHiRes",
    "dataset": "<unset>",
    "modality": "T1w",
    "session_id": "3",
    "subject_id": "season101"
  },
  "cjv": 0.5149097882573931,
  "cnr": 2.5359939124616835,
  "efc": 0.5615801117688956,
  "fber": 2218.7830849916672,
  "fwhm_avg": 3.9893720334224594,
  "fwhm_x": 4.032801814553093,
  "fwhm_y": 3.9496571428571428,
  "fwhm_z": 3.985657142857143,
  "icvs_csf": 0.18972079983533188,
  "icvs_gm": 0.4416197243644425,
  "icvs_wm": 0.3686594758002256,
  "inu_med": 1.4506694078445435,
  "inu_range": 0.467955082654953,
  "provenance": {
    "md5sum": "c1ca4d1dc92642ff2d75934c3fb7d376",
    "settings": {
      "testing": false
    },
    "software": "mriqc",
    "version": "0.16.1",
    "warnings": {
      "large_rot_frame": true,
      "small_air_mask": false
    },
    "webapi_port": null,
    "webapi_url": "https://mriqc.nimh.nih.gov/api/v1"
  },
  "qi_1": 0.0,
  "qi_2": 0.0034431823662867504,
  "rpve_csf": 26.600123357889338,
  "rpve_gm": 12.661633800156697,
  "rpve_wm": 17.485441340286414,
  "size_x": 224,
  "size_y": 256,
  "size_z": 256,
  "snr_csf": 1.7966242754415997,
  "snr_gm": 11.0050789265131,
  "snr_total": 11.86861284996778,
  "snr_wm": 22.80413534794864,
  "snrd_csf": 49.91434141386664,
  "snrd_gm": 101.3016253998872,
  "snrd_total": 93.32625509774535,
  "snrd_wm": 128.7627984794822,
  "spacing_x": 0.8800035715103149,
  "spacing_y": 0.875,
  "spacing_z": 0.875,
  "summary_bg_k": 3.195419527682186,
  "summary_bg_mad": 5.088295823428571,
  "summary_bg_mean": 11.215339463112741,
  "summary_bg_median": 10.296010136604309,
  "summary_bg_n": 2896355.0,
  "summary_bg_p05": 3.432003378868103,
  "summary_bg_p95": 23.023022666573524,
  "summary_bg_stdv": 6.239920117747274,
  "summary_csf_k": 37.76736999933,
  "summary_csf_mad": 147.56057887942856,
  "summary_csf_mean": 436.23418159999886,
  "summary_csf_median": 387.67338167130947,
  "summary_csf_n": 35382.0,
  "summary_csf_p05": 248.39481954909863,
  "summary_csf_p95": 650.793640717864,
  "summary_csf_stdv": 215.77572369100477,
  "summary_gm_k": 0.15266430409153342,
  "summary_gm_mad": 70.38809222409523,
  "summary_gm_mean": 789.9226896086562,
  "summary_gm_median": 786.7867746055126,
  "summary_gm_n": 43220.0,
  "summary_gm_p05": 679.747594223544,
  "summary_gm_p95": 915.4154012426734,
  "summary_gm_stdv": 71.49223351255695,
  "summary_wm_k": 0.8560151523850448,
  "summary_wm_mad": 39.43429263157143,
  "summary_wm_mean": 1000.0603877229171,
  "summary_wm_median": 1000.0714845880866,
  "summary_wm_n": 288929.0,
  "summary_wm_p05": 927.7134133502841,
  "summary_wm_p95": 1071.6430550515652,
  "summary_wm_stdv": 43.85475435374888,
  "tpm_overlap_csf": 0.17125996947288513,
  "tpm_overlap_gm": 0.46537116169929504,
  "tpm_overlap_wm": 0.5031671524047852,
  "wm2max": 0.5346916931075347
}