{
  "bids_meta": {
    "AcquisitionMatrixPE": 256,
    "AcquisitionNumber": 1,
    "AcquisitionTime": "12:27:52.182500",
    "BaseResolution": 256,
    "BodyPartExamined": "HEAD",
    "ConsistencyInfo": "N4_VE11C_LATEST_20160120",
    "ConversionSoftware": "dcm2niix",
    "ConversionSoftwareVersion": "v1.0.20200427",
    "DeviceSerialNumber": "45250",
    "DwellTime": 9.2e-06,
    "EchoTime": 0.00218,
    "FlipAngle": 8,
    "ImageOrientationPatientDICOM": [
      -0.0204937,
      0.991683,
      0.127063,
      -0.0079867,
      0.126923,
      -0.99188
    ],
    "ImageType": [
      "ORIGINAL",
      "PRIMARY",
      "M",
      "NORM",
      "DIS3D",
      "DIS2D"
    ],
    "ImagingFrequency": 123.239,
    "InPlanePhaseEncodingDirectionDICOM": "ROW",
    "InstitutionAddress": "Kopernikusstr._26_Graz_Graz_AT_8010",
    "InstitutionName": "KFU",
    "InstitutionalDepartmentName": "Department",
    "InversionTime": 1,
    "MRAcquisitionType": "3D",
    "MagneticFieldStrength": 3,
    "Manufacturer": "Siemens",
    "ManufacturersModelName": "Skyra",
    "Modality": "MR",
    "ParallelReductionFactorInPlane": 2,
    "PartialFourier": 1,
    "PatientPosition": "HFS",
    "PercentPhaseFOV": 100,
    "PercentSampling": 100,
    "PhaseEncodingSteps": 294,
    "PhaseOversampling": 0.15,
    "PhaseResolution": 1,
    "PixelBandwidth": 210,
    "ProcedureStepDescription": "BioPsy_2018",
    "ProtocolName": "anat-T1w",
    "PulseSequenceDetails": "%SiemensSeq%_tfl",
    "ReceiveCoilActiveElements": "HEA;HEP",
    "ReceiveCoilName": "Head_32",
    "ReconMatrixPE": 256,
    "RefLinesPE": 24,
    "RepetitionTime": 2.2,
    "SAR": 0.0547856,
    "ScanOptions": "IR_WE",
    "ScanningSequence": "GR_IR",
    "SequenceName": "_tfl3d1_16ns",
    "SequenceVariant": "SK_SP_MP_OSP",
    "SeriesDescription": "anat-T1w",
    "SeriesNumber": 9,
    "ShimSetting": [
      -1123,
      -3176,
      -4324,
      467,
      997,
      130,
      341,
      -947
    ],
    "SliceThickness": 0.88,
    "SoftwareVersions": "syngo_MR_E11",
    "StationName": "FBMTMR1",
    "TxRefAmp": 322.09,
    "acq_id": "MPrageHiRes",
    "dataset": "<unset>",
    "modality": "T1w",
    "session_id": "2",
    "subject_id": "season204"
  },
  "cjv": 0.45086656763065264,
  "cnr": 2.950727464846291,
  "efc": 0.6362761514074804,
  "fber": 3329.912518723851,
  "fwhm_avg": 3.999038773380269,
  "fwhm_x": 3.956647748712235,
  "fwhm_y": 4.032662857142857,
  "fwhm_z": 4.007805714285714,
  "icvs_csf": 0.18035080535452283,
  "icvs_gm": 0.4446232812186781,
  "icvs_wm": 0.37502591342679903,
  "inu_med": 1.2380963563919067,
  "inu_range": 0.46783751249313354,
  "provenance": {
    "md5sum": "1b652d4d0642235b51592a3531f7a903",
    "settings": {
      "testing": false
    },
    "software": "mriqc",
    "version": "0.16.1",
    "warnings": {
      "large_rot_frame": true,
      "small_air_mask": false
    },
    "webapi_port": null,
    "webapi_url": "https://mriqc.nimh.nih.gov/api/v1"
  },
  "qi_1": 0.0,
  "qi_2": 0.002271161730559464,
  "rpve_csf": 25.99446375301523,
  "rpve_gm": 11.771526930948083,
  "rpve_wm": 16.057109291225427,
  "size_x": 224,
  "size_y": 256,
  "size_z": 256,
  "snr_csf": 2.7264188404386096,
  "snr_gm": 11.65561224981308,
  "snr_total": 12.030741837640017,
  "snr_wm": 21.710194422668366,
  "snrd_csf": 51.60050430190899,
  "snrd_gm": 106.83585075768173,
  "snrd_total": 99.47826503839019,
  "snrd_wm": 139.99844005557986,
  "spacing_x": 0.8799999952316284,
  "spacing_y": 0.875,
  "spacing_z": 0.875,
  "summary_bg_k": 6.361179839000904,
  "summary_bg_mad": 4.67983580894174,
  "summary_bg_mean": 10.15861595773364,
  "summary_bg_median": 9.113124679774046,
  "summary_bg_n": 2357819.0,
  "summary_bg_p05": 3.054678663611412,
  "summary_bg_p95": 21.382750645279884,
  "summary_bg_stdv": 6.029502231053591,
  "summary_csf_k": 21.651250957063912,
  "summary_csf_mad": 115.41078954632131,
  "summary_csf_mean": 395.95606505334746,
  "summary_csf_median": 368.59789207577705,
  "summary_csf_n": 26516.0,
  "summary_csf_p05": 239.830458576791,
  "summary_csf_p95": 610.9866440333426,
  "summary_csf_stdv": 135.19233951238974,
  "summary_gm_k": 0.0154408924371503,
  "summary_gm_mad": 66.19703232970816,
  "summary_gm_mean": 764.3245368674797,
  "summary_gm_median": 763.1605527922511,
  "summary_gm_n": 48860.0,
  "summary_gm_p05": 660.2687931396067,
  "summary_gm_p95": 874.1497564690185,
  "summary_gm_stdv": 65.47513135559389,
  "summary_wm_k": 0.9892922505433348,
  "summary_wm_mad": 40.608897825978325,
  "summary_wm_mean": 999.3281399118524,
  "summary_wm_median": 1000.0508831553161,
  "summary_wm_n": 307985.0,
  "summary_wm_p05": 920.3237700350583,
  "summary_wm_p95": 1072.7013240382075,
  "summary_wm_stdv": 46.063579171429154,
  "tpm_overlap_csf": 0.16743546724319458,
  "tpm_overlap_gm": 0.4501883089542389,
  "tpm_overlap_wm": 0.4926936626434326,
  "wm2max": 0.6296243295456607
}