{
  "bids_meta": {
    "AcquisitionMatrixPE": 256,
    "AcquisitionNumber": 1,
    "AcquisitionTime": "11:12:44.137500",
    "BaseResolution": 256,
    "BodyPartExamined": "HEAD",
    "ConsistencyInfo": "N4_VE11C_LATEST_20160120",
    "ConversionSoftware": "dcm2niix",
    "ConversionSoftwareVersion": "v1.0.20180622 GCC7.3.0",
    "DeviceSerialNumber": "45250",
    "DwellTime": 9.2e-06,
    "EchoTime": 0.00218,
    "FlipAngle": 8,
    "ImageOrientationPatientDICOM": [
      0.00182989,
      0.998442,
      0.0557657,
      -0.0446678,
      0.0557917,
      -0.997443
    ],
    "ImageType": [
      "ORIGINAL",
      "PRIMARY",
      "M",
      "NORM",
      "DIS3D",
      "DIS2D"
    ],
    "InPlanePhaseEncodingDirectionDICOM": "ROW",
    "InstitutionAddress": "Kopernikusstr._26_Graz_Graz_AT_8010",
    "InstitutionName": "KFU",
    "InstitutionalDepartmentName": "Department",
    "InversionTime": 1,
    "MRAcquisitionType": "3D",
    "MagneticFieldStrength": 3,
    "Manufacturer": "Siemens",
    "ManufacturersModelName": "Skyra",
    "Modality": "MR",
    "ParallelReductionFactorInPlane": 2,
    "PartialFourier": 1,
    "PatientPosition": "HFS",
    "PercentPhaseFOV": 100,
    "PhaseEncodingSteps": 294,
    "PhaseOversampling": 0.15,
    "PhaseResolution": 1,
    "PixelBandwidth": 210,
    "ProcedureStepDescription": "KFU_BioPsy",
    "ProtocolName": "T1_Pat4_088mm_Pat2_224Sl",
    "PulseSequenceDetails": "%SiemensSeq%_tfl",
    "ReceiveCoilActiveElements": "HEA;HEP",
    "ReceiveCoilName": "Head_32",
    "ReconMatrixPE": 256,
    "RepetitionTime": 2.2,
    "SAR": 0.0498834,
    "ScanOptions": "IR_WE",
    "ScanningSequence": "GR_IR",
    "SequenceName": "_tfl3d1_16ns",
    "SequenceVariant": "SK_SP_MP_OSP",
    "SeriesDescription": "T1_Pat4_088mm_Pat2_224Sl",
    "SeriesNumber": 9,
    "ShimSetting": [
      -1093,
      -3154,
      -4276,
      406,
      988,
      -39,
      356,
      -807
    ],
    "SliceThickness": 0.88,
    "SoftwareVersions": "syngo_MR_E11",
    "StationName": "FBMTMR1",
    "TxRefAmp": 334.962,
    "acq_id": "MPrageHiRes",
    "dataset": "<unset>",
    "modality": "T1w",
    "session_id": "3",
    "subject_id": "season110"
  },
  "cjv": 0.5224764233774474,
  "cnr": 2.554063958004557,
  "efc": 0.5943485154030861,
  "fber": 2492.0565291223897,
  "fwhm_avg": 4.148426981046958,
  "fwhm_x": 4.062080943140875,
  "fwhm_y": 4.2528,
  "fwhm_z": 4.1304,
  "icvs_csf": 0.18697650062707072,
  "icvs_gm": 0.44911378375312777,
  "icvs_wm": 0.3639097156198015,
  "inu_med": 1.5175431966781616,
  "inu_range": 0.6354888200759883,
  "provenance": {
    "md5sum": "ef985ef9aaab578a5acb89c31102b8ba",
    "settings": {
      "testing": false
    },
    "software": "mriqc",
    "version": "0.16.1",
    "warnings": {
      "large_rot_frame": true,
      "small_air_mask": false
    },
    "webapi_port": null,
    "webapi_url": "https://mriqc.nimh.nih.gov/api/v1"
  },
  "qi_1": 0.0,
  "qi_2": 0.0020878783715130925,
  "rpve_csf": 24.785299253525586,
  "rpve_gm": 11.4927111059508,
  "rpve_wm": 16.19310203773115,
  "size_x": 224,
  "size_y": 256,
  "size_z": 256,
  "snr_csf": 3.3536990863586102,
  "snr_gm": 11.361507574563623,
  "snr_total": 11.653505572121327,
  "snr_wm": 20.245310055441752,
  "snrd_csf": 60.74682975303239,
  "snrd_gm": 103.25996950150096,
  "snrd_total": 98.63760790234149,
  "snrd_wm": 131.90602445249115,
  "spacing_x": 0.8799996972084045,
  "spacing_y": 0.875,
  "spacing_z": 0.875,
  "summary_bg_k": 8.171693318050195,
  "summary_bg_mad": 4.9666902162496145,
  "summary_bg_mean": 10.797695246814284,
  "summary_bg_median": 9.684492386877537,
  "summary_bg_n": 3051843.0,
  "summary_bg_p05": 3.228164128959179,
  "summary_bg_p95": 23.206236474215984,
  "summary_bg_stdv": 6.544074006708207,
  "summary_csf_k": -0.7681785742609817,
  "summary_csf_mad": 169.95110885421408,
  "summary_csf_mean": 461.44325255774214,
  "summary_csf_median": 460.53111281245947,
  "summary_csf_n": 32014.0,
  "summary_csf_p05": 254.72042240202427,
  "summary_csf_p95": 674.7472117096186,
  "summary_csf_stdv": 137.3181994704442,
  "summary_gm_k": 0.2164884920955532,
  "summary_gm_mad": 68.49517325500604,
  "summary_gm_mean": 785.2611895730843,
  "summary_gm_median": 782.8298012726009,
  "summary_gm_n": 47480.0,
  "summary_gm_p05": 678.76718968153,
  "summary_gm_p95": 903.5814123228192,
  "summary_gm_stdv": 68.90120455466895,
  "summary_wm_k": 0.7331849519217553,
  "summary_wm_mad": 44.97112232167832,
  "summary_wm_mean": 1000.6538533156336,
  "summary_wm_median": 999.9999748915434,
  "summary_wm_n": 305154.0,
  "summary_wm_p05": 919.9049592390656,
  "summary_wm_p95": 1082.5922495871782,
  "summary_wm_stdv": 49.39407367112692,
  "tpm_overlap_csf": 0.166073739528656,
  "tpm_overlap_gm": 0.4718962609767914,
  "tpm_overlap_wm": 0.518827497959137,
  "wm2max": 0.47647836460132453
}