{
  "bids_meta": {
    "AcquisitionMatrixPE": 256,
    "AcquisitionNumber": 1,
    "AcquisitionTime": "10:40:26.185000",
    "BaseResolution": 256,
    "BodyPartExamined": "HEAD",
    "ConsistencyInfo": "N4_VE11C_LATEST_20160120",
    "ConversionSoftware": "dcm2niix",
    "ConversionSoftwareVersion": "v1.0.20200427",
    "DeviceSerialNumber": "45250",
    "DwellTime": 9.2e-06,
    "EchoTime": 0.00218,
    "FlipAngle": 8,
    "ImageOrientationPatientDICOM": [
      0.0559923,
      0.998089,
      0.0261522,
      0.0448343,
      0.0236534,
      -0.998714
    ],
    "ImageType": [
      "ORIGINAL",
      "PRIMARY",
      "M",
      "NORM",
      "DIS3D",
      "DIS2D"
    ],
    "ImagingFrequency": 123.24,
    "InPlanePhaseEncodingDirectionDICOM": "ROW",
    "InstitutionAddress": "Kopernikusstr._26_Graz_Graz_AT_8010",
    "InstitutionName": "KFU",
    "InstitutionalDepartmentName": "Department",
    "InversionTime": 1,
    "MRAcquisitionType": "3D",
    "MagneticFieldStrength": 3,
    "Manufacturer": "Siemens",
    "ManufacturersModelName": "Skyra",
    "Modality": "MR",
    "ParallelReductionFactorInPlane": 2,
    "PartialFourier": 1,
    "PatientPosition": "HFS",
    "PercentPhaseFOV": 100,
    "PercentSampling": 100,
    "PhaseEncodingSteps": 294,
    "PhaseOversampling": 0.15,
    "PhaseResolution": 1,
    "PixelBandwidth": 210,
    "ProcedureStepDescription": "KFU_BioPsy",
    "ProtocolName": "T1_Pat4_088mm_Pat2_224Sl",
    "PulseSequenceDetails": "%SiemensSeq%_tfl",
    "ReceiveCoilActiveElements": "HEA;HEP",
    "ReceiveCoilName": "Head_32",
    "ReconMatrixPE": 256,
    "RefLinesPE": 24,
    "RepetitionTime": 2.2,
    "SAR": 0.057302,
    "ScanOptions": "IR_WE",
    "ScanningSequence": "GR_IR",
    "SequenceName": "_tfl3d1_16ns",
    "SequenceVariant": "SK_SP_MP_OSP",
    "SeriesDescription": "T1_Pat4_088mm_Pat2_224Sl",
    "SeriesNumber": 9,
    "ShimSetting": [
      -1115,
      -3081,
      -4291,
      463,
      846,
      326,
      -42,
      -777
    ],
    "SliceThickness": 0.88,
    "SoftwareVersions": "syngo_MR_E11",
    "StationName": "FBMTMR1",
    "TxRefAmp": 320.993,
    "acq_id": "MPrageHiRes",
    "dataset": "<unset>",
    "modality": "T1w",
    "session_id": "1",
    "subject_id": "season104"
  },
  "cjv": 0.43313164812056515,
  "cnr": 2.93179829213718,
  "efc": 0.6298364571626953,
  "fber": 3332.1114864197534,
  "fwhm_avg": 4.103511890454146,
  "fwhm_x": 4.06226138564815,
  "fwhm_y": 4.174697142857143,
  "fwhm_z": 4.073577142857142,
  "icvs_csf": 0.17289957958761618,
  "icvs_gm": 0.4570161262506654,
  "icvs_wm": 0.3700842941617184,
  "inu_med": 1.2613677978515625,
  "inu_range": 0.4585786998271941,
  "provenance": {
    "md5sum": "58499cdc2df20e19bae335b9e9597c01",
    "settings": {
      "testing": false
    },
    "software": "mriqc",
    "version": "0.16.1",
    "warnings": {
      "large_rot_frame": true,
      "small_air_mask": false
    },
    "webapi_port": null,
    "webapi_url": "https://mriqc.nimh.nih.gov/api/v1"
  },
  "qi_1": 0.0,
  "qi_2": 0.003911631153575912,
  "rpve_csf": 26.275476053087132,
  "rpve_gm": 11.435737765051678,
  "rpve_wm": 15.957388211537914,
  "size_x": 224,
  "size_y": 256,
  "size_z": 256,
  "snr_csf": 1.8072157962287079,
  "snr_gm": 11.859227508291942,
  "snr_total": 12.059790653340363,
  "snr_wm": 22.51292865550044,
  "snrd_csf": 47.72333933778764,
  "snrd_gm": 102.96605050642114,
  "snrd_total": 94.86241145528756,
  "snrd_wm": 133.8978445216539,
  "spacing_x": 0.8799999952316284,
  "spacing_y": 0.875,
  "spacing_z": 0.875,
  "summary_bg_k": 2.6426554909248186,
  "summary_bg_mad": 4.89280733580415,
  "summary_bg_mean": 10.600715566490893,
  "summary_bg_median": 9.955447666347027,
  "summary_bg_n": 2409429.0,
  "summary_bg_p05": 3.3551508709788322,
  "summary_bg_p95": 21.065947271883488,
  "summary_bg_stdv": 5.568407304709216,
  "summary_csf_k": 31.186044445328562,
  "summary_csf_mad": 130.1486751323904,
  "summary_csf_mean": 409.2892734620989,
  "summary_csf_median": 356.4160269498825,
  "summary_csf_n": 32815.0,
  "summary_csf_p05": 233.30399097427727,
  "summary_csf_p95": 625.2461154252289,
  "summary_csf_stdv": 197.21529491091684,
  "summary_gm_k": 0.5500035187445937,
  "summary_gm_mad": 60.344623808251185,
  "summary_gm_mean": 771.3264006726783,
  "summary_gm_median": 768.9895791336894,
  "summary_gm_n": 72300.0,
  "summary_gm_p05": 670.5901544094086,
  "summary_gm_p95": 884.1097557395697,
  "summary_gm_stdv": 64.84269405665306,
  "summary_wm_k": 1.0705886330063628,
  "summary_wm_mad": 39.713286208943686,
  "summary_wm_mean": 998.7074973465793,
  "summary_wm_median": 999.9999669715762,
  "summary_wm_n": 333132.0,
  "summary_wm_p05": 922.9965043589473,
  "summary_wm_p95": 1068.093028910458,
  "summary_wm_stdv": 44.41885288965408,
  "tpm_overlap_csf": 0.16671334207057953,
  "tpm_overlap_gm": 0.4677807688713074,
  "tpm_overlap_wm": 0.5043067336082458,
  "wm2max": 0.6307809735280853
}