{
  "bids_meta": {
    "AcquisitionMatrixPE": 256,
    "AcquisitionNumber": 1,
    "AcquisitionTime": "13:47:15.142500",
    "BaseResolution": 256,
    "BodyPartExamined": "HEAD",
    "ConsistencyInfo": "N4_VE11C_LATEST_20160120",
    "ConversionSoftware": "dcm2niix",
    "ConversionSoftwareVersion": "v1.0.20200427",
    "DeviceSerialNumber": "45250",
    "DwellTime": 9.2e-06,
    "EchoTime": 0.00218,
    "FlipAngle": 8,
    "ImageOrientationPatientDICOM": [
      -0.0135665,
      0.999609,
      -0.0244312,
      0.00925526,
      -0.0243069,
      -0.999662
    ],
    "ImageType": [
      "ORIGINAL",
      "PRIMARY",
      "M",
      "NORM",
      "DIS3D",
      "DIS2D"
    ],
    "ImagingFrequency": 123.24,
    "InPlanePhaseEncodingDirectionDICOM": "ROW",
    "InstitutionAddress": "Kopernikusstr._26_Graz_Graz_AT_8010",
    "InstitutionName": "KFU",
    "InstitutionalDepartmentName": "Department",
    "InversionTime": 1,
    "MRAcquisitionType": "3D",
    "MagneticFieldStrength": 3,
    "Manufacturer": "Siemens",
    "ManufacturersModelName": "Skyra",
    "Modality": "MR",
    "ParallelReductionFactorInPlane": 2,
    "PartialFourier": 1,
    "PatientPosition": "HFS",
    "PercentPhaseFOV": 100,
    "PercentSampling": 100,
    "PhaseEncodingSteps": 294,
    "PhaseOversampling": 0.15,
    "PhaseResolution": 1,
    "PixelBandwidth": 210,
    "ProcedureStepDescription": "KFU_BioPsy",
    "ProtocolName": "T1_Pat4_088mm_Pat2_224Sl",
    "PulseSequenceDetails": "%SiemensSeq%_tfl",
    "ReceiveCoilActiveElements": "HEA;HEP",
    "ReceiveCoilName": "Head_32",
    "ReconMatrixPE": 256,
    "RefLinesPE": 24,
    "RepetitionTime": 2.2,
    "SAR": 0.063419,
    "ScanOptions": "IR_WE",
    "ScanningSequence": "GR_IR",
    "SequenceName": "_tfl3d1_16ns",
    "SequenceVariant": "SK_SP_MP_OSP",
    "SeriesDescription": "T1_Pat4_088mm_Pat2_224Sl",
    "SeriesNumber": 9,
    "ShimSetting": [
      -1116,
      -3098,
      -4295,
      375,
      889,
      367,
      -166,
      -842
    ],
    "SliceThickness": 0.88,
    "SoftwareVersions": "syngo_MR_E11",
    "StationName": "FBMTMR1",
    "TxRefAmp": 339.868,
    "acq_id": "MPrageHiRes",
    "dataset": "<unset>",
    "modality": "T1w",
    "session_id": "2",
    "subject_id": "season131"
  },
  "cjv": 0.5442347274141681,
  "cnr": 2.353220100843129,
  "efc": 0.6523660290464349,
  "fber": 3805.8398596650068,
  "fwhm_avg": 4.213701652565492,
  "fwhm_x": 4.176636386267902,
  "fwhm_y": 4.235085714285715,
  "fwhm_z": 4.229382857142857,
  "icvs_csf": 0.19532622488843632,
  "icvs_gm": 0.4170035842900839,
  "icvs_wm": 0.3876701908214798,
  "inu_med": 1.3462010622024536,
  "inu_range": 0.5228430032730103,
  "provenance": {
    "md5sum": "877a5e04f59dcdadd843dd346cde2c7a",
    "settings": {
      "testing": false
    },
    "software": "mriqc",
    "version": "0.16.1",
    "warnings": {
      "large_rot_frame": true,
      "small_air_mask": false
    },
    "webapi_port": null,
    "webapi_url": "https://mriqc.nimh.nih.gov/api/v1"
  },
  "qi_1": 0.0,
  "qi_2": 0.0019515808539522094,
  "rpve_csf": 21.32921909039997,
  "rpve_gm": 10.756614971495964,
  "rpve_wm": 13.749831652693604,
  "size_x": 224,
  "size_y": 256,
  "size_z": 256,
  "snr_csf": 2.547924748399685,
  "snr_gm": 10.561192149841776,
  "snr_total": 11.874364800125457,
  "snr_wm": 22.513977502134917,
  "snrd_csf": 55.35258066049519,
  "snrd_gm": 111.89553939971071,
  "snrd_total": 102.72722338936477,
  "snrd_wm": 140.93355010788838,
  "spacing_x": 0.8799999952316284,
  "spacing_y": 0.875,
  "spacing_z": 0.875,
  "summary_bg_k": 8.26020871873349,
  "summary_bg_mad": 4.648548230240267,
  "summary_bg_mean": 10.087036724678043,
  "summary_bg_median": 8.2544154971838,
  "summary_bg_n": 2762377.0,
  "summary_bg_p05": 3.0714104175567627,
  "summary_bg_p95": 22.075762376189232,
  "summary_bg_stdv": 6.470827680040141,
  "summary_csf_k": 23.84019574583952,
  "summary_csf_mad": 126.55435386001052,
  "summary_csf_mean": 419.46986473533235,
  "summary_csf_median": 392.75660714507103,
  "summary_csf_n": 38846.0,
  "summary_csf_p05": 247.8244280666113,
  "summary_csf_p95": 633.0624784603715,
  "summary_csf_stdv": 154.14566386080858,
  "summary_gm_k": 0.31248063892616385,
  "summary_gm_mad": 71.53072174696247,
  "summary_gm_mean": 798.793454987458,
  "summary_gm_median": 793.9595929384232,
  "summary_gm_n": 46441.0,
  "summary_gm_p05": 686.1402897387743,
  "summary_gm_p95": 936.9081527888775,
  "summary_gm_stdv": 75.17627116162923,
  "summary_wm_k": 0.9347161826153347,
  "summary_wm_mad": 40.60364576618029,
  "summary_wm_mean": 1000.5283201334087,
  "summary_wm_median": 1000.000041782856,
  "summary_wm_n": 395157.0,
  "summary_wm_p05": 928.7817127257586,
  "summary_wm_p95": 1073.1380023509264,
  "summary_wm_stdv": 44.41679735921012,
  "tpm_overlap_csf": 0.17761756479740143,
  "tpm_overlap_gm": 0.45203739404678345,
  "tpm_overlap_wm": 0.5230219960212708,
  "wm2max": 0.4678065895143812
}