{
  "bids_meta": {
    "AcquisitionMatrixPE": 256,
    "AcquisitionNumber": 1,
    "AcquisitionTime": "13:38:37.110000",
    "BaseResolution": 256,
    "BodyPartExamined": "HEAD",
    "ConsistencyInfo": "N4_VE11C_LATEST_20160120",
    "ConversionSoftware": "dcm2niix",
    "ConversionSoftwareVersion": "v1.0.20200427",
    "DeviceSerialNumber": "45250",
    "DwellTime": 9.2e-06,
    "EchoTime": 0.00218,
    "FlipAngle": 8,
    "ImageOrientationPatientDICOM": [
      0.0394045,
      0.986389,
      0.159639,
      -0.0493647,
      0.161489,
      -0.985639
    ],
    "ImageType": [
      "ORIGINAL",
      "PRIMARY",
      "M",
      "NORM",
      "DIS3D",
      "DIS2D"
    ],
    "ImagingFrequency": 123.239,
    "InPlanePhaseEncodingDirectionDICOM": "ROW",
    "InstitutionAddress": "Kopernikusstr._26_Graz_Graz_AT_8010",
    "InstitutionName": "KFU",
    "InstitutionalDepartmentName": "Department",
    "InversionTime": 1,
    "MRAcquisitionType": "3D",
    "MagneticFieldStrength": 3,
    "Manufacturer": "Siemens",
    "ManufacturersModelName": "Skyra",
    "Modality": "MR",
    "ParallelReductionFactorInPlane": 2,
    "PartialFourier": 1,
    "PatientPosition": "HFS",
    "PercentPhaseFOV": 100,
    "PercentSampling": 100,
    "PhaseEncodingSteps": 294,
    "PhaseOversampling": 0.15,
    "PhaseResolution": 1,
    "PixelBandwidth": 210,
    "ProcedureStepDescription": "BioPsy_2018",
    "ProtocolName": "anat-T1w",
    "PulseSequenceDetails": "%SiemensSeq%_tfl",
    "ReceiveCoilActiveElements": "HEA;HEP",
    "ReceiveCoilName": "Head_32",
    "ReconMatrixPE": 256,
    "RefLinesPE": 24,
    "RepetitionTime": 2.2,
    "SAR": 0.0540718,
    "ScanOptions": "IR_WE",
    "ScanningSequence": "GR_IR",
    "SequenceName": "_tfl3d1_16ns",
    "SequenceVariant": "SK_SP_MP_OSP",
    "SeriesDescription": "anat-T1w",
    "SeriesNumber": 9,
    "ShimSetting": [
      -1103,
      -3296,
      -4327,
      619,
      969,
      7,
      418,
      -812
    ],
    "SliceThickness": 0.88,
    "SoftwareVersions": "syngo_MR_E11",
    "StationName": "FBMTMR1",
    "TxRefAmp": 321.691,
    "acq_id": "MPrageHiRes",
    "dataset": "<unset>",
    "modality": "T1w",
    "session_id": "2",
    "subject_id": "season217"
  },
  "cjv": 0.40408891210291686,
  "cnr": 3.172279288859759,
  "efc": 0.6189508592274783,
  "fber": 4562.78459937565,
  "fwhm_avg": 4.110316003044094,
  "fwhm_x": 4.082102294846568,
  "fwhm_y": 4.118205714285714,
  "fwhm_z": 4.1306400000000005,
  "icvs_csf": 0.19225650324302193,
  "icvs_gm": 0.42823475976354286,
  "icvs_wm": 0.3795087369934352,
  "inu_med": 1.3158588409423828,
  "inu_range": 0.39261683225631705,
  "provenance": {
    "md5sum": "ba5f60cbf1aeb94dc171e344c47a6222",
    "settings": {
      "testing": false
    },
    "software": "mriqc",
    "version": "0.16.1",
    "warnings": {
      "large_rot_frame": true,
      "small_air_mask": false
    },
    "webapi_port": null,
    "webapi_url": "https://mriqc.nimh.nih.gov/api/v1"
  },
  "qi_1": 2.4671464209106874e-06,
  "qi_2": 0.0020352052178977563,
  "rpve_csf": 26.035737642816557,
  "rpve_gm": 12.934880038885057,
  "rpve_wm": 17.298126598131816,
  "size_x": 224,
  "size_y": 256,
  "size_z": 256,
  "snr_csf": 2.2933969510242496,
  "snr_gm": 11.909737633913805,
  "snr_total": 13.762384390471675,
  "snr_wm": 27.084018586476976,
  "snrd_csf": 55.882756097952026,
  "snrd_gm": 122.39125140246574,
  "snrd_total": 112.78972110072738,
  "snrd_wm": 160.09515580176438,
  "spacing_x": 0.8799999952316284,
  "spacing_y": 0.875,
  "spacing_z": 0.875,
  "summary_bg_k": 8.475500154649295,
  "summary_bg_mad": 4.092168635868546,
  "summary_bg_mean": 8.767525404468927,
  "summary_bg_median": 7.445920765399933,
  "summary_bg_n": 2599695.0,
  "summary_bg_p05": 2.824314773082733,
  "summary_bg_p95": 18.422234997153282,
  "summary_bg_stdv": 5.290406039712547,
  "summary_csf_k": 34.42055831894638,
  "summary_csf_mad": 104.49305028334103,
  "summary_csf_mean": 382.0185096371017,
  "summary_csf_median": 349.0596303641796,
  "summary_csf_n": 25522.0,
  "summary_csf_p05": 233.77944589331747,
  "summary_csf_p95": 592.8461370103059,
  "summary_csf_stdv": 152.19903023531413,
  "summary_gm_k": 0.1845624977266076,
  "summary_gm_mad": 62.61969680003497,
  "summary_gm_mean": 766.9145409102814,
  "summary_gm_median": 764.4906578958035,
  "summary_gm_n": 46558.0,
  "summary_gm_p05": 666.3457195311785,
  "summary_gm_p95": 877.7296330533923,
  "summary_gm_stdv": 64.18969680622412,
  "summary_wm_k": 1.1379920973095166,
  "summary_wm_mad": 32.54701566202426,
  "summary_wm_mean": 998.5867289165126,
  "summary_wm_median": 999.9999965876341,
  "summary_wm_n": 323522.0,
  "summary_wm_p05": 934.9123788625002,
  "summary_wm_p95": 1055.651835411787,
  "summary_wm_stdv": 36.92208554294052,
  "tpm_overlap_csf": 0.16643176972866058,
  "tpm_overlap_gm": 0.4410749673843384,
  "tpm_overlap_wm": 0.5092623829841614,
  "wm2max": 0.6445610511934
}