{
  "bids_meta": {
    "AcquisitionMatrixPE": 256,
    "AcquisitionNumber": 1,
    "AcquisitionTime": "11:59:2.817500",
    "BaseResolution": 256,
    "BodyPartExamined": "HEAD",
    "ConsistencyInfo": "N4_VE11C_LATEST_20160120",
    "ConversionSoftware": "dcm2niix",
    "ConversionSoftwareVersion": "v1.0.20200427",
    "DeviceSerialNumber": "45250",
    "DwellTime": 9.2e-06,
    "EchoTime": 0.00218,
    "FlipAngle": 8,
    "ImageOrientationPatientDICOM": [
      0.0380208,
      0.993887,
      -0.103652,
      -0.017086,
      -0.103065,
      -0.994528
    ],
    "ImageType": [
      "ORIGINAL",
      "PRIMARY",
      "M",
      "NORM",
      "DIS3D",
      "DIS2D"
    ],
    "ImagingFrequency": 123.239,
    "InPlanePhaseEncodingDirectionDICOM": "ROW",
    "InstitutionAddress": "Kopernikusstr._26_Graz_Graz_AT_8010",
    "InstitutionName": "KFU",
    "InstitutionalDepartmentName": "Department",
    "InversionTime": 1,
    "MRAcquisitionType": "3D",
    "MagneticFieldStrength": 3,
    "Manufacturer": "Siemens",
    "ManufacturersModelName": "Skyra",
    "Modality": "MR",
    "ParallelReductionFactorInPlane": 2,
    "PartialFourier": 1,
    "PatientPosition": "HFS",
    "PercentPhaseFOV": 100,
    "PercentSampling": 100,
    "PhaseEncodingSteps": 294,
    "PhaseOversampling": 0.15,
    "PhaseResolution": 1,
    "PixelBandwidth": 210,
    "ProcedureStepDescription": "BioPsy_2018",
    "ProtocolName": "anat-T1w",
    "PulseSequenceDetails": "%SiemensSeq%_tfl",
    "ReceiveCoilActiveElements": "HEA;HEP",
    "ReceiveCoilName": "Head_32",
    "ReconMatrixPE": 256,
    "RefLinesPE": 24,
    "RepetitionTime": 2.2,
    "SAR": 0.0534793,
    "ScanOptions": "IR_WE",
    "ScanningSequence": "GR_IR",
    "SequenceName": "_tfl3d1_16ns",
    "SequenceVariant": "SK_SP_MP_OSP",
    "SeriesDescription": "anat-T1w",
    "SeriesNumber": 9,
    "ShimSetting": [
      -1134,
      -3083,
      -4308,
      322,
      850,
      370,
      -19,
      -861
    ],
    "SliceThickness": 0.88,
    "SoftwareVersions": "syngo_MR_E11",
    "StationName": "FBMTMR1",
    "TxRefAmp": 348.515,
    "acq_id": "MPrageHiRes",
    "dataset": "<unset>",
    "modality": "T1w",
    "session_id": "2",
    "subject_id": "season202"
  },
  "cjv": 0.5171085857737528,
  "cnr": 2.4278880894764447,
  "efc": 0.6621653866200243,
  "fber": 4842.522491349481,
  "fwhm_avg": 4.109815829845252,
  "fwhm_x": 4.0606932038214705,
  "fwhm_y": 4.111234285714286,
  "fwhm_z": 4.15752,
  "icvs_csf": 0.18375206052031873,
  "icvs_gm": 0.4432924555759358,
  "icvs_wm": 0.37295548390374544,
  "inu_med": 1.2298072576522827,
  "inu_range": 0.5174656510353088,
  "provenance": {
    "md5sum": "070f7cfe20340bf0033bc148f9653af9",
    "settings": {
      "testing": false
    },
    "software": "mriqc",
    "version": "0.16.1",
    "warnings": {
      "large_rot_frame": true,
      "small_air_mask": false
    },
    "webapi_port": null,
    "webapi_url": "https://mriqc.nimh.nih.gov/api/v1"
  },
  "qi_1": 0.0003574347730191886,
  "qi_2": 0.0014112271884508818,
  "rpve_csf": 20.11537998430543,
  "rpve_gm": 9.389903513244597,
  "rpve_wm": 12.926005673073163,
  "size_x": 224,
  "size_y": 256,
  "size_z": 256,
  "snr_csf": 1.600548039184231,
  "snr_gm": 10.296364198762824,
  "snr_total": 10.211445722100484,
  "snr_wm": 18.737424928354397,
  "snrd_csf": 56.06522385618142,
  "snrd_gm": 114.74941145650972,
  "snrd_total": 106.27101030947729,
  "snrd_wm": 147.99839561574072,
  "spacing_x": 0.8799999952316284,
  "spacing_y": 0.875,
  "spacing_z": 0.875,
  "summary_bg_k": 426.4024215355659,
  "summary_bg_mad": 4.4266449176718625,
  "summary_bg_mean": 9.337770710960289,
  "summary_bg_median": 7.792018264532089,
  "summary_bg_n": 2814115.0,
  "summary_bg_p05": 2.840081423521042,
  "summary_bg_p95": 20.900086373090744,
  "summary_bg_stdv": 6.600955436786871,
  "summary_csf_k": 32.56657218035218,
  "summary_csf_mad": 105.0518415827981,
  "summary_csf_mean": 429.33634789657833,
  "summary_csf_median": 378.8231683373451,
  "summary_csf_n": 32483.0,
  "summary_csf_p05": 251.16514948010445,
  "summary_csf_p95": 670.1863933503628,
  "summary_csf_stdv": 236.67976712944238,
  "summary_gm_k": 0.8802324716265906,
  "summary_gm_mad": 65.8598390190204,
  "summary_gm_mean": 782.3847642844789,
  "summary_gm_median": 775.3422286212444,
  "summary_gm_n": 57154.0,
  "summary_gm_p05": 672.8080069720745,
  "summary_gm_p95": 924.4829146564007,
  "summary_gm_stdv": 75.3018668243015,
  "summary_wm_k": 0.9444757986429053,
  "summary_wm_mad": 50.31259833256312,
  "summary_wm_mean": 1000.278360160693,
  "summary_wm_median": 999.9999514818192,
  "summary_wm_n": 407752.0,
  "summary_wm_p05": 913.9964601695538,
  "summary_wm_p95": 1085.2023941874504,
  "summary_wm_stdv": 53.369058398858456,
  "tpm_overlap_csf": 0.165066197514534,
  "tpm_overlap_gm": 0.4576791524887085,
  "tpm_overlap_wm": 0.5075030326843262,
  "wm2max": 0.4153432490433334
}