{
  "bids_meta": {
    "AcquisitionMatrixPE": 256,
    "AcquisitionNumber": 1,
    "AcquisitionTime": "09:01:24.132500",
    "BaseResolution": 256,
    "BodyPartExamined": "HEAD",
    "ConsistencyInfo": "N4_VE11C_LATEST_20160120",
    "ConversionSoftware": "dcm2niix",
    "ConversionSoftwareVersion": "v1.0.20180622 GCC7.3.0",
    "DeviceSerialNumber": "45250",
    "DwellTime": 9.2e-06,
    "EchoTime": 0.00218,
    "FlipAngle": 8,
    "ImageOrientationPatientDICOM": [
      0.107627,
      0.984645,
      0.137441,
      0.0075227,
      0.137433,
      -0.990482
    ],
    "ImageType": [
      "ORIGINAL",
      "PRIMARY",
      "M",
      "NORM",
      "DIS3D",
      "DIS2D"
    ],
    "InPlanePhaseEncodingDirectionDICOM": "ROW",
    "InstitutionAddress": "Kopernikusstr._26_Graz_Graz_AT_8010",
    "InstitutionName": "KFU",
    "InstitutionalDepartmentName": "Department",
    "InversionTime": 1,
    "MRAcquisitionType": "3D",
    "MagneticFieldStrength": 3,
    "Manufacturer": "Siemens",
    "ManufacturersModelName": "Skyra",
    "Modality": "MR",
    "ParallelReductionFactorInPlane": 2,
    "PartialFourier": 1,
    "PatientPosition": "HFS",
    "PercentPhaseFOV": 100,
    "PhaseEncodingSteps": 294,
    "PhaseOversampling": 0.15,
    "PhaseResolution": 1,
    "PixelBandwidth": 210,
    "ProcedureStepDescription": "KFU_BioPsy",
    "ProtocolName": "T1_Pat4_088mm_Pat2_224Sl",
    "PulseSequenceDetails": "%SiemensSeq%_tfl",
    "ReceiveCoilActiveElements": "HEA;HEP",
    "ReceiveCoilName": "Head_32",
    "ReconMatrixPE": 256,
    "RepetitionTime": 2.2,
    "SAR": 0.0603094,
    "ScanOptions": "IR_WE",
    "ScanningSequence": "GR_IR",
    "SequenceName": "_tfl3d1_16ns",
    "SequenceVariant": "SK_SP_MP_OSP",
    "SeriesDescription": "T1_Pat4_088mm_Pat2_224Sl",
    "SeriesNumber": 9,
    "ShimSetting": [
      -1096,
      -3193,
      -4327,
      400,
      862,
      174,
      85,
      -870
    ],
    "SliceThickness": 0.88,
    "SoftwareVersions": "syngo_MR_E11",
    "StationName": "FBMTMR1",
    "TxRefAmp": 324.432,
    "acq_id": "MPrageHiRes",
    "dataset": "<unset>",
    "modality": "T1w",
    "session_id": "2",
    "subject_id": "season103"
  },
  "cjv": 0.4053789996705057,
  "cnr": 3.152480076597931,
  "efc": 0.5676218052304562,
  "fber": 4297.4508211568655,
  "fwhm_avg": 4.104189562930654,
  "fwhm_x": 4.017105831649106,
  "fwhm_y": 4.174948571428572,
  "fwhm_z": 4.120514285714285,
  "icvs_csf": 0.1875265664293939,
  "icvs_gm": 0.4340964148359766,
  "icvs_wm": 0.3783770187346295,
  "inu_med": 1.4221843481063843,
  "inu_range": 0.4717330694198605,
  "provenance": {
    "md5sum": "a4e5f19511b4fa2ea2e71f48ed3ad394",
    "settings": {
      "testing": false
    },
    "software": "mriqc",
    "version": "0.16.1",
    "warnings": {
      "large_rot_frame": true,
      "small_air_mask": false
    },
    "webapi_port": null,
    "webapi_url": "https://mriqc.nimh.nih.gov/api/v1"
  },
  "qi_1": 0.0,
  "qi_2": 0.0019276409215957264,
  "rpve_csf": 26.65281285836304,
  "rpve_gm": 12.819368285722634,
  "rpve_wm": 17.219465313124658,
  "size_x": 224,
  "size_y": 256,
  "size_z": 256,
  "snr_csf": 2.485615208905026,
  "snr_gm": 12.167247526584195,
  "snr_total": 13.133721254678619,
  "snr_wm": 24.74830102854664,
  "snrd_csf": 62.66318542677761,
  "snrd_gm": 137.82534068011864,
  "snrd_total": 126.9571287012971,
  "snrd_wm": 180.382859996995,
  "spacing_x": 0.8799992203712463,
  "spacing_y": 0.875,
  "spacing_z": 0.875,
  "summary_bg_k": 9.31793137513145,
  "summary_bg_mad": 3.63213327287718,
  "summary_bg_mean": 7.737680258396789,
  "summary_bg_median": 6.882874436676502,
  "summary_bg_n": 3167453.0,
  "summary_bg_p05": 2.624824997037649,
  "summary_bg_p95": 16.85720942541957,
  "summary_bg_stdv": 4.97691634437605,
  "summary_csf_k": 29.939258148657792,
  "summary_csf_mad": 100.83493800416171,
  "summary_csf_mean": 384.27798687370597,
  "summary_csf_median": 347.4101707190275,
  "summary_csf_n": 30949.0,
  "summary_csf_p05": 238.9757336191833,
  "summary_csf_p95": 606.334574315697,
  "summary_csf_stdv": 139.76602525022693,
  "summary_gm_k": 0.48957369459609046,
  "summary_gm_mad": 58.71948791151441,
  "summary_gm_mean": 766.6104003738109,
  "summary_gm_median": 764.115721359849,
  "summary_gm_n": 44948.0,
  "summary_gm_p05": 669.1174717726186,
  "summary_gm_p95": 876.0295098168776,
  "summary_gm_stdv": 62.800335050813665,
  "summary_wm_k": 0.863039953420317,
  "summary_wm_mad": 36.92668827425133,
  "summary_wm_mean": 998.6526509392307,
  "summary_wm_median": 1000.0583238713443,
  "summary_wm_n": 309417.0,
  "summary_wm_p05": 929.9463317282498,
  "summary_wm_p95": 1061.8875349126756,
  "summary_wm_stdv": 40.409105525264415,
  "tpm_overlap_csf": 0.1668950915336609,
  "tpm_overlap_gm": 0.44768497347831726,
  "tpm_overlap_wm": 0.49783191084861755,
  "wm2max": 0.5131389919789298
}