{
  "bids_meta": {
    "AcquisitionMatrixPE": 256,
    "AcquisitionNumber": 1,
    "AcquisitionTime": "11:24:0.132500",
    "BaseResolution": 256,
    "BodyPartExamined": "HEAD",
    "ConsistencyInfo": "N4_VE11C_LATEST_20160120",
    "ConversionSoftware": "dcm2niix",
    "ConversionSoftwareVersion": "v1.0.20200427",
    "DeviceSerialNumber": "45250",
    "DwellTime": 9.2e-06,
    "EchoTime": 0.00218,
    "FlipAngle": 8,
    "ImageOrientationPatientDICOM": [
      0.00169043,
      0.979583,
      0.201035,
      -0.0206772,
      0.201027,
      -0.979367
    ],
    "ImageType": [
      "ORIGINAL",
      "PRIMARY",
      "M",
      "NORM",
      "DIS3D",
      "DIS2D"
    ],
    "ImagingFrequency": 123.24,
    "InPlanePhaseEncodingDirectionDICOM": "ROW",
    "InstitutionAddress": "Kopernikusstr._26_Graz_Graz_AT_8010",
    "InstitutionName": "KFU",
    "InstitutionalDepartmentName": "Department",
    "InversionTime": 1,
    "MRAcquisitionType": "3D",
    "MagneticFieldStrength": 3,
    "Manufacturer": "Siemens",
    "ManufacturersModelName": "Skyra",
    "Modality": "MR",
    "ParallelReductionFactorInPlane": 2,
    "PartialFourier": 1,
    "PatientPosition": "HFS",
    "PercentPhaseFOV": 100,
    "PercentSampling": 100,
    "PhaseEncodingSteps": 294,
    "PhaseOversampling": 0.15,
    "PhaseResolution": 1,
    "PixelBandwidth": 210,
    "ProcedureStepDescription": "KFU_BioPsy",
    "ProtocolName": "T1_Pat4_088mm_Pat2_224Sl",
    "PulseSequenceDetails": "%SiemensSeq%_tfl",
    "ReceiveCoilActiveElements": "HEA;HEP",
    "ReceiveCoilName": "Head_32",
    "ReconMatrixPE": 256,
    "RefLinesPE": 24,
    "RepetitionTime": 2.2,
    "SAR": 0.0596909,
    "ScanOptions": "IR_WE",
    "ScanningSequence": "GR_IR",
    "SequenceName": "_tfl3d1_16ns",
    "SequenceVariant": "SK_SP_MP_OSP",
    "SeriesDescription": "T1_Pat4_088mm_Pat2_224Sl",
    "SeriesNumber": 9,
    "ShimSetting": [
      -1101,
      -3193,
      -4293,
      539,
      911,
      287,
      258,
      -882
    ],
    "SliceThickness": 0.88,
    "SoftwareVersions": "syngo_MR_E11",
    "StationName": "FBMTMR1",
    "TxRefAmp": 315.376,
    "acq_id": "MPrageHiRes",
    "dataset": "<unset>",
    "modality": "T1w",
    "session_id": "3",
    "subject_id": "season136"
  },
  "cjv": 0.5032863639831553,
  "cnr": 2.6407014630923333,
  "efc": 0.6131590741375904,
  "fber": 2427.924376055545,
  "fwhm_avg": 4.105690245458444,
  "fwhm_x": 4.076625022089617,
  "fwhm_y": 4.1788,
  "fwhm_z": 4.0616457142857145,
  "icvs_csf": 0.18169884709477596,
  "icvs_gm": 0.4579396694774764,
  "icvs_wm": 0.36036148342774765,
  "inu_med": 1.3369691371917725,
  "inu_range": 0.49162003993988024,
  "provenance": {
    "md5sum": "ea002e8b5dc097f4a19baf7f445c37cd",
    "settings": {
      "testing": false
    },
    "software": "mriqc",
    "version": "0.16.1",
    "warnings": {
      "large_rot_frame": true,
      "small_air_mask": false
    },
    "webapi_port": null,
    "webapi_url": "https://mriqc.nimh.nih.gov/api/v1"
  },
  "qi_1": 0.0,
  "qi_2": 0.0017609820753352805,
  "rpve_csf": 29.30272367910707,
  "rpve_gm": 13.17240504418252,
  "rpve_wm": 18.936612064431934,
  "size_x": 224,
  "size_y": 256,
  "size_z": 256,
  "snr_csf": 3.337268664382502,
  "snr_gm": 11.335222326257947,
  "snr_total": 11.541266493552435,
  "snr_wm": 19.951308490016853,
  "snrd_csf": 49.343576167156975,
  "snrd_gm": 79.72636431458687,
  "snrd_total": 77.30716772638253,
  "snrd_wm": 102.85156269740374,
  "spacing_x": 0.8799999952316284,
  "spacing_y": 0.875,
  "spacing_z": 0.875,
  "summary_bg_k": 4.415401828978662,
  "summary_bg_mad": 6.369727232132268,
  "summary_bg_mean": 14.13601856593071,
  "summary_bg_median": 12.758755803108215,
  "summary_bg_n": 2360608.0,
  "summary_bg_p05": 4.9472726583480835,
  "summary_bg_p95": 28.707200556993484,
  "summary_bg_stdv": 7.805935398147856,
  "summary_csf_k": 22.537811481119206,
  "summary_csf_mad": 152.19787644049373,
  "summary_csf_mean": 468.60142908346893,
  "summary_csf_median": 479.7552564740181,
  "summary_csf_n": 19931.0,
  "summary_csf_p05": 258.42990070581436,
  "summary_csf_p95": 658.2801941782236,
  "summary_csf_stdv": 143.75325128588776,
  "summary_gm_k": 0.20429677400987156,
  "summary_gm_mad": 67.50945755873518,
  "summary_gm_mean": 776.6392024353567,
  "summary_gm_median": 775.1595107316971,
  "summary_gm_n": 42104.0,
  "summary_gm_p05": 669.6393925845623,
  "summary_gm_p95": 895.1211083427071,
  "summary_gm_stdv": 68.38421718346542,
  "summary_wm_k": 0.5670847359805316,
  "summary_wm_mad": 45.649711830281255,
  "summary_wm_mean": 999.805783623379,
  "summary_wm_median": 1000.0000339150429,
  "summary_wm_n": 262571.0,
  "summary_wm_p05": 915.0501547157764,
  "summary_wm_p95": 1082.1507983207703,
  "summary_wm_stdv": 50.12193211120407,
  "tpm_overlap_csf": 0.15151458978652954,
  "tpm_overlap_gm": 0.4639248251914978,
  "tpm_overlap_wm": 0.49140554666519165,
  "wm2max": 0.64125981798645
}