{
  "bids_meta": {
    "AcquisitionMatrixPE": 256,
    "AcquisitionNumber": 1,
    "AcquisitionTime": "11:20:7.137500",
    "BaseResolution": 256,
    "BodyPartExamined": "HEAD",
    "ConsistencyInfo": "N4_VE11C_LATEST_20160120",
    "ConversionSoftware": "dcm2niix",
    "ConversionSoftwareVersion": "v1.0.20200427",
    "DeviceSerialNumber": "45250",
    "DwellTime": 9.2e-06,
    "EchoTime": 0.00218,
    "FlipAngle": 8,
    "ImageOrientationPatientDICOM": [
      0.0726578,
      0.997172,
      0.0191881,
      -0.0296729,
      0.0213917,
      -0.999331
    ],
    "ImageType": [
      "ORIGINAL",
      "PRIMARY",
      "M",
      "NORM",
      "DIS3D",
      "DIS2D"
    ],
    "ImagingFrequency": 123.24,
    "InPlanePhaseEncodingDirectionDICOM": "ROW",
    "InstitutionAddress": "Kopernikusstr._26_Graz_Graz_AT_8010",
    "InstitutionName": "KFU",
    "InstitutionalDepartmentName": "Department",
    "InversionTime": 1,
    "MRAcquisitionType": "3D",
    "MagneticFieldStrength": 3,
    "Manufacturer": "Siemens",
    "ManufacturersModelName": "Skyra",
    "Modality": "MR",
    "ParallelReductionFactorInPlane": 2,
    "PartialFourier": 1,
    "PatientPosition": "HFS",
    "PercentPhaseFOV": 100,
    "PercentSampling": 100,
    "PhaseEncodingSteps": 294,
    "PhaseOversampling": 0.15,
    "PhaseResolution": 1,
    "PixelBandwidth": 210,
    "ProcedureStepDescription": "KFU_BioPsy",
    "ProtocolName": "T1_Pat4_088mm_Pat2_224Sl",
    "PulseSequenceDetails": "%SiemensSeq%_tfl",
    "ReceiveCoilActiveElements": "HEA;HEP",
    "ReceiveCoilName": "Head_32",
    "ReconMatrixPE": 256,
    "RefLinesPE": 24,
    "RepetitionTime": 2.2,
    "SAR": 0.0499502,
    "ScanOptions": "IR_WE",
    "ScanningSequence": "GR_IR",
    "SequenceName": "_tfl3d1_16ns",
    "SequenceVariant": "SK_SP_MP_OSP",
    "SeriesDescription": "T1_Pat4_088mm_Pat2_224Sl",
    "SeriesNumber": 9,
    "ShimSetting": [
      -1128,
      -3208,
      -4302,
      268,
      1059,
      36,
      463,
      -820
    ],
    "SliceThickness": 0.88,
    "SoftwareVersions": "syngo_MR_E11",
    "StationName": "FBMTMR1",
    "TxRefAmp": 333.258,
    "acq_id": "MPrageHiRes",
    "dataset": "<unset>",
    "modality": "T1w",
    "session_id": "2",
    "subject_id": "season106"
  },
  "cjv": 0.5158585379105305,
  "cnr": 2.515672102260277,
  "efc": 0.6600827777298964,
  "fber": 3529.6249042200984,
  "fwhm_avg": 4.243036890561388,
  "fwhm_x": 4.12163638596988,
  "fwhm_y": 4.348148571428571,
  "fwhm_z": 4.259325714285715,
  "icvs_csf": 0.19024989039154797,
  "icvs_gm": 0.4371940080474855,
  "icvs_wm": 0.3725561015609665,
  "inu_med": 1.3503443002700806,
  "inu_range": 0.5483138561248779,
  "provenance": {
    "md5sum": "4c080e957a75a0dc777a52d242a878a1",
    "settings": {
      "testing": false
    },
    "software": "mriqc",
    "version": "0.16.1",
    "warnings": {
      "large_rot_frame": true,
      "small_air_mask": false
    },
    "webapi_port": null,
    "webapi_url": "https://mriqc.nimh.nih.gov/api/v1"
  },
  "qi_1": 0.0,
  "qi_2": 0.0015659335621521005,
  "rpve_csf": 26.023220967093806,
  "rpve_gm": 12.428924520748247,
  "rpve_wm": 16.893101078249906,
  "size_x": 224,
  "size_y": 256,
  "size_z": 256,
  "snr_csf": 3.1276697121978896,
  "snr_gm": 10.333032141576448,
  "snr_total": 11.51130264234079,
  "snr_wm": 21.073206073248034,
  "snrd_csf": 54.042868291193315,
  "snrd_gm": 102.8073560772432,
  "snrd_total": 96.4515079919214,
  "snrd_wm": 132.5042996073277,
  "spacing_x": 0.8799999952316284,
  "spacing_y": 0.875,
  "spacing_z": 0.875,
  "summary_bg_k": 6.589184035704301,
  "summary_bg_mad": 4.944264942358479,
  "summary_bg_mean": 11.155969806496302,
  "summary_bg_median": 9.730470322072506,
  "summary_bg_n": 2568830.0,
  "summary_bg_p05": 3.243490107357502,
  "summary_bg_p95": 23.983553610742092,
  "summary_bg_stdv": 6.8696334407332325,
  "summary_csf_k": -0.21984833659406622,
  "summary_csf_mad": 153.33994286985748,
  "summary_csf_mean": 432.6630931472881,
  "summary_csf_median": 407.85746026039124,
  "summary_csf_n": 34157.0,
  "summary_csf_p05": 254.27135123312473,
  "summary_csf_p95": 645.5093509152531,
  "summary_csf_stdv": 130.4010740939643,
  "summary_gm_k": 0.04503820586901419,
  "summary_gm_mad": 73.825325851654,
  "summary_gm_mean": 779.3514857049897,
  "summary_gm_median": 775.8793800473213,
  "summary_gm_n": 38002.0,
  "summary_gm_p05": 663.5449832305312,
  "summary_gm_p95": 912.3777781639246,
  "summary_gm_stdv": 75.08630196323641,
  "summary_wm_k": 1.0612722933828147,
  "summary_wm_mad": 41.78919821144084,
  "summary_wm_mean": 999.1813396002088,
  "summary_wm_median": 999.9999781697989,
  "summary_wm_n": 302920.0,
  "summary_wm_p05": 918.8670425266027,
  "summary_wm_p95": 1074.5545676797628,
  "summary_wm_stdv": 47.453544756871594,
  "tpm_overlap_csf": 0.16526064276695251,
  "tpm_overlap_gm": 0.45793402194976807,
  "tpm_overlap_wm": 0.5129820704460144,
  "wm2max": 0.6800677712853819
}