{
  "bids_meta": {
    "AcquisitionMatrixPE": 256,
    "AcquisitionNumber": 1,
    "AcquisitionTime": "10:27:24.127500",
    "BaseResolution": 256,
    "BodyPartExamined": "HEAD",
    "ConsistencyInfo": "N4_VE11C_LATEST_20160120",
    "ConversionSoftware": "dcm2niix",
    "ConversionSoftwareVersion": "v1.0.20200427",
    "DeviceSerialNumber": "45250",
    "DwellTime": 9.2e-06,
    "EchoTime": 0.00218,
    "FlipAngle": 8,
    "ImageOrientationPatientDICOM": [
      0.0154927,
      0.99915,
      0.0381972,
      0.0296979,
      0.0377251,
      -0.998847
    ],
    "ImageType": [
      "ORIGINAL",
      "PRIMARY",
      "M",
      "NORM",
      "DIS3D",
      "DIS2D"
    ],
    "ImagingFrequency": 123.24,
    "InPlanePhaseEncodingDirectionDICOM": "ROW",
    "InstitutionAddress": "Kopernikusstr._26_Graz_Graz_AT_8010",
    "InstitutionName": "KFU",
    "InstitutionalDepartmentName": "Department",
    "InversionTime": 1,
    "MRAcquisitionType": "3D",
    "MagneticFieldStrength": 3,
    "Manufacturer": "Siemens",
    "ManufacturersModelName": "Skyra",
    "Modality": "MR",
    "ParallelReductionFactorInPlane": 2,
    "PartialFourier": 1,
    "PatientPosition": "HFS",
    "PercentPhaseFOV": 100,
    "PercentSampling": 100,
    "PhaseEncodingSteps": 294,
    "PhaseOversampling": 0.15,
    "PhaseResolution": 1,
    "PixelBandwidth": 210,
    "ProcedureStepDescription": "KFU_BioPsy",
    "ProtocolName": "T1_Pat4_088mm_Pat2_224Sl",
    "PulseSequenceDetails": "%SiemensSeq%_tfl",
    "ReceiveCoilActiveElements": "HEA;HEP",
    "ReceiveCoilName": "Head_32",
    "ReconMatrixPE": 256,
    "RefLinesPE": 24,
    "RepetitionTime": 2.2,
    "SAR": 0.0732889,
    "ScanOptions": "IR_WE",
    "ScanningSequence": "GR_IR",
    "SequenceName": "_tfl3d1_16ns",
    "SequenceVariant": "SK_SP_MP_OSP",
    "SeriesDescription": "T1_Pat4_088mm_Pat2_224Sl",
    "SeriesNumber": 9,
    "ShimSetting": [
      -1125,
      -3156,
      -4301,
      351,
      816,
      209,
      141,
      -958
    ],
    "SliceThickness": 0.88,
    "SoftwareVersions": "syngo_MR_E11",
    "StationName": "FBMTMR1",
    "TxRefAmp": 334.151,
    "acq_id": "MPrageHiRes",
    "dataset": "<unset>",
    "modality": "T1w",
    "session_id": "2",
    "subject_id": "season123"
  },
  "cjv": 0.37765571000573184,
  "cnr": 3.3501576227242116,
  "efc": 0.6534151462473623,
  "fber": 4709.390625,
  "fwhm_avg": 4.251368752032839,
  "fwhm_x": 4.121409113241375,
  "fwhm_y": 4.370445714285714,
  "fwhm_z": 4.262251428571429,
  "icvs_csf": 0.1787641775477239,
  "icvs_gm": 0.4323260333849333,
  "icvs_wm": 0.3889097890673428,
  "inu_med": 1.1738243103027344,
  "inu_range": 0.4497250705957414,
  "provenance": {
    "md5sum": "90c6116bb7e3f5a68c16404fe2c53381",
    "settings": {
      "testing": false
    },
    "software": "mriqc",
    "version": "0.16.1",
    "warnings": {
      "large_rot_frame": true,
      "small_air_mask": false
    },
    "webapi_port": null,
    "webapi_url": "https://mriqc.nimh.nih.gov/api/v1"
  },
  "qi_1": 0.0,
  "qi_2": 0.0014107085441572124,
  "rpve_csf": 21.33932631103114,
  "rpve_gm": 9.941515643354824,
  "rpve_wm": 12.99138442858227,
  "size_x": 224,
  "size_y": 256,
  "size_z": 256,
  "snr_csf": 2.5585072813862637,
  "snr_gm": 11.607754037736868,
  "snr_total": 12.685752371958168,
  "snr_wm": 23.890995796751373,
  "snrd_csf": 56.18223810930027,
  "snrd_gm": 124.19611287982076,
  "snrd_total": 115.83941828678412,
  "snrd_wm": 167.13990387123133,
  "spacing_x": 0.8799999952316284,
  "spacing_y": 0.875,
  "spacing_z": 0.875,
  "summary_bg_k": 10.330481170054709,
  "summary_bg_mad": 3.919688476207666,
  "summary_bg_mean": 8.309251312418267,
  "summary_bg_median": 6.960181050002575,
  "summary_bg_n": 2629255.0,
  "summary_bg_p05": 2.5898348093032837,
  "summary_bg_p95": 18.61443769186735,
  "summary_bg_stdv": 5.65668635433901,
  "summary_csf_k": 35.36137846198279,
  "summary_csf_mad": 92.15267601206594,
  "summary_csf_mean": 366.29876469042233,
  "summary_csf_median": 336.13897629082203,
  "summary_csf_n": 33148.0,
  "summary_csf_p05": 230.17156867682934,
  "summary_csf_p95": 583.0716321241109,
  "summary_csf_stdv": 131.37891317435708,
  "summary_gm_k": 0.44436060361581164,
  "summary_gm_mad": 60.23521270580352,
  "summary_gm_mean": 745.2625989452831,
  "summary_gm_median": 743.0667707026005,
  "summary_gm_n": 60565.0,
  "summary_gm_p05": 644.4372283816338,
  "summary_gm_p95": 855.238990880549,
  "summary_gm_stdv": 64.0141610344802,
  "summary_wm_k": 1.4402224558788,
  "summary_wm_mad": 36.79707549092911,
  "summary_wm_mean": 998.2840814270623,
  "summary_wm_median": 999.9999657422304,
  "summary_wm_n": 403728.0,
  "summary_wm_p05": 926.4594481363893,
  "summary_wm_p95": 1061.7243620306253,
  "summary_wm_stdv": 41.8567202385054,
  "tpm_overlap_csf": 0.16592757403850555,
  "tpm_overlap_gm": 0.43524253368377686,
  "tpm_overlap_wm": 0.4828530550003052,
  "wm2max": 0.5093857358801704
}