{
  "bids_meta": {
    "AcquisitionMatrixPE": 256,
    "AcquisitionNumber": 1,
    "AcquisitionTime": "12:14:46.182500",
    "BaseResolution": 256,
    "BodyPartExamined": "HEAD",
    "ConsistencyInfo": "N4_VE11C_LATEST_20160120",
    "ConversionSoftware": "dcm2niix",
    "ConversionSoftwareVersion": "v1.0.20200427",
    "DeviceSerialNumber": "45250",
    "DwellTime": 9.2e-06,
    "EchoTime": 0.00218,
    "FlipAngle": 8,
    "ImageOrientationPatientDICOM": [
      0.0567901,
      0.987641,
      0.146083,
      0.0109774,
      0.145692,
      -0.989269
    ],
    "ImageType": [
      "ORIGINAL",
      "PRIMARY",
      "M",
      "NORM",
      "DIS3D",
      "DIS2D"
    ],
    "ImagingFrequency": 123.24,
    "InPlanePhaseEncodingDirectionDICOM": "ROW",
    "InstitutionAddress": "Kopernikusstr._26_Graz_Graz_AT_8010",
    "InstitutionName": "KFU",
    "InstitutionalDepartmentName": "Department",
    "InversionTime": 1,
    "MRAcquisitionType": "3D",
    "MagneticFieldStrength": 3,
    "Manufacturer": "Siemens",
    "ManufacturersModelName": "Skyra",
    "Modality": "MR",
    "ParallelReductionFactorInPlane": 2,
    "PartialFourier": 1,
    "PatientPosition": "HFS",
    "PercentPhaseFOV": 100,
    "PercentSampling": 100,
    "PhaseEncodingSteps": 294,
    "PhaseOversampling": 0.15,
    "PhaseResolution": 1,
    "PixelBandwidth": 210,
    "ProcedureStepDescription": "KFU_BioPsy",
    "ProtocolName": "T1_Pat4_088mm_Pat2_224Sl",
    "PulseSequenceDetails": "%SiemensSeq%_tfl",
    "ReceiveCoilActiveElements": "HEA;HEP",
    "ReceiveCoilName": "Head_32",
    "ReconMatrixPE": 256,
    "RefLinesPE": 24,
    "RepetitionTime": 2.2,
    "SAR": 0.0536214,
    "ScanOptions": "IR_WE",
    "ScanningSequence": "GR_IR",
    "SequenceName": "_tfl3d1_16ns",
    "SequenceVariant": "SK_SP_MP_OSP",
    "SeriesDescription": "T1_Pat4_088mm_Pat2_224Sl",
    "SeriesNumber": 9,
    "ShimSetting": [
      -1082,
      -3161,
      -4277,
      487,
      978,
      209,
      207,
      -824
    ],
    "SliceThickness": 0.88,
    "SoftwareVersions": "syngo_MR_E11",
    "StationName": "FBMTMR1",
    "TxRefAmp": 321.4,
    "acq_id": "MPrageHiRes",
    "dataset": "<unset>",
    "modality": "T1w",
    "session_id": "3",
    "subject_id": "season127"
  },
  "cjv": 0.4978718003229622,
  "cnr": 2.5974823444306705,
  "efc": 0.6527541088720519,
  "fber": 3436.693458545316,
  "fwhm_avg": 4.30877868736109,
  "fwhm_x": 4.267193204940412,
  "fwhm_y": 4.382102857142857,
  "fwhm_z": 4.27704,
  "icvs_csf": 0.18497550269520485,
  "icvs_gm": 0.43480054861792744,
  "icvs_wm": 0.3802239486868677,
  "inu_med": 1.2352490425109863,
  "inu_range": 0.5098146915435788,
  "provenance": {
    "md5sum": "7036f361a36bae0517f3249078af0e9e",
    "settings": {
      "testing": false
    },
    "software": "mriqc",
    "version": "0.16.1",
    "warnings": {
      "large_rot_frame": true,
      "small_air_mask": false
    },
    "webapi_port": null,
    "webapi_url": "https://mriqc.nimh.nih.gov/api/v1"
  },
  "qi_1": 2.1959728691093913e-05,
  "qi_2": 0.0013678407927279165,
  "rpve_csf": 22.453505347139703,
  "rpve_gm": 10.604412687818911,
  "rpve_wm": 14.137068083878919,
  "size_x": 224,
  "size_y": 256,
  "size_z": 256,
  "snr_csf": 2.986667450299862,
  "snr_gm": 11.251760472499253,
  "snr_total": 11.968827992325906,
  "snr_wm": 21.668056054178603,
  "snrd_csf": 50.42896581663763,
  "snrd_gm": 101.66925737793709,
  "snrd_total": 94.01599265262247,
  "snrd_wm": 129.94975476329273,
  "spacing_x": 0.8799999952316284,
  "spacing_y": 0.875,
  "spacing_z": 0.875,
  "summary_bg_k": 64.32249061076973,
  "summary_bg_mad": 5.041459292932745,
  "summary_bg_mean": 10.817561702370497,
  "summary_bg_median": 8.974859535694122,
  "summary_bg_n": 2573680.0,
  "summary_bg_p05": 3.34466814994812,
  "summary_bg_p95": 23.41267704963684,
  "summary_bg_stdv": 7.415254437696123,
  "summary_csf_k": 4.114904366310638,
  "summary_csf_mad": 131.94573378962505,
  "summary_csf_mean": 414.1997678466395,
  "summary_csf_median": 388.06512209773064,
  "summary_csf_n": 27930.0,
  "summary_csf_p05": 242.45778141319752,
  "summary_csf_p95": 635.6290968865155,
  "summary_csf_stdv": 129.93015840933575,
  "summary_gm_k": 0.2744002510997614,
  "summary_gm_mad": 67.68778952314621,
  "summary_gm_mean": 783.47866600776,
  "summary_gm_median": 782.3736247420311,
  "summary_gm_n": 51640.0,
  "summary_gm_p05": 674.006376683712,
  "summary_gm_p95": 902.5587002635002,
  "summary_gm_stdv": 69.532767903306,
  "summary_wm_k": 1.3797851365277776,
  "summary_wm_mad": 40.662261838080504,
  "summary_wm_mean": 999.3950342350894,
  "summary_wm_median": 1000.0000323653221,
  "summary_wm_n": 382084.0,
  "summary_wm_p05": 921.9577755331993,
  "summary_wm_p95": 1072.5793312191963,
  "summary_wm_stdv": 46.15082780159283,
  "tpm_overlap_csf": 0.17434339225292206,
  "tpm_overlap_gm": 0.4728524684906006,
  "tpm_overlap_wm": 0.5283210873603821,
  "wm2max": 0.53304263359013
}