{
  "bids_meta": {
    "AcquisitionMatrixPE": 256,
    "AcquisitionNumber": 1,
    "AcquisitionTime": "13:31:0.190000",
    "BaseResolution": 256,
    "BodyPartExamined": "HEAD",
    "ConsistencyInfo": "N4_VE11C_LATEST_20160120",
    "ConversionSoftware": "dcm2niix",
    "ConversionSoftwareVersion": "v1.0.20200427",
    "DeviceSerialNumber": "45250",
    "DwellTime": 9.2e-06,
    "EchoTime": 0.00218,
    "FlipAngle": 8,
    "ImageOrientationPatientDICOM": [
      0.125168,
      0.990147,
      0.0627866,
      -0.00320535,
      0.0636876,
      -0.997965
    ],
    "ImageType": [
      "ORIGINAL",
      "PRIMARY",
      "M",
      "NORM",
      "DIS3D",
      "DIS2D"
    ],
    "ImagingFrequency": 123.239,
    "InPlanePhaseEncodingDirectionDICOM": "ROW",
    "InstitutionAddress": "Kopernikusstr._26_Graz_Graz_AT_8010",
    "InstitutionName": "KFU",
    "InstitutionalDepartmentName": "Department",
    "InversionTime": 1,
    "MRAcquisitionType": "3D",
    "MagneticFieldStrength": 3,
    "Manufacturer": "Siemens",
    "ManufacturersModelName": "Skyra",
    "Modality": "MR",
    "ParallelReductionFactorInPlane": 2,
    "PartialFourier": 1,
    "PatientPosition": "HFS",
    "PercentPhaseFOV": 100,
    "PercentSampling": 100,
    "PhaseEncodingSteps": 294,
    "PhaseOversampling": 0.15,
    "PhaseResolution": 1,
    "PixelBandwidth": 210,
    "ProcedureStepDescription": "BioPsy_2018",
    "ProtocolName": "anat-T1w",
    "PulseSequenceDetails": "%SiemensSeq%_tfl",
    "ReceiveCoilActiveElements": "HEA;HEP",
    "ReceiveCoilName": "Head_32",
    "ReconMatrixPE": 256,
    "RefLinesPE": 24,
    "RepetitionTime": 2.2,
    "SAR": 0.0530588,
    "ScanOptions": "IR_WE",
    "ScanningSequence": "GR_IR",
    "SequenceName": "_tfl3d1_16ns",
    "SequenceVariant": "SK_SP_MP_OSP",
    "SeriesDescription": "anat-T1w",
    "SeriesNumber": 9,
    "ShimSetting": [
      -1091,
      -3259,
      -4339,
      630,
      960,
      64,
      416,
      -828
    ],
    "SliceThickness": 0.88,
    "SoftwareVersions": "syngo_MR_E11",
    "StationName": "FBMTMR1",
    "TxRefAmp": 318.564,
    "acq_id": "MPrageHiRes",
    "dataset": "<unset>",
    "modality": "T1w",
    "session_id": "3",
    "subject_id": "season217"
  },
  "cjv": 0.4114857189386351,
  "cnr": 3.1368420892934186,
  "efc": 0.6211761406267523,
  "fber": 4264.016215008459,
  "fwhm_avg": 4.142867604827008,
  "fwhm_x": 4.110511385909597,
  "fwhm_y": 4.146697142857143,
  "fwhm_z": 4.171394285714286,
  "icvs_csf": 0.195908016019794,
  "icvs_gm": 0.4251891735358683,
  "icvs_wm": 0.37890281044433766,
  "inu_med": 1.3166160583496094,
  "inu_range": 0.40365002155303964,
  "provenance": {
    "md5sum": "03239789d032fe3f57186b29dbc61f2d",
    "settings": {
      "testing": false
    },
    "software": "mriqc",
    "version": "0.16.1",
    "warnings": {
      "large_rot_frame": true,
      "small_air_mask": false
    },
    "webapi_port": null,
    "webapi_url": "https://mriqc.nimh.nih.gov/api/v1"
  },
  "qi_1": 2.513216827781817e-06,
  "qi_2": 0.0019427153604808698,
  "rpve_csf": 25.88004909004044,
  "rpve_gm": 13.063466873570581,
  "rpve_wm": 17.407664070685783,
  "size_x": 224,
  "size_y": 256,
  "size_z": 256,
  "snr_csf": 2.6056872425939757,
  "snr_gm": 11.82051189646627,
  "snr_total": 13.637867372943765,
  "snr_wm": 26.487402979771044,
  "snrd_csf": 57.27905427463632,
  "snrd_gm": 120.15529032345762,
  "snrd_total": 111.53550764599841,
  "snrd_wm": 157.1721783399013,
  "spacing_x": 0.8799999952316284,
  "spacing_y": 0.875,
  "spacing_z": 0.875,
  "summary_bg_k": 6.841213389733515,
  "summary_bg_mad": 4.168271823072011,
  "summary_bg_mean": 9.355364917737681,
  "summary_bg_median": 8.492941875010729,
  "summary_bg_n": 2550351.0,
  "summary_bg_p05": 2.8700286336243153,
  "summary_bg_p95": 19.270192254334688,
  "summary_bg_stdv": 5.4031185631358,
  "summary_csf_k": 22.375185950231273,
  "summary_csf_mad": 127.91384157052234,
  "summary_csf_mean": 395.5863184334832,
  "summary_csf_median": 364.43506445735693,
  "summary_csf_n": 29005.0,
  "summary_csf_p05": 236.9823643192649,
  "summary_csf_p95": 599.367408324033,
  "summary_csf_stdv": 139.85898851022057,
  "summary_gm_k": 0.11131828525458065,
  "summary_gm_mad": 63.56614530184817,
  "summary_gm_mean": 767.7574204642975,
  "summary_gm_median": 764.4819127768278,
  "summary_gm_n": 45524.0,
  "summary_gm_p05": 667.8380914404988,
  "summary_gm_p95": 880.8645024709404,
  "summary_gm_stdv": 64.67346955490339,
  "summary_wm_k": 1.2149247061661868,
  "summary_wm_mad": 33.34617458457609,
  "summary_wm_mean": 998.5542749479029,
  "summary_wm_median": 999.999976772815,
  "summary_wm_n": 322972.0,
  "summary_wm_p05": 933.6964581348002,
  "summary_wm_p95": 1056.5805412642658,
  "summary_wm_stdv": 37.753736348314426,
  "tpm_overlap_csf": 0.1678406000137329,
  "tpm_overlap_gm": 0.4419505298137665,
  "tpm_overlap_wm": 0.5099512338638306,
  "wm2max": 0.6831411874535626
}